STORAGE: SYMLINK
RESTRICTION: || (== net461) (== net472) (== netcoreapp2.2) (== netstandard2.0)
NUGET
  remote: https://api.nuget.org/v3/index.json
    Antlr4 (4.6.6)
      Antlr4.CodeGenerator (>= 4.6.6)
      Antlr4.Runtime (>= 4.6.6)
    Antlr4.CodeGenerator (4.6.6)
    Antlr4.Runtime (4.6.6)
      NETStandard.Library (>= 1.6) - restriction: || (&& (== net461) (< net20)) (&& (== net472) (< net20)) (== netcoreapp2.2) (== netstandard2.0)
    CommonServiceLocator (2.0.4) - restriction: || (== net461) (== net472) (&& (== netcoreapp2.2) (>= monoandroid)) (&& (== netcoreapp2.2) (>= net40)) (&& (== netcoreapp2.2) (>= net45)) (&& (== netcoreapp2.2) (>= portable-net45+uap10.0+monoandroid+xamarinios+win8+wp81+wpa81)) (&& (== netcoreapp2.2) (>= uap10.0)) (&& (== netcoreapp2.2) (>= win81)) (&& (== netcoreapp2.2) (>= wp81)) (&& (== netcoreapp2.2) (>= wpa81)) (&& (== netcoreapp2.2) (>= xamarinios)) (&& (== netstandard2.0) (>= monoandroid)) (&& (== netstandard2.0) (>= net40)) (&& (== netstandard2.0) (>= net45)) (&& (== netstandard2.0) (>= portable-net45+uap10.0+monoandroid+xamarinios+win8+wp81+wpa81)) (&& (== netstandard2.0) (>= uap10.0)) (&& (== netstandard2.0) (>= win81)) (&& (== netstandard2.0) (>= wp81)) (&& (== netstandard2.0) (>= wpa81)) (&& (== netstandard2.0) (>= xamarinios))
    dnlib (3.2)
      System.Reflection.Emit (>= 4.3) - restriction: || (&& (== net461) (< net35) (>= netstandard2.0)) (&& (== net472) (< net35)) (== netcoreapp2.2) (== netstandard2.0)
      System.Reflection.Emit.Lightweight (>= 4.3) - restriction: || (&& (== net461) (< net35) (>= netstandard2.0)) (&& (== net472) (< net35)) (== netcoreapp2.2) (== netstandard2.0)
    Humanizer.Core (2.7.9)
      NETStandard.Library (>= 1.6.1) - restriction: || (== net461) (&& (== net472) (< netstandard2.0)) (&& (== netcoreapp2.2) (< netstandard2.0))
    K4os.Compression.LZ4 (1.1.11)
      System.Memory (>= 4.5.3)
    Microsoft.Build.Framework (15.9.20)
      System.Runtime.Serialization.Primitives (>= 4.1.1) - restriction: || (&& (== net461) (< net46) (>= netstandard2.0)) (&& (== net472) (< net46)) (== netcoreapp2.2) (== netstandard2.0)
      System.Threading.Thread (>= 4.0) - restriction: || (&& (== net461) (< net46) (>= netstandard2.0)) (&& (== net472) (< net46)) (== netcoreapp2.2) (== netstandard2.0)
    Microsoft.Build.Tasks.Core (15.9.20)
      Microsoft.Build.Framework (>= 15.9.20)
      Microsoft.Build.Utilities.Core (>= 15.9.20)
      Microsoft.VisualStudio.Setup.Configuration.Interop (>= 1.16.30) - restriction: || (== net461) (== net472) (&& (== netcoreapp2.2) (>= net46)) (&& (== netstandard2.0) (>= net46))
      Microsoft.Win32.Registry (>= 4.3) - restriction: || (&& (== net461) (< net46) (>= netstandard2.0)) (&& (== net472) (< net46)) (== netcoreapp2.2) (== netstandard2.0)
      System.CodeDom (>= 4.4) - restriction: || (&& (== net461) (< net46) (>= netstandard2.0)) (&& (== net472) (< net46)) (== netcoreapp2.2) (== netstandard2.0)
      System.Collections.Immutable (>= 1.5)
      System.Linq.Parallel (>= 4.0.1) - restriction: || (&& (== net461) (< net46) (>= netstandard2.0)) (&& (== net472) (< net46)) (== netcoreapp2.2) (== netstandard2.0)
      System.Net.Http (>= 4.3) - restriction: || (&& (== net461) (< net46) (>= netstandard2.0)) (&& (== net472) (< net46)) (== netcoreapp2.2) (== netstandard2.0)
      System.Reflection.Metadata (>= 1.6) - restriction: || (&& (== net461) (< net46) (>= netstandard2.0)) (&& (== net472) (< net46)) (== netcoreapp2.2) (== netstandard2.0)
      System.Reflection.TypeExtensions (>= 4.1) - restriction: || (&& (== net461) (< net46) (>= netstandard2.0)) (&& (== net472) (< net46)) (== netcoreapp2.2) (== netstandard2.0)
      System.Resources.Writer (>= 4.0) - restriction: || (&& (== net461) (< net46) (>= netstandard2.0)) (&& (== net472) (< net46)) (== netcoreapp2.2) (== netstandard2.0)
      System.Threading.Tasks.Dataflow (>= 4.5.24) - restriction: || (== net461) (== net472) (&& (== netcoreapp2.2) (>= net46)) (&& (== netstandard2.0) (>= net46))
      System.Threading.Tasks.Dataflow (>= 4.6) - restriction: || (&& (== net461) (< net46) (>= netstandard2.0)) (&& (== net472) (< net46)) (== netcoreapp2.2) (== netstandard2.0)
    Microsoft.Build.Utilities.Core (15.9.20)
      Microsoft.Build.Framework (>= 15.9.20)
      Microsoft.VisualStudio.Setup.Configuration.Interop (>= 1.16.30) - restriction: || (== net461) (== net472) (&& (== netcoreapp2.2) (>= net46)) (&& (== netstandard2.0) (>= net46))
      Microsoft.Win32.Registry (>= 4.3) - restriction: || (&& (== net461) (< net46) (>= netstandard2.0)) (&& (== net472) (< net46)) (== netcoreapp2.2) (== netstandard2.0)
      System.Collections.Immutable (>= 1.5)
      System.Runtime.InteropServices.RuntimeInformation (>= 4.3)
      System.Text.Encoding.CodePages (>= 4.4) - restriction: || (&& (== net461) (< net46) (>= netstandard2.0)) (&& (== net472) (< net46)) (== netcoreapp2.2) (== netstandard2.0)
    Microsoft.CodeAnalysis.FxCopAnalyzers (2.9.4) - copy_local: true
      Microsoft.CodeAnalysis.VersionCheckAnalyzer (2.9.4)
      Microsoft.CodeQuality.Analyzers (2.9.4)
      Microsoft.NetCore.Analyzers (2.9.4)
      Microsoft.NetFramework.Analyzers (2.9.4)
    Microsoft.CodeAnalysis.VersionCheckAnalyzer (2.9.4) - copy_local: true
    Microsoft.CodeQuality.Analyzers (2.9.4) - copy_local: true
    Microsoft.Extensions.CommandLineUtils (1.1.1)
      NETStandard.Library (>= 1.6.1) - restriction: || (&& (== net461) (< net451)) (&& (== net472) (< net451)) (== netcoreapp2.2) (== netstandard2.0)
    Microsoft.Extensions.Configuration (3.0) - restriction: || (&& (== net461) (>= netstandard2.0)) (== net472) (== netcoreapp2.2) (== netstandard2.0)
      Microsoft.Extensions.Configuration.Abstractions (>= 3.0) - restriction: || (&& (== net461) (>= netstandard2.0)) (== net472) (== netcoreapp2.2) (== netstandard2.0)
    Microsoft.Extensions.Configuration.Abstractions (3.0) - restriction: || (&& (== net461) (>= netstandard2.0)) (== net472) (== netcoreapp2.2) (== netstandard2.0)
      Microsoft.Extensions.Primitives (>= 3.0) - restriction: || (&& (== net461) (>= netstandard2.0)) (== net472) (== netcoreapp2.2) (== netstandard2.0)
    Microsoft.Extensions.Configuration.Binder (3.0) - restriction: || (&& (== net461) (>= netstandard2.0)) (== net472) (== netcoreapp2.2) (== netstandard2.0)
      Microsoft.Extensions.Configuration (>= 3.0) - restriction: || (&& (== net461) (>= netstandard2.0)) (== net472) (== netcoreapp2.2) (== netstandard2.0)
    Microsoft.Extensions.DependencyInjection (2.2)
      Microsoft.Extensions.DependencyInjection.Abstractions (>= 2.2)
    Microsoft.Extensions.DependencyInjection.Abstractions (2.2)
    Microsoft.Extensions.Logging (2.2)
      Microsoft.Extensions.Configuration.Binder (>= 2.2) - restriction: || (&& (== net461) (>= netstandard2.0)) (== net472) (== netcoreapp2.2) (== netstandard2.0)
      Microsoft.Extensions.DependencyInjection.Abstractions (>= 2.2) - restriction: || (&& (== net461) (>= netstandard2.0)) (== net472) (== netcoreapp2.2) (== netstandard2.0)
      Microsoft.Extensions.Logging.Abstractions (>= 2.2) - restriction: || (&& (== net461) (>= netstandard2.0)) (== net472) (== netcoreapp2.2) (== netstandard2.0)
      Microsoft.Extensions.Options (>= 2.2) - restriction: || (&& (== net461) (>= netstandard2.0)) (== net472) (== netcoreapp2.2) (== netstandard2.0)
    Microsoft.Extensions.Logging.Abstractions (2.2)
    Microsoft.Extensions.Logging.Configuration (2.2) - restriction: || (&& (== net461) (>= netstandard2.0)) (== net472) (== netcoreapp2.2) (== netstandard2.0)
      Microsoft.Extensions.Logging (>= 2.2) - restriction: || (&& (== net461) (>= netstandard2.0)) (== net472) (== netcoreapp2.2) (== netstandard2.0)
      Microsoft.Extensions.Options.ConfigurationExtensions (>= 2.2) - restriction: || (&& (== net461) (>= netstandard2.0)) (== net472) (== netcoreapp2.2) (== netstandard2.0)
    Microsoft.Extensions.Logging.Console (2.2)
      Microsoft.Extensions.Configuration.Abstractions (>= 2.2) - restriction: || (&& (== net461) (>= netstandard2.0)) (== net472) (== netcoreapp2.2) (== netstandard2.0)
      Microsoft.Extensions.Logging (>= 2.2) - restriction: || (&& (== net461) (>= netstandard2.0)) (== net472) (== netcoreapp2.2) (== netstandard2.0)
      Microsoft.Extensions.Logging.Configuration (>= 2.2) - restriction: || (&& (== net461) (>= netstandard2.0)) (== net472) (== netcoreapp2.2) (== netstandard2.0)
    Microsoft.Extensions.Options (2.2) - restriction: || (&& (== net461) (>= netstandard2.0)) (== net472) (== netcoreapp2.2) (== netstandard2.0)
      Microsoft.Extensions.DependencyInjection.Abstractions (>= 2.2) - restriction: || (&& (== net461) (>= netstandard2.0)) (== net472) (== netcoreapp2.2) (== netstandard2.0)
      Microsoft.Extensions.Primitives (>= 2.2) - restriction: || (&& (== net461) (>= netstandard2.0)) (== net472) (== netcoreapp2.2) (== netstandard2.0)
      System.ComponentModel.Annotations (>= 4.5) - restriction: || (&& (== net461) (>= netstandard2.0)) (== net472) (== netcoreapp2.2) (== netstandard2.0)
    Microsoft.Extensions.Options.ConfigurationExtensions (2.2) - restriction: || (&& (== net461) (>= netstandard2.0)) (== net472) (== netcoreapp2.2) (== netstandard2.0)
      Microsoft.Extensions.Configuration.Abstractions (>= 2.2) - restriction: || (&& (== net461) (>= netstandard2.0)) (== net472) (== netcoreapp2.2) (== netstandard2.0)
      Microsoft.Extensions.Configuration.Binder (>= 2.2) - restriction: || (&& (== net461) (>= netstandard2.0)) (== net472) (== netcoreapp2.2) (== netstandard2.0)
      Microsoft.Extensions.DependencyInjection.Abstractions (>= 2.2) - restriction: || (&& (== net461) (>= netstandard2.0)) (== net472) (== netcoreapp2.2) (== netstandard2.0)
      Microsoft.Extensions.Options (>= 2.2) - restriction: || (&& (== net461) (>= netstandard2.0)) (== net472) (== netcoreapp2.2) (== netstandard2.0)
    Microsoft.Extensions.Primitives (3.0) - restriction: || (&& (== net461) (>= netstandard2.0)) (== net472) (== netcoreapp2.2) (== netstandard2.0)
      System.Memory (>= 4.5.2) - restriction: || (&& (== net461) (>= netstandard2.0)) (== net472) (== netcoreapp2.2) (== netstandard2.0)
      System.Runtime.CompilerServices.Unsafe (>= 4.6) - restriction: || (&& (== net461) (>= netstandard2.0)) (== net472) (== netcoreapp2.2) (== netstandard2.0)
    Microsoft.NetCore.Analyzers (2.9.4) - copy_local: true
    Microsoft.NETCore.Platforms (3.0) - restriction: || (== net461) (&& (== net472) (< net45)) (&& (== net472) (>= netcoreapp2.0)) (&& (== net472) (< netstandard1.0)) (&& (== net472) (< netstandard1.3)) (&& (== net472) (< netstandard1.4)) (&& (== net472) (< netstandard2.0)) (&& (== net472) (< portable-net45+win8+wpa81)) (&& (== net472) (>= wp8)) (== netcoreapp2.2) (== netstandard2.0)
    Microsoft.NETCore.Targets (3.0) - restriction: || (&& (== net461) (< net45)) (&& (== net472) (< net45)) (== netcoreapp2.2) (== netstandard2.0)
    Microsoft.NetFramework.Analyzers (2.9.4) - copy_local: true
    Microsoft.VisualStudio.Setup.Configuration.Interop (1.16.30) - restriction: || (== net461) (== net472) (&& (== netcoreapp2.2) (>= net46)) (&& (== netstandard2.0) (>= net46))
    Microsoft.Win32.Registry (4.6)
      System.Buffers (>= 4.5) - restriction: || (&& (== net461) (>= monoandroid)) (&& (== net461) (>= monotouch)) (&& (== net461) (< net46) (>= netstandard2.0)) (&& (== net461) (>= xamarinios)) (&& (== net461) (>= xamarinmac)) (&& (== net461) (>= xamarintvos)) (&& (== net461) (>= xamarinwatchos)) (&& (== net472) (>= monoandroid) (< netstandard2.0)) (&& (== net472) (>= monotouch)) (&& (== net472) (< net46)) (&& (== net472) (>= xamarinios)) (&& (== net472) (>= xamarinmac)) (&& (== net472) (>= xamarintvos)) (&& (== net472) (>= xamarinwatchos)) (&& (== netcoreapp2.2) (>= monoandroid) (< netstandard2.0)) (&& (== netcoreapp2.2) (>= monotouch)) (&& (== netcoreapp2.2) (< netcoreapp2.0)) (&& (== netcoreapp2.2) (>= xamarinios)) (&& (== netcoreapp2.2) (>= xamarinmac)) (&& (== netcoreapp2.2) (>= xamarintvos)) (&& (== netcoreapp2.2) (>= xamarinwatchos)) (== netstandard2.0)
      System.Memory (>= 4.5.3) - restriction: || (&& (== net461) (< net46) (>= netstandard2.0)) (&& (== net461) (>= netcoreapp2.0)) (&& (== net461) (>= uap10.1)) (&& (== net472) (< net46)) (&& (== net472) (>= netcoreapp2.0)) (&& (== net472) (>= uap10.1)) (&& (== netcoreapp2.2) (< netcoreapp2.0)) (&& (== netcoreapp2.2) (< netcoreapp2.1)) (&& (== netcoreapp2.2) (>= uap10.1)) (== netstandard2.0)
      System.Security.AccessControl (>= 4.6)
      System.Security.Principal.Windows (>= 4.6)
    MvvmLightLibs (5.4.1.1)
      CommonServiceLocator (>= 2.0.2) - restriction: || (== net461) (== net472) (&& (== netcoreapp2.2) (>= monoandroid)) (&& (== netcoreapp2.2) (>= net40)) (&& (== netcoreapp2.2) (>= net45)) (&& (== netcoreapp2.2) (>= portable-net45+uap10.0+monoandroid+xamarinios+win8+wp81+wpa81)) (&& (== netcoreapp2.2) (>= uap10.0)) (&& (== netcoreapp2.2) (>= win81)) (&& (== netcoreapp2.2) (>= wp81)) (&& (== netcoreapp2.2) (>= wpa81)) (&& (== netcoreapp2.2) (>= xamarinios)) (&& (== netstandard2.0) (>= monoandroid)) (&& (== netstandard2.0) (>= net40)) (&& (== netstandard2.0) (>= net45)) (&& (== netstandard2.0) (>= portable-net45+uap10.0+monoandroid+xamarinios+win8+wp81+wpa81)) (&& (== netstandard2.0) (>= uap10.0)) (&& (== netstandard2.0) (>= win81)) (&& (== netstandard2.0) (>= wp81)) (&& (== netstandard2.0) (>= wpa81)) (&& (== netstandard2.0) (>= xamarinios))
    Nerdbank.GitVersioning (3.0.26) - copy_local: true
    NETStandard.Library (2.0.3) - restriction: || (== net461) (&& (== net472) (< net451)) (&& (== net472) (< netstandard2.0)) (== netcoreapp2.2) (== netstandard2.0)
      Microsoft.NETCore.Platforms (>= 1.1)
    NuGet.Frameworks (5.3)
    runtime.debian.8-x64.runtime.native.System.Security.Cryptography.OpenSsl (4.3.3) - restriction: || (&& (== net461) (< net46) (>= netstandard1.6)) (&& (== net472) (< net46)) (== netcoreapp2.2) (== netstandard2.0)
    runtime.debian.9-x64.runtime.native.System.Security.Cryptography.OpenSsl (4.3.3) - restriction: || (&& (== net461) (< net46) (>= netstandard1.6)) (&& (== net472) (< net46)) (== netcoreapp2.2) (== netstandard2.0)
    runtime.fedora.23-x64.runtime.native.System.Security.Cryptography.OpenSsl (4.3.3) - restriction: || (&& (== net461) (< net46) (>= netstandard1.6)) (&& (== net472) (< net46)) (== netcoreapp2.2) (== netstandard2.0)
    runtime.fedora.24-x64.runtime.native.System.Security.Cryptography.OpenSsl (4.3.3) - restriction: || (&& (== net461) (< net46) (>= netstandard1.6)) (&& (== net472) (< net46)) (== netcoreapp2.2) (== netstandard2.0)
    runtime.fedora.27-x64.runtime.native.System.Security.Cryptography.OpenSsl (4.3.3) - restriction: || (&& (== net461) (< net46) (>= netstandard1.6)) (&& (== net472) (< net46)) (== netcoreapp2.2) (== netstandard2.0)
    runtime.fedora.28-x64.runtime.native.System.Security.Cryptography.OpenSsl (4.3.3) - restriction: || (&& (== net461) (< net46) (>= netstandard1.6)) (&& (== net472) (< net46)) (== netcoreapp2.2) (== netstandard2.0)
    runtime.native.System (4.3.1) - restriction: || (&& (== net461) (< net45) (>= netstandard2.0)) (&& (== net472) (< net45)) (== netcoreapp2.2) (== netstandard2.0)
      Microsoft.NETCore.Platforms (>= 1.1.1)
      Microsoft.NETCore.Targets (>= 1.1.3)
    runtime.native.System.Net.Http (4.3.1) - restriction: || (&& (== net461) (< net45) (>= netstandard2.0)) (&& (== net472) (< net45)) (== netcoreapp2.2) (== netstandard2.0)
      Microsoft.NETCore.Platforms (>= 1.1.1)
      Microsoft.NETCore.Targets (>= 1.1.3)
    runtime.native.System.Security.Cryptography.Apple (4.3.1) - restriction: || (&& (== net461) (< net46) (>= netstandard1.6)) (&& (== net472) (< net46)) (== netcoreapp2.2) (== netstandard2.0)
      runtime.osx.10.10-x64.runtime.native.System.Security.Cryptography.Apple (>= 4.3.1)
    runtime.native.System.Security.Cryptography.OpenSsl (4.3.3) - restriction: || (&& (== net461) (< net46) (>= netstandard1.6)) (&& (== net472) (< net46)) (== netcoreapp2.2) (== netstandard2.0)
      runtime.debian.8-x64.runtime.native.System.Security.Cryptography.OpenSsl (>= 4.3.3)
      runtime.debian.9-x64.runtime.native.System.Security.Cryptography.OpenSsl (>= 4.3.3)
      runtime.fedora.23-x64.runtime.native.System.Security.Cryptography.OpenSsl (>= 4.3.3)
      runtime.fedora.24-x64.runtime.native.System.Security.Cryptography.OpenSsl (>= 4.3.3)
      runtime.fedora.27-x64.runtime.native.System.Security.Cryptography.OpenSsl (>= 4.3.3)
      runtime.fedora.28-x64.runtime.native.System.Security.Cryptography.OpenSsl (>= 4.3.3)
      runtime.opensuse.13.2-x64.runtime.native.System.Security.Cryptography.OpenSsl (>= 4.3.3)
      runtime.opensuse.42.1-x64.runtime.native.System.Security.Cryptography.OpenSsl (>= 4.3.3)
      runtime.opensuse.42.3-x64.runtime.native.System.Security.Cryptography.OpenSsl (>= 4.3.3)
      runtime.osx.10.10-x64.runtime.native.System.Security.Cryptography.OpenSsl (>= 4.3.3)
      runtime.rhel.7-x64.runtime.native.System.Security.Cryptography.OpenSsl (>= 4.3.3)
      runtime.ubuntu.14.04-x64.runtime.native.System.Security.Cryptography.OpenSsl (>= 4.3.3)
      runtime.ubuntu.16.04-x64.runtime.native.System.Security.Cryptography.OpenSsl (>= 4.3.3)
      runtime.ubuntu.16.10-x64.runtime.native.System.Security.Cryptography.OpenSsl (>= 4.3.3)
      runtime.ubuntu.18.04-x64.runtime.native.System.Security.Cryptography.OpenSsl (>= 4.3.3)
    runtime.opensuse.13.2-x64.runtime.native.System.Security.Cryptography.OpenSsl (4.3.3) - restriction: || (&& (== net461) (< net46) (>= netstandard1.6)) (&& (== net472) (< net46)) (== netcoreapp2.2) (== netstandard2.0)
    runtime.opensuse.42.1-x64.runtime.native.System.Security.Cryptography.OpenSsl (4.3.3) - restriction: || (&& (== net461) (< net46) (>= netstandard1.6)) (&& (== net472) (< net46)) (== netcoreapp2.2) (== netstandard2.0)
    runtime.opensuse.42.3-x64.runtime.native.System.Security.Cryptography.OpenSsl (4.3.3) - restriction: || (&& (== net461) (< net46) (>= netstandard1.6)) (&& (== net472) (< net46)) (== netcoreapp2.2) (== netstandard2.0)
    runtime.osx.10.10-x64.runtime.native.System.Security.Cryptography.Apple (4.3.1) - restriction: || (&& (== net461) (< net46) (>= netstandard1.6)) (&& (== net472) (< net46)) (== netcoreapp2.2) (== netstandard2.0)
    runtime.osx.10.10-x64.runtime.native.System.Security.Cryptography.OpenSsl (4.3.3) - restriction: || (&& (== net461) (< net46) (>= netstandard1.6)) (&& (== net472) (< net46)) (== netcoreapp2.2) (== netstandard2.0)
    runtime.rhel.7-x64.runtime.native.System.Security.Cryptography.OpenSsl (4.3.3) - restriction: || (&& (== net461) (< net46) (>= netstandard1.6)) (&& (== net472) (< net46)) (== netcoreapp2.2) (== netstandard2.0)
    runtime.ubuntu.14.04-x64.runtime.native.System.Security.Cryptography.OpenSsl (4.3.3) - restriction: || (&& (== net461) (< net46) (>= netstandard1.6)) (&& (== net472) (< net46)) (== netcoreapp2.2) (== netstandard2.0)
    runtime.ubuntu.16.04-x64.runtime.native.System.Security.Cryptography.OpenSsl (4.3.3) - restriction: || (&& (== net461) (< net46) (>= netstandard1.6)) (&& (== net472) (< net46)) (== netcoreapp2.2) (== netstandard2.0)
    runtime.ubuntu.16.10-x64.runtime.native.System.Security.Cryptography.OpenSsl (4.3.3) - restriction: || (&& (== net461) (< net46) (>= netstandard1.6)) (&& (== net472) (< net46)) (== netcoreapp2.2) (== netstandard2.0)
    runtime.ubuntu.18.04-x64.runtime.native.System.Security.Cryptography.OpenSsl (4.3.3) - restriction: || (&& (== net461) (< net46) (>= netstandard1.6)) (&& (== net472) (< net46)) (== netcoreapp2.2) (== netstandard2.0)
    System.Buffers (4.5)
    System.CodeDom (4.6) - restriction: || (&& (== net461) (< net46) (>= netstandard2.0)) (&& (== net472) (< net46)) (== netcoreapp2.2) (== netstandard2.0)
    System.Collections (4.3)
      Microsoft.NETCore.Platforms (>= 1.1) - restriction: || (&& (== net461) (< net45)) (&& (== net472) (< net45)) (== netcoreapp2.2) (== netstandard2.0)
      Microsoft.NETCore.Targets (>= 1.1) - restriction: || (&& (== net461) (< net45)) (&& (== net472) (< net45)) (== netcoreapp2.2) (== netstandard2.0)
      System.Runtime (>= 4.3) - restriction: || (&& (== net461) (< net45)) (&& (== net472) (< net45)) (== netcoreapp2.2) (== netstandard2.0)
    System.Collections.Concurrent (4.3) - restriction: || (&& (== net461) (< net46) (>= net463)) (&& (== net461) (< net46) (>= netstandard1.6)) (&& (== net472) (< net46)) (== netcoreapp2.2) (== netstandard2.0)
      System.Collections (>= 4.3) - restriction: || (&& (== net461) (< net45)) (&& (== net472) (< net45)) (== netcoreapp2.2) (== netstandard2.0)
      System.Diagnostics.Debug (>= 4.3) - restriction: || (&& (== net461) (< net45)) (&& (== net472) (< net45)) (== netcoreapp2.2) (== netstandard2.0)
      System.Diagnostics.Tracing (>= 4.3) - restriction: || (&& (== net461) (< net45)) (&& (== net472) (< net45)) (== netcoreapp2.2) (== netstandard2.0)
      System.Globalization (>= 4.3) - restriction: || (&& (== net461) (< net45)) (&& (== net472) (< net45)) (== netcoreapp2.2) (== netstandard2.0)
      System.Reflection (>= 4.3) - restriction: || (&& (== net461) (< net45)) (&& (== net472) (< net45)) (== netcoreapp2.2) (== netstandard2.0)
      System.Resources.ResourceManager (>= 4.3) - restriction: || (&& (== net461) (< net45)) (&& (== net472) (< net45)) (== netcoreapp2.2) (== netstandard2.0)
      System.Runtime (>= 4.3) - restriction: || (&& (== net461) (< net45)) (&& (== net472) (< net45)) (== netcoreapp2.2) (== netstandard2.0)
      System.Runtime.Extensions (>= 4.3) - restriction: || (&& (== net461) (< net45)) (&& (== net472) (< net45)) (== netcoreapp2.2) (== netstandard2.0)
      System.Threading (>= 4.3) - restriction: || (&& (== net461) (< net45)) (&& (== net472) (< net45)) (== netcoreapp2.2) (== netstandard2.0)
      System.Threading.Tasks (>= 4.3) - restriction: || (&& (== net461) (< net45)) (&& (== net472) (< net45)) (== netcoreapp2.2) (== netstandard2.0)
    System.Collections.Immutable (1.6)
      System.Memory (>= 4.5.3) - restriction: || (== net461) (== net472) (&& (== netcoreapp2.2) (>= net46)) (&& (== netcoreapp2.2) (< netcoreapp2.1)) (&& (== netcoreapp2.2) (< netstandard2.0)) (&& (== netcoreapp2.2) (>= uap10.1)) (== netstandard2.0)
    System.ComponentModel (4.3)
      System.Runtime (>= 4.3) - restriction: || (&& (== net461) (< net45)) (&& (== net472) (< net45)) (== netcoreapp2.2) (== netstandard2.0)
    System.ComponentModel.Annotations (4.6) - restriction: || (&& (== net461) (>= netstandard2.0)) (== net472) (== netcoreapp2.2) (== netstandard2.0)
    System.ComponentModel.Composition (4.6)
    System.Console (4.3.1)
      Microsoft.NETCore.Platforms (>= 1.1) - restriction: || (&& (== net461) (< net46)) (&& (== net472) (< net46)) (== netcoreapp2.2) (== netstandard2.0)
      Microsoft.NETCore.Targets (>= 1.1.2) - restriction: || (&& (== net461) (< net46)) (&& (== net472) (< net46)) (== netcoreapp2.2) (== netstandard2.0)
      System.IO (>= 4.3) - restriction: || (&& (== net461) (< net46)) (&& (== net472) (< net46)) (== netcoreapp2.2) (== netstandard2.0)
      System.Runtime (>= 4.3) - restriction: || (&& (== net461) (< net46)) (&& (== net472) (< net46)) (== netcoreapp2.2) (== netstandard2.0)
      System.Text.Encoding (>= 4.3) - restriction: || (&& (== net461) (< net46)) (&& (== net472) (< net46)) (== netcoreapp2.2) (== netstandard2.0)
    System.Diagnostics.Debug (4.3)
      Microsoft.NETCore.Platforms (>= 1.1) - restriction: || (&& (== net461) (< net45)) (&& (== net472) (< net45)) (== netcoreapp2.2) (== netstandard2.0)
      Microsoft.NETCore.Targets (>= 1.1) - restriction: || (&& (== net461) (< net45)) (&& (== net472) (< net45)) (== netcoreapp2.2) (== netstandard2.0)
      System.Runtime (>= 4.3) - restriction: || (&& (== net461) (< net45)) (&& (== net472) (< net45)) (== netcoreapp2.2) (== netstandard2.0)
    System.Diagnostics.DiagnosticSource (4.6) - restriction: || (&& (== net461) (< net45) (>= netstandard2.0)) (&& (== net472) (< net45)) (== netcoreapp2.2) (== netstandard2.0)
      System.Memory (>= 4.5.3) - restriction: || (== net461) (== net472) (&& (== netcoreapp2.2) (>= net45) (< netstandard1.3)) (&& (== netcoreapp2.2) (>= net46)) (&& (== netcoreapp2.2) (< netcoreapp2.1)) (&& (== netcoreapp2.2) (< netstandard2.0)) (&& (== netcoreapp2.2) (>= uap10.1)) (== netstandard2.0)
    System.Diagnostics.Tools (4.3)
      Microsoft.NETCore.Platforms (>= 1.1) - restriction: || (&& (== net461) (< net45)) (&& (== net472) (< net45)) (== netcoreapp2.2) (== netstandard2.0)
      Microsoft.NETCore.Targets (>= 1.1) - restriction: || (&& (== net461) (< net45)) (&& (== net472) (< net45)) (== netcoreapp2.2) (== netstandard2.0)
      System.Runtime (>= 4.3) - restriction: || (&& (== net461) (< net45)) (&& (== net472) (< net45)) (== netcoreapp2.2) (== netstandard2.0)
    System.Diagnostics.Tracing (4.3) - restriction: || (&& (== net461) (< net45) (>= netstandard2.0)) (&& (== net472) (< net45)) (== netcoreapp2.2) (== netstandard2.0)
      Microsoft.NETCore.Platforms (>= 1.1) - restriction: || (&& (== net461) (< net45)) (&& (== net472) (< net45)) (== netcoreapp2.2) (== netstandard2.0)
      Microsoft.NETCore.Targets (>= 1.1) - restriction: || (&& (== net461) (< net45)) (&& (== net472) (< net45)) (== netcoreapp2.2) (== netstandard2.0)
      System.Runtime (>= 4.3) - restriction: || (&& (== net461) (< net45)) (&& (== net472) (< net45)) (== netcoreapp2.2) (== netstandard2.0)
    System.Globalization (4.3) - restriction: || (&& (== net461) (< net45)) (&& (== net472) (< net45)) (== netcoreapp2.2) (== netstandard2.0)
      Microsoft.NETCore.Platforms (>= 1.1) - restriction: || (&& (== net461) (< net45)) (&& (== net472) (< net45)) (== netcoreapp2.2) (== netstandard2.0)
      Microsoft.NETCore.Targets (>= 1.1) - restriction: || (&& (== net461) (< net45)) (&& (== net472) (< net45)) (== netcoreapp2.2) (== netstandard2.0)
      System.Runtime (>= 4.3) - restriction: || (&& (== net461) (< net45)) (&& (== net472) (< net45)) (== netcoreapp2.2) (== netstandard2.0)
    System.Globalization.Calendars (4.3) - restriction: || (&& (== net461) (< net45) (>= netstandard2.0)) (&& (== net461) (< net46) (>= netstandard2.0)) (&& (== net472) (< net45)) (&& (== net472) (< net46)) (== netcoreapp2.2) (== netstandard2.0)
      Microsoft.NETCore.Platforms (>= 1.1) - restriction: || (&& (== net461) (< net46)) (&& (== net472) (< net46)) (== netcoreapp2.2) (== netstandard2.0)
      Microsoft.NETCore.Targets (>= 1.1) - restriction: || (&& (== net461) (< net46)) (&& (== net472) (< net46)) (== netcoreapp2.2) (== netstandard2.0)
      System.Globalization (>= 4.3) - restriction: || (&& (== net461) (< net46)) (&& (== net472) (< net46)) (== netcoreapp2.2) (== netstandard2.0)
      System.Runtime (>= 4.3) - restriction: || (&& (== net461) (< net46)) (&& (== net472) (< net46)) (== netcoreapp2.2) (== netstandard2.0)
    System.Globalization.Extensions (4.3) - restriction: || (&& (== net461) (< net45) (>= netstandard2.0)) (&& (== net472) (< net45)) (== netcoreapp2.2) (== netstandard2.0)
      Microsoft.NETCore.Platforms (>= 1.1) - restriction: || (&& (== net461) (< net46)) (&& (== net472) (< net46)) (== netcoreapp2.2) (== netstandard2.0)
      System.Globalization (>= 4.3) - restriction: || (&& (== net461) (< net46)) (&& (== net472) (< net46)) (== netcoreapp2.2) (== netstandard2.0)
      System.Resources.ResourceManager (>= 4.3) - restriction: || (&& (== net461) (< net46)) (&& (== net472) (< net46)) (== netcoreapp2.2) (== netstandard2.0)
      System.Runtime (>= 4.3) - restriction: || (&& (== net461) (< net46)) (&& (== net472) (< net46)) (== netcoreapp2.2) (== netstandard2.0)
      System.Runtime.Extensions (>= 4.3) - restriction: || (&& (== net461) (< net46)) (&& (== net472) (< net46)) (== netcoreapp2.2) (== netstandard2.0)
      System.Runtime.InteropServices (>= 4.3) - restriction: || (&& (== net461) (< net46)) (&& (== net472) (< net46)) (== netcoreapp2.2) (== netstandard2.0)
    System.IO (4.3) - restriction: || (&& (== net461) (< net46)) (&& (== net461) (>= net463)) (== net472) (== netcoreapp2.2) (== netstandard2.0)
      Microsoft.NETCore.Platforms (>= 1.1) - restriction: || (&& (== net461) (< net45)) (&& (== net472) (< net45)) (== netcoreapp2.2) (== netstandard2.0)
      Microsoft.NETCore.Targets (>= 1.1) - restriction: || (&& (== net461) (< net45)) (&& (== net472) (< net45)) (== netcoreapp2.2) (== netstandard2.0)
      System.Runtime (>= 4.3) - restriction: || (&& (== net461) (< net45)) (&& (== net472) (< net45)) (== netcoreapp2.2) (== netstandard2.0)
      System.Text.Encoding (>= 4.3) - restriction: || (&& (== net461) (< net45)) (&& (== net472) (< net45)) (== netcoreapp2.2) (== netstandard2.0)
      System.Threading.Tasks (>= 4.3) - restriction: || (&& (== net461) (< net45)) (&& (== net472) (< net45)) (== netcoreapp2.2) (== netstandard2.0)
    System.IO.FileSystem (4.3) - restriction: || (&& (== net461) (< net45) (>= netstandard2.0)) (&& (== net472) (< net45)) (== netcoreapp2.2) (== netstandard2.0)
      Microsoft.NETCore.Platforms (>= 1.1) - restriction: || (&& (== net461) (< net46)) (&& (== net472) (< net46)) (== netcoreapp2.2) (== netstandard2.0)
      Microsoft.NETCore.Targets (>= 1.1) - restriction: || (&& (== net461) (< net46)) (&& (== net472) (< net46)) (== netcoreapp2.2) (== netstandard2.0)
      System.IO (>= 4.3) - restriction: || (&& (== net461) (< net46)) (&& (== net472) (< net46)) (== netcoreapp2.2) (== netstandard2.0)
      System.IO.FileSystem.Primitives (>= 4.3)
      System.Runtime (>= 4.3) - restriction: || (&& (== net461) (< net46)) (&& (== net472) (< net46)) (== netcoreapp2.2) (== netstandard2.0)
      System.Runtime.Handles (>= 4.3) - restriction: || (&& (== net461) (< net46)) (&& (== net472) (< net46)) (== netcoreapp2.2) (== netstandard2.0)
      System.Text.Encoding (>= 4.3) - restriction: || (&& (== net461) (< net46)) (&& (== net472) (< net46)) (== netcoreapp2.2) (== netstandard2.0)
      System.Threading.Tasks (>= 4.3) - restriction: || (&& (== net461) (< net46)) (&& (== net472) (< net46)) (== netcoreapp2.2) (== netstandard2.0)
    System.IO.FileSystem.Primitives (4.3)
    System.IO.Packaging (4.6)
      System.IO.FileSystem.Primitives (>= 4.3) - restriction: || (== net461) (== net472) (&& (== netcoreapp2.2) (>= net46)) (&& (== netcoreapp2.2) (< netstandard2.0)) (&& (== netstandard2.0) (>= net46))
    System.Linq (4.3)
      System.Collections (>= 4.3) - restriction: || (&& (== net461) (< net45)) (&& (== net472) (< net45)) (== netcoreapp2.2) (== netstandard2.0)
      System.Diagnostics.Debug (>= 4.3) - restriction: || (&& (== net461) (< net45) (>= netstandard1.6)) (&& (== net472) (< net45)) (== netcoreapp2.2) (== netstandard2.0)
      System.Resources.ResourceManager (>= 4.3) - restriction: || (&& (== net461) (< net45) (>= netstandard1.6)) (&& (== net472) (< net45)) (== netcoreapp2.2) (== netstandard2.0)
      System.Runtime (>= 4.3) - restriction: || (&& (== net461) (< net45)) (&& (== net472) (< net45)) (== netcoreapp2.2) (== netstandard2.0)
      System.Runtime.Extensions (>= 4.3) - restriction: || (&& (== net461) (< net45) (>= netstandard1.6)) (&& (== net472) (< net45)) (== netcoreapp2.2) (== netstandard2.0)
    System.Linq.Parallel (4.3) - restriction: || (&& (== net461) (< net46) (>= netstandard2.0)) (&& (== net472) (< net46)) (== netcoreapp2.2) (== netstandard2.0)
      System.Collections (>= 4.3) - restriction: || (&& (== net461) (< net45)) (&& (== net472) (< net45)) (== netcoreapp2.2) (== netstandard2.0)
      System.Collections.Concurrent (>= 4.3) - restriction: || (&& (== net461) (< net45)) (&& (== net472) (< net45)) (== netcoreapp2.2) (== netstandard2.0)
      System.Diagnostics.Debug (>= 4.3) - restriction: || (&& (== net461) (< net45)) (&& (== net472) (< net45)) (== netcoreapp2.2) (== netstandard2.0)
      System.Diagnostics.Tracing (>= 4.3) - restriction: || (&& (== net461) (< net45)) (&& (== net472) (< net45)) (== netcoreapp2.2) (== netstandard2.0)
      System.Linq (>= 4.3) - restriction: || (&& (== net461) (< net45)) (&& (== net472) (< net45)) (== netcoreapp2.2) (== netstandard2.0)
      System.Resources.ResourceManager (>= 4.3) - restriction: || (&& (== net461) (< net45)) (&& (== net472) (< net45)) (== netcoreapp2.2) (== netstandard2.0)
      System.Runtime (>= 4.3) - restriction: || (&& (== net461) (< net45)) (&& (== net472) (< net45)) (== netcoreapp2.2) (== netstandard2.0)
      System.Runtime.Extensions (>= 4.3) - restriction: || (&& (== net461) (< net45)) (&& (== net472) (< net45)) (== netcoreapp2.2) (== netstandard2.0)
      System.Threading (>= 4.3) - restriction: || (&& (== net461) (< net45)) (&& (== net472) (< net45)) (== netcoreapp2.2) (== netstandard2.0)
      System.Threading.Tasks (>= 4.3) - restriction: || (&& (== net461) (< net45)) (&& (== net472) (< net45)) (== netcoreapp2.2) (== netstandard2.0)
    System.Memory (4.5.3)
      System.Buffers (>= 4.4) - restriction: || (== net461) (== net472) (&& (== netcoreapp2.2) (>= monotouch)) (&& (== netcoreapp2.2) (>= net461)) (&& (== netcoreapp2.2) (< netcoreapp2.0)) (&& (== netcoreapp2.2) (< netstandard1.1)) (&& (== netcoreapp2.2) (< netstandard2.0)) (&& (== netcoreapp2.2) (>= xamarinios)) (&& (== netcoreapp2.2) (>= xamarinmac)) (&& (== netcoreapp2.2) (>= xamarintvos)) (&& (== netcoreapp2.2) (>= xamarinwatchos)) (== netstandard2.0)
      System.Numerics.Vectors (>= 4.4) - restriction: || (== net461) (== net472) (&& (== netcoreapp2.2) (>= net461)) (&& (== netcoreapp2.2) (< netcoreapp2.0)) (== netstandard2.0)
      System.Runtime.CompilerServices.Unsafe (>= 4.5.2) - restriction: || (== net461) (== net472) (&& (== netcoreapp2.2) (>= monotouch)) (&& (== netcoreapp2.2) (>= net461)) (&& (== netcoreapp2.2) (< netcoreapp2.0)) (&& (== netcoreapp2.2) (< netcoreapp2.1)) (&& (== netcoreapp2.2) (< netstandard1.1)) (&& (== netcoreapp2.2) (< netstandard2.0)) (&& (== netcoreapp2.2) (>= uap10.1)) (&& (== netcoreapp2.2) (>= xamarinios)) (&& (== netcoreapp2.2) (>= xamarinmac)) (&& (== netcoreapp2.2) (>= xamarintvos)) (&& (== netcoreapp2.2) (>= xamarinwatchos)) (== netstandard2.0)
    System.Net.Http (4.3.4) - restriction: || (&& (== net461) (< net46) (>= netstandard2.0)) (&& (== net472) (< net46)) (== netcoreapp2.2) (== netstandard2.0)
      Microsoft.NETCore.Platforms (>= 1.1.1) - restriction: || (&& (== net461) (< net45)) (&& (== net472) (< net45)) (== netcoreapp2.2) (== netstandard2.0)
      runtime.native.System (>= 4.3) - restriction: || (&& (== net461) (< net45) (>= netstandard1.6)) (&& (== net472) (< net45)) (== netcoreapp2.2) (== netstandard2.0)
      runtime.native.System.Net.Http (>= 4.3) - restriction: || (&& (== net461) (< net45) (>= netstandard1.6)) (&& (== net472) (< net45)) (== netcoreapp2.2) (== netstandard2.0)
      runtime.native.System.Security.Cryptography.OpenSsl (>= 4.3.2) - restriction: || (&& (== net461) (< net45) (>= netstandard1.6)) (&& (== net472) (< net45)) (== netcoreapp2.2) (== netstandard2.0)
      System.Collections (>= 4.3) - restriction: || (&& (== net461) (< net45)) (&& (== net472) (< net45)) (== netcoreapp2.2) (== netstandard2.0)
      System.Diagnostics.Debug (>= 4.3) - restriction: || (&& (== net461) (< net45)) (&& (== net472) (< net45)) (== netcoreapp2.2) (== netstandard2.0)
      System.Diagnostics.DiagnosticSource (>= 4.3) - restriction: || (&& (== net461) (< net45)) (&& (== net472) (< net45)) (== netcoreapp2.2) (== netstandard2.0)
      System.Diagnostics.Tracing (>= 4.3) - restriction: || (&& (== net461) (< net45)) (&& (== net472) (< net45)) (== netcoreapp2.2) (== netstandard2.0)
      System.Globalization (>= 4.3) - restriction: || (&& (== net461) (< net45)) (&& (== net472) (< net45)) (== netcoreapp2.2) (== netstandard2.0)
      System.Globalization.Extensions (>= 4.3) - restriction: || (&& (== net461) (< net45) (>= netstandard1.6)) (&& (== net472) (< net45)) (== netcoreapp2.2) (== netstandard2.0)
      System.IO (>= 4.3) - restriction: || (&& (== net461) (< net45)) (&& (== net472) (< net45)) (== netcoreapp2.2) (== netstandard2.0)
      System.IO.FileSystem (>= 4.3) - restriction: || (&& (== net461) (< net45) (>= netstandard1.6)) (&& (== net472) (< net45)) (== netcoreapp2.2) (== netstandard2.0)
      System.Net.Primitives (>= 4.3) - restriction: || (&& (== net461) (< net45)) (&& (== net472) (< net45)) (== netcoreapp2.2) (== netstandard2.0)
      System.Resources.ResourceManager (>= 4.3) - restriction: || (&& (== net461) (< net45)) (&& (== net472) (< net45)) (== netcoreapp2.2) (== netstandard2.0)
      System.Runtime (>= 4.3) - restriction: || (&& (== net461) (< net45)) (&& (== net472) (< net45)) (== netcoreapp2.2) (== netstandard2.0)
      System.Runtime.Extensions (>= 4.3) - restriction: || (&& (== net461) (< net45)) (&& (== net472) (< net45)) (== netcoreapp2.2) (== netstandard2.0)
      System.Runtime.Handles (>= 4.3) - restriction: || (&& (== net461) (< net45)) (&& (== net472) (< net45)) (== netcoreapp2.2) (== netstandard2.0)
      System.Runtime.InteropServices (>= 4.3) - restriction: || (&& (== net461) (< net45)) (&& (== net472) (< net45)) (== netcoreapp2.2) (== netstandard2.0)
      System.Security.Cryptography.Algorithms (>= 4.3) - restriction: || (&& (== net461) (< net45) (>= netstandard1.6)) (&& (== net472) (< net45)) (== netcoreapp2.2) (== netstandard2.0)
      System.Security.Cryptography.Encoding (>= 4.3) - restriction: || (&& (== net461) (< net45)) (&& (== net472) (< net45)) (== netcoreapp2.2) (== netstandard2.0)
      System.Security.Cryptography.OpenSsl (>= 4.3) - restriction: || (&& (== net461) (< net45) (>= netstandard1.6)) (&& (== net472) (< net45)) (== netcoreapp2.2) (== netstandard2.0)
      System.Security.Cryptography.Primitives (>= 4.3) - restriction: || (&& (== net461) (< net45) (>= netstandard1.6)) (&& (== net472) (< net45)) (== netcoreapp2.2) (== netstandard2.0)
      System.Security.Cryptography.X509Certificates (>= 4.3)
      System.Text.Encoding (>= 4.3) - restriction: || (&& (== net461) (< net45)) (&& (== net472) (< net45)) (== netcoreapp2.2) (== netstandard2.0)
      System.Threading (>= 4.3) - restriction: || (&& (== net461) (< net45)) (&& (== net472) (< net45)) (== netcoreapp2.2) (== netstandard2.0)
      System.Threading.Tasks (>= 4.3) - restriction: || (&& (== net461) (< net45)) (&& (== net472) (< net45)) (== netcoreapp2.2) (== netstandard2.0)
    System.Net.Primitives (4.3.1) - restriction: || (&& (== net461) (< net45) (>= netstandard2.0)) (&& (== net472) (< net45)) (== netcoreapp2.2) (== netstandard2.0)
      Microsoft.NETCore.Platforms (>= 1.1.1) - restriction: || (&& (== net461) (< net45)) (&& (== net461) (< netstandard1.1)) (&& (== net472) (< net45)) (&& (== net472) (< netstandard1.1)) (== netcoreapp2.2) (== netstandard2.0)
      Microsoft.NETCore.Targets (>= 1.1.3) - restriction: || (&& (== net461) (< net45)) (&& (== net461) (< netstandard1.1)) (&& (== net472) (< net45)) (&& (== net472) (< netstandard1.1)) (== netcoreapp2.2) (== netstandard2.0)
      System.Runtime (>= 4.3.1) - restriction: || (&& (== net461) (< net45)) (&& (== net461) (< netstandard1.1)) (&& (== net472) (< net45)) (&& (== net472) (< netstandard1.1)) (== netcoreapp2.2) (== netstandard2.0)
      System.Runtime.Handles (>= 4.3) - restriction: || (&& (== net461) (< net45)) (&& (== net472) (< net45)) (== netcoreapp2.2) (== netstandard2.0)
    System.Numerics.Vectors (4.5) - restriction: || (== net461) (== net472) (&& (== netcoreapp2.2) (>= net461)) (&& (== netcoreapp2.2) (< netcoreapp2.0)) (== netstandard2.0)
    System.Reflection (4.3) - restriction: || (&& (== net461) (< net45)) (&& (== net472) (< net45)) (== netcoreapp2.2) (== netstandard2.0)
      Microsoft.NETCore.Platforms (>= 1.1) - restriction: || (&& (== net461) (< net45)) (&& (== net472) (< net45)) (== netcoreapp2.2) (== netstandard2.0)
      Microsoft.NETCore.Targets (>= 1.1) - restriction: || (&& (== net461) (< net45)) (&& (== net472) (< net45)) (== netcoreapp2.2) (== netstandard2.0)
      System.IO (>= 4.3) - restriction: || (&& (== net461) (< net45)) (&& (== net472) (< net45)) (== netcoreapp2.2) (== netstandard2.0)
      System.Reflection.Primitives (>= 4.3) - restriction: || (&& (== net461) (< net45)) (&& (== net472) (< net45)) (== netcoreapp2.2) (== netstandard2.0)
      System.Runtime (>= 4.3) - restriction: || (&& (== net461) (< net45)) (&& (== net472) (< net45)) (== netcoreapp2.2) (== netstandard2.0)
    System.Reflection.Emit (4.6) - restriction: || (&& (== net461) (< net35) (>= netstandard2.0)) (&& (== net472) (< net35)) (== netcoreapp2.2) (== netstandard2.0)
      System.Reflection.Emit.ILGeneration (>= 4.6) - restriction: || (&& (== net461) (< net45)) (&& (== net461) (< netstandard1.1)) (&& (== net461) (>= uap10.1)) (&& (== net461) (>= wpa81)) (&& (== net472) (< net45)) (&& (== net472) (< netstandard1.1)) (&& (== net472) (< netstandard2.0) (>= wpa81)) (&& (== net472) (>= uap10.1)) (&& (== netcoreapp2.2) (< netcoreapp2.0)) (&& (== netcoreapp2.2) (< netstandard1.1)) (&& (== netcoreapp2.2) (< netstandard2.0)) (&& (== netcoreapp2.2) (>= uap10.1)) (== netstandard2.0)
    System.Reflection.Emit.ILGeneration (4.6)
    System.Reflection.Emit.Lightweight (4.6)
      System.Reflection.Emit.ILGeneration (>= 4.6) - restriction: || (&& (== net461) (< net45)) (&& (== net461) (< portable-net45+wp8)) (&& (== net461) (>= uap10.1)) (&& (== net461) (>= wpa81)) (&& (== net472) (< net45)) (&& (== net472) (< netstandard2.0) (>= wpa81)) (&& (== net472) (< portable-net45+wp8)) (&& (== net472) (>= uap10.1)) (&& (== netcoreapp2.2) (< netcoreapp2.0)) (&& (== netcoreapp2.2) (< netstandard2.0)) (&& (== netcoreapp2.2) (< portable-net45+wp8)) (&& (== netcoreapp2.2) (>= uap10.1)) (== netstandard2.0)
    System.Reflection.Extensions (4.3) - restriction: || (&& (== net461) (< net45)) (&& (== net472) (< net45)) (== netcoreapp2.2) (== netstandard2.0)
      Microsoft.NETCore.Platforms (>= 1.1) - restriction: || (&& (== net461) (< net45)) (&& (== net472) (< net45)) (== netcoreapp2.2) (== netstandard2.0)
      Microsoft.NETCore.Targets (>= 1.1) - restriction: || (&& (== net461) (< net45)) (&& (== net472) (< net45)) (== netcoreapp2.2) (== netstandard2.0)
      System.Reflection (>= 4.3) - restriction: || (&& (== net461) (< net45)) (&& (== net472) (< net45)) (== netcoreapp2.2) (== netstandard2.0)
      System.Runtime (>= 4.3) - restriction: || (&& (== net461) (< net45)) (&& (== net472) (< net45)) (== netcoreapp2.2) (== netstandard2.0)
    System.Reflection.Metadata (1.7) - restriction: || (&& (== net461) (< net46) (>= netstandard2.0)) (&& (== net472) (< net46)) (== netcoreapp2.2) (== netstandard2.0)
      System.Collections.Immutable (>= 1.6)
    System.Reflection.Primitives (4.3)
      Microsoft.NETCore.Platforms (>= 1.1) - restriction: || (&& (== net461) (< net45)) (&& (== net472) (< net45)) (== netcoreapp2.2) (== netstandard2.0)
      Microsoft.NETCore.Targets (>= 1.1) - restriction: || (&& (== net461) (< net45)) (&& (== net472) (< net45)) (== netcoreapp2.2) (== netstandard2.0)
      System.Runtime (>= 4.3) - restriction: || (&& (== net461) (< net45)) (&& (== net472) (< net45)) (== netcoreapp2.2) (== netstandard2.0)
    System.Reflection.TypeExtensions (4.6) - restriction: || (&& (== net461) (< net46) (>= netstandard2.0)) (&& (== net472) (< net46)) (== netcoreapp2.2) (== netstandard2.0)
    System.Resources.ResourceManager (4.3)
      Microsoft.NETCore.Platforms (>= 1.1) - restriction: || (&& (== net461) (< net45)) (&& (== net472) (< net45)) (== netcoreapp2.2) (== netstandard2.0)
      Microsoft.NETCore.Targets (>= 1.1) - restriction: || (&& (== net461) (< net45)) (&& (== net472) (< net45)) (== netcoreapp2.2) (== netstandard2.0)
      System.Globalization (>= 4.3) - restriction: || (&& (== net461) (< net45)) (&& (== net472) (< net45)) (== netcoreapp2.2) (== netstandard2.0)
      System.Reflection (>= 4.3) - restriction: || (&& (== net461) (< net45)) (&& (== net472) (< net45)) (== netcoreapp2.2) (== netstandard2.0)
      System.Runtime (>= 4.3) - restriction: || (&& (== net461) (< net45)) (&& (== net472) (< net45)) (== netcoreapp2.2) (== netstandard2.0)
    System.Resources.Writer (4.3) - restriction: || (&& (== net461) (< net46) (>= netstandard2.0)) (&& (== net472) (< net46)) (== netcoreapp2.2) (== netstandard2.0)
      System.Collections (>= 4.3) - restriction: || (&& (== net461) (< net46)) (&& (== net472) (< net46)) (== netcoreapp2.2) (== netstandard2.0)
      System.IO (>= 4.3) - restriction: || (&& (== net461) (< net46)) (&& (== net472) (< net46)) (== netcoreapp2.2) (== netstandard2.0)
      System.Resources.ResourceManager (>= 4.3) - restriction: || (&& (== net461) (< net46)) (&& (== net472) (< net46)) (== netcoreapp2.2) (== netstandard2.0)
      System.Runtime (>= 4.3) - restriction: || (&& (== net461) (< net46)) (&& (== net472) (< net46)) (== netcoreapp2.2) (== netstandard2.0)
      System.Runtime.Extensions (>= 4.3) - restriction: || (&& (== net461) (< net46)) (&& (== net472) (< net46)) (== netcoreapp2.2) (== netstandard2.0)
      System.Text.Encoding (>= 4.3) - restriction: || (&& (== net461) (< net46)) (&& (== net472) (< net46)) (== netcoreapp2.2) (== netstandard2.0)
    System.Runtime (4.3.1)
      Microsoft.NETCore.Platforms (>= 1.1.1) - restriction: || (&& (== net461) (< net45)) (&& (== net472) (< net45)) (== netcoreapp2.2) (== netstandard2.0)
      Microsoft.NETCore.Targets (>= 1.1.3) - restriction: || (&& (== net461) (< net45)) (&& (== net472) (< net45)) (== netcoreapp2.2) (== netstandard2.0)
    System.Runtime.CompilerServices.Unsafe (4.6)
    System.Runtime.Extensions (4.3.1)
      Microsoft.NETCore.Platforms (>= 1.1.1) - restriction: || (&& (== net461) (< net45)) (&& (== net472) (< net45)) (== netcoreapp2.2) (== netstandard2.0)
      Microsoft.NETCore.Targets (>= 1.1.3) - restriction: || (&& (== net461) (< net45)) (&& (== net472) (< net45)) (== netcoreapp2.2) (== netstandard2.0)
      System.Runtime (>= 4.3.1) - restriction: || (&& (== net461) (< net45)) (&& (== net472) (< net45)) (== netcoreapp2.2) (== netstandard2.0)
    System.Runtime.Handles (4.3) - restriction: || (&& (== net461) (< net46) (>= netstandard1.6)) (&& (== net472) (< net46)) (== netcoreapp2.2) (== netstandard2.0)
      Microsoft.NETCore.Platforms (>= 1.1) - restriction: || (&& (== net461) (< net46)) (&& (== net472) (< net46)) (== netcoreapp2.2) (== netstandard2.0)
      Microsoft.NETCore.Targets (>= 1.1) - restriction: || (&& (== net461) (< net46)) (&& (== net472) (< net46)) (== netcoreapp2.2) (== netstandard2.0)
      System.Runtime (>= 4.3) - restriction: || (&& (== net461) (< net46)) (&& (== net472) (< net46)) (== netcoreapp2.2) (== netstandard2.0)
    System.Runtime.InteropServices (4.3) - restriction: || (&& (== net461) (< net46) (>= netstandard1.6)) (&& (== net472) (< net46)) (== netcoreapp2.2) (== netstandard2.0)
      Microsoft.NETCore.Platforms (>= 1.1) - restriction: || (&& (== net461) (< net45)) (&& (== net461) (>= netcoreapp1.1)) (&& (== net472) (< net45)) (&& (== net472) (>= netcoreapp1.1)) (== netcoreapp2.2) (== netstandard2.0)
      Microsoft.NETCore.Targets (>= 1.1) - restriction: || (&& (== net461) (< net45)) (&& (== net461) (>= netcoreapp1.1)) (&& (== net472) (< net45)) (&& (== net472) (>= netcoreapp1.1)) (== netcoreapp2.2) (== netstandard2.0)
      System.Reflection (>= 4.3) - restriction: || (&& (== net461) (< net45)) (&& (== net461) (>= netcoreapp1.1)) (&& (== net472) (< net45)) (&& (== net472) (>= netcoreapp1.1)) (== netcoreapp2.2) (== netstandard2.0)
      System.Reflection.Primitives (>= 4.3) - restriction: || (&& (== net461) (< net45)) (&& (== net461) (>= netcoreapp1.1)) (&& (== net472) (< net45)) (&& (== net472) (>= netcoreapp1.1)) (== netcoreapp2.2) (== netstandard2.0)
      System.Runtime (>= 4.3) - restriction: || (&& (== net461) (< net45)) (&& (== net461) (>= net462)) (&& (== net461) (>= netcoreapp1.1)) (== net472) (== netcoreapp2.2) (== netstandard2.0)
      System.Runtime.Handles (>= 4.3) - restriction: || (&& (== net461) (< net45)) (&& (== net461) (>= netcoreapp1.1)) (&& (== net472) (< net45)) (&& (== net472) (>= netcoreapp1.1)) (== netcoreapp2.2) (== netstandard2.0)
    System.Runtime.InteropServices.RuntimeInformation (4.3)
      runtime.native.System (>= 4.3) - restriction: || (&& (== net461) (< net45)) (&& (== net472) (< net45)) (== netcoreapp2.2) (== netstandard2.0)
      System.Reflection (>= 4.3) - restriction: || (&& (== net461) (< net45)) (&& (== net472) (< net45)) (== netcoreapp2.2) (== netstandard2.0)
      System.Reflection.Extensions (>= 4.3) - restriction: || (&& (== net461) (< net45)) (&& (== net472) (< net45)) (== netcoreapp2.2) (== netstandard2.0)
      System.Resources.ResourceManager (>= 4.3) - restriction: || (&& (== net461) (< net45)) (&& (== net472) (< net45)) (== netcoreapp2.2) (== netstandard2.0)
      System.Runtime (>= 4.3) - restriction: || (&& (== net461) (< net45)) (&& (== net472) (< net45)) (== netcoreapp2.2) (== netstandard2.0)
      System.Runtime.InteropServices (>= 4.3) - restriction: || (&& (== net461) (< net45)) (&& (== net472) (< net45)) (== netcoreapp2.2) (== netstandard2.0)
      System.Threading (>= 4.3) - restriction: || (&& (== net461) (< net45)) (&& (== net472) (< net45)) (== netcoreapp2.2) (== netstandard2.0)
    System.Runtime.Numerics (4.3) - restriction: || (&& (== net461) (< net46) (>= netstandard1.6)) (&& (== net472) (< net46)) (== netcoreapp2.2) (== netstandard2.0)
      System.Globalization (>= 4.3) - restriction: || (&& (== net461) (< net45)) (&& (== net472) (< net45)) (== netcoreapp2.2) (== netstandard2.0)
      System.Resources.ResourceManager (>= 4.3) - restriction: || (&& (== net461) (< net45)) (&& (== net472) (< net45)) (== netcoreapp2.2) (== netstandard2.0)
      System.Runtime (>= 4.3) - restriction: || (&& (== net461) (< net45)) (&& (== net472) (< net45)) (== netcoreapp2.2) (== netstandard2.0)
      System.Runtime.Extensions (>= 4.3) - restriction: || (&& (== net461) (< net45)) (&& (== net472) (< net45)) (== netcoreapp2.2) (== netstandard2.0)
    System.Runtime.Serialization.Primitives (4.3) - restriction: || (&& (== net461) (< net46) (>= netstandard2.0)) (&& (== net472) (< net46)) (== netcoreapp2.2) (== netstandard2.0)
      System.Resources.ResourceManager (>= 4.3) - restriction: || (&& (== net461) (< net45)) (&& (== net472) (< net45)) (== netcoreapp2.2) (== netstandard2.0)
      System.Runtime (>= 4.3) - restriction: || (&& (== net461) (< net45)) (&& (== net472) (< net45)) (== netcoreapp2.2) (== netstandard2.0)
    System.Security.AccessControl (4.6)
      Microsoft.NETCore.Platforms (>= 3.0) - restriction: || (&& (== net461) (>= netcoreapp2.0)) (&& (== net472) (>= netcoreapp2.0)) (== netcoreapp2.2) (&& (== netstandard2.0) (>= netcoreapp2.0))
      System.Security.Principal.Windows (>= 4.6)
    System.Security.Cryptography.Algorithms (4.3.1)
      Microsoft.NETCore.Platforms (>= 1.1) - restriction: || (&& (== net461) (< net46) (>= netstandard1.6)) (&& (== net472) (< net46)) (== netcoreapp2.2) (== netstandard2.0)
      runtime.native.System.Security.Cryptography.Apple (>= 4.3.1) - restriction: || (&& (== net461) (< net46) (>= netstandard1.6)) (&& (== net472) (< net46)) (== netcoreapp2.2) (== netstandard2.0)
      runtime.native.System.Security.Cryptography.OpenSsl (>= 4.3.2) - restriction: || (&& (== net461) (< net46) (>= netstandard1.6)) (&& (== net472) (< net46)) (== netcoreapp2.2) (== netstandard2.0)
      System.Collections (>= 4.3) - restriction: || (&& (== net461) (< net46) (>= netstandard1.6)) (&& (== net472) (< net46)) (== netcoreapp2.2) (== netstandard2.0)
      System.IO (>= 4.3) - restriction: || (&& (== net461) (< net46)) (&& (== net461) (>= net463)) (== net472) (== netcoreapp2.2) (== netstandard2.0)
      System.Resources.ResourceManager (>= 4.3) - restriction: || (&& (== net461) (< net46) (>= netstandard1.6)) (&& (== net472) (< net46)) (== netcoreapp2.2) (== netstandard2.0)
      System.Runtime (>= 4.3) - restriction: || (&& (== net461) (< net46)) (&& (== net461) (>= net463)) (== net472) (== netcoreapp2.2) (== netstandard2.0)
      System.Runtime.Extensions (>= 4.3) - restriction: || (&& (== net461) (< net46) (>= netstandard1.6)) (&& (== net472) (< net46)) (== netcoreapp2.2) (== netstandard2.0)
      System.Runtime.Handles (>= 4.3) - restriction: || (&& (== net461) (< net46) (>= netstandard1.6)) (&& (== net472) (< net46)) (== netcoreapp2.2) (== netstandard2.0)
      System.Runtime.InteropServices (>= 4.3) - restriction: || (&& (== net461) (< net46) (>= netstandard1.6)) (&& (== net472) (< net46)) (== netcoreapp2.2) (== netstandard2.0)
      System.Runtime.Numerics (>= 4.3) - restriction: || (&& (== net461) (< net46) (>= netstandard1.6)) (&& (== net472) (< net46)) (== netcoreapp2.2) (== netstandard2.0)
      System.Security.Cryptography.Encoding (>= 4.3) - restriction: || (&& (== net461) (< net46) (>= netstandard1.6)) (&& (== net461) (>= net463)) (== net472) (== netcoreapp2.2) (== netstandard2.0)
      System.Security.Cryptography.Primitives (>= 4.3)
      System.Text.Encoding (>= 4.3) - restriction: || (&& (== net461) (< net46) (>= netstandard1.6)) (&& (== net472) (< net46)) (== netcoreapp2.2) (== netstandard2.0)
    System.Security.Cryptography.Cng (4.6) - restriction: || (&& (== net461) (< net45) (>= netstandard2.0)) (&& (== net461) (< net46) (>= netstandard2.0)) (&& (== net472) (< net45)) (&& (== net472) (< net46)) (== netcoreapp2.2) (== netstandard2.0)
    System.Security.Cryptography.Csp (4.3) - restriction: || (&& (== net461) (< net45) (>= netstandard2.0)) (&& (== net461) (< net46) (>= netstandard2.0)) (&& (== net472) (< net45)) (&& (== net472) (< net46)) (== netcoreapp2.2) (== netstandard2.0)
      Microsoft.NETCore.Platforms (>= 1.1) - restriction: || (&& (== net461) (< net46)) (&& (== net472) (< net46)) (== netcoreapp2.2) (== netstandard2.0)
      System.IO (>= 4.3) - restriction: || (&& (== net461) (< net46)) (&& (== net472) (< net46)) (== netcoreapp2.2) (== netstandard2.0)
      System.Reflection (>= 4.3) - restriction: || (&& (== net461) (< net46)) (&& (== net472) (< net46)) (== netcoreapp2.2) (== netstandard2.0)
      System.Resources.ResourceManager (>= 4.3) - restriction: || (&& (== net461) (< net46)) (&& (== net472) (< net46)) (== netcoreapp2.2) (== netstandard2.0)
      System.Runtime (>= 4.3) - restriction: || (&& (== net461) (< net46)) (&& (== net472) (< net46)) (== netcoreapp2.2) (== netstandard2.0)
      System.Runtime.Extensions (>= 4.3) - restriction: || (&& (== net461) (< net46)) (&& (== net472) (< net46)) (== netcoreapp2.2) (== netstandard2.0)
      System.Runtime.Handles (>= 4.3) - restriction: || (&& (== net461) (< net46)) (&& (== net472) (< net46)) (== netcoreapp2.2) (== netstandard2.0)
      System.Runtime.InteropServices (>= 4.3) - restriction: || (&& (== net461) (< net46)) (&& (== net472) (< net46)) (== netcoreapp2.2) (== netstandard2.0)
      System.Security.Cryptography.Algorithms (>= 4.3)
      System.Security.Cryptography.Encoding (>= 4.3) - restriction: || (&& (== net461) (< net46)) (&& (== net472) (< net46)) (== netcoreapp2.2) (== netstandard2.0)
      System.Security.Cryptography.Primitives (>= 4.3)
      System.Text.Encoding (>= 4.3) - restriction: || (&& (== net461) (< net46)) (&& (== net472) (< net46)) (== netcoreapp2.2) (== netstandard2.0)
      System.Threading (>= 4.3) - restriction: || (&& (== net461) (< net46)) (&& (== net472) (< net46)) (== netcoreapp2.2) (== netstandard2.0)
    System.Security.Cryptography.Encoding (4.3) - restriction: || (&& (== net461) (< net45) (>= netstandard2.0)) (&& (== net461) (< net46) (>= netstandard1.6)) (&& (== net461) (>= net463)) (== net472) (== netcoreapp2.2) (== netstandard2.0)
      Microsoft.NETCore.Platforms (>= 1.1) - restriction: || (&& (== net461) (< net46)) (&& (== net472) (< net46)) (== netcoreapp2.2) (== netstandard2.0)
      runtime.native.System.Security.Cryptography.OpenSsl (>= 4.3) - restriction: || (&& (== net461) (< net46)) (&& (== net472) (< net46)) (== netcoreapp2.2) (== netstandard2.0)
      System.Collections (>= 4.3) - restriction: || (&& (== net461) (< net46)) (&& (== net472) (< net46)) (== netcoreapp2.2) (== netstandard2.0)
      System.Collections.Concurrent (>= 4.3) - restriction: || (&& (== net461) (< net46)) (&& (== net472) (< net46)) (== netcoreapp2.2) (== netstandard2.0)
      System.Linq (>= 4.3) - restriction: || (&& (== net461) (< net46)) (&& (== net472) (< net46)) (== netcoreapp2.2) (== netstandard2.0)
      System.Resources.ResourceManager (>= 4.3) - restriction: || (&& (== net461) (< net46)) (&& (== net472) (< net46)) (== netcoreapp2.2) (== netstandard2.0)
      System.Runtime (>= 4.3) - restriction: || (&& (== net461) (< net46)) (&& (== net472) (< net46)) (== netcoreapp2.2) (== netstandard2.0)
      System.Runtime.Extensions (>= 4.3) - restriction: || (&& (== net461) (< net46)) (&& (== net472) (< net46)) (== netcoreapp2.2) (== netstandard2.0)
      System.Runtime.Handles (>= 4.3) - restriction: || (&& (== net461) (< net46)) (&& (== net472) (< net46)) (== netcoreapp2.2) (== netstandard2.0)
      System.Runtime.InteropServices (>= 4.3) - restriction: || (&& (== net461) (< net46)) (&& (== net472) (< net46)) (== netcoreapp2.2) (== netstandard2.0)
      System.Security.Cryptography.Primitives (>= 4.3) - restriction: || (&& (== net461) (< net46)) (&& (== net472) (< net46)) (== netcoreapp2.2) (== netstandard2.0)
      System.Text.Encoding (>= 4.3) - restriction: || (&& (== net461) (< net46)) (&& (== net472) (< net46)) (== netcoreapp2.2) (== netstandard2.0)
    System.Security.Cryptography.OpenSsl (4.6) - restriction: || (&& (== net461) (< net45) (>= netstandard2.0)) (&& (== net472) (< net45)) (== netcoreapp2.2) (== netstandard2.0)
    System.Security.Cryptography.Primitives (4.3)
      System.Diagnostics.Debug (>= 4.3) - restriction: || (&& (== net461) (< net46)) (&& (== net472) (< net46)) (== netcoreapp2.2) (== netstandard2.0)
      System.Globalization (>= 4.3) - restriction: || (&& (== net461) (< net46)) (&& (== net472) (< net46)) (== netcoreapp2.2) (== netstandard2.0)
      System.IO (>= 4.3) - restriction: || (&& (== net461) (< net46)) (&& (== net472) (< net46)) (== netcoreapp2.2) (== netstandard2.0)
      System.Resources.ResourceManager (>= 4.3) - restriction: || (&& (== net461) (< net46)) (&& (== net472) (< net46)) (== netcoreapp2.2) (== netstandard2.0)
      System.Runtime (>= 4.3) - restriction: || (&& (== net461) (< net46)) (&& (== net472) (< net46)) (== netcoreapp2.2) (== netstandard2.0)
      System.Threading (>= 4.3) - restriction: || (&& (== net461) (< net46)) (&& (== net472) (< net46)) (== netcoreapp2.2) (== netstandard2.0)
      System.Threading.Tasks (>= 4.3) - restriction: || (&& (== net461) (< net46)) (&& (== net472) (< net46)) (== netcoreapp2.2) (== netstandard2.0)
    System.Security.Cryptography.X509Certificates (4.3.2) - restriction: || (&& (== net461) (< net45) (>= netstandard2.0)) (&& (== net461) (< net46) (>= netstandard2.0)) (&& (== net472) (< net45)) (&& (== net472) (< net46)) (== netcoreapp2.2) (== netstandard2.0)
      Microsoft.NETCore.Platforms (>= 1.1) - restriction: || (&& (== net461) (< net46) (>= netstandard1.6)) (&& (== net472) (< net46)) (== netcoreapp2.2) (== netstandard2.0)
      runtime.native.System (>= 4.3) - restriction: || (&& (== net461) (< net46) (>= netstandard1.6)) (&& (== net472) (< net46)) (== netcoreapp2.2) (== netstandard2.0)
      runtime.native.System.Net.Http (>= 4.3) - restriction: || (&& (== net461) (< net46) (>= netstandard1.6)) (&& (== net472) (< net46)) (== netcoreapp2.2) (== netstandard2.0)
      runtime.native.System.Security.Cryptography.OpenSsl (>= 4.3.2) - restriction: || (&& (== net461) (< net46) (>= netstandard1.6)) (&& (== net472) (< net46)) (== netcoreapp2.2) (== netstandard2.0)
      System.Collections (>= 4.3) - restriction: || (&& (== net461) (< net46) (>= netstandard1.6)) (&& (== net472) (< net46)) (== netcoreapp2.2) (== netstandard2.0)
      System.Diagnostics.Debug (>= 4.3) - restriction: || (&& (== net461) (< net46) (>= netstandard1.6)) (&& (== net472) (< net46)) (== netcoreapp2.2) (== netstandard2.0)
      System.Globalization (>= 4.3) - restriction: || (&& (== net461) (< net46) (>= netstandard1.6)) (&& (== net472) (< net46)) (== netcoreapp2.2) (== netstandard2.0)
      System.Globalization.Calendars (>= 4.3) - restriction: || (&& (== net461) (< net46) (>= netstandard1.6)) (&& (== net472) (< net46)) (== netcoreapp2.2) (== netstandard2.0)
      System.IO (>= 4.3) - restriction: || (&& (== net461) (< net46) (>= netstandard1.6)) (&& (== net472) (< net46)) (== netcoreapp2.2) (== netstandard2.0)
      System.IO.FileSystem (>= 4.3) - restriction: || (&& (== net461) (< net46) (>= netstandard1.6)) (&& (== net472) (< net46)) (== netcoreapp2.2) (== netstandard2.0)
      System.IO.FileSystem.Primitives (>= 4.3) - restriction: || (&& (== net461) (< net46) (>= netstandard1.6)) (&& (== net472) (< net46)) (== netcoreapp2.2) (== netstandard2.0)
      System.Resources.ResourceManager (>= 4.3) - restriction: || (&& (== net461) (< net46) (>= netstandard1.6)) (&& (== net472) (< net46)) (== netcoreapp2.2) (== netstandard2.0)
      System.Runtime (>= 4.3) - restriction: || (&& (== net461) (< net46)) (&& (== net472) (< net46)) (== netcoreapp2.2) (== netstandard2.0)
      System.Runtime.Extensions (>= 4.3) - restriction: || (&& (== net461) (< net46) (>= netstandard1.6)) (&& (== net472) (< net46)) (== netcoreapp2.2) (== netstandard2.0)
      System.Runtime.Handles (>= 4.3) - restriction: || (&& (== net461) (< net46)) (&& (== net472) (< net46)) (== netcoreapp2.2) (== netstandard2.0)
      System.Runtime.InteropServices (>= 4.3) - restriction: || (&& (== net461) (< net46) (>= netstandard1.6)) (&& (== net472) (< net46)) (== netcoreapp2.2) (== netstandard2.0)
      System.Runtime.Numerics (>= 4.3) - restriction: || (&& (== net461) (< net46) (>= netstandard1.6)) (&& (== net472) (< net46)) (== netcoreapp2.2) (== netstandard2.0)
      System.Security.Cryptography.Algorithms (>= 4.3)
      System.Security.Cryptography.Cng (>= 4.3) - restriction: || (&& (== net461) (< net46) (>= netstandard1.6)) (&& (== net472) (< net46)) (== netcoreapp2.2) (== netstandard2.0)
      System.Security.Cryptography.Csp (>= 4.3) - restriction: || (&& (== net461) (< net46) (>= netstandard1.6)) (&& (== net472) (< net46)) (== netcoreapp2.2) (== netstandard2.0)
      System.Security.Cryptography.Encoding (>= 4.3)
      System.Security.Cryptography.OpenSsl (>= 4.3) - restriction: || (&& (== net461) (< net46) (>= netstandard1.6)) (&& (== net472) (< net46)) (== netcoreapp2.2) (== netstandard2.0)
      System.Security.Cryptography.Primitives (>= 4.3) - restriction: || (&& (== net461) (< net46) (>= netstandard1.6)) (&& (== net472) (< net46)) (== netcoreapp2.2) (== netstandard2.0)
      System.Text.Encoding (>= 4.3) - restriction: || (&& (== net461) (< net46) (>= netstandard1.6)) (&& (== net472) (< net46)) (== netcoreapp2.2) (== netstandard2.0)
      System.Threading (>= 4.3) - restriction: || (&& (== net461) (< net46) (>= netstandard1.6)) (&& (== net472) (< net46)) (== netcoreapp2.2) (== netstandard2.0)
    System.Security.Principal.Windows (4.6)
      Microsoft.NETCore.Platforms (>= 3.0) - restriction: || (&& (== net461) (>= netcoreapp2.0)) (&& (== net461) (>= netcoreapp2.1)) (&& (== net472) (>= netcoreapp2.0)) (&& (== net472) (>= netcoreapp2.1)) (== netcoreapp2.2) (&& (== netstandard2.0) (>= netcoreapp2.0)) (&& (== netstandard2.0) (>= netcoreapp2.1))
    System.Text.Encoding (4.3) - restriction: || (&& (== net461) (< net46)) (&& (== net472) (< net46)) (== netcoreapp2.2) (== netstandard2.0)
      Microsoft.NETCore.Platforms (>= 1.1) - restriction: || (&& (== net461) (< net45)) (&& (== net472) (< net45)) (== netcoreapp2.2) (== netstandard2.0)
      Microsoft.NETCore.Targets (>= 1.1) - restriction: || (&& (== net461) (< net45)) (&& (== net472) (< net45)) (== netcoreapp2.2) (== netstandard2.0)
      System.Runtime (>= 4.3) - restriction: || (&& (== net461) (< net45)) (&& (== net472) (< net45)) (== netcoreapp2.2) (== netstandard2.0)
    System.Text.Encoding.CodePages (4.6) - restriction: || (&& (== net461) (< net46) (>= netstandard2.0)) (&& (== net472) (< net46)) (== netcoreapp2.2) (== netstandard2.0)
      Microsoft.NETCore.Platforms (>= 3.0) - restriction: || (&& (== net461) (>= netcoreapp2.0)) (&& (== net472) (>= netcoreapp2.0)) (== netcoreapp2.2) (&& (== netstandard2.0) (>= netcoreapp2.0))
      System.Runtime.CompilerServices.Unsafe (>= 4.6)
    System.Text.Encoding.Extensions (4.3) - restriction: || (&& (== net461) (< net45)) (&& (== net472) (< net45)) (== netcoreapp2.2) (== netstandard2.0)
      Microsoft.NETCore.Platforms (>= 1.1) - restriction: || (&& (== net461) (< net45)) (&& (== net472) (< net45)) (== netcoreapp2.2) (== netstandard2.0)
      Microsoft.NETCore.Targets (>= 1.1) - restriction: || (&& (== net461) (< net45)) (&& (== net472) (< net45)) (== netcoreapp2.2) (== netstandard2.0)
      System.Runtime (>= 4.3) - restriction: || (&& (== net461) (< net45)) (&& (== net472) (< net45)) (== netcoreapp2.2) (== netstandard2.0)
      System.Text.Encoding (>= 4.3) - restriction: || (&& (== net461) (< net45)) (&& (== net472) (< net45)) (== netcoreapp2.2) (== netstandard2.0)
    System.Text.RegularExpressions (4.3.1)
      System.Collections (>= 4.3) - restriction: || (&& (== net461) (< net45) (>= netstandard1.6)) (&& (== net472) (< net45)) (&& (== netcoreapp2.2) (< netcoreapp1.1)) (== netstandard2.0)
      System.Globalization (>= 4.3) - restriction: || (&& (== net461) (< net45) (>= netstandard1.6)) (&& (== net472) (< net45)) (&& (== netcoreapp2.2) (< netcoreapp1.1)) (== netstandard2.0)
      System.Resources.ResourceManager (>= 4.3) - restriction: || (&& (== net461) (< net45) (>= netstandard1.6)) (&& (== net472) (< net45)) (&& (== netcoreapp2.2) (< netcoreapp1.1)) (== netstandard2.0)
      System.Runtime (>= 4.3.1) - restriction: || (&& (== net461) (< net45)) (&& (== net461) (>= netcoreapp1.1)) (&& (== net472) (< net45)) (&& (== net472) (>= netcoreapp1.1)) (== netcoreapp2.2) (== netstandard2.0)
      System.Runtime.Extensions (>= 4.3.1) - restriction: || (&& (== net461) (< net45) (>= netstandard1.6)) (&& (== net472) (< net45)) (&& (== netcoreapp2.2) (< netcoreapp1.1)) (== netstandard2.0)
      System.Threading (>= 4.3) - restriction: || (&& (== net461) (< net45) (>= netstandard1.6)) (&& (== net472) (< net45)) (&& (== netcoreapp2.2) (< netcoreapp1.1)) (== netstandard2.0)
    System.Threading (4.3) - restriction: || (&& (== net461) (< net45) (>= netstandard1.6)) (&& (== net461) (< net46)) (&& (== net472) (< net45)) (&& (== net472) (< net46)) (== netcoreapp2.2) (== netstandard2.0)
      System.Runtime (>= 4.3) - restriction: || (&& (== net461) (< net45)) (&& (== net472) (< net45)) (== netcoreapp2.2) (== netstandard2.0)
      System.Threading.Tasks (>= 4.3) - restriction: || (&& (== net461) (< net45)) (&& (== net472) (< net45)) (== netcoreapp2.2) (== netstandard2.0)
    System.Threading.Tasks (4.3) - restriction: || (&& (== net461) (< net46)) (&& (== net472) (< net46)) (== netcoreapp2.2) (== netstandard2.0)
      Microsoft.NETCore.Platforms (>= 1.1) - restriction: || (&& (== net461) (< net45)) (&& (== net472) (< net45)) (== netcoreapp2.2) (== netstandard2.0)
      Microsoft.NETCore.Targets (>= 1.1) - restriction: || (&& (== net461) (< net45)) (&& (== net472) (< net45)) (== netcoreapp2.2) (== netstandard2.0)
      System.Runtime (>= 4.3) - restriction: || (&& (== net461) (< net45)) (&& (== net472) (< net45)) (== netcoreapp2.2) (== netstandard2.0)
    System.Threading.Tasks.Dataflow (4.10)
    System.Threading.Tasks.Extensions (4.5.3) - restriction: || (&& (== net461) (< net45)) (&& (== net472) (< net45)) (== netcoreapp2.2) (== netstandard2.0)
      System.Runtime.CompilerServices.Unsafe (>= 4.5.2) - restriction: || (== net461) (== net472) (&& (== netcoreapp2.2) (>= net45)) (&& (== netcoreapp2.2) (< netcoreapp2.1)) (&& (== netcoreapp2.2) (< netstandard1.0)) (&& (== netcoreapp2.2) (< netstandard2.0)) (&& (== netcoreapp2.2) (>= wp8)) (== netstandard2.0)
    System.Threading.Thread (4.3) - restriction: || (&& (== net461) (< net46) (>= netstandard2.0)) (&& (== net472) (< net46)) (== netcoreapp2.2) (== netstandard2.0)
      System.Runtime (>= 4.3) - restriction: || (&& (== net461) (< net46)) (&& (== net472) (< net46)) (== netcoreapp2.2) (== netstandard2.0)
    System.ValueTuple (4.5)
    System.Xml.ReaderWriter (4.3.1) - restriction: || (&& (== net461) (< net46)) (&& (== net472) (< net46)) (== netcoreapp2.2) (== netstandard2.0)
      System.Collections (>= 4.3) - restriction: || (&& (== net461) (< net45)) (&& (== net472) (< net45)) (== netcoreapp2.2) (== netstandard2.0)
      System.Diagnostics.Debug (>= 4.3) - restriction: || (&& (== net461) (< net45)) (&& (== net472) (< net45)) (== netcoreapp2.2) (== netstandard2.0)
      System.Globalization (>= 4.3) - restriction: || (&& (== net461) (< net45)) (&& (== net472) (< net45)) (== netcoreapp2.2) (== netstandard2.0)
      System.IO (>= 4.3) - restriction: || (&& (== net461) (< net45)) (&& (== net472) (< net45)) (== netcoreapp2.2) (== netstandard2.0)
      System.IO.FileSystem (>= 4.3) - restriction: || (&& (== net461) (< net45)) (&& (== net472) (< net45)) (== netcoreapp2.2) (== netstandard2.0)
      System.IO.FileSystem.Primitives (>= 4.3) - restriction: || (&& (== net461) (< net45)) (&& (== net472) (< net45)) (== netcoreapp2.2) (== netstandard2.0)
      System.Resources.ResourceManager (>= 4.3) - restriction: || (&& (== net461) (< net45)) (&& (== net472) (< net45)) (== netcoreapp2.2) (== netstandard2.0)
      System.Runtime (>= 4.3) - restriction: || (&& (== net461) (< net45)) (&& (== net472) (< net45)) (== netcoreapp2.2) (== netstandard2.0)
      System.Runtime.Extensions (>= 4.3) - restriction: || (&& (== net461) (< net45)) (&& (== net472) (< net45)) (== netcoreapp2.2) (== netstandard2.0)
      System.Runtime.InteropServices (>= 4.3) - restriction: || (&& (== net461) (< net45)) (&& (== net472) (< net45)) (== netcoreapp2.2) (== netstandard2.0)
      System.Text.Encoding (>= 4.3) - restriction: || (&& (== net461) (< net45)) (&& (== net472) (< net45)) (== netcoreapp2.2) (== netstandard2.0)
      System.Text.Encoding.Extensions (>= 4.3) - restriction: || (&& (== net461) (< net45)) (&& (== net472) (< net45)) (== netcoreapp2.2) (== netstandard2.0)
      System.Text.RegularExpressions (>= 4.3) - restriction: || (&& (== net461) (< net45)) (&& (== net472) (< net45)) (== netcoreapp2.2) (== netstandard2.0)
      System.Threading.Tasks (>= 4.3) - restriction: || (&& (== net461) (< net45)) (&& (== net472) (< net45)) (== netcoreapp2.2) (== netstandard2.0)
      System.Threading.Tasks.Extensions (>= 4.3) - restriction: || (&& (== net461) (< net45)) (&& (== net472) (< net45)) (== netcoreapp2.2) (== netstandard2.0)
    System.Xml.XmlDocument (4.3)
      System.Collections (>= 4.3) - restriction: || (&& (== net461) (< net46)) (&& (== net472) (< net46)) (== netcoreapp2.2) (== netstandard2.0)
      System.Diagnostics.Debug (>= 4.3) - restriction: || (&& (== net461) (< net46)) (&& (== net472) (< net46)) (== netcoreapp2.2) (== netstandard2.0)
      System.Globalization (>= 4.3) - restriction: || (&& (== net461) (< net46)) (&& (== net472) (< net46)) (== netcoreapp2.2) (== netstandard2.0)
      System.IO (>= 4.3) - restriction: || (&& (== net461) (< net46)) (&& (== net472) (< net46)) (== netcoreapp2.2) (== netstandard2.0)
      System.Resources.ResourceManager (>= 4.3) - restriction: || (&& (== net461) (< net46)) (&& (== net472) (< net46)) (== netcoreapp2.2) (== netstandard2.0)
      System.Runtime (>= 4.3) - restriction: || (&& (== net461) (< net46)) (&& (== net472) (< net46)) (== netcoreapp2.2) (== netstandard2.0)
      System.Runtime.Extensions (>= 4.3) - restriction: || (&& (== net461) (< net46)) (&& (== net472) (< net46)) (== netcoreapp2.2) (== netstandard2.0)
      System.Text.Encoding (>= 4.3) - restriction: || (&& (== net461) (< net46)) (&& (== net472) (< net46)) (== netcoreapp2.2) (== netstandard2.0)
      System.Threading (>= 4.3) - restriction: || (&& (== net461) (< net46)) (&& (== net472) (< net46)) (== netcoreapp2.2) (== netstandard2.0)
      System.Xml.ReaderWriter (>= 4.3) - restriction: || (&& (== net461) (< net46)) (&& (== net472) (< net46)) (== netcoreapp2.2) (== netstandard2.0)

GROUP Runtime
STORAGE: NONE
RESTRICTION: || (== net20) (== net40) (== net45) (== net461) (== net471) (== net472) (== netcoreapp2.0) (== netcoreapp2.2) (== netstandard1.0) (== netstandard1.1) (== netstandard2.0)
GITHUB
  remote: MiloszKrajewski/K4os.Compression.LZ4
    src/K4os.Compression.LZ4/Engine/LZ4_xx.cs (c960ca7ddeb483e077fc5c89efb1323bd187311a)
GROUP Test
STORAGE: NONE
RESTRICTION: || (== net20) (== net40) (== net45) (== net461) (== net471) (== net472) (== netcoreapp2.0) (== netcoreapp2.2) (== netstandard1.0) (== netstandard1.1) (== netstandard2.0)
NUGET
  remote: https://api.nuget.org/v3/index.json
    ApprovalTests (3.1)
      ApprovalUtilities (>= 3.1) - restriction: || (&& (== net20) (>= netstandard2.0)) (&& (== net40) (>= netstandard2.0)) (&& (== net45) (>= netstandard2.0)) (&& (== net461) (>= netstandard2.0)) (== net471) (== net472) (== netcoreapp2.0) (== netcoreapp2.2) (&& (== netstandard1.0) (>= netstandard2.0)) (&& (== netstandard1.1) (>= netstandard2.0)) (== netstandard2.0)
      Microsoft.Win32.Registry (>= 4.5) - restriction: || (&& (== net20) (>= netstandard2.0)) (&& (== net40) (>= netstandard2.0)) (&& (== net45) (>= netstandard2.0)) (&& (== net461) (>= netstandard2.0)) (== net471) (== net472) (== netcoreapp2.0) (== netcoreapp2.2) (&& (== netstandard1.0) (>= netstandard2.0)) (&& (== netstandard1.1) (>= netstandard2.0)) (== netstandard2.0)
      System.Drawing.Common (>= 4.5) - restriction: || (&& (== net20) (>= netstandard2.0)) (&& (== net40) (>= netstandard2.0)) (&& (== net45) (>= netstandard2.0)) (&& (== net461) (>= netstandard2.0)) (== net471) (== net472) (== netcoreapp2.0) (== netcoreapp2.2) (&& (== netstandard1.0) (>= netstandard2.0)) (&& (== netstandard1.1) (>= netstandard2.0)) (== netstandard2.0)
      TextCopy (>= 1.5.1) - restriction: || (&& (== net20) (>= netstandard2.0)) (&& (== net40) (>= netstandard2.0)) (&& (== net45) (>= netstandard2.0)) (&& (== net461) (>= netstandard2.0)) (== net471) (== net472) (== netcoreapp2.0) (== netcoreapp2.2) (&& (== netstandard1.0) (>= netstandard2.0)) (&& (== netstandard1.1) (>= netstandard2.0)) (== netstandard2.0)
    ApprovalUtilities (4.2.2) - restriction: || (&& (== net20) (>= netstandard2.0)) (&& (== net40) (>= netstandard2.0)) (&& (== net45) (>= netstandard2.0)) (&& (== net461) (>= netstandard2.0)) (== net471) (== net472) (== netcoreapp2.0) (== netcoreapp2.2) (&& (== netstandard1.0) (>= netstandard2.0)) (&& (== netstandard1.1) (>= netstandard2.0)) (== netstandard2.0)
      System.Data.SqlClient (>= 4.6.1) - restriction: || (&& (== net20) (>= net461)) (&& (== net20) (>= netstandard2.0)) (&& (== net40) (>= net461)) (&& (== net40) (>= netstandard2.0)) (&& (== net45) (>= net461)) (&& (== net45) (>= netstandard2.0)) (== net461) (== net471) (== net472) (== netcoreapp2.0) (== netcoreapp2.2) (&& (== netstandard1.0) (>= net461)) (&& (== netstandard1.0) (>= netstandard2.0)) (&& (== netstandard1.1) (>= net461)) (&& (== netstandard1.1) (>= netstandard2.0)) (== netstandard2.0)
      System.Management (>= 4.5) - restriction: || (&& (== net20) (>= net461)) (&& (== net20) (>= netstandard2.0)) (&& (== net40) (>= net461)) (&& (== net40) (>= netstandard2.0)) (&& (== net45) (>= net461)) (&& (== net45) (>= netstandard2.0)) (== net461) (== net471) (== net472) (== netcoreapp2.0) (== netcoreapp2.2) (&& (== netstandard1.0) (>= net461)) (&& (== netstandard1.0) (>= netstandard2.0)) (&& (== netstandard1.1) (>= net461)) (&& (== netstandard1.1) (>= netstandard2.0)) (== netstandard2.0)
    Castle.Core (4.4) - restriction: || (&& (== net20) (>= net45)) (&& (== net20) (>= netstandard2.0)) (&& (== net40) (>= net45)) (&& (== net40) (>= netstandard2.0)) (== net45) (== net461) (== net471) (== net472) (== netcoreapp2.0) (== netcoreapp2.2) (&& (== netstandard1.0) (>= net45)) (&& (== netstandard1.0) (>= netstandard2.0)) (&& (== netstandard1.1) (>= net45)) (&& (== netstandard1.1) (>= netstandard2.0)) (== netstandard2.0)
      NETStandard.Library (>= 1.6.1) - restriction: || (&& (== net20) (== net461)) (&& (== net20) (== net471)) (&& (== net20) (== net472)) (&& (== net20) (>= netstandard1.3)) (&& (== net20) (>= netstandard1.5)) (&& (== net40) (< net35) (>= netstandard1.3)) (&& (== net40) (< net35) (>= netstandard1.5)) (&& (== net45) (< net35) (>= netstandard1.3)) (&& (== net45) (< net35) (>= netstandard1.5)) (&& (== net461) (== netstandard1.0)) (&& (== net461) (== netstandard1.1)) (&& (== net461) (< net35)) (&& (== net471) (== netstandard1.0)) (&& (== net471) (== netstandard1.1)) (&& (== net471) (< net35)) (&& (== net472) (== netstandard1.0)) (&& (== net472) (== netstandard1.1)) (&& (== net472) (< net35)) (== netcoreapp2.0) (== netcoreapp2.2) (&& (== netstandard1.0) (>= netstandard1.3)) (&& (== netstandard1.0) (>= netstandard1.5)) (&& (== netstandard1.1) (>= netstandard1.3)) (&& (== netstandard1.1) (>= netstandard1.5)) (== netstandard2.0)
      System.Collections.Specialized (>= 4.3) - restriction: || (&& (== net20) (== net461)) (&& (== net20) (== net471)) (&& (== net20) (== net472)) (&& (== net20) (>= netstandard1.3)) (&& (== net20) (>= netstandard1.5)) (&& (== net40) (< net35) (>= netstandard1.3)) (&& (== net40) (< net35) (>= netstandard1.5)) (&& (== net45) (< net35) (>= netstandard1.3)) (&& (== net45) (< net35) (>= netstandard1.5)) (&& (== net461) (== netstandard1.0)) (&& (== net461) (== netstandard1.1)) (&& (== net461) (< net35)) (&& (== net471) (== netstandard1.0)) (&& (== net471) (== netstandard1.1)) (&& (== net471) (< net35)) (&& (== net472) (== netstandard1.0)) (&& (== net472) (== netstandard1.1)) (&& (== net472) (< net35)) (== netcoreapp2.0) (== netcoreapp2.2) (&& (== netstandard1.0) (>= netstandard1.3)) (&& (== netstandard1.0) (>= netstandard1.5)) (&& (== netstandard1.1) (>= netstandard1.3)) (&& (== netstandard1.1) (>= netstandard1.5)) (== netstandard2.0)
      System.ComponentModel (>= 4.3) - restriction: || (&& (== net20) (== net461)) (&& (== net20) (== net471)) (&& (== net20) (== net472)) (&& (== net20) (>= netstandard1.3)) (&& (== net20) (>= netstandard1.5)) (&& (== net40) (< net35) (>= netstandard1.3)) (&& (== net40) (< net35) (>= netstandard1.5)) (&& (== net45) (< net35) (>= netstandard1.3)) (&& (== net45) (< net35) (>= netstandard1.5)) (&& (== net461) (== netstandard1.0)) (&& (== net461) (== netstandard1.1)) (&& (== net461) (< net35)) (&& (== net471) (== netstandard1.0)) (&& (== net471) (== netstandard1.1)) (&& (== net471) (< net35)) (&& (== net472) (== netstandard1.0)) (&& (== net472) (== netstandard1.1)) (&& (== net472) (< net35)) (== netcoreapp2.0) (== netcoreapp2.2) (&& (== netstandard1.0) (>= netstandard1.3)) (&& (== netstandard1.0) (>= netstandard1.5)) (&& (== netstandard1.1) (>= netstandard1.3)) (&& (== netstandard1.1) (>= netstandard1.5)) (== netstandard2.0)
      System.ComponentModel.TypeConverter (>= 4.3) - restriction: || (&& (== net20) (== net461)) (&& (== net20) (== net471)) (&& (== net20) (== net472)) (&& (== net20) (>= netstandard1.3)) (&& (== net20) (>= netstandard1.5)) (&& (== net40) (< net35) (>= netstandard1.3)) (&& (== net40) (< net35) (>= netstandard1.5)) (&& (== net45) (< net35) (>= netstandard1.3)) (&& (== net45) (< net35) (>= netstandard1.5)) (&& (== net461) (== netstandard1.0)) (&& (== net461) (== netstandard1.1)) (&& (== net461) (< net35)) (&& (== net471) (== netstandard1.0)) (&& (== net471) (== netstandard1.1)) (&& (== net471) (< net35)) (&& (== net472) (== netstandard1.0)) (&& (== net472) (== netstandard1.1)) (&& (== net472) (< net35)) (== netcoreapp2.0) (== netcoreapp2.2) (&& (== netstandard1.0) (>= netstandard1.3)) (&& (== netstandard1.0) (>= netstandard1.5)) (&& (== netstandard1.1) (>= netstandard1.3)) (&& (== netstandard1.1) (>= netstandard1.5)) (== netstandard2.0)
      System.Diagnostics.TraceSource (>= 4.3) - restriction: || (&& (== net20) (== net461)) (&& (== net20) (== net471)) (&& (== net20) (== net472)) (&& (== net20) (>= netstandard1.3)) (&& (== net20) (>= netstandard1.5)) (&& (== net40) (< net35) (>= netstandard1.3)) (&& (== net40) (< net35) (>= netstandard1.5)) (&& (== net45) (< net35) (>= netstandard1.3)) (&& (== net45) (< net35) (>= netstandard1.5)) (&& (== net461) (== netstandard1.0)) (&& (== net461) (== netstandard1.1)) (&& (== net461) (< net35)) (&& (== net471) (== netstandard1.0)) (&& (== net471) (== netstandard1.1)) (&& (== net471) (< net35)) (&& (== net472) (== netstandard1.0)) (&& (== net472) (== netstandard1.1)) (&& (== net472) (< net35)) (== netcoreapp2.0) (== netcoreapp2.2) (&& (== netstandard1.0) (>= netstandard1.3)) (&& (== netstandard1.0) (>= netstandard1.5)) (&& (== netstandard1.1) (>= netstandard1.3)) (&& (== netstandard1.1) (>= netstandard1.5)) (== netstandard2.0)
      System.Dynamic.Runtime (>= 4.3) - restriction: || (&& (== net20) (== net461)) (&& (== net20) (== net471)) (&& (== net20) (== net472)) (&& (== net20) (>= netstandard1.3)) (&& (== net20) (>= netstandard1.5)) (&& (== net40) (< net35) (>= netstandard1.3)) (&& (== net40) (< net35) (>= netstandard1.5)) (&& (== net45) (< net35) (>= netstandard1.3)) (&& (== net45) (< net35) (>= netstandard1.5)) (&& (== net461) (== netstandard1.0)) (&& (== net461) (== netstandard1.1)) (&& (== net461) (< net35)) (&& (== net471) (== netstandard1.0)) (&& (== net471) (== netstandard1.1)) (&& (== net471) (< net35)) (&& (== net472) (== netstandard1.0)) (&& (== net472) (== netstandard1.1)) (&& (== net472) (< net35)) (== netcoreapp2.0) (== netcoreapp2.2) (&& (== netstandard1.0) (>= netstandard1.3)) (&& (== netstandard1.0) (>= netstandard1.5)) (&& (== netstandard1.1) (>= netstandard1.3)) (&& (== netstandard1.1) (>= netstandard1.5)) (== netstandard2.0)
      System.Reflection (>= 4.3) - restriction: || (&& (== net20) (== net461)) (&& (== net20) (== net471)) (&& (== net20) (== net472)) (&& (== net20) (>= netstandard1.3)) (&& (== net20) (>= netstandard1.5)) (&& (== net40) (< net35) (>= netstandard1.3)) (&& (== net40) (< net35) (>= netstandard1.5)) (&& (== net45) (< net35) (>= netstandard1.3)) (&& (== net45) (< net35) (>= netstandard1.5)) (&& (== net461) (== netstandard1.0)) (&& (== net461) (== netstandard1.1)) (&& (== net461) (< net35)) (&& (== net471) (== netstandard1.0)) (&& (== net471) (== netstandard1.1)) (&& (== net471) (< net35)) (&& (== net472) (== netstandard1.0)) (&& (== net472) (== netstandard1.1)) (&& (== net472) (< net35)) (== netcoreapp2.0) (== netcoreapp2.2) (&& (== netstandard1.0) (>= netstandard1.3)) (&& (== netstandard1.0) (>= netstandard1.5)) (&& (== netstandard1.1) (>= netstandard1.3)) (&& (== netstandard1.1) (>= netstandard1.5)) (== netstandard2.0)
      System.Reflection.Emit (>= 4.3) - restriction: || (&& (== net20) (== net461)) (&& (== net20) (== net471)) (&& (== net20) (== net472)) (&& (== net20) (>= netstandard1.3)) (&& (== net20) (>= netstandard1.5)) (&& (== net40) (< net35) (>= netstandard1.3)) (&& (== net40) (< net35) (>= netstandard1.5)) (&& (== net45) (< net35) (>= netstandard1.3)) (&& (== net45) (< net35) (>= netstandard1.5)) (&& (== net461) (== netstandard1.0)) (&& (== net461) (== netstandard1.1)) (&& (== net461) (< net35)) (&& (== net471) (== netstandard1.0)) (&& (== net471) (== netstandard1.1)) (&& (== net471) (< net35)) (&& (== net472) (== netstandard1.0)) (&& (== net472) (== netstandard1.1)) (&& (== net472) (< net35)) (== netcoreapp2.0) (== netcoreapp2.2) (&& (== netstandard1.0) (>= netstandard1.3)) (&& (== netstandard1.0) (>= netstandard1.5)) (&& (== netstandard1.1) (>= netstandard1.3)) (&& (== netstandard1.1) (>= netstandard1.5)) (== netstandard2.0)
      System.Reflection.TypeExtensions (>= 4.3) - restriction: || (&& (== net20) (== net461)) (&& (== net20) (== net471)) (&& (== net20) (== net472)) (&& (== net20) (>= netstandard1.3)) (&& (== net20) (>= netstandard1.5)) (&& (== net40) (< net35) (>= netstandard1.3)) (&& (== net40) (< net35) (>= netstandard1.5)) (&& (== net45) (< net35) (>= netstandard1.3)) (&& (== net45) (< net35) (>= netstandard1.5)) (&& (== net461) (== netstandard1.0)) (&& (== net461) (== netstandard1.1)) (&& (== net461) (< net35)) (&& (== net471) (== netstandard1.0)) (&& (== net471) (== netstandard1.1)) (&& (== net471) (< net35)) (&& (== net472) (== netstandard1.0)) (&& (== net472) (== netstandard1.1)) (&& (== net472) (< net35)) (== netcoreapp2.0) (== netcoreapp2.2) (&& (== netstandard1.0) (>= netstandard1.3)) (&& (== netstandard1.0) (>= netstandard1.5)) (&& (== netstandard1.1) (>= netstandard1.3)) (&& (== netstandard1.1) (>= netstandard1.5)) (== netstandard2.0)
      System.Xml.XmlDocument (>= 4.3) - restriction: || (&& (== net20) (== net461)) (&& (== net20) (== net471)) (&& (== net20) (== net472)) (&& (== net20) (>= netstandard1.3)) (&& (== net20) (>= netstandard1.5)) (&& (== net40) (< net35) (>= netstandard1.3)) (&& (== net40) (< net35) (>= netstandard1.5)) (&& (== net45) (< net35) (>= netstandard1.3)) (&& (== net45) (< net35) (>= netstandard1.5)) (&& (== net461) (== netstandard1.0)) (&& (== net461) (== netstandard1.1)) (&& (== net461) (< net35)) (&& (== net471) (== netstandard1.0)) (&& (== net471) (== netstandard1.1)) (&& (== net471) (< net35)) (&& (== net472) (== netstandard1.0)) (&& (== net472) (== netstandard1.1)) (&& (== net472) (< net35)) (== netcoreapp2.0) (== netcoreapp2.2) (&& (== netstandard1.0) (>= netstandard1.3)) (&& (== netstandard1.0) (>= netstandard1.5)) (&& (== netstandard1.1) (>= netstandard1.3)) (&& (== netstandard1.1) (>= netstandard1.5)) (== netstandard2.0)
    dotnet-xunit (2.3.1) - clitool: true
      Microsoft.NETCore.App (>= 1.0) - restriction: || (&& (== net20) (>= netcoreapp1.0)) (&& (== net40) (>= netcoreapp1.0)) (&& (== net45) (>= netcoreapp1.0)) (&& (== net461) (>= netcoreapp1.0)) (&& (== net471) (>= netcoreapp1.0)) (&& (== net472) (>= netcoreapp1.0)) (== netcoreapp2.0) (== netcoreapp2.2) (&& (== netstandard1.0) (>= netcoreapp1.0)) (&& (== netstandard1.1) (>= netcoreapp1.0)) (&& (== netstandard2.0) (>= netcoreapp1.0))
    Microsoft.CodeCoverage (16.3) - restriction: || (&& (== net20) (>= net45)) (&& (== net20) (>= netcoreapp1.0)) (&& (== net40) (>= net45)) (&& (== net40) (>= netcoreapp1.0)) (== net45) (== net461) (== net471) (== net472) (== netcoreapp2.0) (== netcoreapp2.2) (&& (== netstandard1.0) (>= net45)) (&& (== netstandard1.0) (>= netcoreapp1.0)) (&& (== netstandard1.1) (>= net45)) (&& (== netstandard1.1) (>= netcoreapp1.0)) (&& (== netstandard2.0) (>= net45)) (&& (== netstandard2.0) (>= netcoreapp1.0))
    Microsoft.NET.Test.Sdk (15.9.2)
      Microsoft.CodeCoverage (>= 15.9.2) - restriction: || (&& (== net20) (>= net45)) (&& (== net20) (>= netcoreapp1.0)) (&& (== net40) (>= net45)) (&& (== net40) (>= netcoreapp1.0)) (== net45) (== net461) (== net471) (== net472) (== netcoreapp2.0) (== netcoreapp2.2) (&& (== netstandard1.0) (>= net45)) (&& (== netstandard1.0) (>= netcoreapp1.0)) (&& (== netstandard1.1) (>= net45)) (&& (== netstandard1.1) (>= netcoreapp1.0)) (&& (== netstandard2.0) (>= net45)) (&& (== netstandard2.0) (>= netcoreapp1.0))
      Microsoft.TestPlatform.TestHost (>= 15.9.2) - restriction: || (&& (== net20) (>= netcoreapp1.0)) (&& (== net40) (>= netcoreapp1.0)) (&& (== net45) (>= netcoreapp1.0)) (&& (== net461) (>= netcoreapp1.0)) (&& (== net471) (>= netcoreapp1.0)) (&& (== net472) (>= netcoreapp1.0)) (== netcoreapp2.0) (== netcoreapp2.2) (&& (== netstandard1.0) (>= netcoreapp1.0)) (&& (== netstandard1.1) (>= netcoreapp1.0)) (&& (== netstandard2.0) (>= netcoreapp1.0))
    Microsoft.NETCore.App (2.2.7) - restriction: || (&& (== net20) (>= netcoreapp1.0)) (&& (== net40) (>= netcoreapp1.0)) (&& (== net45) (>= netcoreapp1.0)) (&& (== net461) (>= netcoreapp1.0)) (&& (== net471) (>= netcoreapp1.0)) (&& (== net472) (>= netcoreapp1.0)) (== netcoreapp2.0) (== netcoreapp2.2) (&& (== netstandard1.0) (>= netcoreapp1.0)) (&& (== netstandard1.1) (>= netcoreapp1.0)) (&& (== netstandard2.0) (>= netcoreapp1.0))
      Microsoft.NETCore.DotNetHostPolicy (>= 2.2.7) - restriction: || (&& (== net20) (>= netcoreapp2.2)) (&& (== net40) (>= netcoreapp2.2)) (&& (== net45) (>= netcoreapp2.2)) (&& (== net461) (>= netcoreapp2.2)) (&& (== net471) (>= netcoreapp2.2)) (&& (== net472) (>= netcoreapp2.2)) (&& (== netcoreapp2.0) (>= netcoreapp2.2)) (== netcoreapp2.2) (&& (== netstandard1.0) (>= netcoreapp2.2)) (&& (== netstandard1.1) (>= netcoreapp2.2)) (&& (== netstandard2.0) (>= netcoreapp2.2))
      Microsoft.NETCore.Platforms (>= 2.2.3) - restriction: || (&& (== net20) (>= netcoreapp2.2)) (&& (== net40) (>= netcoreapp2.2)) (&& (== net45) (>= netcoreapp2.2)) (&& (== net461) (>= netcoreapp2.2)) (&& (== net471) (>= netcoreapp2.2)) (&& (== net472) (>= netcoreapp2.2)) (&& (== netcoreapp2.0) (>= netcoreapp2.2)) (== netcoreapp2.2) (&& (== netstandard1.0) (>= netcoreapp2.2)) (&& (== netstandard1.1) (>= netcoreapp2.2)) (&& (== netstandard2.0) (>= netcoreapp2.2))
      Microsoft.NETCore.Targets (>= 2.0) - restriction: || (&& (== net20) (>= netcoreapp2.2)) (&& (== net40) (>= netcoreapp2.2)) (&& (== net45) (>= netcoreapp2.2)) (&& (== net461) (>= netcoreapp2.2)) (&& (== net471) (>= netcoreapp2.2)) (&& (== net472) (>= netcoreapp2.2)) (&& (== netcoreapp2.0) (>= netcoreapp2.2)) (== netcoreapp2.2) (&& (== netstandard1.0) (>= netcoreapp2.2)) (&& (== netstandard1.1) (>= netcoreapp2.2)) (&& (== netstandard2.0) (>= netcoreapp2.2))
      NETStandard.Library (>= 2.0.3) - restriction: || (&& (== net20) (>= netcoreapp2.2)) (&& (== net40) (>= netcoreapp2.2)) (&& (== net45) (>= netcoreapp2.2)) (&& (== net461) (>= netcoreapp2.2)) (&& (== net471) (>= netcoreapp2.2)) (&& (== net472) (>= netcoreapp2.2)) (&& (== netcoreapp2.0) (>= netcoreapp2.2)) (== netcoreapp2.2) (&& (== netstandard1.0) (>= netcoreapp2.2)) (&& (== netstandard1.1) (>= netcoreapp2.2)) (&& (== netstandard2.0) (>= netcoreapp2.2))
    Microsoft.NETCore.DotNetAppHost (3.0) - restriction: || (&& (== net20) (>= netcoreapp2.2)) (&& (== net40) (>= netcoreapp2.2)) (&& (== net45) (>= netcoreapp2.2)) (&& (== net461) (>= netcoreapp2.2)) (&& (== net471) (>= netcoreapp2.2)) (&& (== net472) (>= netcoreapp2.2)) (&& (== netcoreapp2.0) (>= netcoreapp2.2)) (== netcoreapp2.2) (&& (== netstandard1.0) (>= netcoreapp2.2)) (&& (== netstandard1.1) (>= netcoreapp2.2)) (&& (== netstandard2.0) (>= netcoreapp2.2))
    Microsoft.NETCore.DotNetHostPolicy (3.0) - restriction: || (&& (== net20) (>= netcoreapp2.2)) (&& (== net40) (>= netcoreapp2.2)) (&& (== net45) (>= netcoreapp2.2)) (&& (== net461) (>= netcoreapp2.2)) (&& (== net471) (>= netcoreapp2.2)) (&& (== net472) (>= netcoreapp2.2)) (&& (== netcoreapp2.0) (>= netcoreapp2.2)) (== netcoreapp2.2) (&& (== netstandard1.0) (>= netcoreapp2.2)) (&& (== netstandard1.1) (>= netcoreapp2.2)) (&& (== netstandard2.0) (>= netcoreapp2.2))
      Microsoft.NETCore.DotNetHostResolver (>= 3.0)
    Microsoft.NETCore.DotNetHostResolver (3.0) - restriction: || (&& (== net20) (>= netcoreapp2.2)) (&& (== net40) (>= netcoreapp2.2)) (&& (== net45) (>= netcoreapp2.2)) (&& (== net461) (>= netcoreapp2.2)) (&& (== net471) (>= netcoreapp2.2)) (&& (== net472) (>= netcoreapp2.2)) (&& (== netcoreapp2.0) (>= netcoreapp2.2)) (== netcoreapp2.2) (&& (== netstandard1.0) (>= netcoreapp2.2)) (&& (== netstandard1.1) (>= netcoreapp2.2)) (&& (== netstandard2.0) (>= netcoreapp2.2))
      Microsoft.NETCore.DotNetAppHost (>= 3.0)
    Microsoft.NETCore.Platforms (3.0) - restriction: || (&& (== net20) (== net45) (>= netstandard1.3)) (&& (== net20) (== net45) (>= netstandard1.5)) (&& (== net20) (== net461)) (&& (== net20) (== net471)) (&& (== net20) (== net472)) (&& (== net20) (>= net45) (>= netstandard1.3)) (&& (== net20) (>= net45) (>= netstandard1.5)) (&& (== net20) (>= netcoreapp2.0)) (&& (== net20) (>= netcoreapp2.2)) (&& (== net20) (>= netstandard2.0)) (&& (== net40) (< net35) (>= net45) (>= netstandard1.3)) (&& (== net40) (< net35) (>= net45) (>= netstandard1.5)) (&& (== net40) (< net35) (>= netstandard2.0)) (&& (== net40) (>= netcoreapp2.0)) (&& (== net40) (>= netcoreapp2.2)) (&& (== net45) (== netstandard1.0) (>= netstandard1.3)) (&& (== net45) (== netstandard1.0) (>= netstandard1.5)) (&& (== net45) (== netstandard1.1) (>= netstandard1.3)) (&& (== net45) (== netstandard1.1) (>= netstandard1.5)) (&& (== net45) (< net35) (>= netstandard1.3)) (&& (== net45) (< net35) (>= netstandard1.5)) (&& (== net45) (>= netcoreapp2.0)) (&& (== net45) (>= netcoreapp2.2)) (&& (== net461) (== netstandard1.0)) (&& (== net461) (== netstandard1.1)) (&& (== net461) (< net35)) (&& (== net461) (>= netcoreapp2.0)) (&& (== net461) (>= netcoreapp2.2)) (&& (== net471) (== netstandard1.0)) (&& (== net471) (== netstandard1.1)) (&& (== net471) (< net35)) (&& (== net471) (>= netcoreapp2.0)) (&& (== net471) (>= netcoreapp2.2)) (&& (== net472) (== netstandard1.0)) (&& (== net472) (== netstandard1.1)) (&& (== net472) (< net35)) (&& (== net472) (>= netcoreapp2.0)) (&& (== net472) (>= netcoreapp2.2)) (== netcoreapp2.0) (== netcoreapp2.2) (&& (== netstandard1.0) (>= net45) (>= netstandard1.3)) (&& (== netstandard1.0) (>= net45) (>= netstandard1.5)) (&& (== netstandard1.0) (>= netcoreapp2.0)) (&& (== netstandard1.0) (>= netcoreapp2.2)) (&& (== netstandard1.0) (>= netstandard2.0)) (&& (== netstandard1.1) (>= net45) (>= netstandard1.3)) (&& (== netstandard1.1) (>= net45) (>= netstandard1.5)) (&& (== netstandard1.1) (>= netcoreapp2.0)) (&& (== netstandard1.1) (>= netcoreapp2.2)) (&& (== netstandard1.1) (>= netstandard2.0)) (== netstandard2.0)
    Microsoft.NETCore.Targets (3.0) - restriction: || (&& (== net20) (== net45) (>= netstandard1.3)) (&& (== net20) (== net45) (>= netstandard1.5)) (&& (== net20) (== net461)) (&& (== net20) (== net471)) (&& (== net20) (== net472)) (&& (== net20) (>= net45) (>= netstandard1.3)) (&& (== net20) (>= net45) (>= netstandard1.5)) (&& (== net20) (>= netcoreapp2.2)) (&& (== net20) (>= netstandard2.0)) (&& (== net40) (< net35) (>= net45) (>= netstandard1.3)) (&& (== net40) (< net35) (>= net45) (>= netstandard1.5)) (&& (== net40) (< net35) (>= netstandard2.0)) (&& (== net40) (>= netcoreapp2.2)) (&& (== net45) (== netstandard1.0) (>= netstandard1.3)) (&& (== net45) (== netstandard1.0) (>= netstandard1.5)) (&& (== net45) (== netstandard1.1) (>= netstandard1.3)) (&& (== net45) (== netstandard1.1) (>= netstandard1.5)) (&& (== net45) (< net35) (>= netstandard1.3)) (&& (== net45) (< net35) (>= netstandard1.5)) (&& (== net45) (>= netcoreapp2.2)) (&& (== net461) (== netstandard1.0)) (&& (== net461) (== netstandard1.1)) (&& (== net461) (< net35)) (&& (== net461) (>= netcoreapp2.2)) (&& (== net471) (== netstandard1.0)) (&& (== net471) (== netstandard1.1)) (&& (== net471) (< net35)) (&& (== net471) (>= netcoreapp2.2)) (&& (== net472) (== netstandard1.0)) (&& (== net472) (== netstandard1.1)) (&& (== net472) (< net35)) (&& (== net472) (>= netcoreapp2.2)) (== netcoreapp2.0) (== netcoreapp2.2) (&& (== netstandard1.0) (>= net45) (>= netstandard1.3)) (&& (== netstandard1.0) (>= net45) (>= netstandard1.5)) (&& (== netstandard1.0) (>= netcoreapp2.2)) (&& (== netstandard1.0) (>= netstandard2.0)) (&& (== netstandard1.1) (>= net45) (>= netstandard1.3)) (&& (== netstandard1.1) (>= net45) (>= netstandard1.5)) (&& (== netstandard1.1) (>= netcoreapp2.2)) (&& (== netstandard1.1) (>= netstandard2.0)) (== netstandard2.0)
    Microsoft.TestPlatform.ObjectModel (16.3) - restriction: || (&& (== net20) (>= netcoreapp1.0) (>= uap10.0)) (&& (== net20) (>= netcoreapp2.1)) (&& (== net40) (>= netcoreapp1.0) (>= uap10.0)) (&& (== net40) (>= netcoreapp2.1)) (&& (== net45) (>= netcoreapp1.0) (>= uap10.0)) (&& (== net45) (>= netcoreapp2.1)) (&& (== net461) (>= netcoreapp1.0) (>= uap10.0)) (&& (== net461) (>= netcoreapp2.1)) (&& (== net471) (>= netcoreapp1.0) (>= uap10.0)) (&& (== net471) (>= netcoreapp2.1)) (&& (== net472) (>= netcoreapp1.0) (>= uap10.0)) (&& (== net472) (>= netcoreapp2.1)) (&& (== netcoreapp2.0) (>= netcoreapp2.1)) (&& (== netcoreapp2.0) (>= uap10.0)) (== netcoreapp2.2) (&& (== netstandard1.0) (>= netcoreapp1.0) (>= uap10.0)) (&& (== netstandard1.0) (>= netcoreapp2.1)) (&& (== netstandard1.1) (>= netcoreapp1.0) (>= uap10.0)) (&& (== netstandard1.1) (>= netcoreapp2.1)) (&& (== netstandard2.0) (>= netcoreapp1.0) (>= uap10.0)) (&& (== netstandard2.0) (>= netcoreapp2.1))
      NuGet.Frameworks (>= 5.0) - restriction: || (&& (== net20) (>= net451)) (&& (== net20) (>= netstandard2.0)) (&& (== net40) (>= net451)) (&& (== net40) (>= netstandard2.0)) (&& (== net45) (>= net451)) (&& (== net45) (>= netstandard2.0)) (== net461) (== net471) (== net472) (== netcoreapp2.0) (== netcoreapp2.2) (&& (== netstandard1.0) (>= net451)) (&& (== netstandard1.0) (>= netstandard2.0)) (&& (== netstandard1.1) (>= net451)) (&& (== netstandard1.1) (>= netstandard2.0)) (== netstandard2.0)
    Microsoft.TestPlatform.TestHost (16.3) - restriction: || (&& (== net20) (>= netcoreapp1.0)) (&& (== net40) (>= netcoreapp1.0)) (&& (== net45) (>= netcoreapp1.0)) (&& (== net461) (>= netcoreapp1.0)) (&& (== net471) (>= netcoreapp1.0)) (&& (== net472) (>= netcoreapp1.0)) (== netcoreapp2.0) (== netcoreapp2.2) (&& (== netstandard1.0) (>= netcoreapp1.0)) (&& (== netstandard1.1) (>= netcoreapp1.0)) (&& (== netstandard2.0) (>= netcoreapp1.0))
      Microsoft.TestPlatform.ObjectModel (>= 16.3) - restriction: || (&& (== net20) (>= netcoreapp2.1)) (&& (== net20) (>= uap10.0)) (&& (== net40) (>= netcoreapp2.1)) (&& (== net40) (>= uap10.0)) (&& (== net45) (>= netcoreapp2.1)) (&& (== net45) (>= uap10.0)) (&& (== net461) (>= netcoreapp2.1)) (&& (== net461) (>= uap10.0)) (&& (== net471) (>= netcoreapp2.1)) (&& (== net471) (>= uap10.0)) (&& (== net472) (>= netcoreapp2.1)) (&& (== net472) (>= uap10.0)) (&& (== netcoreapp2.0) (>= netcoreapp2.1)) (&& (== netcoreapp2.0) (>= uap10.0)) (== netcoreapp2.2) (&& (== netstandard1.0) (>= netcoreapp2.1)) (&& (== netstandard1.0) (>= uap10.0)) (&& (== netstandard1.1) (>= netcoreapp2.1)) (&& (== netstandard1.1) (>= uap10.0)) (&& (== netstandard2.0) (>= netcoreapp2.1)) (&& (== netstandard2.0) (>= uap10.0))
      Newtonsoft.Json (>= 9.0.1) - restriction: || (&& (== net20) (>= netcoreapp2.1)) (&& (== net20) (>= uap10.0)) (&& (== net40) (>= netcoreapp2.1)) (&& (== net40) (>= uap10.0)) (&& (== net45) (>= netcoreapp2.1)) (&& (== net45) (>= uap10.0)) (&& (== net461) (>= netcoreapp2.1)) (&& (== net461) (>= uap10.0)) (&& (== net471) (>= netcoreapp2.1)) (&& (== net471) (>= uap10.0)) (&& (== net472) (>= netcoreapp2.1)) (&& (== net472) (>= uap10.0)) (&& (== netcoreapp2.0) (>= netcoreapp2.1)) (&& (== netcoreapp2.0) (>= uap10.0)) (== netcoreapp2.2) (&& (== netstandard1.0) (>= netcoreapp2.1)) (&& (== netstandard1.0) (>= uap10.0)) (&& (== netstandard1.1) (>= netcoreapp2.1)) (&& (== netstandard1.1) (>= uap10.0)) (&& (== netstandard2.0) (>= netcoreapp2.1)) (&& (== netstandard2.0) (>= uap10.0))
    Microsoft.Win32.Registry (4.6) - restriction: || (&& (== net20) (>= netcoreapp2.0)) (&& (== net20) (>= netstandard2.0)) (&& (== net40) (>= netcoreapp2.0)) (&& (== net40) (>= netstandard2.0)) (&& (== net45) (>= netcoreapp2.0)) (&& (== net45) (>= netstandard2.0)) (&& (== net461) (>= netcoreapp2.0)) (&& (== net461) (>= netstandard2.0)) (== net471) (== net472) (== netcoreapp2.0) (== netcoreapp2.2) (&& (== netstandard1.0) (>= netcoreapp2.0)) (&& (== netstandard1.0) (>= netstandard2.0)) (&& (== netstandard1.1) (>= netcoreapp2.0)) (&& (== netstandard1.1) (>= netstandard2.0)) (== netstandard2.0)
      System.Buffers (>= 4.5) - restriction: || (&& (== net20) (== net471)) (&& (== net20) (== net472)) (&& (== net20) (== netcoreapp2.0)) (&& (== net20) (== netcoreapp2.2)) (&& (== net20) (>= monoandroid)) (&& (== net20) (>= monotouch)) (&& (== net20) (>= netstandard2.0)) (&& (== net20) (>= xamarinios)) (&& (== net20) (>= xamarinmac)) (&& (== net20) (>= xamarintvos)) (&& (== net20) (>= xamarinwatchos)) (&& (== net40) (== net471)) (&& (== net40) (== net472)) (&& (== net40) (== netcoreapp2.0)) (&& (== net40) (== netcoreapp2.2)) (&& (== net40) (>= monoandroid)) (&& (== net40) (>= monotouch)) (&& (== net40) (>= netstandard2.0)) (&& (== net40) (>= xamarinios)) (&& (== net40) (>= xamarinmac)) (&& (== net40) (>= xamarintvos)) (&& (== net40) (>= xamarinwatchos)) (&& (== net45) (== net471)) (&& (== net45) (== net472)) (&& (== net45) (== netcoreapp2.0)) (&& (== net45) (== netcoreapp2.2)) (&& (== net45) (>= monoandroid)) (&& (== net45) (>= monotouch)) (&& (== net45) (>= netstandard2.0)) (&& (== net45) (>= xamarinios)) (&& (== net45) (>= xamarinmac)) (&& (== net45) (>= xamarintvos)) (&& (== net45) (>= xamarinwatchos)) (&& (== net461) (== netcoreapp2.0)) (&& (== net461) (== netcoreapp2.2)) (&& (== net461) (>= monoandroid)) (&& (== net461) (>= monotouch)) (&& (== net461) (< net46) (>= netstandard2.0)) (&& (== net461) (>= xamarinios)) (&& (== net461) (>= xamarinmac)) (&& (== net461) (>= xamarintvos)) (&& (== net461) (>= xamarinwatchos)) (&& (== net471) (== netcoreapp2.0)) (&& (== net471) (== netcoreapp2.2)) (&& (== net471) (== netstandard1.0)) (&& (== net471) (== netstandard1.1)) (&& (== net471) (>= monoandroid) (< netstandard2.0)) (&& (== net471) (>= monotouch)) (&& (== net471) (< net46)) (&& (== net471) (>= xamarinios)) (&& (== net471) (>= xamarinmac)) (&& (== net471) (>= xamarintvos)) (&& (== net471) (>= xamarinwatchos)) (&& (== net472) (== netcoreapp2.0)) (&& (== net472) (== netcoreapp2.2)) (&& (== net472) (== netstandard1.0)) (&& (== net472) (== netstandard1.1)) (&& (== net472) (>= monoandroid) (< netstandard2.0)) (&& (== net472) (>= monotouch)) (&& (== net472) (< net46)) (&& (== net472) (>= xamarinios)) (&& (== net472) (>= xamarinmac)) (&& (== net472) (>= xamarintvos)) (&& (== net472) (>= xamarinwatchos)) (&& (== netcoreapp2.0) (== netstandard1.0)) (&& (== netcoreapp2.0) (== netstandard1.1)) (&& (== netcoreapp2.0) (>= monoandroid) (< netstandard2.0)) (&& (== netcoreapp2.0) (>= monotouch)) (&& (== netcoreapp2.0) (>= xamarinios)) (&& (== netcoreapp2.0) (>= xamarinmac)) (&& (== netcoreapp2.0) (>= xamarintvos)) (&& (== netcoreapp2.0) (>= xamarinwatchos)) (&& (== netcoreapp2.2) (== netstandard1.0)) (&& (== netcoreapp2.2) (== netstandard1.1)) (&& (== netcoreapp2.2) (>= monoandroid) (< netstandard2.0)) (&& (== netcoreapp2.2) (>= monotouch)) (&& (== netcoreapp2.2) (< netcoreapp2.0)) (&& (== netcoreapp2.2) (>= xamarinios)) (&& (== netcoreapp2.2) (>= xamarinmac)) (&& (== netcoreapp2.2) (>= xamarintvos)) (&& (== netcoreapp2.2) (>= xamarinwatchos)) (&& (== netstandard1.0) (>= monoandroid)) (&& (== netstandard1.0) (>= monotouch)) (&& (== netstandard1.0) (>= netstandard2.0)) (&& (== netstandard1.0) (>= xamarinios)) (&& (== netstandard1.0) (>= xamarinmac)) (&& (== netstandard1.0) (>= xamarintvos)) (&& (== netstandard1.0) (>= xamarinwatchos)) (&& (== netstandard1.1) (>= monoandroid)) (&& (== netstandard1.1) (>= monotouch)) (&& (== netstandard1.1) (>= netstandard2.0)) (&& (== netstandard1.1) (>= xamarinios)) (&& (== netstandard1.1) (>= xamarinmac)) (&& (== netstandard1.1) (>= xamarintvos)) (&& (== netstandard1.1) (>= xamarinwatchos)) (== netstandard2.0)
      System.Memory (>= 4.5.3) - restriction: || (&& (== net20) (== net471)) (&& (== net20) (== net472)) (&& (== net20) (== netcoreapp2.2)) (&& (== net20) (>= netcoreapp2.0)) (&& (== net20) (>= netstandard2.0)) (&& (== net20) (>= uap10.1)) (&& (== net40) (== net471)) (&& (== net40) (== net472)) (&& (== net40) (== netcoreapp2.2)) (&& (== net40) (>= netcoreapp2.0)) (&& (== net40) (>= netstandard2.0)) (&& (== net40) (>= uap10.1)) (&& (== net45) (== net471)) (&& (== net45) (== net472)) (&& (== net45) (== netcoreapp2.2)) (&& (== net45) (>= netcoreapp2.0)) (&& (== net45) (>= netstandard2.0)) (&& (== net45) (>= uap10.1)) (&& (== net461) (== netcoreapp2.2)) (&& (== net461) (< net46) (>= netstandard2.0)) (&& (== net461) (>= netcoreapp2.0)) (&& (== net461) (>= uap10.1)) (&& (== net471) (== netcoreapp2.2)) (&& (== net471) (== netstandard1.0)) (&& (== net471) (== netstandard1.1)) (&& (== net471) (< net46)) (&& (== net471) (>= netcoreapp2.0)) (&& (== net471) (>= uap10.1)) (&& (== net472) (== netcoreapp2.2)) (&& (== net472) (== netstandard1.0)) (&& (== net472) (== netstandard1.1)) (&& (== net472) (< net46)) (&& (== net472) (>= netcoreapp2.0)) (&& (== net472) (>= uap10.1)) (== netcoreapp2.0) (&& (== netcoreapp2.2) (== netstandard1.0)) (&& (== netcoreapp2.2) (== netstandard1.1)) (&& (== netcoreapp2.2) (< netcoreapp2.0)) (&& (== netcoreapp2.2) (< netcoreapp2.1)) (&& (== netcoreapp2.2) (>= uap10.1)) (&& (== netstandard1.0) (>= netcoreapp2.0)) (&& (== netstandard1.0) (>= netstandard2.0)) (&& (== netstandard1.0) (>= uap10.1)) (&& (== netstandard1.1) (>= netcoreapp2.0)) (&& (== netstandard1.1) (>= netstandard2.0)) (&& (== netstandard1.1) (>= uap10.1)) (== netstandard2.0)
      System.Security.AccessControl (>= 4.6) - restriction: || (&& (== net20) (>= monoandroid)) (&& (== net20) (>= monotouch)) (&& (== net20) (>= net461)) (&& (== net20) (>= netcoreapp2.0)) (&& (== net20) (>= netstandard2.0)) (&& (== net20) (>= xamarinios)) (&& (== net20) (>= xamarinmac)) (&& (== net20) (>= xamarintvos)) (&& (== net20) (>= xamarinwatchos)) (&& (== net40) (>= monoandroid)) (&& (== net40) (>= monotouch)) (&& (== net40) (>= net461)) (&& (== net40) (>= netcoreapp2.0)) (&& (== net40) (>= netstandard2.0)) (&& (== net40) (>= xamarinios)) (&& (== net40) (>= xamarinmac)) (&& (== net40) (>= xamarintvos)) (&& (== net40) (>= xamarinwatchos)) (&& (== net45) (>= monoandroid)) (&& (== net45) (>= monotouch)) (&& (== net45) (>= net461)) (&& (== net45) (>= netcoreapp2.0)) (&& (== net45) (>= netstandard2.0)) (&& (== net45) (>= xamarinios)) (&& (== net45) (>= xamarinmac)) (&& (== net45) (>= xamarintvos)) (&& (== net45) (>= xamarinwatchos)) (== net461) (== net471) (== net472) (== netcoreapp2.0) (== netcoreapp2.2) (&& (== netstandard1.0) (>= monoandroid)) (&& (== netstandard1.0) (>= monotouch)) (&& (== netstandard1.0) (>= net461)) (&& (== netstandard1.0) (>= netcoreapp2.0)) (&& (== netstandard1.0) (>= netstandard2.0)) (&& (== netstandard1.0) (>= xamarinios)) (&& (== netstandard1.0) (>= xamarinmac)) (&& (== netstandard1.0) (>= xamarintvos)) (&& (== netstandard1.0) (>= xamarinwatchos)) (&& (== netstandard1.1) (>= monoandroid)) (&& (== netstandard1.1) (>= monotouch)) (&& (== netstandard1.1) (>= net461)) (&& (== netstandard1.1) (>= netcoreapp2.0)) (&& (== netstandard1.1) (>= netstandard2.0)) (&& (== netstandard1.1) (>= xamarinios)) (&& (== netstandard1.1) (>= xamarinmac)) (&& (== netstandard1.1) (>= xamarintvos)) (&& (== netstandard1.1) (>= xamarinwatchos)) (== netstandard2.0)
      System.Security.Principal.Windows (>= 4.6) - restriction: || (&& (== net20) (>= monoandroid)) (&& (== net20) (>= monotouch)) (&& (== net20) (>= net461)) (&& (== net20) (>= netcoreapp2.0)) (&& (== net20) (>= netstandard2.0)) (&& (== net20) (>= xamarinios)) (&& (== net20) (>= xamarinmac)) (&& (== net20) (>= xamarintvos)) (&& (== net20) (>= xamarinwatchos)) (&& (== net40) (>= monoandroid)) (&& (== net40) (>= monotouch)) (&& (== net40) (>= net461)) (&& (== net40) (>= netcoreapp2.0)) (&& (== net40) (>= netstandard2.0)) (&& (== net40) (>= xamarinios)) (&& (== net40) (>= xamarinmac)) (&& (== net40) (>= xamarintvos)) (&& (== net40) (>= xamarinwatchos)) (&& (== net45) (>= monoandroid)) (&& (== net45) (>= monotouch)) (&& (== net45) (>= net461)) (&& (== net45) (>= netcoreapp2.0)) (&& (== net45) (>= netstandard2.0)) (&& (== net45) (>= xamarinios)) (&& (== net45) (>= xamarinmac)) (&& (== net45) (>= xamarintvos)) (&& (== net45) (>= xamarinwatchos)) (== net461) (== net471) (== net472) (== netcoreapp2.0) (== netcoreapp2.2) (&& (== netstandard1.0) (>= monoandroid)) (&& (== netstandard1.0) (>= monotouch)) (&& (== netstandard1.0) (>= net461)) (&& (== netstandard1.0) (>= netcoreapp2.0)) (&& (== netstandard1.0) (>= netstandard2.0)) (&& (== netstandard1.0) (>= xamarinios)) (&& (== netstandard1.0) (>= xamarinmac)) (&& (== netstandard1.0) (>= xamarintvos)) (&& (== netstandard1.0) (>= xamarinwatchos)) (&& (== netstandard1.1) (>= monoandroid)) (&& (== netstandard1.1) (>= monotouch)) (&& (== netstandard1.1) (>= net461)) (&& (== netstandard1.1) (>= netcoreapp2.0)) (&& (== netstandard1.1) (>= netstandard2.0)) (&& (== netstandard1.1) (>= xamarinios)) (&& (== netstandard1.1) (>= xamarinmac)) (&& (== netstandard1.1) (>= xamarintvos)) (&& (== netstandard1.1) (>= xamarinwatchos)) (== netstandard2.0)
    Microsoft.Win32.SystemEvents (4.6) - restriction: || (&& (== net20) (>= netcoreapp2.0)) (&& (== net40) (>= netcoreapp2.0)) (&& (== net45) (>= netcoreapp2.0)) (&& (== net461) (>= netcoreapp2.0)) (&& (== net471) (>= netcoreapp2.0)) (&& (== net472) (>= netcoreapp2.0)) (== netcoreapp2.0) (== netcoreapp2.2) (&& (== netstandard1.0) (>= netcoreapp2.0)) (&& (== netstandard1.1) (>= netcoreapp2.0)) (&& (== netstandard2.0) (>= netcoreapp2.0))
      Microsoft.NETCore.Platforms (>= 3.0) - restriction: || (&& (== net20) (>= netcoreapp2.0)) (&& (== net40) (>= netcoreapp2.0)) (&& (== net45) (>= netcoreapp2.0)) (&& (== net461) (>= netcoreapp2.0)) (&& (== net471) (>= netcoreapp2.0)) (&& (== net472) (>= netcoreapp2.0)) (== netcoreapp2.0) (== netcoreapp2.2) (&& (== netstandard1.0) (>= netcoreapp2.0)) (&& (== netstandard1.1) (>= netcoreapp2.0)) (&& (== netstandard2.0) (>= netcoreapp2.0))
    Moq (4.13.1)
      Castle.Core (>= 4.4) - restriction: || (&& (== net20) (>= net45)) (&& (== net20) (>= netstandard2.0)) (&& (== net40) (>= net45)) (&& (== net40) (>= netstandard2.0)) (== net45) (== net461) (== net471) (== net472) (== netcoreapp2.0) (== netcoreapp2.2) (&& (== netstandard1.0) (>= net45)) (&& (== netstandard1.0) (>= netstandard2.0)) (&& (== netstandard1.1) (>= net45)) (&& (== netstandard1.1) (>= netstandard2.0)) (== netstandard2.0)
      System.Threading.Tasks.Extensions (>= 4.5.1) - restriction: || (&& (== net20) (>= net45)) (&& (== net20) (>= netstandard2.0)) (&& (== net40) (>= net45)) (&& (== net40) (>= netstandard2.0)) (== net45) (== net461) (== net471) (== net472) (== netcoreapp2.0) (== netcoreapp2.2) (&& (== netstandard1.0) (>= net45)) (&& (== netstandard1.0) (>= netstandard2.0)) (&& (== netstandard1.1) (>= net45)) (&& (== netstandard1.1) (>= netstandard2.0)) (== netstandard2.0)
    NETStandard.Library (2.0.3) - restriction: || (&& (== net20) (== net461)) (&& (== net20) (== net471)) (&& (== net20) (== net472)) (&& (== net20) (>= net45) (>= netstandard1.3)) (&& (== net20) (>= net45) (>= netstandard1.5)) (&& (== net20) (>= netcoreapp2.2)) (&& (== net20) (>= netstandard1.1)) (&& (== net20) (>= netstandard2.0)) (&& (== net40) (== net461)) (&& (== net40) (== net471)) (&& (== net40) (== net472)) (&& (== net40) (< net35) (>= net45) (>= netstandard1.3)) (&& (== net40) (< net35) (>= net45) (>= netstandard1.5)) (&& (== net40) (< net35) (>= netstandard2.0)) (&& (== net40) (>= netcoreapp2.2)) (&& (== net40) (>= netstandard1.1)) (== net45) (&& (== net461) (== netstandard1.0)) (&& (== net461) (< net35)) (&& (== net461) (< net452)) (&& (== net461) (>= netcoreapp2.2)) (&& (== net471) (== netstandard1.0)) (&& (== net471) (< net35)) (&& (== net471) (< net452)) (&& (== net471) (>= netcoreapp2.2)) (&& (== net472) (== netstandard1.0)) (&& (== net472) (< net35)) (&& (== net472) (< net452)) (&& (== net472) (>= netcoreapp2.2)) (== netcoreapp2.0) (== netcoreapp2.2) (&& (== netstandard1.0) (>= net45) (>= netstandard1.3)) (&& (== netstandard1.0) (>= net45) (>= netstandard1.5)) (&& (== netstandard1.0) (>= netcoreapp2.2)) (&& (== netstandard1.0) (>= netstandard1.1)) (&& (== netstandard1.0) (>= netstandard2.0)) (== netstandard1.1) (== netstandard2.0)
      Microsoft.NETCore.Platforms (>= 1.1) - restriction: || (&& (== net20) (>= net45)) (&& (== net20) (>= net46)) (&& (== net20) (>= net461)) (&& (== net20) (>= netcoreapp2.0)) (&& (== net20) (>= netstandard1.0)) (&& (== net20) (>= netstandard1.1)) (&& (== net20) (>= netstandard1.2)) (&& (== net20) (>= netstandard1.3)) (&& (== net20) (>= netstandard1.4)) (&& (== net20) (>= netstandard1.5)) (&& (== net20) (>= netstandard1.6)) (&& (== net20) (>= netstandard2.0)) (&& (== net20) (>= portable-net45+win8)) (&& (== net20) (>= portable-net45+win8+wp8+wpa81)) (&& (== net20) (>= portable-net45+win8+wpa81)) (&& (== net20) (>= uap10.0)) (&& (== net20) (>= win8)) (&& (== net20) (>= wp8)) (&& (== net20) (>= wpa81)) (&& (== net40) (>= net45)) (&& (== net40) (>= net46)) (&& (== net40) (>= net461)) (&& (== net40) (>= netcoreapp2.0)) (&& (== net40) (>= netstandard1.0)) (&& (== net40) (>= netstandard1.1)) (&& (== net40) (>= netstandard1.2)) (&& (== net40) (>= netstandard1.3)) (&& (== net40) (>= netstandard1.4)) (&& (== net40) (>= netstandard1.5)) (&& (== net40) (>= netstandard1.6)) (&& (== net40) (>= netstandard2.0)) (&& (== net40) (>= portable-net45+win8)) (&& (== net40) (>= portable-net45+win8+wp8+wpa81)) (&& (== net40) (>= portable-net45+win8+wpa81)) (&& (== net40) (>= uap10.0)) (&& (== net40) (>= win8)) (&& (== net40) (>= wp8)) (&& (== net40) (>= wpa81)) (== net45) (== net461) (== net471) (== net472) (== netcoreapp2.0) (== netcoreapp2.2) (== netstandard1.0) (== netstandard1.1) (== netstandard2.0)
    Newtonsoft.Json (12.0.2) - restriction: || (&& (== net20) (>= netcoreapp1.0) (>= uap10.0)) (&& (== net20) (>= netcoreapp2.1)) (&& (== net40) (>= netcoreapp1.0) (>= uap10.0)) (&& (== net40) (>= netcoreapp2.1)) (&& (== net45) (>= netcoreapp1.0) (>= uap10.0)) (&& (== net45) (>= netcoreapp2.1)) (&& (== net461) (>= netcoreapp1.0) (>= uap10.0)) (&& (== net461) (>= netcoreapp2.1)) (&& (== net471) (>= netcoreapp1.0) (>= uap10.0)) (&& (== net471) (>= netcoreapp2.1)) (&& (== net472) (>= netcoreapp1.0) (>= uap10.0)) (&& (== net472) (>= netcoreapp2.1)) (&& (== netcoreapp2.0) (>= netcoreapp2.1)) (&& (== netcoreapp2.0) (>= uap10.0)) (== netcoreapp2.2) (&& (== netstandard1.0) (>= netcoreapp1.0) (>= uap10.0)) (&& (== netstandard1.0) (>= netcoreapp2.1)) (&& (== netstandard1.1) (>= netcoreapp1.0) (>= uap10.0)) (&& (== netstandard1.1) (>= netcoreapp2.1)) (&& (== netstandard2.0) (>= netcoreapp1.0) (>= uap10.0)) (&& (== netstandard2.0) (>= netcoreapp2.1))
    NuGet.Frameworks (5.3) - restriction: || (&& (== net20) (>= net451) (>= netcoreapp1.0) (>= uap10.0)) (&& (== net20) (>= netcoreapp1.0) (>= netstandard2.0) (>= uap10.0)) (&& (== net20) (>= netcoreapp2.1)) (&& (== net40) (>= net451) (>= netcoreapp1.0) (>= uap10.0)) (&& (== net40) (>= netcoreapp1.0) (>= netstandard2.0) (>= uap10.0)) (&& (== net40) (>= netcoreapp2.1)) (&& (== net45) (>= net451) (>= netcoreapp1.0) (>= uap10.0)) (&& (== net45) (>= netcoreapp1.0) (>= netstandard2.0) (>= uap10.0)) (&& (== net45) (>= netcoreapp2.1)) (&& (== net461) (>= netcoreapp1.0) (>= uap10.0)) (&& (== net461) (>= netcoreapp2.1)) (&& (== net471) (>= netcoreapp1.0) (>= uap10.0)) (&& (== net471) (>= netcoreapp2.1)) (&& (== net472) (>= netcoreapp1.0) (>= uap10.0)) (&& (== net472) (>= netcoreapp2.1)) (&& (== netcoreapp2.0) (>= netcoreapp2.1)) (&& (== netcoreapp2.0) (>= uap10.0)) (== netcoreapp2.2) (&& (== netstandard1.0) (>= net451) (>= netcoreapp1.0) (>= uap10.0)) (&& (== netstandard1.0) (>= netcoreapp1.0) (>= netstandard2.0) (>= uap10.0)) (&& (== netstandard1.0) (>= netcoreapp2.1)) (&& (== netstandard1.1) (>= net451) (>= netcoreapp1.0) (>= uap10.0)) (&& (== netstandard1.1) (>= netcoreapp1.0) (>= netstandard2.0) (>= uap10.0)) (&& (== netstandard1.1) (>= netcoreapp2.1)) (&& (== netstandard2.0) (>= netcoreapp1.0) (>= uap10.0)) (&& (== netstandard2.0) (>= netcoreapp2.1))
    runtime.native.System (4.3.1) - restriction: || (&& (== net20) (== net45) (>= netstandard1.3)) (&& (== net20) (== net45) (>= netstandard1.5)) (&& (== net20) (== net461)) (&& (== net20) (== net471)) (&& (== net20) (== net472)) (&& (== net20) (>= net45) (>= netstandard1.3)) (&& (== net20) (>= net45) (>= netstandard1.5)) (&& (== net20) (>= netstandard2.0)) (&& (== net40) (< net35) (>= net45) (>= netstandard1.3)) (&& (== net40) (< net35) (>= net45) (>= netstandard1.5)) (&& (== net40) (< net35) (>= netstandard2.0)) (&& (== net45) (== netstandard1.0) (>= netstandard1.3)) (&& (== net45) (== netstandard1.0) (>= netstandard1.5)) (&& (== net45) (== netstandard1.1) (>= netstandard1.3)) (&& (== net45) (== netstandard1.1) (>= netstandard1.5)) (&& (== net45) (< net35) (>= netstandard1.3)) (&& (== net45) (< net35) (>= netstandard1.5)) (&& (== net461) (== netstandard1.0)) (&& (== net461) (== netstandard1.1)) (&& (== net461) (< net35)) (&& (== net471) (== netstandard1.0)) (&& (== net471) (== netstandard1.1)) (&& (== net471) (< net35)) (&& (== net472) (== netstandard1.0)) (&& (== net472) (== netstandard1.1)) (&& (== net472) (< net35)) (== netcoreapp2.0) (== netcoreapp2.2) (&& (== netstandard1.0) (>= net45) (>= netstandard1.3)) (&& (== netstandard1.0) (>= net45) (>= netstandard1.5)) (&& (== netstandard1.0) (>= netstandard2.0)) (&& (== netstandard1.1) (>= net45) (>= netstandard1.3)) (&& (== netstandard1.1) (>= net45) (>= netstandard1.5)) (&& (== netstandard1.1) (>= netstandard2.0)) (== netstandard2.0)
      Microsoft.NETCore.Platforms (>= 1.1.1)
      Microsoft.NETCore.Targets (>= 1.1.3)
    runtime.native.System.Data.SqlClient.sni (4.6) - restriction: || (&& (== net20) (== net471)) (&& (== net20) (== net472)) (&& (== net20) (>= netcoreapp2.0)) (&& (== net20) (>= netstandard2.0)) (&& (== net40) (== net471)) (&& (== net40) (== net472)) (&& (== net40) (>= netcoreapp2.0)) (&& (== net40) (>= netstandard2.0)) (&& (== net45) (== net471)) (&& (== net45) (== net472)) (&& (== net45) (>= netcoreapp2.0)) (&& (== net45) (>= netstandard2.0)) (&& (== net461) (< net451) (>= netstandard2.0)) (&& (== net461) (>= netcoreapp2.0)) (&& (== net471) (== netstandard1.0)) (&& (== net471) (== netstandard1.1)) (&& (== net471) (< net451)) (&& (== net471) (>= netcoreapp2.0)) (&& (== net472) (== netstandard1.0)) (&& (== net472) (== netstandard1.1)) (&& (== net472) (< net451)) (&& (== net472) (>= netcoreapp2.0)) (== netcoreapp2.0) (== netcoreapp2.2) (&& (== netstandard1.0) (>= netcoreapp2.0)) (&& (== netstandard1.0) (>= netstandard2.0)) (&& (== netstandard1.1) (>= netcoreapp2.0)) (&& (== netstandard1.1) (>= netstandard2.0)) (== netstandard2.0)
      runtime.win-arm64.runtime.native.System.Data.SqlClient.sni (>= 4.4)
      runtime.win-x64.runtime.native.System.Data.SqlClient.sni (>= 4.4)
      runtime.win-x86.runtime.native.System.Data.SqlClient.sni (>= 4.4)
    runtime.win-arm64.runtime.native.System.Data.SqlClient.sni (4.4) - restriction: || (&& (== net20) (== net471)) (&& (== net20) (== net472)) (&& (== net20) (>= netcoreapp2.0)) (&& (== net20) (>= netstandard2.0)) (&& (== net40) (== net471)) (&& (== net40) (== net472)) (&& (== net40) (>= netcoreapp2.0)) (&& (== net40) (>= netstandard2.0)) (&& (== net45) (== net471)) (&& (== net45) (== net472)) (&& (== net45) (>= netcoreapp2.0)) (&& (== net45) (>= netstandard2.0)) (&& (== net461) (< net451) (>= netstandard2.0)) (&& (== net461) (>= netcoreapp2.0)) (&& (== net471) (== netstandard1.0)) (&& (== net471) (== netstandard1.1)) (&& (== net471) (< net451)) (&& (== net471) (>= netcoreapp2.0)) (&& (== net472) (== netstandard1.0)) (&& (== net472) (== netstandard1.1)) (&& (== net472) (< net451)) (&& (== net472) (>= netcoreapp2.0)) (== netcoreapp2.0) (== netcoreapp2.2) (&& (== netstandard1.0) (>= netcoreapp2.0)) (&& (== netstandard1.0) (>= netstandard2.0)) (&& (== netstandard1.1) (>= netcoreapp2.0)) (&& (== netstandard1.1) (>= netstandard2.0)) (== netstandard2.0)
    runtime.win-x64.runtime.native.System.Data.SqlClient.sni (4.4) - restriction: || (&& (== net20) (== net471)) (&& (== net20) (== net472)) (&& (== net20) (>= netcoreapp2.0)) (&& (== net20) (>= netstandard2.0)) (&& (== net40) (== net471)) (&& (== net40) (== net472)) (&& (== net40) (>= netcoreapp2.0)) (&& (== net40) (>= netstandard2.0)) (&& (== net45) (== net471)) (&& (== net45) (== net472)) (&& (== net45) (>= netcoreapp2.0)) (&& (== net45) (>= netstandard2.0)) (&& (== net461) (< net451) (>= netstandard2.0)) (&& (== net461) (>= netcoreapp2.0)) (&& (== net471) (== netstandard1.0)) (&& (== net471) (== netstandard1.1)) (&& (== net471) (< net451)) (&& (== net471) (>= netcoreapp2.0)) (&& (== net472) (== netstandard1.0)) (&& (== net472) (== netstandard1.1)) (&& (== net472) (< net451)) (&& (== net472) (>= netcoreapp2.0)) (== netcoreapp2.0) (== netcoreapp2.2) (&& (== netstandard1.0) (>= netcoreapp2.0)) (&& (== netstandard1.0) (>= netstandard2.0)) (&& (== netstandard1.1) (>= netcoreapp2.0)) (&& (== netstandard1.1) (>= netstandard2.0)) (== netstandard2.0)
    runtime.win-x86.runtime.native.System.Data.SqlClient.sni (4.4) - restriction: || (&& (== net20) (== net471)) (&& (== net20) (== net472)) (&& (== net20) (>= netcoreapp2.0)) (&& (== net20) (>= netstandard2.0)) (&& (== net40) (== net471)) (&& (== net40) (== net472)) (&& (== net40) (>= netcoreapp2.0)) (&& (== net40) (>= netstandard2.0)) (&& (== net45) (== net471)) (&& (== net45) (== net472)) (&& (== net45) (>= netcoreapp2.0)) (&& (== net45) (>= netstandard2.0)) (&& (== net461) (< net451) (>= netstandard2.0)) (&& (== net461) (>= netcoreapp2.0)) (&& (== net471) (== netstandard1.0)) (&& (== net471) (== netstandard1.1)) (&& (== net471) (< net451)) (&& (== net471) (>= netcoreapp2.0)) (&& (== net472) (== netstandard1.0)) (&& (== net472) (== netstandard1.1)) (&& (== net472) (< net451)) (&& (== net472) (>= netcoreapp2.0)) (== netcoreapp2.0) (== netcoreapp2.2) (&& (== netstandard1.0) (>= netcoreapp2.0)) (&& (== netstandard1.0) (>= netstandard2.0)) (&& (== netstandard1.1) (>= netcoreapp2.0)) (&& (== netstandard1.1) (>= netstandard2.0)) (== netstandard2.0)
    System.Buffers (4.5) - restriction: || (&& (== net20) (== net471)) (&& (== net20) (== net472)) (&& (== net20) (== netcoreapp2.0)) (&& (== net20) (== netcoreapp2.2)) (&& (== net20) (>= netstandard2.0)) (&& (== net20) (>= xamarinios)) (&& (== net20) (>= xamarinmac)) (&& (== net40) (== net471)) (&& (== net40) (== net472)) (&& (== net40) (== netcoreapp2.0)) (&& (== net40) (== netcoreapp2.2)) (&& (== net40) (>= netstandard2.0)) (&& (== net40) (>= xamarinios)) (&& (== net40) (>= xamarinmac)) (&& (== net45) (== net471)) (&& (== net45) (== net472)) (&& (== net45) (== netcoreapp2.0)) (&& (== net45) (== netcoreapp2.2)) (&& (== net45) (>= netstandard2.0)) (&& (== net45) (>= xamarinios)) (&& (== net45) (>= xamarinmac)) (&& (== net461) (== net471) (>= monoandroid)) (&& (== net461) (== net472) (>= monoandroid)) (&& (== net461) (== netcoreapp2.0)) (&& (== net461) (== netcoreapp2.2)) (&& (== net461) (>= monoandroid) (>= netstandard2.0)) (&& (== net461) (>= monotouch) (>= netstandard2.0)) (&& (== net461) (< net46) (>= netstandard2.0)) (&& (== net461) (>= netstandard2.0) (>= xamarintvos)) (&& (== net461) (>= netstandard2.0) (>= xamarinwatchos)) (&& (== net461) (>= xamarinios)) (&& (== net461) (>= xamarinmac)) (&& (== net471) (== netcoreapp2.0)) (&& (== net471) (== netcoreapp2.2)) (&& (== net471) (== netstandard1.0)) (&& (== net471) (== netstandard1.1)) (&& (== net471) (>= monoandroid) (< netstandard2.0)) (&& (== net471) (>= monotouch)) (&& (== net471) (< net46)) (&& (== net471) (>= xamarinios)) (&& (== net471) (>= xamarinmac)) (&& (== net471) (>= xamarintvos)) (&& (== net471) (>= xamarinwatchos)) (&& (== net472) (== netcoreapp2.0)) (&& (== net472) (== netcoreapp2.2)) (&& (== net472) (== netstandard1.0)) (&& (== net472) (== netstandard1.1)) (&& (== net472) (>= monoandroid) (< netstandard2.0)) (&& (== net472) (>= monotouch)) (&& (== net472) (< net46)) (&& (== net472) (>= xamarinios)) (&& (== net472) (>= xamarinmac)) (&& (== net472) (>= xamarintvos)) (&& (== net472) (>= xamarinwatchos)) (&& (== netcoreapp2.0) (== netstandard1.0)) (&& (== netcoreapp2.0) (== netstandard1.1)) (&& (== netcoreapp2.0) (>= monoandroid) (< netstandard2.0)) (&& (== netcoreapp2.0) (>= monotouch)) (&& (== netcoreapp2.0) (>= xamarinios)) (&& (== netcoreapp2.0) (>= xamarinmac)) (&& (== netcoreapp2.0) (>= xamarintvos)) (&& (== netcoreapp2.0) (>= xamarinwatchos)) (&& (== netcoreapp2.2) (== netstandard1.0)) (&& (== netcoreapp2.2) (== netstandard1.1)) (&& (== netcoreapp2.2) (>= monoandroid) (< netstandard2.0)) (&& (== netcoreapp2.2) (>= monotouch)) (&& (== netcoreapp2.2) (< netcoreapp2.0)) (&& (== netcoreapp2.2) (>= xamarinios)) (&& (== netcoreapp2.2) (>= xamarinmac)) (&& (== netcoreapp2.2) (>= xamarintvos)) (&& (== netcoreapp2.2) (>= xamarinwatchos)) (&& (== netstandard1.0) (>= netstandard2.0)) (&& (== netstandard1.0) (>= xamarinios)) (&& (== netstandard1.0) (>= xamarinmac)) (&& (== netstandard1.1) (>= netstandard2.0)) (&& (== netstandard1.1) (>= xamarinios)) (&& (== netstandard1.1) (>= xamarinmac)) (== netstandard2.0)
    System.CodeDom (4.6) - restriction: || (&& (== net20) (== net471)) (&& (== net20) (== net472)) (&& (== net20) (>= netcoreapp2.0)) (&& (== net20) (>= netstandard2.0)) (&& (== net40) (== net471)) (&& (== net40) (== net472)) (&& (== net40) (>= netcoreapp2.0)) (&& (== net40) (>= netstandard2.0)) (&& (== net45) (>= netcoreapp2.0)) (&& (== net461) (< net45) (>= netstandard2.0)) (&& (== net461) (>= netcoreapp2.0)) (&& (== net471) (== netstandard1.0)) (&& (== net471) (== netstandard1.1)) (&& (== net471) (< net45)) (&& (== net471) (>= netcoreapp2.0)) (&& (== net472) (== netstandard1.0)) (&& (== net472) (== netstandard1.1)) (&& (== net472) (< net45)) (&& (== net472) (>= netcoreapp2.0)) (== netcoreapp2.0) (== netcoreapp2.2) (&& (== netstandard1.0) (>= netcoreapp2.0)) (&& (== netstandard1.0) (>= netstandard2.0)) (&& (== netstandard1.1) (>= netcoreapp2.0)) (&& (== netstandard1.1) (>= netstandard2.0)) (== netstandard2.0)
    System.Collections (4.3) - restriction: || (&& (== net20) (== net45) (>= netstandard1.3)) (&& (== net20) (== net45) (>= netstandard1.5)) (&& (== net20) (== net45) (>= netstandard1.6)) (&& (== net20) (== net461)) (&& (== net20) (== net471)) (&& (== net20) (== net472)) (&& (== net20) (>= net45) (>= netstandard1.3)) (&& (== net20) (>= net45) (>= netstandard1.5)) (&& (== net20) (>= net45) (>= netstandard1.6)) (&& (== net20) (>= netstandard2.0)) (&& (== net40) (< net35) (>= net45) (>= netstandard1.3)) (&& (== net40) (< net35) (>= net45) (>= netstandard1.5)) (&& (== net40) (< net35) (>= net45) (>= netstandard1.6)) (&& (== net40) (< net35) (>= netstandard2.0)) (&& (== net45) (== netstandard1.0) (>= netstandard1.3)) (&& (== net45) (== netstandard1.0) (>= netstandard1.5)) (&& (== net45) (== netstandard1.0) (>= netstandard1.6)) (&& (== net45) (== netstandard1.1) (>= netstandard1.3)) (&& (== net45) (== netstandard1.1) (>= netstandard1.5)) (&& (== net45) (== netstandard1.1) (>= netstandard1.6)) (&& (== net45) (< net35) (>= netstandard1.3)) (&& (== net45) (< net35) (>= netstandard1.5)) (&& (== net45) (< net35) (>= netstandard1.6)) (&& (== net461) (== netstandard1.0)) (&& (== net461) (== netstandard1.1)) (&& (== net461) (< net35)) (&& (== net471) (== netstandard1.0)) (&& (== net471) (== netstandard1.1)) (&& (== net471) (< net35)) (&& (== net472) (== netstandard1.0)) (&& (== net472) (== netstandard1.1)) (&& (== net472) (< net35)) (== netcoreapp2.0) (== netcoreapp2.2) (&& (== netstandard1.0) (>= net45) (>= netstandard1.3)) (&& (== netstandard1.0) (>= net45) (>= netstandard1.5)) (&& (== netstandard1.0) (>= net45) (>= netstandard1.6)) (&& (== netstandard1.0) (>= netstandard2.0)) (&& (== netstandard1.1) (>= net45) (>= netstandard1.3)) (&& (== netstandard1.1) (>= net45) (>= netstandard1.5)) (&& (== netstandard1.1) (>= net45) (>= netstandard1.6)) (&& (== netstandard1.1) (>= netstandard2.0)) (== netstandard2.0)
      Microsoft.NETCore.Platforms (>= 1.1) - restriction: || (&& (== net20) (== net45)) (&& (== net20) (== net461)) (&& (== net20) (== net471)) (&& (== net20) (== net472)) (&& (== net20) (>= netstandard1.0)) (&& (== net20) (>= netstandard1.3)) (&& (== net40) (== net45)) (&& (== net40) (== net461)) (&& (== net40) (== net471)) (&& (== net40) (== net472)) (&& (== net40) (>= netstandard1.0)) (&& (== net40) (>= netstandard1.3)) (&& (== net461) (< net45)) (&& (== net471) (< net45)) (&& (== net472) (< net45)) (== netcoreapp2.0) (== netcoreapp2.2) (== netstandard1.0) (== netstandard1.1) (== netstandard2.0)
      Microsoft.NETCore.Targets (>= 1.1) - restriction: || (&& (== net20) (== net45)) (&& (== net20) (== net461)) (&& (== net20) (== net471)) (&& (== net20) (== net472)) (&& (== net20) (>= netstandard1.0)) (&& (== net20) (>= netstandard1.3)) (&& (== net40) (== net45)) (&& (== net40) (== net461)) (&& (== net40) (== net471)) (&& (== net40) (== net472)) (&& (== net40) (>= netstandard1.0)) (&& (== net40) (>= netstandard1.3)) (&& (== net461) (< net45)) (&& (== net471) (< net45)) (&& (== net472) (< net45)) (== netcoreapp2.0) (== netcoreapp2.2) (== netstandard1.0) (== netstandard1.1) (== netstandard2.0)
      System.Runtime (>= 4.3) - restriction: || (&& (== net20) (== net45)) (&& (== net20) (== net461)) (&& (== net20) (== net471)) (&& (== net20) (== net472)) (&& (== net20) (>= netstandard1.0)) (&& (== net20) (>= netstandard1.3)) (&& (== net40) (== net45)) (&& (== net40) (== net461)) (&& (== net40) (== net471)) (&& (== net40) (== net472)) (&& (== net40) (>= netstandard1.0)) (&& (== net40) (>= netstandard1.3)) (&& (== net461) (< net45)) (&& (== net471) (< net45)) (&& (== net472) (< net45)) (== netcoreapp2.0) (== netcoreapp2.2) (== netstandard1.0) (== netstandard1.1) (== netstandard2.0)
    System.Collections.NonGeneric (4.3) - restriction: || (&& (== net20) (== net45) (>= netstandard1.3)) (&& (== net20) (== net45) (>= netstandard1.5)) (&& (== net20) (== net461)) (&& (== net20) (== net471)) (&& (== net20) (== net472)) (&& (== net20) (>= net45) (>= netstandard1.3)) (&& (== net20) (>= net45) (>= netstandard1.5)) (&& (== net20) (>= netstandard2.0)) (&& (== net40) (< net35) (>= net45) (>= netstandard1.3)) (&& (== net40) (< net35) (>= net45) (>= netstandard1.5)) (&& (== net40) (< net35) (>= netstandard2.0)) (&& (== net45) (== netstandard1.0) (>= netstandard1.3)) (&& (== net45) (== netstandard1.0) (>= netstandard1.5)) (&& (== net45) (== netstandard1.1) (>= netstandard1.3)) (&& (== net45) (== netstandard1.1) (>= netstandard1.5)) (&& (== net45) (< net35) (>= netstandard1.3)) (&& (== net45) (< net35) (>= netstandard1.5)) (&& (== net461) (== netstandard1.0)) (&& (== net461) (== netstandard1.1)) (&& (== net461) (< net35)) (&& (== net471) (== netstandard1.0)) (&& (== net471) (== netstandard1.1)) (&& (== net471) (< net35)) (&& (== net472) (== netstandard1.0)) (&& (== net472) (== netstandard1.1)) (&& (== net472) (< net35)) (== netcoreapp2.0) (== netcoreapp2.2) (&& (== netstandard1.0) (>= net45) (>= netstandard1.3)) (&& (== netstandard1.0) (>= net45) (>= netstandard1.5)) (&& (== netstandard1.0) (>= netstandard2.0)) (&& (== netstandard1.1) (>= net45) (>= netstandard1.3)) (&& (== netstandard1.1) (>= net45) (>= netstandard1.5)) (&& (== netstandard1.1) (>= netstandard2.0)) (== netstandard2.0)
      System.Diagnostics.Debug (>= 4.3) - restriction: || (&& (== net20) (== net461)) (&& (== net20) (== net471)) (&& (== net20) (== net472)) (&& (== net20) (>= netstandard1.3)) (&& (== net40) (== net461)) (&& (== net40) (== net471)) (&& (== net40) (== net472)) (&& (== net40) (>= netstandard1.3)) (&& (== net45) (== net461)) (&& (== net45) (== net471)) (&& (== net45) (== net472)) (&& (== net45) (>= netstandard1.3)) (&& (== net461) (== netstandard1.0)) (&& (== net461) (== netstandard1.1)) (&& (== net461) (< net46)) (&& (== net471) (== netstandard1.0)) (&& (== net471) (== netstandard1.1)) (&& (== net471) (< net46)) (&& (== net472) (== netstandard1.0)) (&& (== net472) (== netstandard1.1)) (&& (== net472) (< net46)) (== netcoreapp2.0) (== netcoreapp2.2) (&& (== netstandard1.0) (>= netstandard1.3)) (&& (== netstandard1.1) (>= netstandard1.3)) (== netstandard2.0)
      System.Globalization (>= 4.3) - restriction: || (&& (== net20) (== net461)) (&& (== net20) (== net471)) (&& (== net20) (== net472)) (&& (== net20) (>= netstandard1.3)) (&& (== net40) (== net461)) (&& (== net40) (== net471)) (&& (== net40) (== net472)) (&& (== net40) (>= netstandard1.3)) (&& (== net45) (== net461)) (&& (== net45) (== net471)) (&& (== net45) (== net472)) (&& (== net45) (>= netstandard1.3)) (&& (== net461) (== netstandard1.0)) (&& (== net461) (== netstandard1.1)) (&& (== net461) (< net46)) (&& (== net471) (== netstandard1.0)) (&& (== net471) (== netstandard1.1)) (&& (== net471) (< net46)) (&& (== net472) (== netstandard1.0)) (&& (== net472) (== netstandard1.1)) (&& (== net472) (< net46)) (== netcoreapp2.0) (== netcoreapp2.2) (&& (== netstandard1.0) (>= netstandard1.3)) (&& (== netstandard1.1) (>= netstandard1.3)) (== netstandard2.0)
      System.Resources.ResourceManager (>= 4.3) - restriction: || (&& (== net20) (== net461)) (&& (== net20) (== net471)) (&& (== net20) (== net472)) (&& (== net20) (>= netstandard1.3)) (&& (== net40) (== net461)) (&& (== net40) (== net471)) (&& (== net40) (== net472)) (&& (== net40) (>= netstandard1.3)) (&& (== net45) (== net461)) (&& (== net45) (== net471)) (&& (== net45) (== net472)) (&& (== net45) (>= netstandard1.3)) (&& (== net461) (== netstandard1.0)) (&& (== net461) (== netstandard1.1)) (&& (== net461) (< net46)) (&& (== net471) (== netstandard1.0)) (&& (== net471) (== netstandard1.1)) (&& (== net471) (< net46)) (&& (== net472) (== netstandard1.0)) (&& (== net472) (== netstandard1.1)) (&& (== net472) (< net46)) (== netcoreapp2.0) (== netcoreapp2.2) (&& (== netstandard1.0) (>= netstandard1.3)) (&& (== netstandard1.1) (>= netstandard1.3)) (== netstandard2.0)
      System.Runtime (>= 4.3) - restriction: || (&& (== net20) (== net461)) (&& (== net20) (== net471)) (&& (== net20) (== net472)) (&& (== net20) (>= netstandard1.3)) (&& (== net40) (== net461)) (&& (== net40) (== net471)) (&& (== net40) (== net472)) (&& (== net40) (>= netstandard1.3)) (&& (== net45) (== net461)) (&& (== net45) (== net471)) (&& (== net45) (== net472)) (&& (== net45) (>= netstandard1.3)) (&& (== net461) (== netstandard1.0)) (&& (== net461) (== netstandard1.1)) (&& (== net461) (< net46)) (&& (== net471) (== netstandard1.0)) (&& (== net471) (== netstandard1.1)) (&& (== net471) (< net46)) (&& (== net472) (== netstandard1.0)) (&& (== net472) (== netstandard1.1)) (&& (== net472) (< net46)) (== netcoreapp2.0) (== netcoreapp2.2) (&& (== netstandard1.0) (>= netstandard1.3)) (&& (== netstandard1.1) (>= netstandard1.3)) (== netstandard2.0)
      System.Runtime.Extensions (>= 4.3) - restriction: || (&& (== net20) (== net461)) (&& (== net20) (== net471)) (&& (== net20) (== net472)) (&& (== net20) (>= netstandard1.3)) (&& (== net40) (== net461)) (&& (== net40) (== net471)) (&& (== net40) (== net472)) (&& (== net40) (>= netstandard1.3)) (&& (== net45) (== net461)) (&& (== net45) (== net471)) (&& (== net45) (== net472)) (&& (== net45) (>= netstandard1.3)) (&& (== net461) (== netstandard1.0)) (&& (== net461) (== netstandard1.1)) (&& (== net461) (< net46)) (&& (== net471) (== netstandard1.0)) (&& (== net471) (== netstandard1.1)) (&& (== net471) (< net46)) (&& (== net472) (== netstandard1.0)) (&& (== net472) (== netstandard1.1)) (&& (== net472) (< net46)) (== netcoreapp2.0) (== netcoreapp2.2) (&& (== netstandard1.0) (>= netstandard1.3)) (&& (== netstandard1.1) (>= netstandard1.3)) (== netstandard2.0)
      System.Threading (>= 4.3) - restriction: || (&& (== net20) (== net461)) (&& (== net20) (== net471)) (&& (== net20) (== net472)) (&& (== net20) (>= netstandard1.3)) (&& (== net40) (== net461)) (&& (== net40) (== net471)) (&& (== net40) (== net472)) (&& (== net40) (>= netstandard1.3)) (&& (== net45) (== net461)) (&& (== net45) (== net471)) (&& (== net45) (== net472)) (&& (== net45) (>= netstandard1.3)) (&& (== net461) (== netstandard1.0)) (&& (== net461) (== netstandard1.1)) (&& (== net461) (< net46)) (&& (== net471) (== netstandard1.0)) (&& (== net471) (== netstandard1.1)) (&& (== net471) (< net46)) (&& (== net472) (== netstandard1.0)) (&& (== net472) (== netstandard1.1)) (&& (== net472) (< net46)) (== netcoreapp2.0) (== netcoreapp2.2) (&& (== netstandard1.0) (>= netstandard1.3)) (&& (== netstandard1.1) (>= netstandard1.3)) (== netstandard2.0)
    System.Collections.Specialized (4.3) - restriction: || (&& (== net20) (== net45) (>= netstandard1.3)) (&& (== net20) (== net45) (>= netstandard1.5)) (&& (== net20) (== net461)) (&& (== net20) (== net471)) (&& (== net20) (== net472)) (&& (== net20) (>= net45) (>= netstandard1.3)) (&& (== net20) (>= net45) (>= netstandard1.5)) (&& (== net20) (>= netstandard2.0)) (&& (== net40) (< net35) (>= net45) (>= netstandard1.3)) (&& (== net40) (< net35) (>= net45) (>= netstandard1.5)) (&& (== net40) (< net35) (>= netstandard2.0)) (&& (== net45) (== netstandard1.0) (>= netstandard1.3)) (&& (== net45) (== netstandard1.0) (>= netstandard1.5)) (&& (== net45) (== netstandard1.1) (>= netstandard1.3)) (&& (== net45) (== netstandard1.1) (>= netstandard1.5)) (&& (== net45) (< net35) (>= netstandard1.3)) (&& (== net45) (< net35) (>= netstandard1.5)) (&& (== net461) (== netstandard1.0)) (&& (== net461) (== netstandard1.1)) (&& (== net461) (< net35)) (&& (== net471) (== netstandard1.0)) (&& (== net471) (== netstandard1.1)) (&& (== net471) (< net35)) (&& (== net472) (== netstandard1.0)) (&& (== net472) (== netstandard1.1)) (&& (== net472) (< net35)) (== netcoreapp2.0) (== netcoreapp2.2) (&& (== netstandard1.0) (>= net45) (>= netstandard1.3)) (&& (== netstandard1.0) (>= net45) (>= netstandard1.5)) (&& (== netstandard1.0) (>= netstandard2.0)) (&& (== netstandard1.1) (>= net45) (>= netstandard1.3)) (&& (== netstandard1.1) (>= net45) (>= netstandard1.5)) (&& (== netstandard1.1) (>= netstandard2.0)) (== netstandard2.0)
      System.Collections.NonGeneric (>= 4.3) - restriction: || (&& (== net20) (== net461)) (&& (== net20) (== net471)) (&& (== net20) (== net472)) (&& (== net20) (>= netstandard1.3)) (&& (== net40) (== net461)) (&& (== net40) (== net471)) (&& (== net40) (== net472)) (&& (== net40) (>= netstandard1.3)) (&& (== net45) (== net461)) (&& (== net45) (== net471)) (&& (== net45) (== net472)) (&& (== net45) (>= netstandard1.3)) (&& (== net461) (== netstandard1.0)) (&& (== net461) (== netstandard1.1)) (&& (== net461) (< net46)) (&& (== net471) (== netstandard1.0)) (&& (== net471) (== netstandard1.1)) (&& (== net471) (< net46)) (&& (== net472) (== netstandard1.0)) (&& (== net472) (== netstandard1.1)) (&& (== net472) (< net46)) (== netcoreapp2.0) (== netcoreapp2.2) (&& (== netstandard1.0) (>= netstandard1.3)) (&& (== netstandard1.1) (>= netstandard1.3)) (== netstandard2.0)
      System.Globalization (>= 4.3) - restriction: || (&& (== net20) (== net461)) (&& (== net20) (== net471)) (&& (== net20) (== net472)) (&& (== net20) (>= netstandard1.3)) (&& (== net40) (== net461)) (&& (== net40) (== net471)) (&& (== net40) (== net472)) (&& (== net40) (>= netstandard1.3)) (&& (== net45) (== net461)) (&& (== net45) (== net471)) (&& (== net45) (== net472)) (&& (== net45) (>= netstandard1.3)) (&& (== net461) (== netstandard1.0)) (&& (== net461) (== netstandard1.1)) (&& (== net461) (< net46)) (&& (== net471) (== netstandard1.0)) (&& (== net471) (== netstandard1.1)) (&& (== net471) (< net46)) (&& (== net472) (== netstandard1.0)) (&& (== net472) (== netstandard1.1)) (&& (== net472) (< net46)) (== netcoreapp2.0) (== netcoreapp2.2) (&& (== netstandard1.0) (>= netstandard1.3)) (&& (== netstandard1.1) (>= netstandard1.3)) (== netstandard2.0)
      System.Globalization.Extensions (>= 4.3) - restriction: || (&& (== net20) (== net461)) (&& (== net20) (== net471)) (&& (== net20) (== net472)) (&& (== net20) (>= netstandard1.3)) (&& (== net40) (== net461)) (&& (== net40) (== net471)) (&& (== net40) (== net472)) (&& (== net40) (>= netstandard1.3)) (&& (== net45) (== net461)) (&& (== net45) (== net471)) (&& (== net45) (== net472)) (&& (== net45) (>= netstandard1.3)) (&& (== net461) (== netstandard1.0)) (&& (== net461) (== netstandard1.1)) (&& (== net461) (< net46)) (&& (== net471) (== netstandard1.0)) (&& (== net471) (== netstandard1.1)) (&& (== net471) (< net46)) (&& (== net472) (== netstandard1.0)) (&& (== net472) (== netstandard1.1)) (&& (== net472) (< net46)) (== netcoreapp2.0) (== netcoreapp2.2) (&& (== netstandard1.0) (>= netstandard1.3)) (&& (== netstandard1.1) (>= netstandard1.3)) (== netstandard2.0)
      System.Resources.ResourceManager (>= 4.3) - restriction: || (&& (== net20) (== net461)) (&& (== net20) (== net471)) (&& (== net20) (== net472)) (&& (== net20) (>= netstandard1.3)) (&& (== net40) (== net461)) (&& (== net40) (== net471)) (&& (== net40) (== net472)) (&& (== net40) (>= netstandard1.3)) (&& (== net45) (== net461)) (&& (== net45) (== net471)) (&& (== net45) (== net472)) (&& (== net45) (>= netstandard1.3)) (&& (== net461) (== netstandard1.0)) (&& (== net461) (== netstandard1.1)) (&& (== net461) (< net46)) (&& (== net471) (== netstandard1.0)) (&& (== net471) (== netstandard1.1)) (&& (== net471) (< net46)) (&& (== net472) (== netstandard1.0)) (&& (== net472) (== netstandard1.1)) (&& (== net472) (< net46)) (== netcoreapp2.0) (== netcoreapp2.2) (&& (== netstandard1.0) (>= netstandard1.3)) (&& (== netstandard1.1) (>= netstandard1.3)) (== netstandard2.0)
      System.Runtime (>= 4.3) - restriction: || (&& (== net20) (== net461)) (&& (== net20) (== net471)) (&& (== net20) (== net472)) (&& (== net20) (>= netstandard1.3)) (&& (== net40) (== net461)) (&& (== net40) (== net471)) (&& (== net40) (== net472)) (&& (== net40) (>= netstandard1.3)) (&& (== net45) (== net461)) (&& (== net45) (== net471)) (&& (== net45) (== net472)) (&& (== net45) (>= netstandard1.3)) (&& (== net461) (== netstandard1.0)) (&& (== net461) (== netstandard1.1)) (&& (== net461) (< net46)) (&& (== net471) (== netstandard1.0)) (&& (== net471) (== netstandard1.1)) (&& (== net471) (< net46)) (&& (== net472) (== netstandard1.0)) (&& (== net472) (== netstandard1.1)) (&& (== net472) (< net46)) (== netcoreapp2.0) (== netcoreapp2.2) (&& (== netstandard1.0) (>= netstandard1.3)) (&& (== netstandard1.1) (>= netstandard1.3)) (== netstandard2.0)
      System.Runtime.Extensions (>= 4.3) - restriction: || (&& (== net20) (== net461)) (&& (== net20) (== net471)) (&& (== net20) (== net472)) (&& (== net20) (>= netstandard1.3)) (&& (== net40) (== net461)) (&& (== net40) (== net471)) (&& (== net40) (== net472)) (&& (== net40) (>= netstandard1.3)) (&& (== net45) (== net461)) (&& (== net45) (== net471)) (&& (== net45) (== net472)) (&& (== net45) (>= netstandard1.3)) (&& (== net461) (== netstandard1.0)) (&& (== net461) (== netstandard1.1)) (&& (== net461) (< net46)) (&& (== net471) (== netstandard1.0)) (&& (== net471) (== netstandard1.1)) (&& (== net471) (< net46)) (&& (== net472) (== netstandard1.0)) (&& (== net472) (== netstandard1.1)) (&& (== net472) (< net46)) (== netcoreapp2.0) (== netcoreapp2.2) (&& (== netstandard1.0) (>= netstandard1.3)) (&& (== netstandard1.1) (>= netstandard1.3)) (== netstandard2.0)
      System.Threading (>= 4.3) - restriction: || (&& (== net20) (== net461)) (&& (== net20) (== net471)) (&& (== net20) (== net472)) (&& (== net20) (>= netstandard1.3)) (&& (== net40) (== net461)) (&& (== net40) (== net471)) (&& (== net40) (== net472)) (&& (== net40) (>= netstandard1.3)) (&& (== net45) (== net461)) (&& (== net45) (== net471)) (&& (== net45) (== net472)) (&& (== net45) (>= netstandard1.3)) (&& (== net461) (== netstandard1.0)) (&& (== net461) (== netstandard1.1)) (&& (== net461) (< net46)) (&& (== net471) (== netstandard1.0)) (&& (== net471) (== netstandard1.1)) (&& (== net471) (< net46)) (&& (== net472) (== netstandard1.0)) (&& (== net472) (== netstandard1.1)) (&& (== net472) (< net46)) (== netcoreapp2.0) (== netcoreapp2.2) (&& (== netstandard1.0) (>= netstandard1.3)) (&& (== netstandard1.1) (>= netstandard1.3)) (== netstandard2.0)
    System.ComponentModel (4.3) - restriction: || (&& (== net20) (== net45) (>= netstandard1.3)) (&& (== net20) (== net45) (>= netstandard1.5)) (&& (== net20) (== net461)) (&& (== net20) (== net471)) (&& (== net20) (== net472)) (&& (== net20) (>= net45) (>= netstandard1.3)) (&& (== net20) (>= net45) (>= netstandard1.5)) (&& (== net20) (>= netstandard2.0)) (&& (== net40) (< net35) (>= net45) (>= netstandard1.3)) (&& (== net40) (< net35) (>= net45) (>= netstandard1.5)) (&& (== net40) (< net35) (>= netstandard2.0)) (&& (== net45) (== netstandard1.0) (>= netstandard1.3)) (&& (== net45) (== netstandard1.0) (>= netstandard1.5)) (&& (== net45) (== netstandard1.1) (>= netstandard1.3)) (&& (== net45) (== netstandard1.1) (>= netstandard1.5)) (&& (== net45) (< net35) (>= netstandard1.3)) (&& (== net45) (< net35) (>= netstandard1.5)) (&& (== net461) (== netstandard1.0)) (&& (== net461) (== netstandard1.1)) (&& (== net461) (< net35)) (&& (== net471) (== netstandard1.0)) (&& (== net471) (== netstandard1.1)) (&& (== net471) (< net35)) (&& (== net472) (== netstandard1.0)) (&& (== net472) (== netstandard1.1)) (&& (== net472) (< net35)) (== netcoreapp2.0) (== netcoreapp2.2) (&& (== netstandard1.0) (>= net45) (>= netstandard1.3)) (&& (== netstandard1.0) (>= net45) (>= netstandard1.5)) (&& (== netstandard1.0) (>= netstandard2.0)) (&& (== netstandard1.1) (>= net45) (>= netstandard1.3)) (&& (== netstandard1.1) (>= net45) (>= netstandard1.5)) (&& (== netstandard1.1) (>= netstandard2.0)) (== netstandard2.0)
      System.Runtime (>= 4.3) - restriction: || (&& (== net20) (== net45)) (&& (== net20) (== net461)) (&& (== net20) (== net471)) (&& (== net20) (== net472)) (&& (== net20) (>= netstandard1.0)) (&& (== net20) (>= netstandard1.3)) (&& (== net40) (== net45)) (&& (== net40) (== net461)) (&& (== net40) (== net471)) (&& (== net40) (== net472)) (&& (== net40) (>= netstandard1.0)) (&& (== net40) (>= netstandard1.3)) (&& (== net461) (< net45)) (&& (== net471) (< net45)) (&& (== net472) (< net45)) (== netcoreapp2.0) (== netcoreapp2.2) (== netstandard1.0) (== netstandard1.1) (== netstandard2.0)
    System.ComponentModel.Primitives (4.3) - restriction: || (&& (== net20) (== net45) (>= netstandard1.3)) (&& (== net20) (== net45) (>= netstandard1.5)) (&& (== net20) (== net461)) (&& (== net20) (== net471)) (&& (== net20) (== net472)) (&& (== net20) (>= net45) (>= netstandard1.3)) (&& (== net20) (>= net45) (>= netstandard1.5)) (&& (== net20) (>= net462)) (&& (== net20) (>= netstandard2.0)) (&& (== net40) (== net45) (>= netstandard1.3) (>= win8)) (&& (== net40) (== net45) (>= netstandard1.5) (>= win8)) (&& (== net40) (== net461) (>= win8)) (&& (== net40) (== net471) (>= win8)) (&& (== net40) (== net472) (>= win8)) (&& (== net40) (< net35) (>= net45) (>= netstandard1.3)) (&& (== net40) (< net35) (>= net45) (>= netstandard1.5)) (&& (== net40) (< net35) (>= net462)) (&& (== net40) (< net35) (>= netstandard2.0)) (&& (== net40) (>= net45) (>= netstandard1.3) (>= win8)) (&& (== net40) (>= net45) (>= netstandard1.3) (>= wp8)) (&& (== net40) (>= net45) (>= netstandard1.3) (>= wpa81)) (&& (== net40) (>= net45) (>= netstandard1.5) (>= win8)) (&& (== net40) (>= net45) (>= netstandard1.5) (>= wp8)) (&& (== net40) (>= net45) (>= netstandard1.5) (>= wpa81)) (&& (== net40) (>= netstandard2.0) (>= win8)) (&& (== net40) (>= netstandard2.0) (>= wp8)) (&& (== net40) (>= netstandard2.0) (>= wpa81)) (&& (== net45) (== netstandard1.0) (>= netstandard1.3)) (&& (== net45) (== netstandard1.0) (>= netstandard1.5)) (&& (== net45) (== netstandard1.1) (>= netstandard1.3)) (&& (== net45) (== netstandard1.1) (>= netstandard1.5)) (&& (== net45) (< net35) (>= net462)) (&& (== net45) (< net35) (>= netstandard1.3)) (&& (== net45) (< net35) (>= netstandard1.5)) (&& (== net45) (< netstandard1.0) (>= netstandard1.3) (>= win8)) (&& (== net45) (< netstandard1.0) (>= netstandard1.5) (>= win8)) (&& (== net45) (>= netstandard1.3) (>= wp8)) (&& (== net45) (>= netstandard1.3) (>= wpa81)) (&& (== net45) (>= netstandard1.5) (>= wp8)) (&& (== net45) (>= netstandard1.5) (>= wpa81)) (&& (== net461) (== netstandard1.0)) (&& (== net461) (== netstandard1.1)) (&& (== net461) (< net35)) (&& (== net461) (< netstandard1.0) (>= win8)) (&& (== net461) (>= wp8)) (&& (== net461) (>= wpa81)) (&& (== net471) (== netstandard1.0)) (&& (== net471) (== netstandard1.1)) (&& (== net471) (< net35)) (&& (== net471) (< netstandard1.0) (>= win8)) (&& (== net471) (>= wp8)) (&& (== net471) (>= wpa81)) (&& (== net472) (== netstandard1.0)) (&& (== net472) (== netstandard1.1)) (&& (== net472) (< net35)) (&& (== net472) (< netstandard1.0) (>= win8)) (&& (== net472) (>= wp8)) (&& (== net472) (>= wpa81)) (== netcoreapp2.0) (== netcoreapp2.2) (&& (== netstandard1.0) (>= net45) (>= netstandard1.3)) (&& (== netstandard1.0) (>= net45) (>= netstandard1.5)) (&& (== netstandard1.0) (>= net462)) (&& (== netstandard1.0) (>= netstandard2.0)) (&& (== netstandard1.1) (>= net45) (>= netstandard1.3)) (&& (== netstandard1.1) (>= net45) (>= netstandard1.5)) (&& (== netstandard1.1) (>= net462)) (&& (== netstandard1.1) (>= netstandard2.0)) (== netstandard2.0)
      System.ComponentModel (>= 4.3) - restriction: || (&& (== net20) (== net45)) (&& (== net20) (== net461)) (&& (== net20) (== net471)) (&& (== net20) (== net472)) (&& (== net20) (>= netstandard1.0)) (&& (== net40) (== net45)) (&& (== net40) (== net461)) (&& (== net40) (== net471)) (&& (== net40) (== net472)) (&& (== net40) (>= netstandard1.0)) (&& (== net461) (< net45)) (&& (== net471) (< net45)) (&& (== net472) (< net45)) (== netcoreapp2.0) (== netcoreapp2.2) (== netstandard1.0) (== netstandard1.1) (== netstandard2.0)
      System.Resources.ResourceManager (>= 4.3) - restriction: || (&& (== net20) (== net45)) (&& (== net20) (== net461)) (&& (== net20) (== net471)) (&& (== net20) (== net472)) (&& (== net20) (>= netstandard1.0)) (&& (== net40) (== net45)) (&& (== net40) (== net461)) (&& (== net40) (== net471)) (&& (== net40) (== net472)) (&& (== net40) (>= netstandard1.0)) (&& (== net461) (< net45)) (&& (== net471) (< net45)) (&& (== net472) (< net45)) (== netcoreapp2.0) (== netcoreapp2.2) (== netstandard1.0) (== netstandard1.1) (== netstandard2.0)
      System.Runtime (>= 4.3) - restriction: || (&& (== net20) (== net45)) (&& (== net20) (== net461)) (&& (== net20) (== net471)) (&& (== net20) (== net472)) (&& (== net20) (>= netstandard1.0)) (&& (== net40) (== net45)) (&& (== net40) (== net461)) (&& (== net40) (== net471)) (&& (== net40) (== net472)) (&& (== net40) (>= netstandard1.0)) (&& (== net461) (< net45)) (&& (== net471) (< net45)) (&& (== net472) (< net45)) (== netcoreapp2.0) (== netcoreapp2.2) (== netstandard1.0) (== netstandard1.1) (== netstandard2.0)
    System.ComponentModel.TypeConverter (4.3) - restriction: || (&& (== net20) (== net45) (>= netstandard1.3)) (&& (== net20) (== net45) (>= netstandard1.5)) (&& (== net20) (== net461)) (&& (== net20) (== net471)) (&& (== net20) (== net472)) (&& (== net20) (>= net45) (>= netstandard1.3)) (&& (== net20) (>= net45) (>= netstandard1.5)) (&& (== net20) (>= netstandard2.0)) (&& (== net40) (< net35) (>= net45) (>= netstandard1.3)) (&& (== net40) (< net35) (>= net45) (>= netstandard1.5)) (&& (== net40) (< net35) (>= netstandard2.0)) (&& (== net45) (== netstandard1.0) (>= netstandard1.3)) (&& (== net45) (== netstandard1.0) (>= netstandard1.5)) (&& (== net45) (== netstandard1.1) (>= netstandard1.3)) (&& (== net45) (== netstandard1.1) (>= netstandard1.5)) (&& (== net45) (< net35) (>= netstandard1.3)) (&& (== net45) (< net35) (>= netstandard1.5)) (&& (== net461) (== netstandard1.0)) (&& (== net461) (== netstandard1.1)) (&& (== net461) (< net35)) (&& (== net471) (== netstandard1.0)) (&& (== net471) (== netstandard1.1)) (&& (== net471) (< net35)) (&& (== net472) (== netstandard1.0)) (&& (== net472) (== netstandard1.1)) (&& (== net472) (< net35)) (== netcoreapp2.0) (== netcoreapp2.2) (&& (== netstandard1.0) (>= net45) (>= netstandard1.3)) (&& (== netstandard1.0) (>= net45) (>= netstandard1.5)) (&& (== netstandard1.0) (>= netstandard2.0)) (&& (== netstandard1.1) (>= net45) (>= netstandard1.3)) (&& (== netstandard1.1) (>= net45) (>= netstandard1.5)) (&& (== netstandard1.1) (>= netstandard2.0)) (== netstandard2.0)
      System.Collections (>= 4.3) - restriction: || (&& (== net20) (== net45)) (&& (== net20) (== net461)) (&& (== net20) (== net471)) (&& (== net20) (== net472)) (&& (== net20) (>= netstandard1.0)) (&& (== net20) (>= netstandard1.5)) (&& (== net40) (== net45)) (&& (== net40) (== net461)) (&& (== net40) (== net471)) (&& (== net40) (== net472)) (&& (== net40) (>= netstandard1.0)) (&& (== net40) (>= netstandard1.5)) (&& (== net461) (< net45)) (&& (== net471) (< net45)) (&& (== net472) (< net45)) (== netcoreapp2.0) (== netcoreapp2.2) (== netstandard1.0) (== netstandard1.1) (== netstandard2.0)
      System.Collections.NonGeneric (>= 4.3) - restriction: || (&& (== net20) (>= net462)) (&& (== net20) (>= netstandard1.5)) (&& (== net40) (>= net462)) (&& (== net40) (>= netstandard1.5)) (&& (== net45) (>= net462)) (&& (== net461) (< net45) (>= netstandard1.5)) (&& (== net461) (>= net462)) (== net471) (== net472) (== netcoreapp2.0) (== netcoreapp2.2) (&& (== netstandard1.0) (>= net462)) (&& (== netstandard1.0) (>= netstandard1.5)) (&& (== netstandard1.1) (>= net462)) (&& (== netstandard1.1) (>= netstandard1.5)) (== netstandard2.0)
      System.Collections.Specialized (>= 4.3) - restriction: || (&& (== net20) (== net471)) (&& (== net20) (== net472)) (&& (== net20) (>= netstandard1.5)) (&& (== net40) (== net471)) (&& (== net40) (== net472)) (&& (== net40) (>= netstandard1.5)) (&& (== net461) (< net45) (>= netstandard1.5)) (&& (== net471) (== netstandard1.0)) (&& (== net471) (== netstandard1.1)) (&& (== net471) (< net45)) (&& (== net472) (== netstandard1.0)) (&& (== net472) (== netstandard1.1)) (&& (== net472) (< net45)) (== netcoreapp2.0) (== netcoreapp2.2) (&& (== netstandard1.0) (>= netstandard1.5)) (&& (== netstandard1.1) (>= netstandard1.5)) (== netstandard2.0)
      System.ComponentModel (>= 4.3) - restriction: || (&& (== net20) (== net45)) (&& (== net20) (== net461)) (&& (== net20) (== net471)) (&& (== net20) (== net472)) (&& (== net20) (>= netstandard1.0)) (&& (== net20) (>= netstandard1.5)) (&& (== net40) (== net45)) (&& (== net40) (== net461)) (&& (== net40) (== net471)) (&& (== net40) (== net472)) (&& (== net40) (>= netstandard1.0)) (&& (== net40) (>= netstandard1.5)) (&& (== net461) (< net45)) (&& (== net471) (< net45)) (&& (== net472) (< net45)) (== netcoreapp2.0) (== netcoreapp2.2) (== netstandard1.0) (== netstandard1.1) (== netstandard2.0)
      System.ComponentModel.Primitives (>= 4.3) - restriction: || (&& (== net20) (>= net45)) (&& (== net20) (>= net462)) (&& (== net20) (>= netstandard1.0)) (&& (== net20) (>= netstandard1.5)) (&& (== net20) (>= win8)) (&& (== net20) (>= wp8)) (&& (== net20) (>= wpa81)) (&& (== net40) (>= net45)) (&& (== net40) (>= net462)) (&& (== net40) (>= netstandard1.0)) (&& (== net40) (>= netstandard1.5)) (&& (== net40) (>= win8)) (&& (== net40) (>= wp8)) (&& (== net40) (>= wpa81)) (== net45) (== net461) (== net471) (== net472) (== netcoreapp2.0) (== netcoreapp2.2) (== netstandard1.0) (== netstandard1.1) (== netstandard2.0)
      System.Globalization (>= 4.3) - restriction: || (&& (== net20) (== net45)) (&& (== net20) (== net461)) (&& (== net20) (== net471)) (&& (== net20) (== net472)) (&& (== net20) (>= netstandard1.0)) (&& (== net20) (>= netstandard1.5)) (&& (== net40) (== net45)) (&& (== net40) (== net461)) (&& (== net40) (== net471)) (&& (== net40) (== net472)) (&& (== net40) (>= netstandard1.0)) (&& (== net40) (>= netstandard1.5)) (&& (== net461) (< net45)) (&& (== net471) (< net45)) (&& (== net472) (< net45)) (== netcoreapp2.0) (== netcoreapp2.2) (== netstandard1.0) (== netstandard1.1) (== netstandard2.0)
      System.Linq (>= 4.3) - restriction: || (&& (== net20) (== net471)) (&& (== net20) (== net472)) (&& (== net20) (>= netstandard1.5)) (&& (== net40) (== net471)) (&& (== net40) (== net472)) (&& (== net40) (>= netstandard1.5)) (&& (== net461) (< net45) (>= netstandard1.5)) (&& (== net471) (== netstandard1.0)) (&& (== net471) (== netstandard1.1)) (&& (== net471) (< net45)) (&& (== net472) (== netstandard1.0)) (&& (== net472) (== netstandard1.1)) (&& (== net472) (< net45)) (== netcoreapp2.0) (== netcoreapp2.2) (&& (== netstandard1.0) (>= netstandard1.5)) (&& (== netstandard1.1) (>= netstandard1.5)) (== netstandard2.0)
      System.Reflection (>= 4.3) - restriction: || (&& (== net20) (== net45)) (&& (== net20) (== net461)) (&& (== net20) (== net471)) (&& (== net20) (== net472)) (&& (== net20) (>= netstandard1.0)) (&& (== net20) (>= netstandard1.5)) (&& (== net40) (== net45)) (&& (== net40) (== net461)) (&& (== net40) (== net471)) (&& (== net40) (== net472)) (&& (== net40) (>= netstandard1.0)) (&& (== net40) (>= netstandard1.5)) (&& (== net461) (< net45)) (&& (== net471) (< net45)) (&& (== net472) (< net45)) (== netcoreapp2.0) (== netcoreapp2.2) (== netstandard1.0) (== netstandard1.1) (== netstandard2.0)
      System.Reflection.Extensions (>= 4.3) - restriction: || (&& (== net20) (== net45)) (&& (== net20) (== net461)) (&& (== net20) (== net471)) (&& (== net20) (== net472)) (&& (== net20) (>= netstandard1.0)) (&& (== net20) (>= netstandard1.5)) (&& (== net40) (== net45)) (&& (== net40) (== net461)) (&& (== net40) (== net471)) (&& (== net40) (== net472)) (&& (== net40) (>= netstandard1.0)) (&& (== net40) (>= netstandard1.5)) (&& (== net461) (< net45)) (&& (== net471) (< net45)) (&& (== net472) (< net45)) (== netcoreapp2.0) (== netcoreapp2.2) (== netstandard1.0) (== netstandard1.1) (== netstandard2.0)
      System.Reflection.Primitives (>= 4.3) - restriction: || (&& (== net20) (== net45)) (&& (== net20) (== net461)) (&& (== net20) (== net471)) (&& (== net20) (== net472)) (&& (== net20) (>= netstandard1.0)) (&& (== net20) (>= netstandard1.5)) (&& (== net40) (== net45)) (&& (== net40) (== net461)) (&& (== net40) (== net471)) (&& (== net40) (== net472)) (&& (== net40) (>= netstandard1.0)) (&& (== net40) (>= netstandard1.5)) (&& (== net461) (< net45)) (&& (== net471) (< net45)) (&& (== net472) (< net45)) (== netcoreapp2.0) (== netcoreapp2.2) (== netstandard1.0) (== netstandard1.1) (== netstandard2.0)
      System.Reflection.TypeExtensions (>= 4.3) - restriction: || (&& (== net20) (== net471)) (&& (== net20) (== net472)) (&& (== net20) (>= netstandard1.5)) (&& (== net40) (== net471)) (&& (== net40) (== net472)) (&& (== net40) (>= netstandard1.5)) (&& (== net461) (< net45) (>= netstandard1.5)) (&& (== net471) (== netstandard1.0)) (&& (== net471) (== netstandard1.1)) (&& (== net471) (< net45)) (&& (== net472) (== netstandard1.0)) (&& (== net472) (== netstandard1.1)) (&& (== net472) (< net45)) (== netcoreapp2.0) (== netcoreapp2.2) (&& (== netstandard1.0) (>= netstandard1.5)) (&& (== netstandard1.1) (>= netstandard1.5)) (== netstandard2.0)
      System.Resources.ResourceManager (>= 4.3) - restriction: || (&& (== net20) (== net45)) (&& (== net20) (== net461)) (&& (== net20) (== net471)) (&& (== net20) (== net472)) (&& (== net20) (>= netstandard1.0)) (&& (== net20) (>= netstandard1.5)) (&& (== net40) (== net45)) (&& (== net40) (== net461)) (&& (== net40) (== net471)) (&& (== net40) (== net472)) (&& (== net40) (>= netstandard1.0)) (&& (== net40) (>= netstandard1.5)) (&& (== net461) (< net45)) (&& (== net471) (< net45)) (&& (== net472) (< net45)) (== netcoreapp2.0) (== netcoreapp2.2) (== netstandard1.0) (== netstandard1.1) (== netstandard2.0)
      System.Runtime (>= 4.3) - restriction: || (&& (== net20) (== net45)) (&& (== net20) (== net461)) (&& (== net20) (== net471)) (&& (== net20) (== net472)) (&& (== net20) (>= netstandard1.0)) (&& (== net20) (>= netstandard1.5)) (&& (== net40) (== net45)) (&& (== net40) (== net461)) (&& (== net40) (== net471)) (&& (== net40) (== net472)) (&& (== net40) (>= netstandard1.0)) (&& (== net40) (>= netstandard1.5)) (&& (== net461) (< net45)) (&& (== net471) (< net45)) (&& (== net472) (< net45)) (== netcoreapp2.0) (== netcoreapp2.2) (== netstandard1.0) (== netstandard1.1) (== netstandard2.0)
      System.Runtime.Extensions (>= 4.3) - restriction: || (&& (== net20) (== net45)) (&& (== net20) (== net461)) (&& (== net20) (== net471)) (&& (== net20) (== net472)) (&& (== net20) (>= netstandard1.0)) (&& (== net20) (>= netstandard1.5)) (&& (== net40) (== net45)) (&& (== net40) (== net461)) (&& (== net40) (== net471)) (&& (== net40) (== net472)) (&& (== net40) (>= netstandard1.0)) (&& (== net40) (>= netstandard1.5)) (&& (== net461) (< net45)) (&& (== net471) (< net45)) (&& (== net472) (< net45)) (== netcoreapp2.0) (== netcoreapp2.2) (== netstandard1.0) (== netstandard1.1) (== netstandard2.0)
      System.Threading (>= 4.3) - restriction: || (&& (== net20) (== net45)) (&& (== net20) (== net461)) (&& (== net20) (== net471)) (&& (== net20) (== net472)) (&& (== net20) (>= netstandard1.0)) (&& (== net20) (>= netstandard1.5)) (&& (== net40) (== net45)) (&& (== net40) (== net461)) (&& (== net40) (== net471)) (&& (== net40) (== net472)) (&& (== net40) (>= netstandard1.0)) (&& (== net40) (>= netstandard1.5)) (&& (== net461) (< net45)) (&& (== net471) (< net45)) (&& (== net472) (< net45)) (== netcoreapp2.0) (== netcoreapp2.2) (== netstandard1.0) (== netstandard1.1) (== netstandard2.0)
    System.Data.SqlClient (4.7) - restriction: || (&& (== net20) (>= netstandard2.0)) (&& (== net40) (>= netstandard2.0)) (&& (== net45) (>= netstandard2.0)) (&& (== net461) (>= netstandard2.0)) (== net471) (== net472) (== netcoreapp2.0) (== netcoreapp2.2) (&& (== netstandard1.0) (>= netstandard2.0)) (&& (== netstandard1.1) (>= netstandard2.0)) (== netstandard2.0)
      Microsoft.Win32.Registry (>= 4.6) - restriction: || (&& (== net20) (== net471)) (&& (== net20) (== net472)) (&& (== net20) (>= netcoreapp2.0)) (&& (== net20) (>= netstandard2.0)) (&& (== net40) (== net471)) (&& (== net40) (== net472)) (&& (== net40) (>= netcoreapp2.0)) (&& (== net40) (>= netstandard2.0)) (&& (== net45) (== net471)) (&& (== net45) (== net472)) (&& (== net45) (>= netcoreapp2.0)) (&& (== net45) (>= netstandard2.0)) (&& (== net461) (< net451) (>= netstandard2.0)) (&& (== net461) (>= netcoreapp2.0)) (&& (== net471) (== netstandard1.0)) (&& (== net471) (== netstandard1.1)) (&& (== net471) (< net451)) (&& (== net471) (>= netcoreapp2.0)) (&& (== net472) (== netstandard1.0)) (&& (== net472) (== netstandard1.1)) (&& (== net472) (< net451)) (&& (== net472) (>= netcoreapp2.0)) (== netcoreapp2.0) (== netcoreapp2.2) (&& (== netstandard1.0) (>= netcoreapp2.0)) (&& (== netstandard1.0) (>= netstandard2.0)) (&& (== netstandard1.1) (>= netcoreapp2.0)) (&& (== netstandard1.1) (>= netstandard2.0)) (== netstandard2.0)
      runtime.native.System.Data.SqlClient.sni (>= 4.6) - restriction: || (&& (== net20) (== net461)) (&& (== net20) (== net471)) (&& (== net20) (== net472)) (&& (== net20) (>= netcoreapp2.0)) (&& (== net20) (>= netstandard1.3)) (&& (== net20) (>= netstandard2.0)) (&& (== net40) (== net461)) (&& (== net40) (== net471)) (&& (== net40) (== net472)) (&& (== net40) (>= netcoreapp2.0)) (&& (== net40) (>= netstandard1.3)) (&& (== net40) (>= netstandard2.0)) (&& (== net45) (== net461)) (&& (== net45) (== net471)) (&& (== net45) (== net472)) (&& (== net45) (>= netcoreapp2.0)) (&& (== net45) (>= netstandard1.3)) (&& (== net45) (>= netstandard2.0)) (&& (== net461) (== netstandard1.0)) (&& (== net461) (== netstandard1.1)) (&& (== net461) (< net451)) (&& (== net461) (>= netcoreapp2.0)) (&& (== net471) (== netstandard1.0)) (&& (== net471) (== netstandard1.1)) (&& (== net471) (< net451)) (&& (== net471) (>= netcoreapp2.0)) (&& (== net472) (== netstandard1.0)) (&& (== net472) (== netstandard1.1)) (&& (== net472) (< net451)) (&& (== net472) (>= netcoreapp2.0)) (== netcoreapp2.0) (== netcoreapp2.2) (&& (== netstandard1.0) (>= netcoreapp2.0)) (&& (== netstandard1.0) (>= netstandard1.3)) (&& (== netstandard1.0) (>= netstandard2.0)) (&& (== netstandard1.1) (>= netcoreapp2.0)) (&& (== netstandard1.1) (>= netstandard1.3)) (&& (== netstandard1.1) (>= netstandard2.0)) (== netstandard2.0)
      System.Buffers (>= 4.5) - restriction: || (&& (== net20) (== net471)) (&& (== net20) (== net472)) (&& (== net20) (== netcoreapp2.0)) (&& (== net20) (== netcoreapp2.2)) (&& (== net20) (>= netstandard2.0)) (&& (== net40) (== net471)) (&& (== net40) (== net472)) (&& (== net40) (== netcoreapp2.0)) (&& (== net40) (== netcoreapp2.2)) (&& (== net40) (>= netstandard2.0)) (&& (== net45) (== net471)) (&& (== net45) (== net472)) (&& (== net45) (== netcoreapp2.0)) (&& (== net45) (== netcoreapp2.2)) (&& (== net45) (>= netstandard2.0)) (&& (== net461) (== netcoreapp2.0)) (&& (== net461) (== netcoreapp2.2)) (&& (== net461) (< net451) (>= netstandard2.0)) (&& (== net471) (== netcoreapp2.0)) (&& (== net471) (== netcoreapp2.2)) (&& (== net471) (== netstandard1.0)) (&& (== net471) (== netstandard1.1)) (&& (== net471) (< net451)) (&& (== net472) (== netcoreapp2.0)) (&& (== net472) (== netcoreapp2.2)) (&& (== net472) (== netstandard1.0)) (&& (== net472) (== netstandard1.1)) (&& (== net472) (< net451)) (&& (== netcoreapp2.0) (== netstandard1.0)) (&& (== netcoreapp2.0) (== netstandard1.1)) (&& (== netcoreapp2.2) (== netstandard1.0)) (&& (== netcoreapp2.2) (== netstandard1.1)) (&& (== netcoreapp2.2) (< netcoreapp2.0)) (&& (== netstandard1.0) (>= netstandard2.0)) (&& (== netstandard1.1) (>= netstandard2.0)) (== netstandard2.0)
      System.Diagnostics.DiagnosticSource (>= 4.6) - restriction: || (&& (== net20) (== net461)) (&& (== net20) (== net471)) (&& (== net20) (== net472)) (&& (== net20) (>= netcoreapp2.0)) (&& (== net20) (>= netcoreapp2.1)) (&& (== net20) (>= netstandard1.3)) (&& (== net20) (>= netstandard2.0)) (&& (== net20) (>= uap10.1)) (&& (== net40) (== net461)) (&& (== net40) (== net471)) (&& (== net40) (== net472)) (&& (== net40) (>= netcoreapp2.0)) (&& (== net40) (>= netcoreapp2.1)) (&& (== net40) (>= netstandard1.3)) (&& (== net40) (>= netstandard2.0)) (&& (== net40) (>= uap10.1)) (&& (== net45) (== net461)) (&& (== net45) (== net471)) (&& (== net45) (== net472)) (&& (== net45) (>= netcoreapp2.0)) (&& (== net45) (>= netcoreapp2.1)) (&& (== net45) (>= netstandard1.3)) (&& (== net45) (>= netstandard2.0)) (&& (== net45) (>= uap10.1)) (&& (== net461) (== netstandard1.0)) (&& (== net461) (== netstandard1.1)) (&& (== net461) (< net451)) (&& (== net461) (>= netcoreapp2.0)) (&& (== net461) (>= netcoreapp2.1)) (&& (== net461) (>= uap10.1)) (&& (== net471) (== netstandard1.0)) (&& (== net471) (== netstandard1.1)) (&& (== net471) (< net451)) (&& (== net471) (>= netcoreapp2.0)) (&& (== net471) (>= netcoreapp2.1)) (&& (== net471) (>= uap10.1)) (&& (== net472) (== netstandard1.0)) (&& (== net472) (== netstandard1.1)) (&& (== net472) (< net451)) (&& (== net472) (>= netcoreapp2.0)) (&& (== net472) (>= netcoreapp2.1)) (&& (== net472) (>= uap10.1)) (== netcoreapp2.0) (== netcoreapp2.2) (&& (== netstandard1.0) (>= netcoreapp2.0)) (&& (== netstandard1.0) (>= netcoreapp2.1)) (&& (== netstandard1.0) (>= netstandard1.3)) (&& (== netstandard1.0) (>= netstandard2.0)) (&& (== netstandard1.0) (>= uap10.1)) (&& (== netstandard1.1) (>= netcoreapp2.0)) (&& (== netstandard1.1) (>= netcoreapp2.1)) (&& (== netstandard1.1) (>= netstandard1.3)) (&& (== netstandard1.1) (>= netstandard2.0)) (&& (== netstandard1.1) (>= uap10.1)) (== netstandard2.0)
      System.Memory (>= 4.5.3) - restriction: || (&& (== net20) (== net471)) (&& (== net20) (== net472)) (&& (== net20) (== netcoreapp2.2)) (&& (== net20) (>= netcoreapp2.0)) (&& (== net20) (>= netstandard2.0)) (&& (== net20) (>= uap10.1)) (&& (== net40) (== net471)) (&& (== net40) (== net472)) (&& (== net40) (== netcoreapp2.2)) (&& (== net40) (>= netcoreapp2.0)) (&& (== net40) (>= netstandard2.0)) (&& (== net40) (>= uap10.1)) (&& (== net45) (== net471)) (&& (== net45) (== net472)) (&& (== net45) (== netcoreapp2.2)) (&& (== net45) (>= netcoreapp2.0)) (&& (== net45) (>= netstandard2.0)) (&& (== net45) (>= uap10.1)) (&& (== net461) (== netcoreapp2.2)) (&& (== net461) (< net451) (>= netstandard2.0)) (&& (== net461) (>= netcoreapp2.0)) (&& (== net461) (>= uap10.1)) (&& (== net471) (== netcoreapp2.2)) (&& (== net471) (== netstandard1.0)) (&& (== net471) (== netstandard1.1)) (&& (== net471) (< net451)) (&& (== net471) (>= netcoreapp2.0)) (&& (== net471) (>= uap10.1)) (&& (== net472) (== netcoreapp2.2)) (&& (== net472) (== netstandard1.0)) (&& (== net472) (== netstandard1.1)) (&& (== net472) (< net451)) (&& (== net472) (>= netcoreapp2.0)) (&& (== net472) (>= uap10.1)) (== netcoreapp2.0) (&& (== netcoreapp2.2) (== netstandard1.0)) (&& (== netcoreapp2.2) (== netstandard1.1)) (&& (== netcoreapp2.2) (< netcoreapp2.0)) (&& (== netcoreapp2.2) (< netcoreapp2.1)) (&& (== netcoreapp2.2) (>= uap10.1)) (&& (== netstandard1.0) (>= netcoreapp2.0)) (&& (== netstandard1.0) (>= netstandard2.0)) (&& (== netstandard1.0) (>= uap10.1)) (&& (== netstandard1.1) (>= netcoreapp2.0)) (&& (== netstandard1.1) (>= netstandard2.0)) (&& (== netstandard1.1) (>= uap10.1)) (== netstandard2.0)
      System.Security.Principal.Windows (>= 4.6) - restriction: || (&& (== net20) (== net461)) (&& (== net20) (== net471)) (&& (== net20) (== net472)) (&& (== net20) (>= netcoreapp2.0)) (&& (== net20) (>= netstandard1.3)) (&& (== net20) (>= netstandard2.0)) (&& (== net40) (== net461)) (&& (== net40) (== net471)) (&& (== net40) (== net472)) (&& (== net40) (>= netcoreapp2.0)) (&& (== net40) (>= netstandard1.3)) (&& (== net40) (>= netstandard2.0)) (&& (== net45) (== net461)) (&& (== net45) (== net471)) (&& (== net45) (== net472)) (&& (== net45) (>= netcoreapp2.0)) (&& (== net45) (>= netstandard1.3)) (&& (== net45) (>= netstandard2.0)) (&& (== net461) (== netstandard1.0)) (&& (== net461) (== netstandard1.1)) (&& (== net461) (< net451)) (&& (== net461) (>= netcoreapp2.0)) (&& (== net471) (== netstandard1.0)) (&& (== net471) (== netstandard1.1)) (&& (== net471) (< net451)) (&& (== net471) (>= netcoreapp2.0)) (&& (== net472) (== netstandard1.0)) (&& (== net472) (== netstandard1.1)) (&& (== net472) (< net451)) (&& (== net472) (>= netcoreapp2.0)) (== netcoreapp2.0) (== netcoreapp2.2) (&& (== netstandard1.0) (>= netcoreapp2.0)) (&& (== netstandard1.0) (>= netstandard1.3)) (&& (== netstandard1.0) (>= netstandard2.0)) (&& (== netstandard1.1) (>= netcoreapp2.0)) (&& (== netstandard1.1) (>= netstandard1.3)) (&& (== netstandard1.1) (>= netstandard2.0)) (== netstandard2.0)
      System.Text.Encoding.CodePages (>= 4.6) - restriction: || (&& (== net20) (== net461)) (&& (== net20) (== net471)) (&& (== net20) (== net472)) (&& (== net20) (>= netcoreapp2.0)) (&& (== net20) (>= netcoreapp2.1)) (&& (== net20) (>= netstandard1.3)) (&& (== net20) (>= netstandard2.0)) (&& (== net20) (>= uap10.1)) (&& (== net40) (== net461)) (&& (== net40) (== net471)) (&& (== net40) (== net472)) (&& (== net40) (>= netcoreapp2.0)) (&& (== net40) (>= netcoreapp2.1)) (&& (== net40) (>= netstandard1.3)) (&& (== net40) (>= netstandard2.0)) (&& (== net40) (>= uap10.1)) (&& (== net45) (== net461)) (&& (== net45) (== net471)) (&& (== net45) (== net472)) (&& (== net45) (>= netcoreapp2.0)) (&& (== net45) (>= netcoreapp2.1)) (&& (== net45) (>= netstandard1.3)) (&& (== net45) (>= netstandard2.0)) (&& (== net45) (>= uap10.1)) (&& (== net461) (== netstandard1.0)) (&& (== net461) (== netstandard1.1)) (&& (== net461) (< net451)) (&& (== net461) (>= netcoreapp2.0)) (&& (== net461) (>= netcoreapp2.1)) (&& (== net461) (>= uap10.1)) (&& (== net471) (== netstandard1.0)) (&& (== net471) (== netstandard1.1)) (&& (== net471) (< net451)) (&& (== net471) (>= netcoreapp2.0)) (&& (== net471) (>= netcoreapp2.1)) (&& (== net471) (>= uap10.1)) (&& (== net472) (== netstandard1.0)) (&& (== net472) (== netstandard1.1)) (&& (== net472) (< net451)) (&& (== net472) (>= netcoreapp2.0)) (&& (== net472) (>= netcoreapp2.1)) (&& (== net472) (>= uap10.1)) (== netcoreapp2.0) (== netcoreapp2.2) (&& (== netstandard1.0) (>= netcoreapp2.0)) (&& (== netstandard1.0) (>= netcoreapp2.1)) (&& (== netstandard1.0) (>= netstandard1.3)) (&& (== netstandard1.0) (>= netstandard2.0)) (&& (== netstandard1.0) (>= uap10.1)) (&& (== netstandard1.1) (>= netcoreapp2.0)) (&& (== netstandard1.1) (>= netcoreapp2.1)) (&& (== netstandard1.1) (>= netstandard1.3)) (&& (== netstandard1.1) (>= netstandard2.0)) (&& (== netstandard1.1) (>= uap10.1)) (== netstandard2.0)
    System.Diagnostics.Debug (4.3) - restriction: || (&& (== net20) (== net45) (>= netstandard1.3)) (&& (== net20) (== net45) (>= netstandard1.5)) (&& (== net20) (== net461)) (&& (== net20) (== net471)) (&& (== net20) (== net472)) (&& (== net20) (>= net45) (>= netstandard1.3)) (&& (== net20) (>= net45) (>= netstandard1.5)) (&& (== net20) (>= netstandard2.0)) (&& (== net40) (< net35) (>= net45) (>= netstandard1.3)) (&& (== net40) (< net35) (>= net45) (>= netstandard1.5)) (&& (== net40) (< net35) (>= netstandard2.0)) (&& (== net45) (== netstandard1.0) (>= netstandard1.3)) (&& (== net45) (== netstandard1.0) (>= netstandard1.5)) (&& (== net45) (== netstandard1.1) (>= netstandard1.3)) (&& (== net45) (== netstandard1.1) (>= netstandard1.5)) (&& (== net45) (< net35) (>= netstandard1.3)) (&& (== net45) (< net35) (>= netstandard1.5)) (&& (== net461) (== netstandard1.0)) (&& (== net461) (== netstandard1.1)) (&& (== net461) (< net35)) (&& (== net471) (== netstandard1.0)) (&& (== net471) (== netstandard1.1)) (&& (== net471) (< net35)) (&& (== net472) (== netstandard1.0)) (&& (== net472) (== netstandard1.1)) (&& (== net472) (< net35)) (== netcoreapp2.0) (== netcoreapp2.2) (&& (== netstandard1.0) (>= net45) (>= netstandard1.3)) (&& (== netstandard1.0) (>= net45) (>= netstandard1.5)) (&& (== netstandard1.0) (>= netstandard2.0)) (&& (== netstandard1.1) (>= net45) (>= netstandard1.3)) (&& (== netstandard1.1) (>= net45) (>= netstandard1.5)) (&& (== netstandard1.1) (>= netstandard2.0)) (== netstandard2.0)
      Microsoft.NETCore.Platforms (>= 1.1) - restriction: || (&& (== net20) (== net45)) (&& (== net20) (== net461)) (&& (== net20) (== net471)) (&& (== net20) (== net472)) (&& (== net20) (>= netstandard1.0)) (&& (== net20) (>= netstandard1.3)) (&& (== net40) (== net45)) (&& (== net40) (== net461)) (&& (== net40) (== net471)) (&& (== net40) (== net472)) (&& (== net40) (>= netstandard1.0)) (&& (== net40) (>= netstandard1.3)) (&& (== net461) (< net45)) (&& (== net471) (< net45)) (&& (== net472) (< net45)) (== netcoreapp2.0) (== netcoreapp2.2) (== netstandard1.0) (== netstandard1.1) (== netstandard2.0)
      Microsoft.NETCore.Targets (>= 1.1) - restriction: || (&& (== net20) (== net45)) (&& (== net20) (== net461)) (&& (== net20) (== net471)) (&& (== net20) (== net472)) (&& (== net20) (>= netstandard1.0)) (&& (== net20) (>= netstandard1.3)) (&& (== net40) (== net45)) (&& (== net40) (== net461)) (&& (== net40) (== net471)) (&& (== net40) (== net472)) (&& (== net40) (>= netstandard1.0)) (&& (== net40) (>= netstandard1.3)) (&& (== net461) (< net45)) (&& (== net471) (< net45)) (&& (== net472) (< net45)) (== netcoreapp2.0) (== netcoreapp2.2) (== netstandard1.0) (== netstandard1.1) (== netstandard2.0)
      System.Runtime (>= 4.3) - restriction: || (&& (== net20) (== net45)) (&& (== net20) (== net461)) (&& (== net20) (== net471)) (&& (== net20) (== net472)) (&& (== net20) (>= netstandard1.0)) (&& (== net20) (>= netstandard1.3)) (&& (== net40) (== net45)) (&& (== net40) (== net461)) (&& (== net40) (== net471)) (&& (== net40) (== net472)) (&& (== net40) (>= netstandard1.0)) (&& (== net40) (>= netstandard1.3)) (&& (== net461) (< net45)) (&& (== net471) (< net45)) (&& (== net472) (< net45)) (== netcoreapp2.0) (== netcoreapp2.2) (== netstandard1.0) (== netstandard1.1) (== netstandard2.0)
    System.Diagnostics.DiagnosticSource (4.6) - restriction: || (&& (== net20) (== net471)) (&& (== net20) (== net472)) (&& (== net20) (>= netcoreapp2.0)) (&& (== net20) (>= netcoreapp2.1)) (&& (== net20) (>= netstandard2.0)) (&& (== net40) (== net471)) (&& (== net40) (== net472)) (&& (== net40) (>= netcoreapp2.0)) (&& (== net40) (>= netcoreapp2.1)) (&& (== net40) (>= netstandard2.0)) (&& (== net45) (== net471)) (&& (== net45) (== net472)) (&& (== net45) (>= netcoreapp2.0)) (&& (== net45) (>= netcoreapp2.1)) (&& (== net45) (>= netstandard2.0)) (&& (== net461) (< net451) (>= netstandard2.0)) (&& (== net461) (>= netcoreapp2.0)) (&& (== net461) (>= netcoreapp2.1)) (&& (== net461) (>= netstandard2.0) (>= uap10.1)) (&& (== net471) (== netstandard1.0)) (&& (== net471) (== netstandard1.1)) (&& (== net471) (< net451)) (&& (== net471) (>= netcoreapp2.0)) (&& (== net471) (>= netcoreapp2.1)) (&& (== net471) (>= uap10.1)) (&& (== net472) (== netstandard1.0)) (&& (== net472) (== netstandard1.1)) (&& (== net472) (< net451)) (&& (== net472) (>= netcoreapp2.0)) (&& (== net472) (>= netcoreapp2.1)) (&& (== net472) (>= uap10.1)) (== netcoreapp2.0) (== netcoreapp2.2) (&& (== netstandard1.0) (>= netcoreapp2.0)) (&& (== netstandard1.0) (>= netcoreapp2.1)) (&& (== netstandard1.0) (>= netstandard2.0)) (&& (== netstandard1.1) (>= netcoreapp2.0)) (&& (== netstandard1.1) (>= netcoreapp2.1)) (&& (== netstandard1.1) (>= netstandard2.0)) (== netstandard2.0)
      System.Memory (>= 4.5.3) - restriction: || (&& (== net20) (== netcoreapp2.2)) (&& (== net20) (>= net45)) (&& (== net20) (>= net46)) (&& (== net20) (>= netstandard1.3)) (&& (== net20) (>= netstandard2.0)) (&& (== net20) (>= uap10.1)) (&& (== net40) (== netcoreapp2.2)) (&& (== net40) (>= net45)) (&& (== net40) (>= net46)) (&& (== net40) (>= netstandard1.3)) (&& (== net40) (>= netstandard2.0)) (&& (== net40) (>= uap10.1)) (== net45) (== net461) (== net471) (== net472) (== netcoreapp2.0) (&& (== netcoreapp2.2) (== netstandard1.0)) (&& (== netcoreapp2.2) (== netstandard1.1)) (&& (== netcoreapp2.2) (>= net45) (< netstandard1.3)) (&& (== netcoreapp2.2) (>= net46)) (&& (== netcoreapp2.2) (< netcoreapp2.1)) (&& (== netcoreapp2.2) (< netstandard2.0)) (&& (== netcoreapp2.2) (>= uap10.1)) (&& (== netstandard1.0) (>= net45)) (&& (== netstandard1.0) (>= net46)) (&& (== netstandard1.0) (>= netstandard1.3)) (&& (== netstandard1.0) (>= netstandard2.0)) (&& (== netstandard1.0) (>= uap10.1)) (&& (== netstandard1.1) (>= net45)) (&& (== netstandard1.1) (>= net46)) (&& (== netstandard1.1) (>= netstandard1.3)) (&& (== netstandard1.1) (>= netstandard2.0)) (&& (== netstandard1.1) (>= uap10.1)) (== netstandard2.0)
    System.Diagnostics.TraceSource (4.3) - restriction: || (&& (== net20) (== net45) (>= netstandard1.3)) (&& (== net20) (== net45) (>= netstandard1.5)) (&& (== net20) (== net461)) (&& (== net20) (== net471)) (&& (== net20) (== net472)) (&& (== net20) (>= net45) (>= netstandard1.3)) (&& (== net20) (>= net45) (>= netstandard1.5)) (&& (== net20) (>= netstandard2.0)) (&& (== net40) (< net35) (>= net45) (>= netstandard1.3)) (&& (== net40) (< net35) (>= net45) (>= netstandard1.5)) (&& (== net40) (< net35) (>= netstandard2.0)) (&& (== net45) (== netstandard1.0) (>= netstandard1.3)) (&& (== net45) (== netstandard1.0) (>= netstandard1.5)) (&& (== net45) (== netstandard1.1) (>= netstandard1.3)) (&& (== net45) (== netstandard1.1) (>= netstandard1.5)) (&& (== net45) (< net35) (>= netstandard1.3)) (&& (== net45) (< net35) (>= netstandard1.5)) (&& (== net461) (== netstandard1.0)) (&& (== net461) (== netstandard1.1)) (&& (== net461) (< net35)) (&& (== net471) (== netstandard1.0)) (&& (== net471) (== netstandard1.1)) (&& (== net471) (< net35)) (&& (== net472) (== netstandard1.0)) (&& (== net472) (== netstandard1.1)) (&& (== net472) (< net35)) (== netcoreapp2.0) (== netcoreapp2.2) (&& (== netstandard1.0) (>= net45) (>= netstandard1.3)) (&& (== netstandard1.0) (>= net45) (>= netstandard1.5)) (&& (== netstandard1.0) (>= netstandard2.0)) (&& (== netstandard1.1) (>= net45) (>= netstandard1.3)) (&& (== netstandard1.1) (>= net45) (>= netstandard1.5)) (&& (== netstandard1.1) (>= netstandard2.0)) (== netstandard2.0)
      Microsoft.NETCore.Platforms (>= 1.1) - restriction: || (&& (== net20) (== net461)) (&& (== net20) (== net471)) (&& (== net20) (== net472)) (&& (== net20) (>= netstandard1.3)) (&& (== net40) (== net461)) (&& (== net40) (== net471)) (&& (== net40) (== net472)) (&& (== net40) (>= netstandard1.3)) (&& (== net45) (== net461)) (&& (== net45) (== net471)) (&& (== net45) (== net472)) (&& (== net45) (>= netstandard1.3)) (&& (== net461) (== netstandard1.0)) (&& (== net461) (== netstandard1.1)) (&& (== net461) (< net46)) (&& (== net471) (== netstandard1.0)) (&& (== net471) (== netstandard1.1)) (&& (== net471) (< net46)) (&& (== net472) (== netstandard1.0)) (&& (== net472) (== netstandard1.1)) (&& (== net472) (< net46)) (== netcoreapp2.0) (== netcoreapp2.2) (&& (== netstandard1.0) (>= netstandard1.3)) (&& (== netstandard1.1) (>= netstandard1.3)) (== netstandard2.0)
      runtime.native.System (>= 4.3) - restriction: || (&& (== net20) (== net461)) (&& (== net20) (== net471)) (&& (== net20) (== net472)) (&& (== net20) (>= netstandard1.3)) (&& (== net40) (== net461)) (&& (== net40) (== net471)) (&& (== net40) (== net472)) (&& (== net40) (>= netstandard1.3)) (&& (== net45) (== net461)) (&& (== net45) (== net471)) (&& (== net45) (== net472)) (&& (== net45) (>= netstandard1.3)) (&& (== net461) (== netstandard1.0)) (&& (== net461) (== netstandard1.1)) (&& (== net461) (< net46)) (&& (== net471) (== netstandard1.0)) (&& (== net471) (== netstandard1.1)) (&& (== net471) (< net46)) (&& (== net472) (== netstandard1.0)) (&& (== net472) (== netstandard1.1)) (&& (== net472) (< net46)) (== netcoreapp2.0) (== netcoreapp2.2) (&& (== netstandard1.0) (>= netstandard1.3)) (&& (== netstandard1.1) (>= netstandard1.3)) (== netstandard2.0)
      System.Collections (>= 4.3) - restriction: || (&& (== net20) (== net461)) (&& (== net20) (== net471)) (&& (== net20) (== net472)) (&& (== net20) (>= netstandard1.3)) (&& (== net40) (== net461)) (&& (== net40) (== net471)) (&& (== net40) (== net472)) (&& (== net40) (>= netstandard1.3)) (&& (== net45) (== net461)) (&& (== net45) (== net471)) (&& (== net45) (== net472)) (&& (== net45) (>= netstandard1.3)) (&& (== net461) (== netstandard1.0)) (&& (== net461) (== netstandard1.1)) (&& (== net461) (< net46)) (&& (== net471) (== netstandard1.0)) (&& (== net471) (== netstandard1.1)) (&& (== net471) (< net46)) (&& (== net472) (== netstandard1.0)) (&& (== net472) (== netstandard1.1)) (&& (== net472) (< net46)) (== netcoreapp2.0) (== netcoreapp2.2) (&& (== netstandard1.0) (>= netstandard1.3)) (&& (== netstandard1.1) (>= netstandard1.3)) (== netstandard2.0)
      System.Diagnostics.Debug (>= 4.3) - restriction: || (&& (== net20) (== net461)) (&& (== net20) (== net471)) (&& (== net20) (== net472)) (&& (== net20) (>= netstandard1.3)) (&& (== net40) (== net461)) (&& (== net40) (== net471)) (&& (== net40) (== net472)) (&& (== net40) (>= netstandard1.3)) (&& (== net45) (== net461)) (&& (== net45) (== net471)) (&& (== net45) (== net472)) (&& (== net45) (>= netstandard1.3)) (&& (== net461) (== netstandard1.0)) (&& (== net461) (== netstandard1.1)) (&& (== net461) (< net46)) (&& (== net471) (== netstandard1.0)) (&& (== net471) (== netstandard1.1)) (&& (== net471) (< net46)) (&& (== net472) (== netstandard1.0)) (&& (== net472) (== netstandard1.1)) (&& (== net472) (< net46)) (== netcoreapp2.0) (== netcoreapp2.2) (&& (== netstandard1.0) (>= netstandard1.3)) (&& (== netstandard1.1) (>= netstandard1.3)) (== netstandard2.0)
      System.Globalization (>= 4.3) - restriction: || (&& (== net20) (== net461)) (&& (== net20) (== net471)) (&& (== net20) (== net472)) (&& (== net20) (>= netstandard1.3)) (&& (== net40) (== net461)) (&& (== net40) (== net471)) (&& (== net40) (== net472)) (&& (== net40) (>= netstandard1.3)) (&& (== net45) (== net461)) (&& (== net45) (== net471)) (&& (== net45) (== net472)) (&& (== net45) (>= netstandard1.3)) (&& (== net461) (== netstandard1.0)) (&& (== net461) (== netstandard1.1)) (&& (== net461) (< net46)) (&& (== net471) (== netstandard1.0)) (&& (== net471) (== netstandard1.1)) (&& (== net471) (< net46)) (&& (== net472) (== netstandard1.0)) (&& (== net472) (== netstandard1.1)) (&& (== net472) (< net46)) (== netcoreapp2.0) (== netcoreapp2.2) (&& (== netstandard1.0) (>= netstandard1.3)) (&& (== netstandard1.1) (>= netstandard1.3)) (== netstandard2.0)
      System.Resources.ResourceManager (>= 4.3) - restriction: || (&& (== net20) (== net461)) (&& (== net20) (== net471)) (&& (== net20) (== net472)) (&& (== net20) (>= netstandard1.3)) (&& (== net40) (== net461)) (&& (== net40) (== net471)) (&& (== net40) (== net472)) (&& (== net40) (>= netstandard1.3)) (&& (== net45) (== net461)) (&& (== net45) (== net471)) (&& (== net45) (== net472)) (&& (== net45) (>= netstandard1.3)) (&& (== net461) (== netstandard1.0)) (&& (== net461) (== netstandard1.1)) (&& (== net461) (< net46)) (&& (== net471) (== netstandard1.0)) (&& (== net471) (== netstandard1.1)) (&& (== net471) (< net46)) (&& (== net472) (== netstandard1.0)) (&& (== net472) (== netstandard1.1)) (&& (== net472) (< net46)) (== netcoreapp2.0) (== netcoreapp2.2) (&& (== netstandard1.0) (>= netstandard1.3)) (&& (== netstandard1.1) (>= netstandard1.3)) (== netstandard2.0)
      System.Runtime (>= 4.3) - restriction: || (&& (== net20) (== net461)) (&& (== net20) (== net471)) (&& (== net20) (== net472)) (&& (== net20) (>= netstandard1.3)) (&& (== net40) (== net461)) (&& (== net40) (== net471)) (&& (== net40) (== net472)) (&& (== net40) (>= netstandard1.3)) (&& (== net45) (== net461)) (&& (== net45) (== net471)) (&& (== net45) (== net472)) (&& (== net45) (>= netstandard1.3)) (&& (== net461) (== netstandard1.0)) (&& (== net461) (== netstandard1.1)) (&& (== net461) (< net46)) (&& (== net471) (== netstandard1.0)) (&& (== net471) (== netstandard1.1)) (&& (== net471) (< net46)) (&& (== net472) (== netstandard1.0)) (&& (== net472) (== netstandard1.1)) (&& (== net472) (< net46)) (== netcoreapp2.0) (== netcoreapp2.2) (&& (== netstandard1.0) (>= netstandard1.3)) (&& (== netstandard1.1) (>= netstandard1.3)) (== netstandard2.0)
      System.Runtime.Extensions (>= 4.3) - restriction: || (&& (== net20) (== net461)) (&& (== net20) (== net471)) (&& (== net20) (== net472)) (&& (== net20) (>= netstandard1.3)) (&& (== net40) (== net461)) (&& (== net40) (== net471)) (&& (== net40) (== net472)) (&& (== net40) (>= netstandard1.3)) (&& (== net45) (== net461)) (&& (== net45) (== net471)) (&& (== net45) (== net472)) (&& (== net45) (>= netstandard1.3)) (&& (== net461) (== netstandard1.0)) (&& (== net461) (== netstandard1.1)) (&& (== net461) (< net46)) (&& (== net471) (== netstandard1.0)) (&& (== net471) (== netstandard1.1)) (&& (== net471) (< net46)) (&& (== net472) (== netstandard1.0)) (&& (== net472) (== netstandard1.1)) (&& (== net472) (< net46)) (== netcoreapp2.0) (== netcoreapp2.2) (&& (== netstandard1.0) (>= netstandard1.3)) (&& (== netstandard1.1) (>= netstandard1.3)) (== netstandard2.0)
      System.Threading (>= 4.3) - restriction: || (&& (== net20) (== net461)) (&& (== net20) (== net471)) (&& (== net20) (== net472)) (&& (== net20) (>= netstandard1.3)) (&& (== net40) (== net461)) (&& (== net40) (== net471)) (&& (== net40) (== net472)) (&& (== net40) (>= netstandard1.3)) (&& (== net45) (== net461)) (&& (== net45) (== net471)) (&& (== net45) (== net472)) (&& (== net45) (>= netstandard1.3)) (&& (== net461) (== netstandard1.0)) (&& (== net461) (== netstandard1.1)) (&& (== net461) (< net46)) (&& (== net471) (== netstandard1.0)) (&& (== net471) (== netstandard1.1)) (&& (== net471) (< net46)) (&& (== net472) (== netstandard1.0)) (&& (== net472) (== netstandard1.1)) (&& (== net472) (< net46)) (== netcoreapp2.0) (== netcoreapp2.2) (&& (== netstandard1.0) (>= netstandard1.3)) (&& (== netstandard1.1) (>= netstandard1.3)) (== netstandard2.0)
    System.Drawing.Common (4.6) - restriction: || (&& (== net20) (>= netstandard2.0)) (&& (== net40) (>= netstandard2.0)) (&& (== net45) (>= netstandard2.0)) (&& (== net461) (>= netstandard2.0)) (== net471) (== net472) (== netcoreapp2.0) (== netcoreapp2.2) (&& (== netstandard1.0) (>= netstandard2.0)) (&& (== netstandard1.1) (>= netstandard2.0)) (== netstandard2.0)
      Microsoft.NETCore.Platforms (>= 3.0) - restriction: || (&& (== net20) (>= netcoreapp2.0)) (&& (== net40) (>= netcoreapp2.0)) (&& (== net45) (>= netcoreapp2.0)) (&& (== net461) (>= netcoreapp2.0)) (&& (== net471) (>= netcoreapp2.0)) (&& (== net472) (>= netcoreapp2.0)) (== netcoreapp2.0) (== netcoreapp2.2) (&& (== netstandard1.0) (>= netcoreapp2.0)) (&& (== netstandard1.1) (>= netcoreapp2.0)) (&& (== netstandard2.0) (>= netcoreapp2.0))
      Microsoft.Win32.SystemEvents (>= 4.6) - restriction: || (&& (== net20) (>= netcoreapp2.0)) (&& (== net40) (>= netcoreapp2.0)) (&& (== net45) (>= netcoreapp2.0)) (&& (== net461) (>= netcoreapp2.0)) (&& (== net471) (>= netcoreapp2.0)) (&& (== net472) (>= netcoreapp2.0)) (== netcoreapp2.0) (== netcoreapp2.2) (&& (== netstandard1.0) (>= netcoreapp2.0)) (&& (== netstandard1.1) (>= netcoreapp2.0)) (&& (== netstandard2.0) (>= netcoreapp2.0))
    System.Dynamic.Runtime (4.3) - restriction: || (&& (== net20) (== net45) (>= netstandard1.3)) (&& (== net20) (== net45) (>= netstandard1.5)) (&& (== net20) (== net461)) (&& (== net20) (== net471)) (&& (== net20) (== net472)) (&& (== net20) (>= net45) (>= netstandard1.3)) (&& (== net20) (>= net45) (>= netstandard1.5)) (&& (== net20) (>= netstandard2.0)) (&& (== net40) (< net35) (>= net45) (>= netstandard1.3)) (&& (== net40) (< net35) (>= net45) (>= netstandard1.5)) (&& (== net40) (< net35) (>= netstandard2.0)) (&& (== net45) (== netstandard1.0) (>= netstandard1.3)) (&& (== net45) (== netstandard1.0) (>= netstandard1.5)) (&& (== net45) (== netstandard1.1) (>= netstandard1.3)) (&& (== net45) (== netstandard1.1) (>= netstandard1.5)) (&& (== net45) (< net35) (>= netstandard1.3)) (&& (== net45) (< net35) (>= netstandard1.5)) (&& (== net461) (== netstandard1.0)) (&& (== net461) (== netstandard1.1)) (&& (== net461) (< net35)) (&& (== net471) (== netstandard1.0)) (&& (== net471) (== netstandard1.1)) (&& (== net471) (< net35)) (&& (== net472) (== netstandard1.0)) (&& (== net472) (== netstandard1.1)) (&& (== net472) (< net35)) (== netcoreapp2.0) (== netcoreapp2.2) (&& (== netstandard1.0) (>= net45) (>= netstandard1.3)) (&& (== netstandard1.0) (>= net45) (>= netstandard1.5)) (&& (== netstandard1.0) (>= netstandard2.0)) (&& (== netstandard1.1) (>= net45) (>= netstandard1.3)) (&& (== netstandard1.1) (>= net45) (>= netstandard1.5)) (&& (== netstandard1.1) (>= netstandard2.0)) (== netstandard2.0)
      System.Collections (>= 4.3) - restriction: || (&& (== net20) (== net461)) (&& (== net20) (== net471)) (&& (== net20) (== net472)) (&& (== net20) (>= netstandard1.3)) (&& (== net40) (== net461)) (&& (== net40) (== net471)) (&& (== net40) (== net472)) (&& (== net40) (>= netstandard1.3)) (&& (== net461) (== netstandard1.0)) (&& (== net461) (== netstandard1.1)) (&& (== net461) (< net45)) (&& (== net471) (== netstandard1.0)) (&& (== net471) (== netstandard1.1)) (&& (== net471) (< net45)) (&& (== net472) (== netstandard1.0)) (&& (== net472) (== netstandard1.1)) (&& (== net472) (< net45)) (== netcoreapp2.0) (== netcoreapp2.2) (&& (== netstandard1.0) (>= netstandard1.3)) (&& (== netstandard1.1) (>= netstandard1.3)) (== netstandard2.0)
      System.Diagnostics.Debug (>= 4.3) - restriction: || (&& (== net20) (== net461)) (&& (== net20) (== net471)) (&& (== net20) (== net472)) (&& (== net20) (>= netstandard1.3)) (&& (== net40) (== net461)) (&& (== net40) (== net471)) (&& (== net40) (== net472)) (&& (== net40) (>= netstandard1.3)) (&& (== net461) (== netstandard1.0)) (&& (== net461) (== netstandard1.1)) (&& (== net461) (< net45)) (&& (== net471) (== netstandard1.0)) (&& (== net471) (== netstandard1.1)) (&& (== net471) (< net45)) (&& (== net472) (== netstandard1.0)) (&& (== net472) (== netstandard1.1)) (&& (== net472) (< net45)) (== netcoreapp2.0) (== netcoreapp2.2) (&& (== netstandard1.0) (>= netstandard1.3)) (&& (== netstandard1.1) (>= netstandard1.3)) (== netstandard2.0)
      System.Linq (>= 4.3) - restriction: || (&& (== net20) (== net461)) (&& (== net20) (== net471)) (&& (== net20) (== net472)) (&& (== net20) (>= netstandard1.3)) (&& (== net40) (== net461)) (&& (== net40) (== net471)) (&& (== net40) (== net472)) (&& (== net40) (>= netstandard1.3)) (&& (== net461) (== netstandard1.0)) (&& (== net461) (== netstandard1.1)) (&& (== net461) (< net45)) (&& (== net471) (== netstandard1.0)) (&& (== net471) (== netstandard1.1)) (&& (== net471) (< net45)) (&& (== net472) (== netstandard1.0)) (&& (== net472) (== netstandard1.1)) (&& (== net472) (< net45)) (== netcoreapp2.0) (== netcoreapp2.2) (&& (== netstandard1.0) (>= netstandard1.3)) (&& (== netstandard1.1) (>= netstandard1.3)) (== netstandard2.0)
      System.Linq.Expressions (>= 4.3) - restriction: || (&& (== net20) (== net45)) (&& (== net20) (== net461)) (&& (== net20) (== net471)) (&& (== net20) (== net472)) (&& (== net20) (>= netstandard1.0)) (&& (== net20) (>= netstandard1.3)) (&& (== net40) (== net45)) (&& (== net40) (== net461)) (&& (== net40) (== net471)) (&& (== net40) (== net472)) (&& (== net40) (>= netstandard1.0)) (&& (== net40) (>= netstandard1.3)) (&& (== net461) (< net45)) (&& (== net471) (< net45)) (&& (== net472) (< net45)) (== netcoreapp2.0) (== netcoreapp2.2) (== netstandard1.0) (== netstandard1.1) (== netstandard2.0)
      System.ObjectModel (>= 4.3) - restriction: || (&& (== net20) (== net45)) (&& (== net20) (== net461)) (&& (== net20) (== net471)) (&& (== net20) (== net472)) (&& (== net20) (>= netstandard1.0)) (&& (== net20) (>= netstandard1.3)) (&& (== net40) (== net45)) (&& (== net40) (== net461)) (&& (== net40) (== net471)) (&& (== net40) (== net472)) (&& (== net40) (>= netstandard1.0)) (&& (== net40) (>= netstandard1.3)) (&& (== net461) (< net45)) (&& (== net471) (< net45)) (&& (== net472) (< net45)) (== netcoreapp2.0) (== netcoreapp2.2) (== netstandard1.0) (== netstandard1.1) (== netstandard2.0)
      System.Reflection (>= 4.3) - restriction: || (&& (== net20) (== net45)) (&& (== net20) (== net461)) (&& (== net20) (== net471)) (&& (== net20) (== net472)) (&& (== net20) (>= netstandard1.0)) (&& (== net20) (>= netstandard1.3)) (&& (== net40) (== net45)) (&& (== net40) (== net461)) (&& (== net40) (== net471)) (&& (== net40) (== net472)) (&& (== net40) (>= netstandard1.0)) (&& (== net40) (>= netstandard1.3)) (&& (== net461) (< net45)) (&& (== net471) (< net45)) (&& (== net472) (< net45)) (== netcoreapp2.0) (== netcoreapp2.2) (== netstandard1.0) (== netstandard1.1) (== netstandard2.0)
      System.Reflection.Emit (>= 4.3) - restriction: || (&& (== net20) (== net461)) (&& (== net20) (== net471)) (&& (== net20) (== net472)) (&& (== net20) (>= netstandard1.3)) (&& (== net40) (== net461)) (&& (== net40) (== net471)) (&& (== net40) (== net472)) (&& (== net40) (>= netstandard1.3)) (&& (== net461) (== netstandard1.0)) (&& (== net461) (== netstandard1.1)) (&& (== net461) (< net45)) (&& (== net471) (== netstandard1.0)) (&& (== net471) (== netstandard1.1)) (&& (== net471) (< net45)) (&& (== net472) (== netstandard1.0)) (&& (== net472) (== netstandard1.1)) (&& (== net472) (< net45)) (== netcoreapp2.0) (== netcoreapp2.2) (&& (== netstandard1.0) (>= netstandard1.3)) (&& (== netstandard1.1) (>= netstandard1.3)) (== netstandard2.0)
      System.Reflection.Emit.ILGeneration (>= 4.3) - restriction: || (&& (== net20) (== net461)) (&& (== net20) (== net471)) (&& (== net20) (== net472)) (&& (== net20) (>= netstandard1.3)) (&& (== net40) (== net461)) (&& (== net40) (== net471)) (&& (== net40) (== net472)) (&& (== net40) (>= netstandard1.3)) (&& (== net461) (== netstandard1.0)) (&& (== net461) (== netstandard1.1)) (&& (== net461) (< net45)) (&& (== net471) (== netstandard1.0)) (&& (== net471) (== netstandard1.1)) (&& (== net471) (< net45)) (&& (== net472) (== netstandard1.0)) (&& (== net472) (== netstandard1.1)) (&& (== net472) (< net45)) (== netcoreapp2.0) (== netcoreapp2.2) (&& (== netstandard1.0) (>= netstandard1.3)) (&& (== netstandard1.1) (>= netstandard1.3)) (== netstandard2.0)
      System.Reflection.Primitives (>= 4.3) - restriction: || (&& (== net20) (== net461)) (&& (== net20) (== net471)) (&& (== net20) (== net472)) (&& (== net20) (>= netstandard1.3)) (&& (== net40) (== net461)) (&& (== net40) (== net471)) (&& (== net40) (== net472)) (&& (== net40) (>= netstandard1.3)) (&& (== net461) (== netstandard1.0)) (&& (== net461) (== netstandard1.1)) (&& (== net461) (< net45)) (&& (== net471) (== netstandard1.0)) (&& (== net471) (== netstandard1.1)) (&& (== net471) (< net45)) (&& (== net472) (== netstandard1.0)) (&& (== net472) (== netstandard1.1)) (&& (== net472) (< net45)) (== netcoreapp2.0) (== netcoreapp2.2) (&& (== netstandard1.0) (>= netstandard1.3)) (&& (== netstandard1.1) (>= netstandard1.3)) (== netstandard2.0)
      System.Reflection.TypeExtensions (>= 4.3) - restriction: || (&& (== net20) (== net461)) (&& (== net20) (== net471)) (&& (== net20) (== net472)) (&& (== net20) (>= netstandard1.3)) (&& (== net40) (== net461)) (&& (== net40) (== net471)) (&& (== net40) (== net472)) (&& (== net40) (>= netstandard1.3)) (&& (== net461) (== netstandard1.0)) (&& (== net461) (== netstandard1.1)) (&& (== net461) (< net45)) (&& (== net471) (== netstandard1.0)) (&& (== net471) (== netstandard1.1)) (&& (== net471) (< net45)) (&& (== net472) (== netstandard1.0)) (&& (== net472) (== netstandard1.1)) (&& (== net472) (< net45)) (== netcoreapp2.0) (== netcoreapp2.2) (&& (== netstandard1.0) (>= netstandard1.3)) (&& (== netstandard1.1) (>= netstandard1.3)) (== netstandard2.0)
      System.Resources.ResourceManager (>= 4.3) - restriction: || (&& (== net20) (== net461)) (&& (== net20) (== net471)) (&& (== net20) (== net472)) (&& (== net20) (>= netstandard1.3)) (&& (== net40) (== net461)) (&& (== net40) (== net471)) (&& (== net40) (== net472)) (&& (== net40) (>= netstandard1.3)) (&& (== net461) (== netstandard1.0)) (&& (== net461) (== netstandard1.1)) (&& (== net461) (< net45)) (&& (== net471) (== netstandard1.0)) (&& (== net471) (== netstandard1.1)) (&& (== net471) (< net45)) (&& (== net472) (== netstandard1.0)) (&& (== net472) (== netstandard1.1)) (&& (== net472) (< net45)) (== netcoreapp2.0) (== netcoreapp2.2) (&& (== netstandard1.0) (>= netstandard1.3)) (&& (== netstandard1.1) (>= netstandard1.3)) (== netstandard2.0)
      System.Runtime (>= 4.3) - restriction: || (&& (== net20) (== net45)) (&& (== net20) (== net461)) (&& (== net20) (== net471)) (&& (== net20) (== net472)) (&& (== net20) (>= netstandard1.0)) (&& (== net20) (>= netstandard1.3)) (&& (== net40) (== net45)) (&& (== net40) (== net461)) (&& (== net40) (== net471)) (&& (== net40) (== net472)) (&& (== net40) (>= netstandard1.0)) (&& (== net40) (>= netstandard1.3)) (&& (== net461) (< net45)) (&& (== net471) (< net45)) (&& (== net472) (< net45)) (== netcoreapp2.0) (== netcoreapp2.2) (== netstandard1.0) (== netstandard1.1) (== netstandard2.0)
      System.Runtime.Extensions (>= 4.3) - restriction: || (&& (== net20) (== net461)) (&& (== net20) (== net471)) (&& (== net20) (== net472)) (&& (== net20) (>= netstandard1.3)) (&& (== net40) (== net461)) (&& (== net40) (== net471)) (&& (== net40) (== net472)) (&& (== net40) (>= netstandard1.3)) (&& (== net461) (== netstandard1.0)) (&& (== net461) (== netstandard1.1)) (&& (== net461) (< net45)) (&& (== net471) (== netstandard1.0)) (&& (== net471) (== netstandard1.1)) (&& (== net471) (< net45)) (&& (== net472) (== netstandard1.0)) (&& (== net472) (== netstandard1.1)) (&& (== net472) (< net45)) (== netcoreapp2.0) (== netcoreapp2.2) (&& (== netstandard1.0) (>= netstandard1.3)) (&& (== netstandard1.1) (>= netstandard1.3)) (== netstandard2.0)
      System.Threading (>= 4.3) - restriction: || (&& (== net20) (== net461)) (&& (== net20) (== net471)) (&& (== net20) (== net472)) (&& (== net20) (>= netstandard1.3)) (&& (== net40) (== net461)) (&& (== net40) (== net471)) (&& (== net40) (== net472)) (&& (== net40) (>= netstandard1.3)) (&& (== net461) (== netstandard1.0)) (&& (== net461) (== netstandard1.1)) (&& (== net461) (< net45)) (&& (== net471) (== netstandard1.0)) (&& (== net471) (== netstandard1.1)) (&& (== net471) (< net45)) (&& (== net472) (== netstandard1.0)) (&& (== net472) (== netstandard1.1)) (&& (== net472) (< net45)) (== netcoreapp2.0) (== netcoreapp2.2) (&& (== netstandard1.0) (>= netstandard1.3)) (&& (== netstandard1.1) (>= netstandard1.3)) (== netstandard2.0)
    System.Globalization (4.3) - restriction: || (&& (== net20) (== net45) (>= netstandard1.3)) (&& (== net20) (== net45) (>= netstandard1.5)) (&& (== net20) (== net45) (>= netstandard1.6)) (&& (== net20) (== net461)) (&& (== net20) (== net471)) (&& (== net20) (== net472)) (&& (== net20) (>= net45) (>= netstandard1.3)) (&& (== net20) (>= net45) (>= netstandard1.5)) (&& (== net20) (>= net45) (>= netstandard1.6)) (&& (== net20) (>= netstandard2.0)) (&& (== net40) (< net35) (>= net45) (>= netstandard1.3)) (&& (== net40) (< net35) (>= net45) (>= netstandard1.5)) (&& (== net40) (< net35) (>= net45) (>= netstandard1.6)) (&& (== net40) (< net35) (>= netstandard2.0)) (&& (== net45) (== netstandard1.0) (>= netstandard1.3)) (&& (== net45) (== netstandard1.0) (>= netstandard1.5)) (&& (== net45) (== netstandard1.0) (>= netstandard1.6)) (&& (== net45) (== netstandard1.1) (>= netstandard1.3)) (&& (== net45) (== netstandard1.1) (>= netstandard1.5)) (&& (== net45) (== netstandard1.1) (>= netstandard1.6)) (&& (== net45) (< net35) (>= netstandard1.3)) (&& (== net45) (< net35) (>= netstandard1.5)) (&& (== net45) (< net35) (>= netstandard1.6)) (&& (== net461) (== netstandard1.0)) (&& (== net461) (== netstandard1.1)) (&& (== net461) (< net35)) (&& (== net471) (== netstandard1.0)) (&& (== net471) (== netstandard1.1)) (&& (== net471) (< net35)) (&& (== net472) (== netstandard1.0)) (&& (== net472) (== netstandard1.1)) (&& (== net472) (< net35)) (== netcoreapp2.0) (== netcoreapp2.2) (&& (== netstandard1.0) (>= net45) (>= netstandard1.3)) (&& (== netstandard1.0) (>= net45) (>= netstandard1.5)) (&& (== netstandard1.0) (>= net45) (>= netstandard1.6)) (&& (== netstandard1.0) (>= netstandard2.0)) (&& (== netstandard1.1) (>= net45) (>= netstandard1.3)) (&& (== netstandard1.1) (>= net45) (>= netstandard1.5)) (&& (== netstandard1.1) (>= net45) (>= netstandard1.6)) (&& (== netstandard1.1) (>= netstandard2.0)) (== netstandard2.0)
      Microsoft.NETCore.Platforms (>= 1.1) - restriction: || (&& (== net20) (== net45)) (&& (== net20) (== net461)) (&& (== net20) (== net471)) (&& (== net20) (== net472)) (&& (== net20) (>= netstandard1.0)) (&& (== net20) (>= netstandard1.3)) (&& (== net40) (== net45)) (&& (== net40) (== net461)) (&& (== net40) (== net471)) (&& (== net40) (== net472)) (&& (== net40) (>= netstandard1.0)) (&& (== net40) (>= netstandard1.3)) (&& (== net461) (< net45)) (&& (== net471) (< net45)) (&& (== net472) (< net45)) (== netcoreapp2.0) (== netcoreapp2.2) (== netstandard1.0) (== netstandard1.1) (== netstandard2.0)
      Microsoft.NETCore.Targets (>= 1.1) - restriction: || (&& (== net20) (== net45)) (&& (== net20) (== net461)) (&& (== net20) (== net471)) (&& (== net20) (== net472)) (&& (== net20) (>= netstandard1.0)) (&& (== net20) (>= netstandard1.3)) (&& (== net40) (== net45)) (&& (== net40) (== net461)) (&& (== net40) (== net471)) (&& (== net40) (== net472)) (&& (== net40) (>= netstandard1.0)) (&& (== net40) (>= netstandard1.3)) (&& (== net461) (< net45)) (&& (== net471) (< net45)) (&& (== net472) (< net45)) (== netcoreapp2.0) (== netcoreapp2.2) (== netstandard1.0) (== netstandard1.1) (== netstandard2.0)
      System.Runtime (>= 4.3) - restriction: || (&& (== net20) (== net45)) (&& (== net20) (== net461)) (&& (== net20) (== net471)) (&& (== net20) (== net472)) (&& (== net20) (>= netstandard1.0)) (&& (== net20) (>= netstandard1.3)) (&& (== net40) (== net45)) (&& (== net40) (== net461)) (&& (== net40) (== net471)) (&& (== net40) (== net472)) (&& (== net40) (>= netstandard1.0)) (&& (== net40) (>= netstandard1.3)) (&& (== net461) (< net45)) (&& (== net471) (< net45)) (&& (== net472) (< net45)) (== netcoreapp2.0) (== netcoreapp2.2) (== netstandard1.0) (== netstandard1.1) (== netstandard2.0)
    System.Globalization.Extensions (4.3) - restriction: || (&& (== net20) (== net45) (>= netstandard1.3)) (&& (== net20) (== net45) (>= netstandard1.5)) (&& (== net20) (== net461)) (&& (== net20) (== net471)) (&& (== net20) (== net472)) (&& (== net20) (>= net45) (>= netstandard1.3)) (&& (== net20) (>= net45) (>= netstandard1.5)) (&& (== net20) (>= netstandard2.0)) (&& (== net40) (< net35) (>= net45) (>= netstandard1.3)) (&& (== net40) (< net35) (>= net45) (>= netstandard1.5)) (&& (== net40) (< net35) (>= netstandard2.0)) (&& (== net45) (== netstandard1.0) (>= netstandard1.3)) (&& (== net45) (== netstandard1.0) (>= netstandard1.5)) (&& (== net45) (== netstandard1.1) (>= netstandard1.3)) (&& (== net45) (== netstandard1.1) (>= netstandard1.5)) (&& (== net45) (< net35) (>= netstandard1.3)) (&& (== net45) (< net35) (>= netstandard1.5)) (&& (== net461) (== netstandard1.0)) (&& (== net461) (== netstandard1.1)) (&& (== net461) (< net35)) (&& (== net471) (== netstandard1.0)) (&& (== net471) (== netstandard1.1)) (&& (== net471) (< net35)) (&& (== net472) (== netstandard1.0)) (&& (== net472) (== netstandard1.1)) (&& (== net472) (< net35)) (== netcoreapp2.0) (== netcoreapp2.2) (&& (== netstandard1.0) (>= net45) (>= netstandard1.3)) (&& (== netstandard1.0) (>= net45) (>= netstandard1.5)) (&& (== netstandard1.0) (>= netstandard2.0)) (&& (== netstandard1.1) (>= net45) (>= netstandard1.3)) (&& (== netstandard1.1) (>= net45) (>= netstandard1.5)) (&& (== netstandard1.1) (>= netstandard2.0)) (== netstandard2.0)
      Microsoft.NETCore.Platforms (>= 1.1) - restriction: || (&& (== net20) (== net461)) (&& (== net20) (== net471)) (&& (== net20) (== net472)) (&& (== net20) (>= netstandard1.3)) (&& (== net40) (== net461)) (&& (== net40) (== net471)) (&& (== net40) (== net472)) (&& (== net40) (>= netstandard1.3)) (&& (== net45) (== net461)) (&& (== net45) (== net471)) (&& (== net45) (== net472)) (&& (== net45) (>= netstandard1.3)) (&& (== net461) (== netstandard1.0)) (&& (== net461) (== netstandard1.1)) (&& (== net461) (< net46)) (&& (== net471) (== netstandard1.0)) (&& (== net471) (== netstandard1.1)) (&& (== net471) (< net46)) (&& (== net472) (== netstandard1.0)) (&& (== net472) (== netstandard1.1)) (&& (== net472) (< net46)) (== netcoreapp2.0) (== netcoreapp2.2) (&& (== netstandard1.0) (>= netstandard1.3)) (&& (== netstandard1.1) (>= netstandard1.3)) (== netstandard2.0)
      System.Globalization (>= 4.3) - restriction: || (&& (== net20) (== net461)) (&& (== net20) (== net471)) (&& (== net20) (== net472)) (&& (== net20) (>= netstandard1.3)) (&& (== net40) (== net461)) (&& (== net40) (== net471)) (&& (== net40) (== net472)) (&& (== net40) (>= netstandard1.3)) (&& (== net45) (== net461)) (&& (== net45) (== net471)) (&& (== net45) (== net472)) (&& (== net45) (>= netstandard1.3)) (&& (== net461) (== netstandard1.0)) (&& (== net461) (== netstandard1.1)) (&& (== net461) (< net46)) (&& (== net471) (== netstandard1.0)) (&& (== net471) (== netstandard1.1)) (&& (== net471) (< net46)) (&& (== net472) (== netstandard1.0)) (&& (== net472) (== netstandard1.1)) (&& (== net472) (< net46)) (== netcoreapp2.0) (== netcoreapp2.2) (&& (== netstandard1.0) (>= netstandard1.3)) (&& (== netstandard1.1) (>= netstandard1.3)) (== netstandard2.0)
      System.Resources.ResourceManager (>= 4.3) - restriction: || (&& (== net20) (== net461)) (&& (== net20) (== net471)) (&& (== net20) (== net472)) (&& (== net20) (>= netstandard1.3)) (&& (== net40) (== net461)) (&& (== net40) (== net471)) (&& (== net40) (== net472)) (&& (== net40) (>= netstandard1.3)) (&& (== net45) (== net461)) (&& (== net45) (== net471)) (&& (== net45) (== net472)) (&& (== net45) (>= netstandard1.3)) (&& (== net461) (== netstandard1.0)) (&& (== net461) (== netstandard1.1)) (&& (== net461) (< net46)) (&& (== net471) (== netstandard1.0)) (&& (== net471) (== netstandard1.1)) (&& (== net471) (< net46)) (&& (== net472) (== netstandard1.0)) (&& (== net472) (== netstandard1.1)) (&& (== net472) (< net46)) (== netcoreapp2.0) (== netcoreapp2.2) (&& (== netstandard1.0) (>= netstandard1.3)) (&& (== netstandard1.1) (>= netstandard1.3)) (== netstandard2.0)
      System.Runtime (>= 4.3) - restriction: || (&& (== net20) (== net461)) (&& (== net20) (== net471)) (&& (== net20) (== net472)) (&& (== net20) (>= netstandard1.3)) (&& (== net40) (== net461)) (&& (== net40) (== net471)) (&& (== net40) (== net472)) (&& (== net40) (>= netstandard1.3)) (&& (== net45) (== net461)) (&& (== net45) (== net471)) (&& (== net45) (== net472)) (&& (== net45) (>= netstandard1.3)) (&& (== net461) (== netstandard1.0)) (&& (== net461) (== netstandard1.1)) (&& (== net461) (< net46)) (&& (== net471) (== netstandard1.0)) (&& (== net471) (== netstandard1.1)) (&& (== net471) (< net46)) (&& (== net472) (== netstandard1.0)) (&& (== net472) (== netstandard1.1)) (&& (== net472) (< net46)) (== netcoreapp2.0) (== netcoreapp2.2) (&& (== netstandard1.0) (>= netstandard1.3)) (&& (== netstandard1.1) (>= netstandard1.3)) (== netstandard2.0)
      System.Runtime.Extensions (>= 4.3) - restriction: || (&& (== net20) (== net461)) (&& (== net20) (== net471)) (&& (== net20) (== net472)) (&& (== net20) (>= netstandard1.3)) (&& (== net40) (== net461)) (&& (== net40) (== net471)) (&& (== net40) (== net472)) (&& (== net40) (>= netstandard1.3)) (&& (== net45) (== net461)) (&& (== net45) (== net471)) (&& (== net45) (== net472)) (&& (== net45) (>= netstandard1.3)) (&& (== net461) (== netstandard1.0)) (&& (== net461) (== netstandard1.1)) (&& (== net461) (< net46)) (&& (== net471) (== netstandard1.0)) (&& (== net471) (== netstandard1.1)) (&& (== net471) (< net46)) (&& (== net472) (== netstandard1.0)) (&& (== net472) (== netstandard1.1)) (&& (== net472) (< net46)) (== netcoreapp2.0) (== netcoreapp2.2) (&& (== netstandard1.0) (>= netstandard1.3)) (&& (== netstandard1.1) (>= netstandard1.3)) (== netstandard2.0)
      System.Runtime.InteropServices (>= 4.3) - restriction: || (&& (== net20) (== net461)) (&& (== net20) (== net471)) (&& (== net20) (== net472)) (&& (== net20) (>= netstandard1.3)) (&& (== net40) (== net461)) (&& (== net40) (== net471)) (&& (== net40) (== net472)) (&& (== net40) (>= netstandard1.3)) (&& (== net45) (== net461)) (&& (== net45) (== net471)) (&& (== net45) (== net472)) (&& (== net45) (>= netstandard1.3)) (&& (== net461) (== netstandard1.0)) (&& (== net461) (== netstandard1.1)) (&& (== net461) (< net46)) (&& (== net471) (== netstandard1.0)) (&& (== net471) (== netstandard1.1)) (&& (== net471) (< net46)) (&& (== net472) (== netstandard1.0)) (&& (== net472) (== netstandard1.1)) (&& (== net472) (< net46)) (== netcoreapp2.0) (== netcoreapp2.2) (&& (== netstandard1.0) (>= netstandard1.3)) (&& (== netstandard1.1) (>= netstandard1.3)) (== netstandard2.0)
    System.IO (4.3) - restriction: || (&& (== net20) (== net45) (>= netstandard1.3)) (&& (== net20) (== net45) (>= netstandard1.5)) (&& (== net20) (== net461)) (&& (== net20) (== net471)) (&& (== net20) (== net472)) (&& (== net20) (>= net45) (>= netstandard1.3)) (&& (== net20) (>= net45) (>= netstandard1.5)) (&& (== net20) (>= netstandard2.0)) (&& (== net40) (< net35) (>= net45) (>= netstandard1.3)) (&& (== net40) (< net35) (>= net45) (>= netstandard1.5)) (&& (== net40) (< net35) (>= netstandard2.0)) (&& (== net45) (== netstandard1.0) (>= netstandard1.3)) (&& (== net45) (== netstandard1.0) (>= netstandard1.5)) (&& (== net45) (== netstandard1.1) (>= netstandard1.3)) (&& (== net45) (== netstandard1.1) (>= netstandard1.5)) (&& (== net45) (< net35) (>= netstandard1.3)) (&& (== net45) (< net35) (>= netstandard1.5)) (&& (== net461) (== netstandard1.0)) (&& (== net461) (== netstandard1.1)) (&& (== net461) (< net35)) (&& (== net471) (== netstandard1.0)) (&& (== net471) (== netstandard1.1)) (&& (== net471) (< net35)) (&& (== net472) (== netstandard1.0)) (&& (== net472) (== netstandard1.1)) (&& (== net472) (< net35)) (== netcoreapp2.0) (== netcoreapp2.2) (&& (== netstandard1.0) (>= net45) (>= netstandard1.3)) (&& (== netstandard1.0) (>= net45) (>= netstandard1.5)) (&& (== netstandard1.0) (>= netstandard2.0)) (&& (== netstandard1.1) (>= net45) (>= netstandard1.3)) (&& (== netstandard1.1) (>= net45) (>= netstandard1.5)) (&& (== netstandard1.1) (>= netstandard2.0)) (== netstandard2.0)
      Microsoft.NETCore.Platforms (>= 1.1) - restriction: || (&& (== net20) (== net45)) (&& (== net20) (== net461)) (&& (== net20) (== net471)) (&& (== net20) (== net472)) (&& (== net20) (>= netstandard1.0)) (&& (== net20) (>= netstandard1.3)) (&& (== net20) (>= netstandard1.5)) (&& (== net40) (== net45)) (&& (== net40) (== net461)) (&& (== net40) (== net471)) (&& (== net40) (== net472)) (&& (== net40) (>= netstandard1.0)) (&& (== net40) (>= netstandard1.3)) (&& (== net40) (>= netstandard1.5)) (&& (== net461) (< net45)) (&& (== net471) (< net45)) (&& (== net472) (< net45)) (== netcoreapp2.0) (== netcoreapp2.2) (== netstandard1.0) (== netstandard1.1) (== netstandard2.0)
      Microsoft.NETCore.Targets (>= 1.1) - restriction: || (&& (== net20) (== net45)) (&& (== net20) (== net461)) (&& (== net20) (== net471)) (&& (== net20) (== net472)) (&& (== net20) (>= netstandard1.0)) (&& (== net20) (>= netstandard1.3)) (&& (== net20) (>= netstandard1.5)) (&& (== net40) (== net45)) (&& (== net40) (== net461)) (&& (== net40) (== net471)) (&& (== net40) (== net472)) (&& (== net40) (>= netstandard1.0)) (&& (== net40) (>= netstandard1.3)) (&& (== net40) (>= netstandard1.5)) (&& (== net461) (< net45)) (&& (== net471) (< net45)) (&& (== net472) (< net45)) (== netcoreapp2.0) (== netcoreapp2.2) (== netstandard1.0) (== netstandard1.1) (== netstandard2.0)
      System.Runtime (>= 4.3) - restriction: || (&& (== net20) (== net45)) (&& (== net20) (== net461)) (&& (== net20) (== net471)) (&& (== net20) (== net472)) (&& (== net20) (>= netstandard1.0)) (&& (== net20) (>= netstandard1.3)) (&& (== net20) (>= netstandard1.5)) (&& (== net40) (== net45)) (&& (== net40) (== net461)) (&& (== net40) (== net471)) (&& (== net40) (== net472)) (&& (== net40) (>= netstandard1.0)) (&& (== net40) (>= netstandard1.3)) (&& (== net40) (>= netstandard1.5)) (&& (== net461) (< net45)) (&& (== net471) (< net45)) (&& (== net472) (< net45)) (== netcoreapp2.0) (== netcoreapp2.2) (== netstandard1.0) (== netstandard1.1) (== netstandard2.0)
      System.Text.Encoding (>= 4.3) - restriction: || (&& (== net20) (== net45)) (&& (== net20) (== net461)) (&& (== net20) (== net471)) (&& (== net20) (== net472)) (&& (== net20) (>= netstandard1.0)) (&& (== net20) (>= netstandard1.3)) (&& (== net20) (>= netstandard1.5)) (&& (== net40) (== net45)) (&& (== net40) (== net461)) (&& (== net40) (== net471)) (&& (== net40) (== net472)) (&& (== net40) (>= netstandard1.0)) (&& (== net40) (>= netstandard1.3)) (&& (== net40) (>= netstandard1.5)) (&& (== net461) (< net45)) (&& (== net471) (< net45)) (&& (== net472) (< net45)) (== netcoreapp2.0) (== netcoreapp2.2) (== netstandard1.0) (== netstandard1.1) (== netstandard2.0)
      System.Threading.Tasks (>= 4.3) - restriction: || (&& (== net20) (== net45)) (&& (== net20) (== net461)) (&& (== net20) (== net471)) (&& (== net20) (== net472)) (&& (== net20) (>= netstandard1.0)) (&& (== net20) (>= netstandard1.3)) (&& (== net20) (>= netstandard1.5)) (&& (== net40) (== net45)) (&& (== net40) (== net461)) (&& (== net40) (== net471)) (&& (== net40) (== net472)) (&& (== net40) (>= netstandard1.0)) (&& (== net40) (>= netstandard1.3)) (&& (== net40) (>= netstandard1.5)) (&& (== net461) (< net45)) (&& (== net471) (< net45)) (&& (== net472) (< net45)) (== netcoreapp2.0) (== netcoreapp2.2) (== netstandard1.0) (== netstandard1.1) (== netstandard2.0)
    System.IO.FileSystem (4.3) - restriction: || (&& (== net20) (== net45) (>= netstandard1.3)) (&& (== net20) (== net45) (>= netstandard1.5)) (&& (== net20) (== net461)) (&& (== net20) (== net471)) (&& (== net20) (== net472)) (&& (== net20) (>= net45) (>= netstandard1.3)) (&& (== net20) (>= net45) (>= netstandard1.5)) (&& (== net20) (>= netstandard2.0)) (&& (== net40) (< net35) (>= net45) (>= netstandard1.3)) (&& (== net40) (< net35) (>= net45) (>= netstandard1.5)) (&& (== net40) (< net35) (>= netstandard2.0)) (&& (== net45) (== netstandard1.0) (>= netstandard1.3)) (&& (== net45) (== netstandard1.0) (>= netstandard1.5)) (&& (== net45) (== netstandard1.1) (>= netstandard1.3)) (&& (== net45) (== netstandard1.1) (>= netstandard1.5)) (&& (== net45) (< net35) (>= netstandard1.3)) (&& (== net45) (< net35) (>= netstandard1.5)) (&& (== net461) (== netstandard1.0)) (&& (== net461) (== netstandard1.1)) (&& (== net461) (< net35)) (&& (== net471) (== netstandard1.0)) (&& (== net471) (== netstandard1.1)) (&& (== net471) (< net35)) (&& (== net472) (== netstandard1.0)) (&& (== net472) (== netstandard1.1)) (&& (== net472) (< net35)) (== netcoreapp2.0) (== netcoreapp2.2) (&& (== netstandard1.0) (>= net45) (>= netstandard1.3)) (&& (== netstandard1.0) (>= net45) (>= netstandard1.5)) (&& (== netstandard1.0) (>= netstandard2.0)) (&& (== netstandard1.1) (>= net45) (>= netstandard1.3)) (&& (== netstandard1.1) (>= net45) (>= netstandard1.5)) (&& (== netstandard1.1) (>= netstandard2.0)) (== netstandard2.0)
      Microsoft.NETCore.Platforms (>= 1.1) - restriction: || (&& (== net20) (== net461)) (&& (== net20) (== net471)) (&& (== net20) (== net472)) (&& (== net20) (>= netstandard1.3)) (&& (== net40) (== net461)) (&& (== net40) (== net471)) (&& (== net40) (== net472)) (&& (== net40) (>= netstandard1.3)) (&& (== net45) (== net461)) (&& (== net45) (== net471)) (&& (== net45) (== net472)) (&& (== net45) (>= netstandard1.3)) (&& (== net461) (== netstandard1.0)) (&& (== net461) (== netstandard1.1)) (&& (== net461) (< net46)) (&& (== net471) (== netstandard1.0)) (&& (== net471) (== netstandard1.1)) (&& (== net471) (< net46)) (&& (== net472) (== netstandard1.0)) (&& (== net472) (== netstandard1.1)) (&& (== net472) (< net46)) (== netcoreapp2.0) (== netcoreapp2.2) (&& (== netstandard1.0) (>= netstandard1.3)) (&& (== netstandard1.1) (>= netstandard1.3)) (== netstandard2.0)
      Microsoft.NETCore.Targets (>= 1.1) - restriction: || (&& (== net20) (== net461)) (&& (== net20) (== net471)) (&& (== net20) (== net472)) (&& (== net20) (>= netstandard1.3)) (&& (== net40) (== net461)) (&& (== net40) (== net471)) (&& (== net40) (== net472)) (&& (== net40) (>= netstandard1.3)) (&& (== net45) (== net461)) (&& (== net45) (== net471)) (&& (== net45) (== net472)) (&& (== net45) (>= netstandard1.3)) (&& (== net461) (== netstandard1.0)) (&& (== net461) (== netstandard1.1)) (&& (== net461) (< net46)) (&& (== net471) (== netstandard1.0)) (&& (== net471) (== netstandard1.1)) (&& (== net471) (< net46)) (&& (== net472) (== netstandard1.0)) (&& (== net472) (== netstandard1.1)) (&& (== net472) (< net46)) (== netcoreapp2.0) (== netcoreapp2.2) (&& (== netstandard1.0) (>= netstandard1.3)) (&& (== netstandard1.1) (>= netstandard1.3)) (== netstandard2.0)
      System.IO (>= 4.3) - restriction: || (&& (== net20) (== net461)) (&& (== net20) (== net471)) (&& (== net20) (== net472)) (&& (== net20) (>= netstandard1.3)) (&& (== net40) (== net461)) (&& (== net40) (== net471)) (&& (== net40) (== net472)) (&& (== net40) (>= netstandard1.3)) (&& (== net45) (== net461)) (&& (== net45) (== net471)) (&& (== net45) (== net472)) (&& (== net45) (>= netstandard1.3)) (&& (== net461) (== netstandard1.0)) (&& (== net461) (== netstandard1.1)) (&& (== net461) (< net46)) (&& (== net471) (== netstandard1.0)) (&& (== net471) (== netstandard1.1)) (&& (== net471) (< net46)) (&& (== net472) (== netstandard1.0)) (&& (== net472) (== netstandard1.1)) (&& (== net472) (< net46)) (== netcoreapp2.0) (== netcoreapp2.2) (&& (== netstandard1.0) (>= netstandard1.3)) (&& (== netstandard1.1) (>= netstandard1.3)) (== netstandard2.0)
      System.IO.FileSystem.Primitives (>= 4.3) - restriction: || (&& (== net20) (>= net46)) (&& (== net20) (>= netstandard1.3)) (&& (== net40) (>= net46)) (&& (== net40) (>= netstandard1.3)) (&& (== net45) (>= net46)) (&& (== net45) (>= netstandard1.3)) (== net461) (== net471) (== net472) (== netcoreapp2.0) (== netcoreapp2.2) (&& (== netstandard1.0) (>= net46)) (&& (== netstandard1.0) (>= netstandard1.3)) (&& (== netstandard1.1) (>= net46)) (&& (== netstandard1.1) (>= netstandard1.3)) (== netstandard2.0)
      System.Runtime (>= 4.3) - restriction: || (&& (== net20) (== net461)) (&& (== net20) (== net471)) (&& (== net20) (== net472)) (&& (== net20) (>= netstandard1.3)) (&& (== net40) (== net461)) (&& (== net40) (== net471)) (&& (== net40) (== net472)) (&& (== net40) (>= netstandard1.3)) (&& (== net45) (== net461)) (&& (== net45) (== net471)) (&& (== net45) (== net472)) (&& (== net45) (>= netstandard1.3)) (&& (== net461) (== netstandard1.0)) (&& (== net461) (== netstandard1.1)) (&& (== net461) (< net46)) (&& (== net471) (== netstandard1.0)) (&& (== net471) (== netstandard1.1)) (&& (== net471) (< net46)) (&& (== net472) (== netstandard1.0)) (&& (== net472) (== netstandard1.1)) (&& (== net472) (< net46)) (== netcoreapp2.0) (== netcoreapp2.2) (&& (== netstandard1.0) (>= netstandard1.3)) (&& (== netstandard1.1) (>= netstandard1.3)) (== netstandard2.0)
      System.Runtime.Handles (>= 4.3) - restriction: || (&& (== net20) (== net461)) (&& (== net20) (== net471)) (&& (== net20) (== net472)) (&& (== net20) (>= netstandard1.3)) (&& (== net40) (== net461)) (&& (== net40) (== net471)) (&& (== net40) (== net472)) (&& (== net40) (>= netstandard1.3)) (&& (== net45) (== net461)) (&& (== net45) (== net471)) (&& (== net45) (== net472)) (&& (== net45) (>= netstandard1.3)) (&& (== net461) (== netstandard1.0)) (&& (== net461) (== netstandard1.1)) (&& (== net461) (< net46)) (&& (== net471) (== netstandard1.0)) (&& (== net471) (== netstandard1.1)) (&& (== net471) (< net46)) (&& (== net472) (== netstandard1.0)) (&& (== net472) (== netstandard1.1)) (&& (== net472) (< net46)) (== netcoreapp2.0) (== netcoreapp2.2) (&& (== netstandard1.0) (>= netstandard1.3)) (&& (== netstandard1.1) (>= netstandard1.3)) (== netstandard2.0)
      System.Text.Encoding (>= 4.3) - restriction: || (&& (== net20) (== net461)) (&& (== net20) (== net471)) (&& (== net20) (== net472)) (&& (== net20) (>= netstandard1.3)) (&& (== net40) (== net461)) (&& (== net40) (== net471)) (&& (== net40) (== net472)) (&& (== net40) (>= netstandard1.3)) (&& (== net45) (== net461)) (&& (== net45) (== net471)) (&& (== net45) (== net472)) (&& (== net45) (>= netstandard1.3)) (&& (== net461) (== netstandard1.0)) (&& (== net461) (== netstandard1.1)) (&& (== net461) (< net46)) (&& (== net471) (== netstandard1.0)) (&& (== net471) (== netstandard1.1)) (&& (== net471) (< net46)) (&& (== net472) (== netstandard1.0)) (&& (== net472) (== netstandard1.1)) (&& (== net472) (< net46)) (== netcoreapp2.0) (== netcoreapp2.2) (&& (== netstandard1.0) (>= netstandard1.3)) (&& (== netstandard1.1) (>= netstandard1.3)) (== netstandard2.0)
      System.Threading.Tasks (>= 4.3) - restriction: || (&& (== net20) (== net461)) (&& (== net20) (== net471)) (&& (== net20) (== net472)) (&& (== net20) (>= netstandard1.3)) (&& (== net40) (== net461)) (&& (== net40) (== net471)) (&& (== net40) (== net472)) (&& (== net40) (>= netstandard1.3)) (&& (== net45) (== net461)) (&& (== net45) (== net471)) (&& (== net45) (== net472)) (&& (== net45) (>= netstandard1.3)) (&& (== net461) (== netstandard1.0)) (&& (== net461) (== netstandard1.1)) (&& (== net461) (< net46)) (&& (== net471) (== netstandard1.0)) (&& (== net471) (== netstandard1.1)) (&& (== net471) (< net46)) (&& (== net472) (== netstandard1.0)) (&& (== net472) (== netstandard1.1)) (&& (== net472) (< net46)) (== netcoreapp2.0) (== netcoreapp2.2) (&& (== netstandard1.0) (>= netstandard1.3)) (&& (== netstandard1.1) (>= netstandard1.3)) (== netstandard2.0)
    System.IO.FileSystem.Primitives (4.3) - restriction: || (&& (== net20) (== net45) (>= netstandard1.3)) (&& (== net20) (== net45) (>= netstandard1.5)) (&& (== net20) (== net461)) (&& (== net20) (== net471)) (&& (== net20) (== net472)) (&& (== net20) (>= net45) (>= netstandard1.3)) (&& (== net20) (>= net45) (>= netstandard1.5)) (&& (== net20) (>= netstandard2.0)) (&& (== net40) (< net35) (>= net45) (>= netstandard1.3)) (&& (== net40) (< net35) (>= net45) (>= netstandard1.5)) (&& (== net40) (< net35) (>= netstandard2.0)) (&& (== net45) (== netstandard1.0) (>= netstandard1.3)) (&& (== net45) (== netstandard1.0) (>= netstandard1.5)) (&& (== net45) (== netstandard1.1) (>= netstandard1.3)) (&& (== net45) (== netstandard1.1) (>= netstandard1.5)) (&& (== net45) (< net35) (>= netstandard1.3)) (&& (== net45) (< net35) (>= netstandard1.5)) (&& (== net461) (== netstandard1.0)) (&& (== net461) (== netstandard1.1)) (&& (== net461) (< net35)) (&& (== net471) (== netstandard1.0)) (&& (== net471) (== netstandard1.1)) (&& (== net471) (< net35)) (&& (== net472) (== netstandard1.0)) (&& (== net472) (== netstandard1.1)) (&& (== net472) (< net35)) (== netcoreapp2.0) (== netcoreapp2.2) (&& (== netstandard1.0) (>= net45) (>= netstandard1.3)) (&& (== netstandard1.0) (>= net45) (>= netstandard1.5)) (&& (== netstandard1.0) (>= netstandard2.0)) (&& (== netstandard1.1) (>= net45) (>= netstandard1.3)) (&& (== netstandard1.1) (>= net45) (>= netstandard1.5)) (&& (== netstandard1.1) (>= netstandard2.0)) (== netstandard2.0)
      System.Runtime (>= 4.3) - restriction: || (&& (== net20) (== net461)) (&& (== net20) (== net471)) (&& (== net20) (== net472)) (&& (== net20) (>= netstandard1.3)) (&& (== net40) (== net461)) (&& (== net40) (== net471)) (&& (== net40) (== net472)) (&& (== net40) (>= netstandard1.3)) (&& (== net45) (== net461)) (&& (== net45) (== net471)) (&& (== net45) (== net472)) (&& (== net45) (>= netstandard1.3)) (&& (== net461) (== netstandard1.0)) (&& (== net461) (== netstandard1.1)) (&& (== net461) (< net46)) (&& (== net471) (== netstandard1.0)) (&& (== net471) (== netstandard1.1)) (&& (== net471) (< net46)) (&& (== net472) (== netstandard1.0)) (&& (== net472) (== netstandard1.1)) (&& (== net472) (< net46)) (== netcoreapp2.0) (== netcoreapp2.2) (&& (== netstandard1.0) (>= netstandard1.3)) (&& (== netstandard1.1) (>= netstandard1.3)) (== netstandard2.0)
    System.Linq (4.3) - restriction: || (&& (== net20) (== net45) (>= netstandard1.5)) (&& (== net20) (== net461) (>= netstandard1.5)) (&& (== net20) (== net471)) (&& (== net20) (== net472)) (&& (== net20) (>= net45) (>= netstandard1.5)) (&& (== net20) (>= netstandard2.0)) (&& (== net40) (< net35) (>= net45) (>= netstandard1.5)) (&& (== net40) (< net35) (>= netstandard2.0)) (&& (== net45) (== netstandard1.0) (>= netstandard1.5)) (&& (== net45) (== netstandard1.1) (>= netstandard1.5)) (&& (== net45) (< net35) (>= netstandard1.5)) (&& (== net461) (== netstandard1.0) (>= netstandard1.5)) (&& (== net461) (== netstandard1.1) (>= netstandard1.5)) (&& (== net461) (< net35) (>= netstandard1.5)) (&& (== net471) (== netstandard1.0)) (&& (== net471) (== netstandard1.1)) (&& (== net471) (< net35)) (&& (== net472) (== netstandard1.0)) (&& (== net472) (== netstandard1.1)) (&& (== net472) (< net35)) (== netcoreapp2.0) (== netcoreapp2.2) (&& (== netstandard1.0) (>= net45) (>= netstandard1.5)) (&& (== netstandard1.0) (>= netstandard2.0)) (&& (== netstandard1.1) (>= net45) (>= netstandard1.5)) (&& (== netstandard1.1) (>= netstandard2.0)) (== netstandard2.0)
      System.Collections (>= 4.3) - restriction: || (&& (== net20) (== net45)) (&& (== net20) (== net461)) (&& (== net20) (== net471)) (&& (== net20) (== net472)) (&& (== net20) (>= netstandard1.0)) (&& (== net20) (>= netstandard1.6)) (&& (== net40) (== net45)) (&& (== net40) (== net461)) (&& (== net40) (== net471)) (&& (== net40) (== net472)) (&& (== net40) (>= netstandard1.0)) (&& (== net40) (>= netstandard1.6)) (&& (== net461) (< net45)) (&& (== net471) (< net45)) (&& (== net472) (< net45)) (== netcoreapp2.0) (== netcoreapp2.2) (== netstandard1.0) (== netstandard1.1) (== netstandard2.0)
      System.Diagnostics.Debug (>= 4.3) - restriction: || (&& (== net20) (== net471)) (&& (== net20) (== net472)) (&& (== net20) (>= netstandard1.6)) (&& (== net40) (== net471)) (&& (== net40) (== net472)) (&& (== net40) (>= netstandard1.6)) (&& (== net461) (< net45) (>= netstandard1.6)) (&& (== net471) (== netstandard1.0)) (&& (== net471) (== netstandard1.1)) (&& (== net471) (< net45)) (&& (== net472) (== netstandard1.0)) (&& (== net472) (== netstandard1.1)) (&& (== net472) (< net45)) (== netcoreapp2.0) (== netcoreapp2.2) (&& (== netstandard1.0) (>= netstandard1.6)) (&& (== netstandard1.1) (>= netstandard1.6)) (== netstandard2.0)
      System.Resources.ResourceManager (>= 4.3) - restriction: || (&& (== net20) (== net471)) (&& (== net20) (== net472)) (&& (== net20) (>= netstandard1.6)) (&& (== net40) (== net471)) (&& (== net40) (== net472)) (&& (== net40) (>= netstandard1.6)) (&& (== net461) (< net45) (>= netstandard1.6)) (&& (== net471) (== netstandard1.0)) (&& (== net471) (== netstandard1.1)) (&& (== net471) (< net45)) (&& (== net472) (== netstandard1.0)) (&& (== net472) (== netstandard1.1)) (&& (== net472) (< net45)) (== netcoreapp2.0) (== netcoreapp2.2) (&& (== netstandard1.0) (>= netstandard1.6)) (&& (== netstandard1.1) (>= netstandard1.6)) (== netstandard2.0)
      System.Runtime (>= 4.3) - restriction: || (&& (== net20) (== net45)) (&& (== net20) (== net461)) (&& (== net20) (== net471)) (&& (== net20) (== net472)) (&& (== net20) (>= netstandard1.0)) (&& (== net20) (>= netstandard1.6)) (&& (== net40) (== net45)) (&& (== net40) (== net461)) (&& (== net40) (== net471)) (&& (== net40) (== net472)) (&& (== net40) (>= netstandard1.0)) (&& (== net40) (>= netstandard1.6)) (&& (== net461) (< net45)) (&& (== net471) (< net45)) (&& (== net472) (< net45)) (== netcoreapp2.0) (== netcoreapp2.2) (== netstandard1.0) (== netstandard1.1) (== netstandard2.0)
      System.Runtime.Extensions (>= 4.3) - restriction: || (&& (== net20) (== net471)) (&& (== net20) (== net472)) (&& (== net20) (>= netstandard1.6)) (&& (== net40) (== net471)) (&& (== net40) (== net472)) (&& (== net40) (>= netstandard1.6)) (&& (== net461) (< net45) (>= netstandard1.6)) (&& (== net471) (== netstandard1.0)) (&& (== net471) (== netstandard1.1)) (&& (== net471) (< net45)) (&& (== net472) (== netstandard1.0)) (&& (== net472) (== netstandard1.1)) (&& (== net472) (< net45)) (== netcoreapp2.0) (== netcoreapp2.2) (&& (== netstandard1.0) (>= netstandard1.6)) (&& (== netstandard1.1) (>= netstandard1.6)) (== netstandard2.0)
    System.Linq.Expressions (4.3) - restriction: || (&& (== net20) (== net45) (>= netstandard1.3)) (&& (== net20) (== net45) (>= netstandard1.5)) (&& (== net20) (== net461)) (&& (== net20) (== net471)) (&& (== net20) (== net472)) (&& (== net20) (>= net45) (>= netstandard1.3)) (&& (== net20) (>= net45) (>= netstandard1.5)) (&& (== net20) (>= netstandard2.0)) (&& (== net40) (< net35) (>= net45) (>= netstandard1.3)) (&& (== net40) (< net35) (>= net45) (>= netstandard1.5)) (&& (== net40) (< net35) (>= netstandard2.0)) (&& (== net45) (== netstandard1.0) (>= netstandard1.3)) (&& (== net45) (== netstandard1.0) (>= netstandard1.5)) (&& (== net45) (== netstandard1.1) (>= netstandard1.3)) (&& (== net45) (== netstandard1.1) (>= netstandard1.5)) (&& (== net45) (< net35) (>= netstandard1.3)) (&& (== net45) (< net35) (>= netstandard1.5)) (&& (== net461) (== netstandard1.0)) (&& (== net461) (== netstandard1.1)) (&& (== net461) (< net35)) (&& (== net471) (== netstandard1.0)) (&& (== net471) (== netstandard1.1)) (&& (== net471) (< net35)) (&& (== net472) (== netstandard1.0)) (&& (== net472) (== netstandard1.1)) (&& (== net472) (< net35)) (== netcoreapp2.0) (== netcoreapp2.2) (&& (== netstandard1.0) (>= net45) (>= netstandard1.3)) (&& (== netstandard1.0) (>= net45) (>= netstandard1.5)) (&& (== netstandard1.0) (>= netstandard2.0)) (&& (== netstandard1.1) (>= net45) (>= netstandard1.3)) (&& (== netstandard1.1) (>= net45) (>= netstandard1.5)) (&& (== netstandard1.1) (>= netstandard2.0)) (== netstandard2.0)
      System.Collections (>= 4.3) - restriction: || (&& (== net20) (== net471)) (&& (== net20) (== net472)) (&& (== net20) (>= netstandard1.6)) (&& (== net40) (== net471)) (&& (== net40) (== net472)) (&& (== net40) (>= netstandard1.6)) (&& (== net461) (< net45) (>= netstandard1.6)) (&& (== net471) (== netstandard1.0)) (&& (== net471) (== netstandard1.1)) (&& (== net471) (< net45)) (&& (== net472) (== netstandard1.0)) (&& (== net472) (== netstandard1.1)) (&& (== net472) (< net45)) (== netcoreapp2.0) (== netcoreapp2.2) (&& (== netstandard1.0) (>= netstandard1.6)) (&& (== netstandard1.1) (>= netstandard1.6)) (== netstandard2.0)
      System.Diagnostics.Debug (>= 4.3) - restriction: || (&& (== net20) (== net471)) (&& (== net20) (== net472)) (&& (== net20) (>= netstandard1.6)) (&& (== net40) (== net471)) (&& (== net40) (== net472)) (&& (== net40) (>= netstandard1.6)) (&& (== net461) (< net45) (>= netstandard1.6)) (&& (== net471) (== netstandard1.0)) (&& (== net471) (== netstandard1.1)) (&& (== net471) (< net45)) (&& (== net472) (== netstandard1.0)) (&& (== net472) (== netstandard1.1)) (&& (== net472) (< net45)) (== netcoreapp2.0) (== netcoreapp2.2) (&& (== netstandard1.0) (>= netstandard1.6)) (&& (== netstandard1.1) (>= netstandard1.6)) (== netstandard2.0)
      System.Globalization (>= 4.3) - restriction: || (&& (== net20) (== net471)) (&& (== net20) (== net472)) (&& (== net20) (>= netstandard1.6)) (&& (== net40) (== net471)) (&& (== net40) (== net472)) (&& (== net40) (>= netstandard1.6)) (&& (== net461) (< net45) (>= netstandard1.6)) (&& (== net471) (== netstandard1.0)) (&& (== net471) (== netstandard1.1)) (&& (== net471) (< net45)) (&& (== net472) (== netstandard1.0)) (&& (== net472) (== netstandard1.1)) (&& (== net472) (< net45)) (== netcoreapp2.0) (== netcoreapp2.2) (&& (== netstandard1.0) (>= netstandard1.6)) (&& (== netstandard1.1) (>= netstandard1.6)) (== netstandard2.0)
      System.IO (>= 4.3) - restriction: || (&& (== net20) (== net471)) (&& (== net20) (== net472)) (&& (== net20) (>= netstandard1.6)) (&& (== net40) (== net471)) (&& (== net40) (== net472)) (&& (== net40) (>= netstandard1.6)) (&& (== net461) (< net45) (>= netstandard1.6)) (&& (== net471) (== netstandard1.0)) (&& (== net471) (== netstandard1.1)) (&& (== net471) (< net45)) (&& (== net472) (== netstandard1.0)) (&& (== net472) (== netstandard1.1)) (&& (== net472) (< net45)) (== netcoreapp2.0) (== netcoreapp2.2) (&& (== netstandard1.0) (>= netstandard1.6)) (&& (== netstandard1.1) (>= netstandard1.6)) (== netstandard2.0)
      System.Linq (>= 4.3) - restriction: || (&& (== net20) (== net471)) (&& (== net20) (== net472)) (&& (== net20) (>= netstandard1.6)) (&& (== net40) (== net471)) (&& (== net40) (== net472)) (&& (== net40) (>= netstandard1.6)) (&& (== net461) (< net45) (>= netstandard1.6)) (&& (== net471) (== netstandard1.0)) (&& (== net471) (== netstandard1.1)) (&& (== net471) (< net45)) (&& (== net472) (== netstandard1.0)) (&& (== net472) (== netstandard1.1)) (&& (== net472) (< net45)) (== netcoreapp2.0) (== netcoreapp2.2) (&& (== netstandard1.0) (>= netstandard1.6)) (&& (== netstandard1.1) (>= netstandard1.6)) (== netstandard2.0)
      System.ObjectModel (>= 4.3) - restriction: || (&& (== net20) (== net471)) (&& (== net20) (== net472)) (&& (== net20) (>= netstandard1.6)) (&& (== net40) (== net471)) (&& (== net40) (== net472)) (&& (== net40) (>= netstandard1.6)) (&& (== net461) (< net45) (>= netstandard1.6)) (&& (== net471) (== netstandard1.0)) (&& (== net471) (== netstandard1.1)) (&& (== net471) (< net45)) (&& (== net472) (== netstandard1.0)) (&& (== net472) (== netstandard1.1)) (&& (== net472) (< net45)) (== netcoreapp2.0) (== netcoreapp2.2) (&& (== netstandard1.0) (>= netstandard1.6)) (&& (== netstandard1.1) (>= netstandard1.6)) (== netstandard2.0)
      System.Reflection (>= 4.3) - restriction: || (&& (== net20) (== net45)) (&& (== net20) (== net461)) (&& (== net20) (== net471)) (&& (== net20) (== net472)) (&& (== net20) (>= netstandard1.0)) (&& (== net20) (>= netstandard1.3)) (&& (== net20) (>= netstandard1.6)) (&& (== net40) (== net45)) (&& (== net40) (== net461)) (&& (== net40) (== net471)) (&& (== net40) (== net472)) (&& (== net40) (>= netstandard1.0)) (&& (== net40) (>= netstandard1.3)) (&& (== net40) (>= netstandard1.6)) (&& (== net461) (< net45)) (&& (== net471) (< net45)) (&& (== net472) (< net45)) (== netcoreapp2.0) (== netcoreapp2.2) (== netstandard1.0) (== netstandard1.1) (== netstandard2.0)
      System.Reflection.Emit (>= 4.3) - restriction: || (&& (== net20) (== net471)) (&& (== net20) (== net472)) (&& (== net20) (>= netstandard1.6)) (&& (== net40) (== net471)) (&& (== net40) (== net472)) (&& (== net40) (>= netstandard1.6)) (&& (== net461) (< net45) (>= netstandard1.6)) (&& (== net471) (== netstandard1.0)) (&& (== net471) (== netstandard1.1)) (&& (== net471) (< net45)) (&& (== net472) (== netstandard1.0)) (&& (== net472) (== netstandard1.1)) (&& (== net472) (< net45)) (== netcoreapp2.0) (== netcoreapp2.2) (&& (== netstandard1.0) (>= netstandard1.6)) (&& (== netstandard1.1) (>= netstandard1.6)) (== netstandard2.0)
      System.Reflection.Emit.ILGeneration (>= 4.3) - restriction: || (&& (== net20) (== net471)) (&& (== net20) (== net472)) (&& (== net20) (>= netstandard1.6)) (&& (== net40) (== net471)) (&& (== net40) (== net472)) (&& (== net40) (>= netstandard1.6)) (&& (== net461) (< net45) (>= netstandard1.6)) (&& (== net471) (== netstandard1.0)) (&& (== net471) (== netstandard1.1)) (&& (== net471) (< net45)) (&& (== net472) (== netstandard1.0)) (&& (== net472) (== netstandard1.1)) (&& (== net472) (< net45)) (== netcoreapp2.0) (== netcoreapp2.2) (&& (== netstandard1.0) (>= netstandard1.6)) (&& (== netstandard1.1) (>= netstandard1.6)) (== netstandard2.0)
      System.Reflection.Emit.Lightweight (>= 4.3) - restriction: || (&& (== net20) (== net471)) (&& (== net20) (== net472)) (&& (== net20) (>= netstandard1.6)) (&& (== net40) (== net471)) (&& (== net40) (== net472)) (&& (== net40) (>= netstandard1.6)) (&& (== net461) (< net45) (>= netstandard1.6)) (&& (== net471) (== netstandard1.0)) (&& (== net471) (== netstandard1.1)) (&& (== net471) (< net45)) (&& (== net472) (== netstandard1.0)) (&& (== net472) (== netstandard1.1)) (&& (== net472) (< net45)) (== netcoreapp2.0) (== netcoreapp2.2) (&& (== netstandard1.0) (>= netstandard1.6)) (&& (== netstandard1.1) (>= netstandard1.6)) (== netstandard2.0)
      System.Reflection.Extensions (>= 4.3) - restriction: || (&& (== net20) (== net471)) (&& (== net20) (== net472)) (&& (== net20) (>= netstandard1.6)) (&& (== net40) (== net471)) (&& (== net40) (== net472)) (&& (== net40) (>= netstandard1.6)) (&& (== net461) (< net45) (>= netstandard1.6)) (&& (== net471) (== netstandard1.0)) (&& (== net471) (== netstandard1.1)) (&& (== net471) (< net45)) (&& (== net472) (== netstandard1.0)) (&& (== net472) (== netstandard1.1)) (&& (== net472) (< net45)) (== netcoreapp2.0) (== netcoreapp2.2) (&& (== netstandard1.0) (>= netstandard1.6)) (&& (== netstandard1.1) (>= netstandard1.6)) (== netstandard2.0)
      System.Reflection.Primitives (>= 4.3) - restriction: || (&& (== net20) (== net471)) (&& (== net20) (== net472)) (&& (== net20) (>= netstandard1.6)) (&& (== net40) (== net471)) (&& (== net40) (== net472)) (&& (== net40) (>= netstandard1.6)) (&& (== net461) (< net45) (>= netstandard1.6)) (&& (== net471) (== netstandard1.0)) (&& (== net471) (== netstandard1.1)) (&& (== net471) (< net45)) (&& (== net472) (== netstandard1.0)) (&& (== net472) (== netstandard1.1)) (&& (== net472) (< net45)) (== netcoreapp2.0) (== netcoreapp2.2) (&& (== netstandard1.0) (>= netstandard1.6)) (&& (== netstandard1.1) (>= netstandard1.6)) (== netstandard2.0)
      System.Reflection.TypeExtensions (>= 4.3) - restriction: || (&& (== net20) (== net471)) (&& (== net20) (== net472)) (&& (== net20) (>= netstandard1.6)) (&& (== net40) (== net471)) (&& (== net40) (== net472)) (&& (== net40) (>= netstandard1.6)) (&& (== net461) (< net45) (>= netstandard1.6)) (&& (== net471) (== netstandard1.0)) (&& (== net471) (== netstandard1.1)) (&& (== net471) (< net45)) (&& (== net472) (== netstandard1.0)) (&& (== net472) (== netstandard1.1)) (&& (== net472) (< net45)) (== netcoreapp2.0) (== netcoreapp2.2) (&& (== netstandard1.0) (>= netstandard1.6)) (&& (== netstandard1.1) (>= netstandard1.6)) (== netstandard2.0)
      System.Resources.ResourceManager (>= 4.3) - restriction: || (&& (== net20) (== net471)) (&& (== net20) (== net472)) (&& (== net20) (>= netstandard1.6)) (&& (== net40) (== net471)) (&& (== net40) (== net472)) (&& (== net40) (>= netstandard1.6)) (&& (== net461) (< net45) (>= netstandard1.6)) (&& (== net471) (== netstandard1.0)) (&& (== net471) (== netstandard1.1)) (&& (== net471) (< net45)) (&& (== net472) (== netstandard1.0)) (&& (== net472) (== netstandard1.1)) (&& (== net472) (< net45)) (== netcoreapp2.0) (== netcoreapp2.2) (&& (== netstandard1.0) (>= netstandard1.6)) (&& (== netstandard1.1) (>= netstandard1.6)) (== netstandard2.0)
      System.Runtime (>= 4.3) - restriction: || (&& (== net20) (== net45)) (&& (== net20) (== net461)) (&& (== net20) (== net471)) (&& (== net20) (== net472)) (&& (== net20) (>= netstandard1.0)) (&& (== net20) (>= netstandard1.3)) (&& (== net20) (>= netstandard1.6)) (&& (== net40) (== net45)) (&& (== net40) (== net461)) (&& (== net40) (== net471)) (&& (== net40) (== net472)) (&& (== net40) (>= netstandard1.0)) (&& (== net40) (>= netstandard1.3)) (&& (== net40) (>= netstandard1.6)) (&& (== net461) (< net45)) (&& (== net471) (< net45)) (&& (== net472) (< net45)) (== netcoreapp2.0) (== netcoreapp2.2) (== netstandard1.0) (== netstandard1.1) (== netstandard2.0)
      System.Runtime.Extensions (>= 4.3) - restriction: || (&& (== net20) (== net471)) (&& (== net20) (== net472)) (&& (== net20) (>= netstandard1.6)) (&& (== net40) (== net471)) (&& (== net40) (== net472)) (&& (== net40) (>= netstandard1.6)) (&& (== net461) (< net45) (>= netstandard1.6)) (&& (== net471) (== netstandard1.0)) (&& (== net471) (== netstandard1.1)) (&& (== net471) (< net45)) (&& (== net472) (== netstandard1.0)) (&& (== net472) (== netstandard1.1)) (&& (== net472) (< net45)) (== netcoreapp2.0) (== netcoreapp2.2) (&& (== netstandard1.0) (>= netstandard1.6)) (&& (== netstandard1.1) (>= netstandard1.6)) (== netstandard2.0)
      System.Threading (>= 4.3) - restriction: || (&& (== net20) (== net471)) (&& (== net20) (== net472)) (&& (== net20) (>= netstandard1.6)) (&& (== net40) (== net471)) (&& (== net40) (== net472)) (&& (== net40) (>= netstandard1.6)) (&& (== net461) (< net45) (>= netstandard1.6)) (&& (== net471) (== netstandard1.0)) (&& (== net471) (== netstandard1.1)) (&& (== net471) (< net45)) (&& (== net472) (== netstandard1.0)) (&& (== net472) (== netstandard1.1)) (&& (== net472) (< net45)) (== netcoreapp2.0) (== netcoreapp2.2) (&& (== netstandard1.0) (>= netstandard1.6)) (&& (== netstandard1.1) (>= netstandard1.6)) (== netstandard2.0)
    System.Management (4.6) - restriction: || (&& (== net20) (>= netstandard2.0)) (&& (== net40) (>= netstandard2.0)) (&& (== net45) (>= netstandard2.0)) (&& (== net461) (>= netstandard2.0)) (== net471) (== net472) (== netcoreapp2.0) (== netcoreapp2.2) (&& (== netstandard1.0) (>= netstandard2.0)) (&& (== netstandard1.1) (>= netstandard2.0)) (== netstandard2.0)
      Microsoft.NETCore.Platforms (>= 3.0) - restriction: || (&& (== net20) (>= netcoreapp2.0)) (&& (== net40) (>= netcoreapp2.0)) (&& (== net45) (>= netcoreapp2.0)) (&& (== net461) (>= netcoreapp2.0)) (&& (== net471) (>= netcoreapp2.0)) (&& (== net472) (>= netcoreapp2.0)) (== netcoreapp2.0) (== netcoreapp2.2) (&& (== netstandard1.0) (>= netcoreapp2.0)) (&& (== netstandard1.1) (>= netcoreapp2.0)) (&& (== netstandard2.0) (>= netcoreapp2.0))
      Microsoft.Win32.Registry (>= 4.6) - restriction: || (&& (== net20) (>= netcoreapp2.0)) (&& (== net40) (>= netcoreapp2.0)) (&& (== net45) (>= netcoreapp2.0)) (&& (== net461) (>= netcoreapp2.0)) (&& (== net471) (>= netcoreapp2.0)) (&& (== net472) (>= netcoreapp2.0)) (== netcoreapp2.0) (== netcoreapp2.2) (&& (== netstandard1.0) (>= netcoreapp2.0)) (&& (== netstandard1.1) (>= netcoreapp2.0)) (&& (== netstandard2.0) (>= netcoreapp2.0))
      System.CodeDom (>= 4.6) - restriction: || (&& (== net20) (== net471)) (&& (== net20) (== net472)) (&& (== net20) (>= netcoreapp2.0)) (&& (== net20) (>= netstandard2.0)) (&& (== net40) (== net471)) (&& (== net40) (== net472)) (&& (== net40) (>= netcoreapp2.0)) (&& (== net40) (>= netstandard2.0)) (&& (== net45) (>= netcoreapp2.0)) (&& (== net461) (< net45) (>= netstandard2.0)) (&& (== net461) (>= netcoreapp2.0)) (&& (== net471) (== netstandard1.0)) (&& (== net471) (== netstandard1.1)) (&& (== net471) (< net45)) (&& (== net471) (>= netcoreapp2.0)) (&& (== net472) (== netstandard1.0)) (&& (== net472) (== netstandard1.1)) (&& (== net472) (< net45)) (&& (== net472) (>= netcoreapp2.0)) (== netcoreapp2.0) (== netcoreapp2.2) (&& (== netstandard1.0) (>= netcoreapp2.0)) (&& (== netstandard1.0) (>= netstandard2.0)) (&& (== netstandard1.1) (>= netcoreapp2.0)) (&& (== netstandard1.1) (>= netstandard2.0)) (== netstandard2.0)
    System.Memory (4.5.3) - restriction: || (&& (== net20) (== net471)) (&& (== net20) (== net472)) (&& (== net20) (== netcoreapp2.2)) (&& (== net20) (>= netcoreapp2.0)) (&& (== net20) (>= netstandard2.0)) (&& (== net40) (== net471)) (&& (== net40) (== net472)) (&& (== net40) (== netcoreapp2.2)) (&& (== net40) (>= netcoreapp2.0)) (&& (== net40) (>= netstandard2.0)) (&& (== net45) (== net471)) (&& (== net45) (== net472)) (&& (== net45) (== netcoreapp2.2)) (&& (== net45) (>= netcoreapp2.0)) (&& (== net45) (>= netstandard2.0)) (&& (== net461) (== netcoreapp2.2)) (&& (== net461) (< net46) (>= netstandard2.0)) (&& (== net461) (>= netcoreapp2.0)) (&& (== net461) (>= netstandard2.0) (>= uap10.1)) (&& (== net471) (== netcoreapp2.2)) (&& (== net471) (== netstandard1.0)) (&& (== net471) (== netstandard1.1)) (&& (== net471) (< net46)) (&& (== net471) (>= netcoreapp2.0)) (&& (== net471) (>= uap10.1)) (&& (== net472) (== netcoreapp2.2)) (&& (== net472) (== netstandard1.0)) (&& (== net472) (== netstandard1.1)) (&& (== net472) (< net46)) (&& (== net472) (>= netcoreapp2.0)) (&& (== net472) (>= uap10.1)) (== netcoreapp2.0) (&& (== netcoreapp2.2) (== netstandard1.0)) (&& (== netcoreapp2.2) (== netstandard1.1)) (&& (== netcoreapp2.2) (< netcoreapp2.0)) (&& (== netcoreapp2.2) (< netcoreapp2.1)) (&& (== netcoreapp2.2) (>= uap10.1)) (&& (== netstandard1.0) (>= netcoreapp2.0)) (&& (== netstandard1.0) (>= netstandard2.0)) (&& (== netstandard1.1) (>= netcoreapp2.0)) (&& (== netstandard1.1) (>= netstandard2.0)) (== netstandard2.0)
      System.Buffers (>= 4.4) - restriction: || (&& (== net20) (== netcoreapp2.0)) (&& (== net20) (== netcoreapp2.2)) (&& (== net20) (>= monoandroid)) (&& (== net20) (>= monotouch)) (&& (== net20) (>= net45)) (&& (== net20) (>= net461)) (&& (== net20) (>= netstandard1.1)) (&& (== net20) (>= netstandard2.0)) (&& (== net20) (>= portable-net45+win8+wpa81)) (&& (== net20) (>= win8)) (&& (== net20) (>= wpa81)) (&& (== net20) (>= xamarinios)) (&& (== net20) (>= xamarinmac)) (&& (== net20) (>= xamarintvos)) (&& (== net20) (>= xamarinwatchos)) (&& (== net40) (== netcoreapp2.0)) (&& (== net40) (== netcoreapp2.2)) (&& (== net40) (>= monoandroid)) (&& (== net40) (>= monotouch)) (&& (== net40) (>= net45)) (&& (== net40) (>= net461)) (&& (== net40) (>= netstandard1.1)) (&& (== net40) (>= netstandard2.0)) (&& (== net40) (>= portable-net45+win8+wpa81)) (&& (== net40) (>= win8)) (&& (== net40) (>= wpa81)) (&& (== net40) (>= xamarinios)) (&& (== net40) (>= xamarinmac)) (&& (== net40) (>= xamarintvos)) (&& (== net40) (>= xamarinwatchos)) (== net45) (== net461) (== net471) (== net472) (&& (== netcoreapp2.0) (== netstandard1.0)) (&& (== netcoreapp2.0) (>= monotouch)) (&& (== netcoreapp2.0) (>= net461)) (&& (== netcoreapp2.0) (< netstandard1.1)) (&& (== netcoreapp2.0) (< netstandard2.0)) (&& (== netcoreapp2.0) (>= xamarinios)) (&& (== netcoreapp2.0) (>= xamarinmac)) (&& (== netcoreapp2.0) (>= xamarintvos)) (&& (== netcoreapp2.0) (>= xamarinwatchos)) (&& (== netcoreapp2.2) (== netstandard1.0)) (&& (== netcoreapp2.2) (>= monotouch)) (&& (== netcoreapp2.2) (>= net461)) (&& (== netcoreapp2.2) (< netcoreapp2.0)) (&& (== netcoreapp2.2) (< netstandard1.1)) (&& (== netcoreapp2.2) (< netstandard2.0)) (&& (== netcoreapp2.2) (>= xamarinios)) (&& (== netcoreapp2.2) (>= xamarinmac)) (&& (== netcoreapp2.2) (>= xamarintvos)) (&& (== netcoreapp2.2) (>= xamarinwatchos)) (&& (== netstandard1.0) (>= monoandroid)) (&& (== netstandard1.0) (>= monotouch)) (&& (== netstandard1.0) (>= net45)) (&& (== netstandard1.0) (>= net461)) (&& (== netstandard1.0) (>= netstandard1.1)) (&& (== netstandard1.0) (>= netstandard2.0)) (&& (== netstandard1.0) (>= portable-net45+win8+wpa81)) (&& (== netstandard1.0) (>= win8)) (&& (== netstandard1.0) (>= wpa81)) (&& (== netstandard1.0) (>= xamarinios)) (&& (== netstandard1.0) (>= xamarinmac)) (&& (== netstandard1.0) (>= xamarintvos)) (&& (== netstandard1.0) (>= xamarinwatchos)) (== netstandard1.1) (== netstandard2.0)
      System.Numerics.Vectors (>= 4.4) - restriction: || (&& (== net20) (== netcoreapp2.0)) (&& (== net20) (== netcoreapp2.2)) (&& (== net20) (>= net461)) (&& (== net20) (>= netstandard2.0)) (&& (== net40) (== netcoreapp2.0)) (&& (== net40) (== netcoreapp2.2)) (&& (== net40) (>= net461)) (&& (== net40) (>= netstandard2.0)) (&& (== net45) (== netcoreapp2.2)) (&& (== net45) (>= net461)) (== net461) (== net471) (== net472) (&& (== netcoreapp2.0) (== netstandard1.0)) (&& (== netcoreapp2.0) (== netstandard1.1)) (&& (== netcoreapp2.0) (>= net461)) (&& (== netcoreapp2.2) (== netstandard1.0)) (&& (== netcoreapp2.2) (== netstandard1.1)) (&& (== netcoreapp2.2) (>= net461)) (&& (== netcoreapp2.2) (< netcoreapp2.0)) (&& (== netstandard1.0) (>= net461)) (&& (== netstandard1.0) (>= netstandard2.0)) (&& (== netstandard1.1) (>= net461)) (&& (== netstandard1.1) (>= netstandard2.0)) (== netstandard2.0)
      System.Runtime.CompilerServices.Unsafe (>= 4.5.2) - restriction: || (&& (== net20) (== netcoreapp2.2)) (&& (== net20) (>= monoandroid)) (&& (== net20) (>= monotouch)) (&& (== net20) (>= net45)) (&& (== net20) (>= net461)) (&& (== net20) (>= netcoreapp2.0)) (&& (== net20) (>= netstandard1.1)) (&& (== net20) (>= netstandard2.0)) (&& (== net20) (>= portable-net45+win8+wpa81)) (&& (== net20) (>= uap10.1)) (&& (== net20) (>= win8)) (&& (== net20) (>= wpa81)) (&& (== net20) (>= xamarinios)) (&& (== net20) (>= xamarinmac)) (&& (== net20) (>= xamarintvos)) (&& (== net20) (>= xamarinwatchos)) (&& (== net40) (== netcoreapp2.2)) (&& (== net40) (>= monoandroid)) (&& (== net40) (>= monotouch)) (&& (== net40) (>= net45)) (&& (== net40) (>= net461)) (&& (== net40) (>= netcoreapp2.0)) (&& (== net40) (>= netstandard1.1)) (&& (== net40) (>= netstandard2.0)) (&& (== net40) (>= portable-net45+win8+wpa81)) (&& (== net40) (>= uap10.1)) (&& (== net40) (>= win8)) (&& (== net40) (>= wpa81)) (&& (== net40) (>= xamarinios)) (&& (== net40) (>= xamarinmac)) (&& (== net40) (>= xamarintvos)) (&& (== net40) (>= xamarinwatchos)) (== net45) (== net461) (== net471) (== net472) (== netcoreapp2.0) (&& (== netcoreapp2.2) (== netstandard1.0)) (&& (== netcoreapp2.2) (>= monotouch)) (&& (== netcoreapp2.2) (>= net461)) (&& (== netcoreapp2.2) (< netcoreapp2.0)) (&& (== netcoreapp2.2) (< netcoreapp2.1)) (&& (== netcoreapp2.2) (< netstandard1.1)) (&& (== netcoreapp2.2) (< netstandard2.0)) (&& (== netcoreapp2.2) (>= uap10.1)) (&& (== netcoreapp2.2) (>= xamarinios)) (&& (== netcoreapp2.2) (>= xamarinmac)) (&& (== netcoreapp2.2) (>= xamarintvos)) (&& (== netcoreapp2.2) (>= xamarinwatchos)) (&& (== netstandard1.0) (>= monoandroid)) (&& (== netstandard1.0) (>= monotouch)) (&& (== netstandard1.0) (>= net45)) (&& (== netstandard1.0) (>= net461)) (&& (== netstandard1.0) (>= netcoreapp2.0)) (&& (== netstandard1.0) (>= netstandard1.1)) (&& (== netstandard1.0) (>= netstandard2.0)) (&& (== netstandard1.0) (>= portable-net45+win8+wpa81)) (&& (== netstandard1.0) (>= uap10.1)) (&& (== netstandard1.0) (>= win8)) (&& (== netstandard1.0) (>= wpa81)) (&& (== netstandard1.0) (>= xamarinios)) (&& (== netstandard1.0) (>= xamarinmac)) (&& (== netstandard1.0) (>= xamarintvos)) (&& (== netstandard1.0) (>= xamarinwatchos)) (== netstandard1.1) (== netstandard2.0)
    System.Numerics.Vectors (4.5) - restriction: || (&& (== net20) (== net471)) (&& (== net20) (== net472)) (&& (== net20) (== netcoreapp2.0)) (&& (== net20) (== netcoreapp2.2)) (&& (== net20) (>= netcoreapp2.0)) (&& (== net20) (>= netstandard2.0)) (&& (== net40) (== net471)) (&& (== net40) (== net472)) (&& (== net40) (== netcoreapp2.0)) (&& (== net40) (== netcoreapp2.2)) (&& (== net40) (>= netcoreapp2.0)) (&& (== net40) (>= netstandard2.0)) (&& (== net45) (== net461) (>= netstandard2.0)) (&& (== net45) (== net471)) (&& (== net45) (== net472)) (&& (== net45) (== netcoreapp2.0)) (&& (== net45) (== netcoreapp2.2)) (&& (== net45) (>= net461) (>= netstandard2.0)) (&& (== net45) (>= netcoreapp2.0)) (&& (== net461) (== netcoreapp2.0)) (&& (== net461) (== netcoreapp2.2)) (&& (== net461) (< net45) (>= netstandard2.0)) (&& (== net461) (< net46) (>= netstandard2.0)) (&& (== net461) (>= netcoreapp2.0)) (&& (== net461) (>= netstandard2.0) (>= uap10.1)) (&& (== net471) (== netcoreapp2.0)) (&& (== net471) (== netcoreapp2.2)) (&& (== net471) (== netstandard1.0)) (&& (== net471) (== netstandard1.1)) (&& (== net471) (< net45)) (&& (== net471) (< net46)) (&& (== net471) (>= netcoreapp2.0)) (&& (== net471) (>= uap10.1)) (&& (== net472) (== netcoreapp2.0)) (&& (== net472) (== netcoreapp2.2)) (&& (== net472) (== netstandard1.0)) (&& (== net472) (== netstandard1.1)) (&& (== net472) (< net45)) (&& (== net472) (< net46)) (&& (== net472) (>= netcoreapp2.0)) (&& (== net472) (>= uap10.1)) (&& (== netcoreapp2.0) (== netstandard1.0)) (&& (== netcoreapp2.0) (== netstandard1.1)) (&& (== netcoreapp2.0) (>= net461)) (&& (== netcoreapp2.2) (== netstandard1.0)) (&& (== netcoreapp2.2) (== netstandard1.1)) (&& (== netcoreapp2.2) (>= net461)) (&& (== netcoreapp2.2) (< netcoreapp2.0)) (&& (== netcoreapp2.2) (>= uap10.1)) (&& (== netstandard1.0) (>= netcoreapp2.0)) (&& (== netstandard1.0) (>= netstandard2.0)) (&& (== netstandard1.1) (>= netcoreapp2.0)) (&& (== netstandard1.1) (>= netstandard2.0)) (== netstandard2.0)
    System.ObjectModel (4.3) - restriction: || (&& (== net20) (== net45) (>= netstandard1.3)) (&& (== net20) (== net45) (>= netstandard1.5)) (&& (== net20) (== net461)) (&& (== net20) (== net471)) (&& (== net20) (== net472)) (&& (== net20) (>= net45) (>= netstandard1.3)) (&& (== net20) (>= net45) (>= netstandard1.5)) (&& (== net20) (>= netstandard2.0)) (&& (== net40) (< net35) (>= net45) (>= netstandard1.3)) (&& (== net40) (< net35) (>= net45) (>= netstandard1.5)) (&& (== net40) (< net35) (>= netstandard2.0)) (&& (== net45) (== netstandard1.0) (>= netstandard1.3)) (&& (== net45) (== netstandard1.0) (>= netstandard1.5)) (&& (== net45) (== netstandard1.1) (>= netstandard1.3)) (&& (== net45) (== netstandard1.1) (>= netstandard1.5)) (&& (== net45) (< net35) (>= netstandard1.3)) (&& (== net45) (< net35) (>= netstandard1.5)) (&& (== net461) (== netstandard1.0)) (&& (== net461) (== netstandard1.1)) (&& (== net461) (< net35)) (&& (== net471) (== netstandard1.0)) (&& (== net471) (== netstandard1.1)) (&& (== net471) (< net35)) (&& (== net472) (== netstandard1.0)) (&& (== net472) (== netstandard1.1)) (&& (== net472) (< net35)) (== netcoreapp2.0) (== netcoreapp2.2) (&& (== netstandard1.0) (>= net45) (>= netstandard1.3)) (&& (== netstandard1.0) (>= net45) (>= netstandard1.5)) (&& (== netstandard1.0) (>= netstandard2.0)) (&& (== netstandard1.1) (>= net45) (>= netstandard1.3)) (&& (== netstandard1.1) (>= net45) (>= netstandard1.5)) (&& (== netstandard1.1) (>= netstandard2.0)) (== netstandard2.0)
      System.Collections (>= 4.3) - restriction: || (&& (== net20) (== net461)) (&& (== net20) (== net471)) (&& (== net20) (== net472)) (&& (== net20) (>= netstandard1.3)) (&& (== net40) (== net461)) (&& (== net40) (== net471)) (&& (== net40) (== net472)) (&& (== net40) (>= netstandard1.3)) (&& (== net461) (== netstandard1.0)) (&& (== net461) (== netstandard1.1)) (&& (== net461) (< net45)) (&& (== net471) (== netstandard1.0)) (&& (== net471) (== netstandard1.1)) (&& (== net471) (< net45)) (&& (== net472) (== netstandard1.0)) (&& (== net472) (== netstandard1.1)) (&& (== net472) (< net45)) (== netcoreapp2.0) (== netcoreapp2.2) (&& (== netstandard1.0) (>= netstandard1.3)) (&& (== netstandard1.1) (>= netstandard1.3)) (== netstandard2.0)
      System.Diagnostics.Debug (>= 4.3) - restriction: || (&& (== net20) (== net461)) (&& (== net20) (== net471)) (&& (== net20) (== net472)) (&& (== net20) (>= netstandard1.3)) (&& (== net40) (== net461)) (&& (== net40) (== net471)) (&& (== net40) (== net472)) (&& (== net40) (>= netstandard1.3)) (&& (== net461) (== netstandard1.0)) (&& (== net461) (== netstandard1.1)) (&& (== net461) (< net45)) (&& (== net471) (== netstandard1.0)) (&& (== net471) (== netstandard1.1)) (&& (== net471) (< net45)) (&& (== net472) (== netstandard1.0)) (&& (== net472) (== netstandard1.1)) (&& (== net472) (< net45)) (== netcoreapp2.0) (== netcoreapp2.2) (&& (== netstandard1.0) (>= netstandard1.3)) (&& (== netstandard1.1) (>= netstandard1.3)) (== netstandard2.0)
      System.Resources.ResourceManager (>= 4.3) - restriction: || (&& (== net20) (== net461)) (&& (== net20) (== net471)) (&& (== net20) (== net472)) (&& (== net20) (>= netstandard1.3)) (&& (== net40) (== net461)) (&& (== net40) (== net471)) (&& (== net40) (== net472)) (&& (== net40) (>= netstandard1.3)) (&& (== net461) (== netstandard1.0)) (&& (== net461) (== netstandard1.1)) (&& (== net461) (< net45)) (&& (== net471) (== netstandard1.0)) (&& (== net471) (== netstandard1.1)) (&& (== net471) (< net45)) (&& (== net472) (== netstandard1.0)) (&& (== net472) (== netstandard1.1)) (&& (== net472) (< net45)) (== netcoreapp2.0) (== netcoreapp2.2) (&& (== netstandard1.0) (>= netstandard1.3)) (&& (== netstandard1.1) (>= netstandard1.3)) (== netstandard2.0)
      System.Runtime (>= 4.3) - restriction: || (&& (== net20) (== net45)) (&& (== net20) (== net461)) (&& (== net20) (== net471)) (&& (== net20) (== net472)) (&& (== net20) (>= netstandard1.0)) (&& (== net20) (>= netstandard1.3)) (&& (== net40) (== net45)) (&& (== net40) (== net461)) (&& (== net40) (== net471)) (&& (== net40) (== net472)) (&& (== net40) (>= netstandard1.0)) (&& (== net40) (>= netstandard1.3)) (&& (== net461) (< net45)) (&& (== net471) (< net45)) (&& (== net472) (< net45)) (== netcoreapp2.0) (== netcoreapp2.2) (== netstandard1.0) (== netstandard1.1) (== netstandard2.0)
      System.Threading (>= 4.3) - restriction: || (&& (== net20) (== net461)) (&& (== net20) (== net471)) (&& (== net20) (== net472)) (&& (== net20) (>= netstandard1.3)) (&& (== net40) (== net461)) (&& (== net40) (== net471)) (&& (== net40) (== net472)) (&& (== net40) (>= netstandard1.3)) (&& (== net461) (== netstandard1.0)) (&& (== net461) (== netstandard1.1)) (&& (== net461) (< net45)) (&& (== net471) (== netstandard1.0)) (&& (== net471) (== netstandard1.1)) (&& (== net471) (< net45)) (&& (== net472) (== netstandard1.0)) (&& (== net472) (== netstandard1.1)) (&& (== net472) (< net45)) (== netcoreapp2.0) (== netcoreapp2.2) (&& (== netstandard1.0) (>= netstandard1.3)) (&& (== netstandard1.1) (>= netstandard1.3)) (== netstandard2.0)
    System.Reflection (4.3) - restriction: || (&& (== net20) (== net45) (>= netstandard1.3)) (&& (== net20) (== net45) (>= netstandard1.5)) (&& (== net20) (== net461)) (&& (== net20) (== net471)) (&& (== net20) (== net472)) (&& (== net20) (>= net45) (>= netstandard1.3)) (&& (== net20) (>= net45) (>= netstandard1.5)) (&& (== net20) (>= netstandard2.0)) (&& (== net40) (< net35) (>= net45) (>= netstandard1.3)) (&& (== net40) (< net35) (>= net45) (>= netstandard1.5)) (&& (== net40) (< net35) (>= netstandard2.0)) (&& (== net45) (== netstandard1.0) (>= netstandard1.3)) (&& (== net45) (== netstandard1.0) (>= netstandard1.5)) (&& (== net45) (== netstandard1.1) (>= netstandard1.3)) (&& (== net45) (== netstandard1.1) (>= netstandard1.5)) (&& (== net45) (< net35) (>= netstandard1.3)) (&& (== net45) (< net35) (>= netstandard1.5)) (&& (== net461) (== netstandard1.0)) (&& (== net461) (== netstandard1.1)) (&& (== net461) (< net35)) (&& (== net471) (== netstandard1.0)) (&& (== net471) (== netstandard1.1)) (&& (== net471) (< net35)) (&& (== net472) (== netstandard1.0)) (&& (== net472) (== netstandard1.1)) (&& (== net472) (< net35)) (== netcoreapp2.0) (== netcoreapp2.2) (&& (== netstandard1.0) (>= net45) (>= netstandard1.3)) (&& (== netstandard1.0) (>= net45) (>= netstandard1.5)) (&& (== netstandard1.0) (>= netstandard2.0)) (&& (== netstandard1.1) (>= net45) (>= netstandard1.3)) (&& (== netstandard1.1) (>= net45) (>= netstandard1.5)) (&& (== netstandard1.1) (>= netstandard2.0)) (== netstandard2.0)
      Microsoft.NETCore.Platforms (>= 1.1) - restriction: || (&& (== net20) (== net45)) (&& (== net20) (== net461)) (&& (== net20) (== net471)) (&& (== net20) (== net472)) (&& (== net20) (>= netstandard1.0)) (&& (== net20) (>= netstandard1.3)) (&& (== net20) (>= netstandard1.5)) (&& (== net40) (== net45)) (&& (== net40) (== net461)) (&& (== net40) (== net471)) (&& (== net40) (== net472)) (&& (== net40) (>= netstandard1.0)) (&& (== net40) (>= netstandard1.3)) (&& (== net40) (>= netstandard1.5)) (&& (== net461) (< net45)) (&& (== net471) (< net45)) (&& (== net472) (< net45)) (== netcoreapp2.0) (== netcoreapp2.2) (== netstandard1.0) (== netstandard1.1) (== netstandard2.0)
      Microsoft.NETCore.Targets (>= 1.1) - restriction: || (&& (== net20) (== net45)) (&& (== net20) (== net461)) (&& (== net20) (== net471)) (&& (== net20) (== net472)) (&& (== net20) (>= netstandard1.0)) (&& (== net20) (>= netstandard1.3)) (&& (== net20) (>= netstandard1.5)) (&& (== net40) (== net45)) (&& (== net40) (== net461)) (&& (== net40) (== net471)) (&& (== net40) (== net472)) (&& (== net40) (>= netstandard1.0)) (&& (== net40) (>= netstandard1.3)) (&& (== net40) (>= netstandard1.5)) (&& (== net461) (< net45)) (&& (== net471) (< net45)) (&& (== net472) (< net45)) (== netcoreapp2.0) (== netcoreapp2.2) (== netstandard1.0) (== netstandard1.1) (== netstandard2.0)
      System.IO (>= 4.3) - restriction: || (&& (== net20) (== net45)) (&& (== net20) (== net461)) (&& (== net20) (== net471)) (&& (== net20) (== net472)) (&& (== net20) (>= netstandard1.0)) (&& (== net20) (>= netstandard1.3)) (&& (== net20) (>= netstandard1.5)) (&& (== net40) (== net45)) (&& (== net40) (== net461)) (&& (== net40) (== net471)) (&& (== net40) (== net472)) (&& (== net40) (>= netstandard1.0)) (&& (== net40) (>= netstandard1.3)) (&& (== net40) (>= netstandard1.5)) (&& (== net461) (< net45)) (&& (== net471) (< net45)) (&& (== net472) (< net45)) (== netcoreapp2.0) (== netcoreapp2.2) (== netstandard1.0) (== netstandard1.1) (== netstandard2.0)
      System.Reflection.Primitives (>= 4.3) - restriction: || (&& (== net20) (== net45)) (&& (== net20) (== net461)) (&& (== net20) (== net471)) (&& (== net20) (== net472)) (&& (== net20) (>= netstandard1.0)) (&& (== net20) (>= netstandard1.3)) (&& (== net20) (>= netstandard1.5)) (&& (== net40) (== net45)) (&& (== net40) (== net461)) (&& (== net40) (== net471)) (&& (== net40) (== net472)) (&& (== net40) (>= netstandard1.0)) (&& (== net40) (>= netstandard1.3)) (&& (== net40) (>= netstandard1.5)) (&& (== net461) (< net45)) (&& (== net471) (< net45)) (&& (== net472) (< net45)) (== netcoreapp2.0) (== netcoreapp2.2) (== netstandard1.0) (== netstandard1.1) (== netstandard2.0)
      System.Runtime (>= 4.3) - restriction: || (&& (== net20) (== net45)) (&& (== net20) (== net461)) (&& (== net20) (== net471)) (&& (== net20) (== net472)) (&& (== net20) (>= netstandard1.0)) (&& (== net20) (>= netstandard1.3)) (&& (== net20) (>= netstandard1.5)) (&& (== net40) (== net45)) (&& (== net40) (== net461)) (&& (== net40) (== net471)) (&& (== net40) (== net472)) (&& (== net40) (>= netstandard1.0)) (&& (== net40) (>= netstandard1.3)) (&& (== net40) (>= netstandard1.5)) (&& (== net461) (< net45)) (&& (== net471) (< net45)) (&& (== net472) (< net45)) (== netcoreapp2.0) (== netcoreapp2.2) (== netstandard1.0) (== netstandard1.1) (== netstandard2.0)
    System.Reflection.Emit (4.6) - restriction: || (&& (== net20) (== net45) (>= netstandard1.3)) (&& (== net20) (== net45) (>= netstandard1.5)) (&& (== net20) (== net461)) (&& (== net20) (== net471)) (&& (== net20) (== net472)) (&& (== net20) (>= net45) (>= netstandard1.3)) (&& (== net20) (>= net45) (>= netstandard1.5)) (&& (== net20) (>= netstandard2.0)) (&& (== net40) (< net35) (>= net45) (>= netstandard1.3)) (&& (== net40) (< net35) (>= net45) (>= netstandard1.5)) (&& (== net40) (< net35) (>= netstandard2.0)) (&& (== net45) (== netstandard1.0) (>= netstandard1.3)) (&& (== net45) (== netstandard1.0) (>= netstandard1.5)) (&& (== net45) (== netstandard1.1) (>= netstandard1.3)) (&& (== net45) (== netstandard1.1) (>= netstandard1.5)) (&& (== net45) (< net35) (>= netstandard1.3)) (&& (== net45) (< net35) (>= netstandard1.5)) (&& (== net461) (== netstandard1.0)) (&& (== net461) (== netstandard1.1)) (&& (== net461) (< net35)) (&& (== net471) (== netstandard1.0)) (&& (== net471) (== netstandard1.1)) (&& (== net471) (< net35)) (&& (== net472) (== netstandard1.0)) (&& (== net472) (== netstandard1.1)) (&& (== net472) (< net35)) (== netcoreapp2.0) (== netcoreapp2.2) (&& (== netstandard1.0) (>= net45) (>= netstandard1.3)) (&& (== netstandard1.0) (>= net45) (>= netstandard1.5)) (&& (== netstandard1.0) (>= netstandard2.0)) (&& (== netstandard1.1) (>= net45) (>= netstandard1.3)) (&& (== netstandard1.1) (>= net45) (>= netstandard1.5)) (&& (== netstandard1.1) (>= netstandard2.0)) (== netstandard2.0)
      System.Reflection.Emit.ILGeneration (>= 4.6) - restriction: || (&& (== net20) (== net45)) (&& (== net20) (== net461)) (&& (== net20) (== net471)) (&& (== net20) (== net472)) (&& (== net20) (== netcoreapp2.0)) (&& (== net20) (== netcoreapp2.2)) (&& (== net20) (>= netstandard1.1)) (&& (== net20) (>= netstandard2.0)) (&& (== net20) (>= portable-net45+win8+wpa81)) (&& (== net20) (>= uap10.1)) (&& (== net20) (>= win8)) (&& (== net20) (>= wpa81)) (&& (== net40) (== net45)) (&& (== net40) (== net461)) (&& (== net40) (== net471)) (&& (== net40) (== net472)) (&& (== net40) (== netcoreapp2.0)) (&& (== net40) (== netcoreapp2.2)) (&& (== net40) (>= netstandard1.1)) (&& (== net40) (>= netstandard2.0)) (&& (== net40) (>= portable-net45+win8+wpa81)) (&& (== net40) (>= uap10.1)) (&& (== net40) (>= win8)) (&& (== net40) (>= wpa81)) (&& (== net45) (== netcoreapp2.0)) (&& (== net45) (== netcoreapp2.2)) (&& (== net45) (== netstandard1.0)) (&& (== net45) (< netstandard1.1)) (&& (== net45) (>= uap10.1)) (&& (== net45) (>= wpa81)) (&& (== net461) (== netcoreapp2.0)) (&& (== net461) (== netcoreapp2.2)) (&& (== net461) (== netstandard1.0)) (&& (== net461) (< net45)) (&& (== net461) (< netstandard1.1)) (&& (== net461) (>= uap10.1)) (&& (== net461) (>= wpa81)) (&& (== net471) (== netcoreapp2.0)) (&& (== net471) (== netcoreapp2.2)) (&& (== net471) (== netstandard1.0)) (&& (== net471) (< net45)) (&& (== net471) (< netstandard1.1)) (&& (== net471) (< netstandard2.0) (>= wpa81)) (&& (== net471) (>= uap10.1)) (&& (== net472) (== netcoreapp2.0)) (&& (== net472) (== netcoreapp2.2)) (&& (== net472) (== netstandard1.0)) (&& (== net472) (< net45)) (&& (== net472) (< netstandard1.1)) (&& (== net472) (< netstandard2.0) (>= wpa81)) (&& (== net472) (>= uap10.1)) (&& (== netcoreapp2.0) (== netstandard1.0)) (&& (== netcoreapp2.0) (< netstandard1.1)) (&& (== netcoreapp2.0) (< netstandard2.0)) (&& (== netcoreapp2.0) (>= uap10.1)) (&& (== netcoreapp2.2) (== netstandard1.0)) (&& (== netcoreapp2.2) (< netcoreapp2.0)) (&& (== netcoreapp2.2) (< netstandard1.1)) (&& (== netcoreapp2.2) (< netstandard2.0)) (&& (== netcoreapp2.2) (>= uap10.1)) (&& (== netstandard1.0) (>= netstandard1.1)) (&& (== netstandard1.0) (>= netstandard2.0)) (&& (== netstandard1.0) (>= portable-net45+win8+wpa81)) (&& (== netstandard1.0) (>= uap10.1)) (&& (== netstandard1.0) (>= win8)) (&& (== netstandard1.0) (>= wpa81)) (== netstandard1.1) (== netstandard2.0)
    System.Reflection.Emit.ILGeneration (4.6) - restriction: || (&& (== net20) (== net45) (>= netstandard1.3)) (&& (== net20) (== net45) (>= netstandard1.5)) (&& (== net20) (== net461)) (&& (== net20) (== net471)) (&& (== net20) (== net472)) (&& (== net20) (>= net45) (>= netstandard1.3)) (&& (== net20) (>= net45) (>= netstandard1.5)) (&& (== net20) (>= net45) (>= uap10.1)) (&& (== net20) (>= netstandard2.0)) (&& (== net40) (== net45) (>= netstandard1.3) (>= win8)) (&& (== net40) (== net45) (>= netstandard1.5) (>= win8)) (&& (== net40) (== net461) (>= win8)) (&& (== net40) (== net471) (>= win8)) (&& (== net40) (== net471) (>= wpa81)) (&& (== net40) (== net472) (>= win8)) (&& (== net40) (== net472) (>= wpa81)) (&& (== net40) (< net35) (>= net45) (>= netstandard1.3)) (&& (== net40) (< net35) (>= net45) (>= netstandard1.5)) (&& (== net40) (< net35) (>= netstandard2.0)) (&& (== net40) (>= net45) (>= netstandard1.3) (>= win8)) (&& (== net40) (>= net45) (>= netstandard1.3) (>= wpa81)) (&& (== net40) (>= net45) (>= netstandard1.5) (>= win8)) (&& (== net40) (>= net45) (>= netstandard1.5) (>= wpa81)) (&& (== net40) (>= net45) (>= uap10.1)) (&& (== net40) (>= netstandard2.0) (>= uap10.1)) (&& (== net40) (>= netstandard2.0) (>= win8)) (&& (== net40) (>= netstandard2.0) (>= wpa81)) (&& (== net45) (== net471) (>= wpa81)) (&& (== net45) (== net472) (>= wpa81)) (&& (== net45) (== netstandard1.0) (>= netstandard1.3)) (&& (== net45) (== netstandard1.0) (>= netstandard1.5)) (&& (== net45) (== netstandard1.1) (>= netstandard1.3)) (&& (== net45) (== netstandard1.1) (>= netstandard1.5)) (&& (== net45) (< net35) (>= netstandard1.3)) (&& (== net45) (< net35) (>= netstandard1.5)) (&& (== net45) (< net35) (>= netstandard2.0)) (&& (== net45) (< netstandard1.1) (>= netstandard1.3) (>= win8)) (&& (== net45) (< netstandard1.1) (>= netstandard1.5) (>= win8)) (&& (== net45) (>= netstandard1.3) (>= wpa81)) (&& (== net45) (>= netstandard1.5) (>= wpa81)) (&& (== net45) (>= uap10.1)) (&& (== net461) (== netstandard1.0)) (&& (== net461) (== netstandard1.1)) (&& (== net461) (< net35)) (&& (== net461) (< netstandard1.1) (>= win8)) (&& (== net461) (>= uap10.1)) (&& (== net461) (>= wpa81)) (&& (== net471) (== netstandard1.0)) (&& (== net471) (== netstandard1.1)) (&& (== net471) (< net35)) (&& (== net471) (< netstandard1.1) (>= win8)) (&& (== net471) (< netstandard2.0) (>= wpa81)) (&& (== net471) (>= uap10.1)) (&& (== net472) (== netstandard1.0)) (&& (== net472) (== netstandard1.1)) (&& (== net472) (< net35)) (&& (== net472) (< netstandard1.1) (>= win8)) (&& (== net472) (< netstandard2.0) (>= wpa81)) (&& (== net472) (>= uap10.1)) (== netcoreapp2.0) (== netcoreapp2.2) (&& (== netstandard1.0) (>= net45) (>= netstandard1.3)) (&& (== netstandard1.0) (>= net45) (>= netstandard1.5)) (&& (== netstandard1.0) (>= net45) (>= uap10.1)) (&& (== netstandard1.0) (>= netstandard2.0)) (&& (== netstandard1.1) (>= net45) (>= netstandard1.3)) (&& (== netstandard1.1) (>= net45) (>= netstandard1.5)) (&& (== netstandard1.1) (>= net45) (>= uap10.1)) (&& (== netstandard1.1) (>= netstandard2.0)) (== netstandard2.0)
    System.Reflection.Emit.Lightweight (4.6) - restriction: || (&& (== net20) (== net45) (>= netstandard1.6)) (&& (== net20) (== net461) (>= netstandard1.6)) (&& (== net20) (== net471)) (&& (== net20) (== net472)) (&& (== net20) (>= net45) (>= netstandard1.6)) (&& (== net20) (>= netstandard2.0)) (&& (== net40) (< net35) (>= net45) (>= netstandard1.6)) (&& (== net40) (< net35) (>= netstandard2.0)) (&& (== net45) (== netstandard1.0) (>= netstandard1.6)) (&& (== net45) (== netstandard1.1) (>= netstandard1.6)) (&& (== net45) (< net35) (>= netstandard1.6)) (&& (== net461) (== netstandard1.0) (>= netstandard1.6)) (&& (== net461) (== netstandard1.1) (>= netstandard1.6)) (&& (== net461) (< net35) (>= netstandard1.6)) (&& (== net471) (== netstandard1.0)) (&& (== net471) (== netstandard1.1)) (&& (== net471) (< net35)) (&& (== net472) (== netstandard1.0)) (&& (== net472) (== netstandard1.1)) (&& (== net472) (< net35)) (== netcoreapp2.0) (== netcoreapp2.2) (&& (== netstandard1.0) (>= net45) (>= netstandard1.6)) (&& (== netstandard1.0) (>= netstandard2.0)) (&& (== netstandard1.1) (>= net45) (>= netstandard1.6)) (&& (== netstandard1.1) (>= netstandard2.0)) (== netstandard2.0)
      System.Reflection.Emit.ILGeneration (>= 4.6) - restriction: || (&& (== net20) (== net45)) (&& (== net20) (== net461)) (&& (== net20) (== net471)) (&& (== net20) (== net472)) (&& (== net20) (== netcoreapp2.0)) (&& (== net20) (== netcoreapp2.2)) (&& (== net20) (>= netstandard1.0)) (&& (== net20) (>= netstandard2.0)) (&& (== net20) (>= portable-net45+win8+wp8+wpa81)) (&& (== net20) (>= uap10.1)) (&& (== net20) (>= win8)) (&& (== net20) (>= wpa81)) (&& (== net40) (== net45)) (&& (== net40) (== net461)) (&& (== net40) (== net471)) (&& (== net40) (== net472)) (&& (== net40) (== netcoreapp2.0)) (&& (== net40) (== netcoreapp2.2)) (&& (== net40) (>= netstandard1.0)) (&& (== net40) (>= netstandard2.0)) (&& (== net40) (>= portable-net45+win8+wp8+wpa81)) (&& (== net40) (>= uap10.1)) (&& (== net40) (>= win8)) (&& (== net40) (>= wpa81)) (&& (== net45) (== netcoreapp2.0)) (&& (== net45) (== netcoreapp2.2)) (&& (== net45) (< portable-net45+wp8)) (&& (== net45) (>= uap10.1)) (&& (== net45) (>= wpa81)) (&& (== net461) (== netcoreapp2.0)) (&& (== net461) (== netcoreapp2.2)) (&& (== net461) (< net45)) (&& (== net461) (< portable-net45+wp8)) (&& (== net461) (>= uap10.1)) (&& (== net461) (>= wpa81)) (&& (== net471) (== netcoreapp2.0)) (&& (== net471) (== netcoreapp2.2)) (&& (== net471) (< net45)) (&& (== net471) (< netstandard2.0) (>= wpa81)) (&& (== net471) (< portable-net45+wp8)) (&& (== net471) (>= uap10.1)) (&& (== net472) (== netcoreapp2.0)) (&& (== net472) (== netcoreapp2.2)) (&& (== net472) (< net45)) (&& (== net472) (< netstandard2.0) (>= wpa81)) (&& (== net472) (< portable-net45+wp8)) (&& (== net472) (>= uap10.1)) (&& (== netcoreapp2.0) (< netstandard2.0)) (&& (== netcoreapp2.0) (< portable-net45+wp8)) (&& (== netcoreapp2.0) (>= uap10.1)) (&& (== netcoreapp2.2) (< netcoreapp2.0)) (&& (== netcoreapp2.2) (< netstandard2.0)) (&& (== netcoreapp2.2) (< portable-net45+wp8)) (&& (== netcoreapp2.2) (>= uap10.1)) (== netstandard1.0) (== netstandard1.1) (== netstandard2.0)
    System.Reflection.Extensions (4.3) - restriction: || (&& (== net20) (== net45) (>= netstandard1.3)) (&& (== net20) (== net45) (>= netstandard1.5)) (&& (== net20) (== net461)) (&& (== net20) (== net471)) (&& (== net20) (== net472)) (&& (== net20) (>= net45) (>= netstandard1.3)) (&& (== net20) (>= net45) (>= netstandard1.5)) (&& (== net20) (>= netstandard2.0)) (&& (== net40) (< net35) (>= net45) (>= netstandard1.3)) (&& (== net40) (< net35) (>= net45) (>= netstandard1.5)) (&& (== net40) (< net35) (>= netstandard2.0)) (&& (== net45) (== netstandard1.0) (>= netstandard1.3)) (&& (== net45) (== netstandard1.0) (>= netstandard1.5)) (&& (== net45) (== netstandard1.1) (>= netstandard1.3)) (&& (== net45) (== netstandard1.1) (>= netstandard1.5)) (&& (== net45) (< net35) (>= netstandard1.3)) (&& (== net45) (< net35) (>= netstandard1.5)) (&& (== net461) (== netstandard1.0)) (&& (== net461) (== netstandard1.1)) (&& (== net461) (< net35)) (&& (== net471) (== netstandard1.0)) (&& (== net471) (== netstandard1.1)) (&& (== net471) (< net35)) (&& (== net472) (== netstandard1.0)) (&& (== net472) (== netstandard1.1)) (&& (== net472) (< net35)) (== netcoreapp2.0) (== netcoreapp2.2) (&& (== netstandard1.0) (>= net45) (>= netstandard1.3)) (&& (== netstandard1.0) (>= net45) (>= netstandard1.5)) (&& (== netstandard1.0) (>= netstandard2.0)) (&& (== netstandard1.1) (>= net45) (>= netstandard1.3)) (&& (== netstandard1.1) (>= net45) (>= netstandard1.5)) (&& (== netstandard1.1) (>= netstandard2.0)) (== netstandard2.0)
      Microsoft.NETCore.Platforms (>= 1.1) - restriction: || (&& (== net20) (== net45)) (&& (== net20) (== net461)) (&& (== net20) (== net471)) (&& (== net20) (== net472)) (&& (== net20) (>= netstandard1.0)) (&& (== net40) (== net45)) (&& (== net40) (== net461)) (&& (== net40) (== net471)) (&& (== net40) (== net472)) (&& (== net40) (>= netstandard1.0)) (&& (== net461) (< net45)) (&& (== net471) (< net45)) (&& (== net472) (< net45)) (== netcoreapp2.0) (== netcoreapp2.2) (== netstandard1.0) (== netstandard1.1) (== netstandard2.0)
      Microsoft.NETCore.Targets (>= 1.1) - restriction: || (&& (== net20) (== net45)) (&& (== net20) (== net461)) (&& (== net20) (== net471)) (&& (== net20) (== net472)) (&& (== net20) (>= netstandard1.0)) (&& (== net40) (== net45)) (&& (== net40) (== net461)) (&& (== net40) (== net471)) (&& (== net40) (== net472)) (&& (== net40) (>= netstandard1.0)) (&& (== net461) (< net45)) (&& (== net471) (< net45)) (&& (== net472) (< net45)) (== netcoreapp2.0) (== netcoreapp2.2) (== netstandard1.0) (== netstandard1.1) (== netstandard2.0)
      System.Reflection (>= 4.3) - restriction: || (&& (== net20) (== net45)) (&& (== net20) (== net461)) (&& (== net20) (== net471)) (&& (== net20) (== net472)) (&& (== net20) (>= netstandard1.0)) (&& (== net40) (== net45)) (&& (== net40) (== net461)) (&& (== net40) (== net471)) (&& (== net40) (== net472)) (&& (== net40) (>= netstandard1.0)) (&& (== net461) (< net45)) (&& (== net471) (< net45)) (&& (== net472) (< net45)) (== netcoreapp2.0) (== netcoreapp2.2) (== netstandard1.0) (== netstandard1.1) (== netstandard2.0)
      System.Runtime (>= 4.3) - restriction: || (&& (== net20) (== net45)) (&& (== net20) (== net461)) (&& (== net20) (== net471)) (&& (== net20) (== net472)) (&& (== net20) (>= netstandard1.0)) (&& (== net40) (== net45)) (&& (== net40) (== net461)) (&& (== net40) (== net471)) (&& (== net40) (== net472)) (&& (== net40) (>= netstandard1.0)) (&& (== net461) (< net45)) (&& (== net471) (< net45)) (&& (== net472) (< net45)) (== netcoreapp2.0) (== netcoreapp2.2) (== netstandard1.0) (== netstandard1.1) (== netstandard2.0)
    System.Reflection.Primitives (4.3) - restriction: || (&& (== net20) (== net45) (>= netstandard1.3)) (&& (== net20) (== net45) (>= netstandard1.5)) (&& (== net20) (== net461)) (&& (== net20) (== net471)) (&& (== net20) (== net472)) (&& (== net20) (>= net45) (>= netstandard1.3)) (&& (== net20) (>= net45) (>= netstandard1.5)) (&& (== net20) (>= netstandard2.0)) (&& (== net40) (< net35) (>= net45) (>= netstandard1.3)) (&& (== net40) (< net35) (>= net45) (>= netstandard1.5)) (&& (== net40) (< net35) (>= netstandard2.0)) (&& (== net45) (== netstandard1.0) (>= netstandard1.3)) (&& (== net45) (== netstandard1.0) (>= netstandard1.5)) (&& (== net45) (== netstandard1.1) (>= netstandard1.3)) (&& (== net45) (== netstandard1.1) (>= netstandard1.5)) (&& (== net45) (< net35) (>= netstandard1.3)) (&& (== net45) (< net35) (>= netstandard1.5)) (&& (== net461) (== netstandard1.0)) (&& (== net461) (== netstandard1.1)) (&& (== net461) (< net35)) (&& (== net471) (== netstandard1.0)) (&& (== net471) (== netstandard1.1)) (&& (== net471) (< net35)) (&& (== net472) (== netstandard1.0)) (&& (== net472) (== netstandard1.1)) (&& (== net472) (< net35)) (== netcoreapp2.0) (== netcoreapp2.2) (&& (== netstandard1.0) (>= net45) (>= netstandard1.3)) (&& (== netstandard1.0) (>= net45) (>= netstandard1.5)) (&& (== netstandard1.0) (>= netstandard2.0)) (&& (== netstandard1.1) (>= net45) (>= netstandard1.3)) (&& (== netstandard1.1) (>= net45) (>= netstandard1.5)) (&& (== netstandard1.1) (>= netstandard2.0)) (== netstandard2.0)
      Microsoft.NETCore.Platforms (>= 1.1) - restriction: || (&& (== net20) (== net45)) (&& (== net20) (== net461)) (&& (== net20) (== net471)) (&& (== net20) (== net472)) (&& (== net20) (>= netstandard1.0)) (&& (== net40) (== net45)) (&& (== net40) (== net461)) (&& (== net40) (== net471)) (&& (== net40) (== net472)) (&& (== net40) (>= netstandard1.0)) (&& (== net461) (< net45)) (&& (== net471) (< net45)) (&& (== net472) (< net45)) (== netcoreapp2.0) (== netcoreapp2.2) (== netstandard1.0) (== netstandard1.1) (== netstandard2.0)
      Microsoft.NETCore.Targets (>= 1.1) - restriction: || (&& (== net20) (== net45)) (&& (== net20) (== net461)) (&& (== net20) (== net471)) (&& (== net20) (== net472)) (&& (== net20) (>= netstandard1.0)) (&& (== net40) (== net45)) (&& (== net40) (== net461)) (&& (== net40) (== net471)) (&& (== net40) (== net472)) (&& (== net40) (>= netstandard1.0)) (&& (== net461) (< net45)) (&& (== net471) (< net45)) (&& (== net472) (< net45)) (== netcoreapp2.0) (== netcoreapp2.2) (== netstandard1.0) (== netstandard1.1) (== netstandard2.0)
      System.Runtime (>= 4.3) - restriction: || (&& (== net20) (== net45)) (&& (== net20) (== net461)) (&& (== net20) (== net471)) (&& (== net20) (== net472)) (&& (== net20) (>= netstandard1.0)) (&& (== net40) (== net45)) (&& (== net40) (== net461)) (&& (== net40) (== net471)) (&& (== net40) (== net472)) (&& (== net40) (>= netstandard1.0)) (&& (== net461) (< net45)) (&& (== net471) (< net45)) (&& (== net472) (< net45)) (== netcoreapp2.0) (== netcoreapp2.2) (== netstandard1.0) (== netstandard1.1) (== netstandard2.0)
    System.Reflection.TypeExtensions (4.6) - restriction: || (&& (== net20) (== net45) (>= netstandard1.3)) (&& (== net20) (== net45) (>= netstandard1.5)) (&& (== net20) (== net461)) (&& (== net20) (== net471)) (&& (== net20) (== net472)) (&& (== net20) (>= net45) (>= netstandard1.3)) (&& (== net20) (>= net45) (>= netstandard1.5)) (&& (== net20) (>= netstandard2.0)) (&& (== net40) (< net35) (>= net45) (>= netstandard1.3)) (&& (== net40) (< net35) (>= net45) (>= netstandard1.5)) (&& (== net40) (< net35) (>= netstandard2.0)) (&& (== net45) (== netstandard1.0) (>= netstandard1.3)) (&& (== net45) (== netstandard1.0) (>= netstandard1.5)) (&& (== net45) (== netstandard1.1) (>= netstandard1.3)) (&& (== net45) (== netstandard1.1) (>= netstandard1.5)) (&& (== net45) (< net35) (>= netstandard1.3)) (&& (== net45) (< net35) (>= netstandard1.5)) (&& (== net461) (== netstandard1.0)) (&& (== net461) (== netstandard1.1)) (&& (== net461) (< net35)) (&& (== net471) (== netstandard1.0)) (&& (== net471) (== netstandard1.1)) (&& (== net471) (< net35)) (&& (== net472) (== netstandard1.0)) (&& (== net472) (== netstandard1.1)) (&& (== net472) (< net35)) (== netcoreapp2.0) (== netcoreapp2.2) (&& (== netstandard1.0) (>= net45) (>= netstandard1.3)) (&& (== netstandard1.0) (>= net45) (>= netstandard1.5)) (&& (== netstandard1.0) (>= netstandard2.0)) (&& (== netstandard1.1) (>= net45) (>= netstandard1.3)) (&& (== netstandard1.1) (>= net45) (>= netstandard1.5)) (&& (== netstandard1.1) (>= netstandard2.0)) (== netstandard2.0)
    System.Resources.ResourceManager (4.3) - restriction: || (&& (== net20) (== net45) (>= netstandard1.3)) (&& (== net20) (== net45) (>= netstandard1.5)) (&& (== net20) (== net45) (>= netstandard1.6)) (&& (== net20) (== net461)) (&& (== net20) (== net471)) (&& (== net20) (== net472)) (&& (== net20) (>= net45) (>= netstandard1.3)) (&& (== net20) (>= net45) (>= netstandard1.5)) (&& (== net20) (>= net45) (>= netstandard1.6)) (&& (== net20) (>= netstandard2.0)) (&& (== net40) (< net35) (>= net45) (>= netstandard1.3)) (&& (== net40) (< net35) (>= net45) (>= netstandard1.5)) (&& (== net40) (< net35) (>= net45) (>= netstandard1.6)) (&& (== net40) (< net35) (>= netstandard2.0)) (&& (== net45) (== netstandard1.0) (>= netstandard1.3)) (&& (== net45) (== netstandard1.0) (>= netstandard1.5)) (&& (== net45) (== netstandard1.0) (>= netstandard1.6)) (&& (== net45) (== netstandard1.1) (>= netstandard1.3)) (&& (== net45) (== netstandard1.1) (>= netstandard1.5)) (&& (== net45) (== netstandard1.1) (>= netstandard1.6)) (&& (== net45) (< net35) (>= netstandard1.3)) (&& (== net45) (< net35) (>= netstandard1.5)) (&& (== net45) (< net35) (>= netstandard1.6)) (&& (== net461) (== netstandard1.0)) (&& (== net461) (== netstandard1.1)) (&& (== net461) (< net35)) (&& (== net471) (== netstandard1.0)) (&& (== net471) (== netstandard1.1)) (&& (== net471) (< net35)) (&& (== net472) (== netstandard1.0)) (&& (== net472) (== netstandard1.1)) (&& (== net472) (< net35)) (== netcoreapp2.0) (== netcoreapp2.2) (&& (== netstandard1.0) (>= net45) (>= netstandard1.3)) (&& (== netstandard1.0) (>= net45) (>= netstandard1.5)) (&& (== netstandard1.0) (>= net45) (>= netstandard1.6)) (&& (== netstandard1.0) (>= netstandard2.0)) (&& (== netstandard1.1) (>= net45) (>= netstandard1.3)) (&& (== netstandard1.1) (>= net45) (>= netstandard1.5)) (&& (== netstandard1.1) (>= net45) (>= netstandard1.6)) (&& (== netstandard1.1) (>= netstandard2.0)) (== netstandard2.0)
      Microsoft.NETCore.Platforms (>= 1.1) - restriction: || (&& (== net20) (== net45)) (&& (== net20) (== net461)) (&& (== net20) (== net471)) (&& (== net20) (== net472)) (&& (== net20) (>= netstandard1.0)) (&& (== net40) (== net45)) (&& (== net40) (== net461)) (&& (== net40) (== net471)) (&& (== net40) (== net472)) (&& (== net40) (>= netstandard1.0)) (&& (== net461) (< net45)) (&& (== net471) (< net45)) (&& (== net472) (< net45)) (== netcoreapp2.0) (== netcoreapp2.2) (== netstandard1.0) (== netstandard1.1) (== netstandard2.0)
      Microsoft.NETCore.Targets (>= 1.1) - restriction: || (&& (== net20) (== net45)) (&& (== net20) (== net461)) (&& (== net20) (== net471)) (&& (== net20) (== net472)) (&& (== net20) (>= netstandard1.0)) (&& (== net40) (== net45)) (&& (== net40) (== net461)) (&& (== net40) (== net471)) (&& (== net40) (== net472)) (&& (== net40) (>= netstandard1.0)) (&& (== net461) (< net45)) (&& (== net471) (< net45)) (&& (== net472) (< net45)) (== netcoreapp2.0) (== netcoreapp2.2) (== netstandard1.0) (== netstandard1.1) (== netstandard2.0)
      System.Globalization (>= 4.3) - restriction: || (&& (== net20) (== net45)) (&& (== net20) (== net461)) (&& (== net20) (== net471)) (&& (== net20) (== net472)) (&& (== net20) (>= netstandard1.0)) (&& (== net40) (== net45)) (&& (== net40) (== net461)) (&& (== net40) (== net471)) (&& (== net40) (== net472)) (&& (== net40) (>= netstandard1.0)) (&& (== net461) (< net45)) (&& (== net471) (< net45)) (&& (== net472) (< net45)) (== netcoreapp2.0) (== netcoreapp2.2) (== netstandard1.0) (== netstandard1.1) (== netstandard2.0)
      System.Reflection (>= 4.3) - restriction: || (&& (== net20) (== net45)) (&& (== net20) (== net461)) (&& (== net20) (== net471)) (&& (== net20) (== net472)) (&& (== net20) (>= netstandard1.0)) (&& (== net40) (== net45)) (&& (== net40) (== net461)) (&& (== net40) (== net471)) (&& (== net40) (== net472)) (&& (== net40) (>= netstandard1.0)) (&& (== net461) (< net45)) (&& (== net471) (< net45)) (&& (== net472) (< net45)) (== netcoreapp2.0) (== netcoreapp2.2) (== netstandard1.0) (== netstandard1.1) (== netstandard2.0)
      System.Runtime (>= 4.3) - restriction: || (&& (== net20) (== net45)) (&& (== net20) (== net461)) (&& (== net20) (== net471)) (&& (== net20) (== net472)) (&& (== net20) (>= netstandard1.0)) (&& (== net40) (== net45)) (&& (== net40) (== net461)) (&& (== net40) (== net471)) (&& (== net40) (== net472)) (&& (== net40) (>= netstandard1.0)) (&& (== net461) (< net45)) (&& (== net471) (< net45)) (&& (== net472) (< net45)) (== netcoreapp2.0) (== netcoreapp2.2) (== netstandard1.0) (== netstandard1.1) (== netstandard2.0)
    System.Runtime (4.3.1) - restriction: || (&& (== net20) (== net45) (>= netstandard1.3)) (&& (== net20) (== net45) (>= netstandard1.5)) (&& (== net20) (== net461)) (&& (== net20) (== net471)) (&& (== net20) (== net472)) (&& (== net20) (>= net45) (>= netstandard1.3)) (&& (== net20) (>= net45) (>= netstandard1.5)) (&& (== net20) (>= netstandard2.0)) (&& (== net40) (< net35) (>= net45) (>= netstandard1.3)) (&& (== net40) (< net35) (>= net45) (>= netstandard1.5)) (&& (== net40) (< net35) (>= netstandard2.0)) (&& (== net45) (== netstandard1.0) (>= netstandard1.3)) (&& (== net45) (== netstandard1.0) (>= netstandard1.5)) (&& (== net45) (== netstandard1.1) (>= netstandard1.3)) (&& (== net45) (== netstandard1.1) (>= netstandard1.5)) (&& (== net45) (< net35) (>= netstandard1.3)) (&& (== net45) (< net35) (>= netstandard1.5)) (&& (== net461) (== netstandard1.0)) (&& (== net461) (== netstandard1.1)) (&& (== net461) (< net35)) (&& (== net471) (== netstandard1.0)) (&& (== net471) (== netstandard1.1)) (&& (== net471) (< net35)) (&& (== net472) (== netstandard1.0)) (&& (== net472) (== netstandard1.1)) (&& (== net472) (< net35)) (== netcoreapp2.0) (== netcoreapp2.2) (&& (== netstandard1.0) (>= net45) (>= netstandard1.3)) (&& (== netstandard1.0) (>= net45) (>= netstandard1.5)) (&& (== netstandard1.0) (>= netstandard2.0)) (&& (== netstandard1.1) (>= net45) (>= netstandard1.3)) (&& (== netstandard1.1) (>= net45) (>= netstandard1.5)) (&& (== netstandard1.1) (>= netstandard2.0)) (== netstandard2.0)
      Microsoft.NETCore.Platforms (>= 1.1.1) - restriction: || (&& (== net20) (== net45)) (&& (== net20) (== net461)) (&& (== net20) (== net471)) (&& (== net20) (== net472)) (&& (== net20) (>= netstandard1.0)) (&& (== net20) (>= netstandard1.2)) (&& (== net20) (>= netstandard1.3)) (&& (== net20) (>= netstandard1.5)) (&& (== net40) (== net45)) (&& (== net40) (== net461)) (&& (== net40) (== net471)) (&& (== net40) (== net472)) (&& (== net40) (>= netstandard1.0)) (&& (== net40) (>= netstandard1.2)) (&& (== net40) (>= netstandard1.3)) (&& (== net40) (>= netstandard1.5)) (&& (== net461) (< net45)) (&& (== net471) (< net45)) (&& (== net472) (< net45)) (== netcoreapp2.0) (== netcoreapp2.2) (== netstandard1.0) (== netstandard1.1) (== netstandard2.0)
      Microsoft.NETCore.Targets (>= 1.1.3) - restriction: || (&& (== net20) (== net45)) (&& (== net20) (== net461)) (&& (== net20) (== net471)) (&& (== net20) (== net472)) (&& (== net20) (>= netstandard1.0)) (&& (== net20) (>= netstandard1.2)) (&& (== net20) (>= netstandard1.3)) (&& (== net20) (>= netstandard1.5)) (&& (== net40) (== net45)) (&& (== net40) (== net461)) (&& (== net40) (== net471)) (&& (== net40) (== net472)) (&& (== net40) (>= netstandard1.0)) (&& (== net40) (>= netstandard1.2)) (&& (== net40) (>= netstandard1.3)) (&& (== net40) (>= netstandard1.5)) (&& (== net461) (< net45)) (&& (== net471) (< net45)) (&& (== net472) (< net45)) (== netcoreapp2.0) (== netcoreapp2.2) (== netstandard1.0) (== netstandard1.1) (== netstandard2.0)
    System.Runtime.CompilerServices.Unsafe (4.6) - restriction: || (&& (== net20) (>= net45)) (&& (== net20) (>= netcoreapp2.0)) (&& (== net20) (>= netcoreapp2.1)) (&& (== net20) (>= netstandard2.0)) (&& (== net20) (>= xamarinios)) (&& (== net20) (>= xamarinmac)) (&& (== net40) (>= net45)) (&& (== net40) (>= netcoreapp2.0)) (&& (== net40) (>= netcoreapp2.1)) (&& (== net40) (>= netstandard2.0)) (&& (== net40) (>= xamarinios)) (&& (== net40) (>= xamarinmac)) (== net45) (== net461) (== net471) (== net472) (== netcoreapp2.0) (== netcoreapp2.2) (&& (== netstandard1.0) (>= net45)) (&& (== netstandard1.0) (>= netcoreapp2.0)) (&& (== netstandard1.0) (>= netcoreapp2.1)) (&& (== netstandard1.0) (>= netstandard2.0)) (&& (== netstandard1.0) (>= xamarinios)) (&& (== netstandard1.0) (>= xamarinmac)) (&& (== netstandard1.1) (>= net45)) (&& (== netstandard1.1) (>= netcoreapp2.0)) (&& (== netstandard1.1) (>= netcoreapp2.1)) (&& (== netstandard1.1) (>= netstandard2.0)) (&& (== netstandard1.1) (>= xamarinios)) (&& (== netstandard1.1) (>= xamarinmac)) (== netstandard2.0)
    System.Runtime.Extensions (4.3.1) - restriction: || (&& (== net20) (== net45) (>= netstandard1.3)) (&& (== net20) (== net45) (>= netstandard1.5)) (&& (== net20) (== net45) (>= netstandard1.6)) (&& (== net20) (== net461)) (&& (== net20) (== net471)) (&& (== net20) (== net472)) (&& (== net20) (>= net45) (>= netstandard1.3)) (&& (== net20) (>= net45) (>= netstandard1.5)) (&& (== net20) (>= net45) (>= netstandard1.6)) (&& (== net20) (>= netstandard2.0)) (&& (== net40) (< net35) (>= net45) (>= netstandard1.3)) (&& (== net40) (< net35) (>= net45) (>= netstandard1.5)) (&& (== net40) (< net35) (>= net45) (>= netstandard1.6)) (&& (== net40) (< net35) (>= netstandard2.0)) (&& (== net45) (== netstandard1.0) (>= netstandard1.3)) (&& (== net45) (== netstandard1.0) (>= netstandard1.5)) (&& (== net45) (== netstandard1.0) (>= netstandard1.6)) (&& (== net45) (== netstandard1.1) (>= netstandard1.3)) (&& (== net45) (== netstandard1.1) (>= netstandard1.5)) (&& (== net45) (== netstandard1.1) (>= netstandard1.6)) (&& (== net45) (< net35) (>= netstandard1.3)) (&& (== net45) (< net35) (>= netstandard1.5)) (&& (== net45) (< net35) (>= netstandard1.6)) (&& (== net461) (== netstandard1.0)) (&& (== net461) (== netstandard1.1)) (&& (== net461) (< net35)) (&& (== net471) (== netstandard1.0)) (&& (== net471) (== netstandard1.1)) (&& (== net471) (< net35)) (&& (== net472) (== netstandard1.0)) (&& (== net472) (== netstandard1.1)) (&& (== net472) (< net35)) (== netcoreapp2.0) (== netcoreapp2.2) (&& (== netstandard1.0) (>= net45) (>= netstandard1.3)) (&& (== netstandard1.0) (>= net45) (>= netstandard1.5)) (&& (== netstandard1.0) (>= net45) (>= netstandard1.6)) (&& (== netstandard1.0) (>= netstandard2.0)) (&& (== netstandard1.1) (>= net45) (>= netstandard1.3)) (&& (== netstandard1.1) (>= net45) (>= netstandard1.5)) (&& (== netstandard1.1) (>= net45) (>= netstandard1.6)) (&& (== netstandard1.1) (>= netstandard2.0)) (== netstandard2.0)
      Microsoft.NETCore.Platforms (>= 1.1.1) - restriction: || (&& (== net20) (== net45)) (&& (== net20) (== net461)) (&& (== net20) (== net471)) (&& (== net20) (== net472)) (&& (== net20) (>= netstandard1.0)) (&& (== net20) (>= netstandard1.3)) (&& (== net20) (>= netstandard1.5)) (&& (== net40) (== net45)) (&& (== net40) (== net461)) (&& (== net40) (== net471)) (&& (== net40) (== net472)) (&& (== net40) (>= netstandard1.0)) (&& (== net40) (>= netstandard1.3)) (&& (== net40) (>= netstandard1.5)) (&& (== net461) (< net45)) (&& (== net471) (< net45)) (&& (== net472) (< net45)) (== netcoreapp2.0) (== netcoreapp2.2) (== netstandard1.0) (== netstandard1.1) (== netstandard2.0)
      Microsoft.NETCore.Targets (>= 1.1.3) - restriction: || (&& (== net20) (== net45)) (&& (== net20) (== net461)) (&& (== net20) (== net471)) (&& (== net20) (== net472)) (&& (== net20) (>= netstandard1.0)) (&& (== net20) (>= netstandard1.3)) (&& (== net20) (>= netstandard1.5)) (&& (== net40) (== net45)) (&& (== net40) (== net461)) (&& (== net40) (== net471)) (&& (== net40) (== net472)) (&& (== net40) (>= netstandard1.0)) (&& (== net40) (>= netstandard1.3)) (&& (== net40) (>= netstandard1.5)) (&& (== net461) (< net45)) (&& (== net471) (< net45)) (&& (== net472) (< net45)) (== netcoreapp2.0) (== netcoreapp2.2) (== netstandard1.0) (== netstandard1.1) (== netstandard2.0)
      System.Runtime (>= 4.3.1) - restriction: || (&& (== net20) (== net45)) (&& (== net20) (== net461)) (&& (== net20) (== net471)) (&& (== net20) (== net472)) (&& (== net20) (>= netstandard1.0)) (&& (== net20) (>= netstandard1.3)) (&& (== net20) (>= netstandard1.5)) (&& (== net40) (== net45)) (&& (== net40) (== net461)) (&& (== net40) (== net471)) (&& (== net40) (== net472)) (&& (== net40) (>= netstandard1.0)) (&& (== net40) (>= netstandard1.3)) (&& (== net40) (>= netstandard1.5)) (&& (== net461) (< net45)) (&& (== net471) (< net45)) (&& (== net472) (< net45)) (== netcoreapp2.0) (== netcoreapp2.2) (== netstandard1.0) (== netstandard1.1) (== netstandard2.0)
    System.Runtime.Handles (4.3) - restriction: || (&& (== net20) (== net45) (>= netstandard1.3)) (&& (== net20) (== net45) (>= netstandard1.5)) (&& (== net20) (== net461)) (&& (== net20) (== net471)) (&& (== net20) (== net472)) (&& (== net20) (>= net45) (>= netcoreapp1.1)) (&& (== net20) (>= net45) (>= netstandard1.3)) (&& (== net20) (>= net45) (>= netstandard1.5)) (&& (== net20) (>= netstandard2.0)) (&& (== net40) (< net35) (>= net45) (>= netstandard1.3)) (&& (== net40) (< net35) (>= net45) (>= netstandard1.5)) (&& (== net40) (< net35) (>= netstandard2.0)) (&& (== net40) (>= net45) (>= netcoreapp1.1)) (&& (== net40) (>= netcoreapp1.1) (>= netstandard2.0)) (&& (== net45) (== netstandard1.0) (>= netstandard1.3)) (&& (== net45) (== netstandard1.0) (>= netstandard1.5)) (&& (== net45) (== netstandard1.1) (>= netstandard1.3)) (&& (== net45) (== netstandard1.1) (>= netstandard1.5)) (&& (== net45) (< net35) (>= netstandard1.3)) (&& (== net45) (< net35) (>= netstandard1.5)) (&& (== net45) (>= netcoreapp1.1)) (&& (== net461) (== netstandard1.0)) (&& (== net461) (== netstandard1.1)) (&& (== net461) (< net35)) (&& (== net461) (>= netcoreapp1.1)) (&& (== net471) (== netstandard1.0)) (&& (== net471) (== netstandard1.1)) (&& (== net471) (< net35)) (&& (== net471) (>= netcoreapp1.1)) (&& (== net472) (== netstandard1.0)) (&& (== net472) (== netstandard1.1)) (&& (== net472) (< net35)) (&& (== net472) (>= netcoreapp1.1)) (== netcoreapp2.0) (== netcoreapp2.2) (&& (== netstandard1.0) (>= net45) (>= netcoreapp1.1)) (&& (== netstandard1.0) (>= net45) (>= netstandard1.3)) (&& (== netstandard1.0) (>= net45) (>= netstandard1.5)) (&& (== netstandard1.0) (>= netstandard2.0)) (&& (== netstandard1.1) (>= net45) (>= netcoreapp1.1)) (&& (== netstandard1.1) (>= net45) (>= netstandard1.3)) (&& (== netstandard1.1) (>= net45) (>= netstandard1.5)) (&& (== netstandard1.1) (>= netstandard2.0)) (== netstandard2.0)
      Microsoft.NETCore.Platforms (>= 1.1) - restriction: || (&& (== net20) (== net461)) (&& (== net20) (== net471)) (&& (== net20) (== net472)) (&& (== net20) (>= netstandard1.3)) (&& (== net40) (== net461)) (&& (== net40) (== net471)) (&& (== net40) (== net472)) (&& (== net40) (>= netstandard1.3)) (&& (== net45) (== net461)) (&& (== net45) (== net471)) (&& (== net45) (== net472)) (&& (== net45) (>= netstandard1.3)) (&& (== net461) (== netstandard1.0)) (&& (== net461) (== netstandard1.1)) (&& (== net461) (< net46)) (&& (== net471) (== netstandard1.0)) (&& (== net471) (== netstandard1.1)) (&& (== net471) (< net46)) (&& (== net472) (== netstandard1.0)) (&& (== net472) (== netstandard1.1)) (&& (== net472) (< net46)) (== netcoreapp2.0) (== netcoreapp2.2) (&& (== netstandard1.0) (>= netstandard1.3)) (&& (== netstandard1.1) (>= netstandard1.3)) (== netstandard2.0)
      Microsoft.NETCore.Targets (>= 1.1) - restriction: || (&& (== net20) (== net461)) (&& (== net20) (== net471)) (&& (== net20) (== net472)) (&& (== net20) (>= netstandard1.3)) (&& (== net40) (== net461)) (&& (== net40) (== net471)) (&& (== net40) (== net472)) (&& (== net40) (>= netstandard1.3)) (&& (== net45) (== net461)) (&& (== net45) (== net471)) (&& (== net45) (== net472)) (&& (== net45) (>= netstandard1.3)) (&& (== net461) (== netstandard1.0)) (&& (== net461) (== netstandard1.1)) (&& (== net461) (< net46)) (&& (== net471) (== netstandard1.0)) (&& (== net471) (== netstandard1.1)) (&& (== net471) (< net46)) (&& (== net472) (== netstandard1.0)) (&& (== net472) (== netstandard1.1)) (&& (== net472) (< net46)) (== netcoreapp2.0) (== netcoreapp2.2) (&& (== netstandard1.0) (>= netstandard1.3)) (&& (== netstandard1.1) (>= netstandard1.3)) (== netstandard2.0)
      System.Runtime (>= 4.3) - restriction: || (&& (== net20) (== net461)) (&& (== net20) (== net471)) (&& (== net20) (== net472)) (&& (== net20) (>= netstandard1.3)) (&& (== net40) (== net461)) (&& (== net40) (== net471)) (&& (== net40) (== net472)) (&& (== net40) (>= netstandard1.3)) (&& (== net45) (== net461)) (&& (== net45) (== net471)) (&& (== net45) (== net472)) (&& (== net45) (>= netstandard1.3)) (&& (== net461) (== netstandard1.0)) (&& (== net461) (== netstandard1.1)) (&& (== net461) (< net46)) (&& (== net471) (== netstandard1.0)) (&& (== net471) (== netstandard1.1)) (&& (== net471) (< net46)) (&& (== net472) (== netstandard1.0)) (&& (== net472) (== netstandard1.1)) (&& (== net472) (< net46)) (== netcoreapp2.0) (== netcoreapp2.2) (&& (== netstandard1.0) (>= netstandard1.3)) (&& (== netstandard1.1) (>= netstandard1.3)) (== netstandard2.0)
    System.Runtime.InteropServices (4.3) - restriction: || (&& (== net20) (== net45) (>= netstandard1.3)) (&& (== net20) (== net45) (>= netstandard1.5)) (&& (== net20) (== net461)) (&& (== net20) (== net471)) (&& (== net20) (== net472)) (&& (== net20) (>= net45) (>= netstandard1.3)) (&& (== net20) (>= net45) (>= netstandard1.5)) (&& (== net20) (>= netstandard2.0)) (&& (== net40) (< net35) (>= net45) (>= netstandard1.3)) (&& (== net40) (< net35) (>= net45) (>= netstandard1.5)) (&& (== net40) (< net35) (>= netstandard2.0)) (&& (== net45) (== netstandard1.0) (>= netstandard1.3)) (&& (== net45) (== netstandard1.0) (>= netstandard1.5)) (&& (== net45) (== netstandard1.1) (>= netstandard1.3)) (&& (== net45) (== netstandard1.1) (>= netstandard1.5)) (&& (== net45) (< net35) (>= netstandard1.3)) (&& (== net45) (< net35) (>= netstandard1.5)) (&& (== net461) (== netstandard1.0)) (&& (== net461) (== netstandard1.1)) (&& (== net461) (< net35)) (&& (== net471) (== netstandard1.0)) (&& (== net471) (== netstandard1.1)) (&& (== net471) (< net35)) (&& (== net472) (== netstandard1.0)) (&& (== net472) (== netstandard1.1)) (&& (== net472) (< net35)) (== netcoreapp2.0) (== netcoreapp2.2) (&& (== netstandard1.0) (>= net45) (>= netstandard1.3)) (&& (== netstandard1.0) (>= net45) (>= netstandard1.5)) (&& (== netstandard1.0) (>= netstandard2.0)) (&& (== netstandard1.1) (>= net45) (>= netstandard1.3)) (&& (== netstandard1.1) (>= net45) (>= netstandard1.5)) (&& (== netstandard1.1) (>= netstandard2.0)) (== netstandard2.0)
      Microsoft.NETCore.Platforms (>= 1.1) - restriction: || (&& (== net20) (== net45)) (&& (== net20) (== net461)) (&& (== net20) (== net471)) (&& (== net20) (== net472)) (&& (== net20) (>= netcoreapp1.1)) (&& (== net20) (>= netstandard1.1)) (&& (== net20) (>= netstandard1.2)) (&& (== net20) (>= netstandard1.3)) (&& (== net20) (>= netstandard1.5)) (&& (== net40) (== net45)) (&& (== net40) (== net461)) (&& (== net40) (== net471)) (&& (== net40) (== net472)) (&& (== net40) (>= netcoreapp1.1)) (&& (== net40) (>= netstandard1.1)) (&& (== net40) (>= netstandard1.2)) (&& (== net40) (>= netstandard1.3)) (&& (== net40) (>= netstandard1.5)) (&& (== net45) (== netstandard1.0)) (&& (== net45) (>= netcoreapp1.1)) (&& (== net461) (== netstandard1.0)) (&& (== net461) (< net45)) (&& (== net461) (>= netcoreapp1.1)) (&& (== net471) (== netstandard1.0)) (&& (== net471) (< net45)) (&& (== net471) (>= netcoreapp1.1)) (&& (== net472) (== netstandard1.0)) (&& (== net472) (< net45)) (&& (== net472) (>= netcoreapp1.1)) (== netcoreapp2.0) (== netcoreapp2.2) (&& (== netstandard1.0) (>= netcoreapp1.1)) (&& (== netstandard1.0) (>= netstandard1.1)) (&& (== netstandard1.0) (>= netstandard1.2)) (&& (== netstandard1.0) (>= netstandard1.3)) (&& (== netstandard1.0) (>= netstandard1.5)) (== netstandard1.1) (== netstandard2.0)
      Microsoft.NETCore.Targets (>= 1.1) - restriction: || (&& (== net20) (== net45)) (&& (== net20) (== net461)) (&& (== net20) (== net471)) (&& (== net20) (== net472)) (&& (== net20) (>= netcoreapp1.1)) (&& (== net20) (>= netstandard1.1)) (&& (== net20) (>= netstandard1.2)) (&& (== net20) (>= netstandard1.3)) (&& (== net20) (>= netstandard1.5)) (&& (== net40) (== net45)) (&& (== net40) (== net461)) (&& (== net40) (== net471)) (&& (== net40) (== net472)) (&& (== net40) (>= netcoreapp1.1)) (&& (== net40) (>= netstandard1.1)) (&& (== net40) (>= netstandard1.2)) (&& (== net40) (>= netstandard1.3)) (&& (== net40) (>= netstandard1.5)) (&& (== net45) (== netstandard1.0)) (&& (== net45) (>= netcoreapp1.1)) (&& (== net461) (== netstandard1.0)) (&& (== net461) (< net45)) (&& (== net461) (>= netcoreapp1.1)) (&& (== net471) (== netstandard1.0)) (&& (== net471) (< net45)) (&& (== net471) (>= netcoreapp1.1)) (&& (== net472) (== netstandard1.0)) (&& (== net472) (< net45)) (&& (== net472) (>= netcoreapp1.1)) (== netcoreapp2.0) (== netcoreapp2.2) (&& (== netstandard1.0) (>= netcoreapp1.1)) (&& (== netstandard1.0) (>= netstandard1.1)) (&& (== netstandard1.0) (>= netstandard1.2)) (&& (== netstandard1.0) (>= netstandard1.3)) (&& (== netstandard1.0) (>= netstandard1.5)) (== netstandard1.1) (== netstandard2.0)
      System.Reflection (>= 4.3) - restriction: || (&& (== net20) (== net45)) (&& (== net20) (== net461)) (&& (== net20) (== net471)) (&& (== net20) (== net472)) (&& (== net20) (>= netcoreapp1.1)) (&& (== net20) (>= netstandard1.1)) (&& (== net20) (>= netstandard1.2)) (&& (== net20) (>= netstandard1.3)) (&& (== net20) (>= netstandard1.5)) (&& (== net40) (== net45)) (&& (== net40) (== net461)) (&& (== net40) (== net471)) (&& (== net40) (== net472)) (&& (== net40) (>= netcoreapp1.1)) (&& (== net40) (>= netstandard1.1)) (&& (== net40) (>= netstandard1.2)) (&& (== net40) (>= netstandard1.3)) (&& (== net40) (>= netstandard1.5)) (&& (== net45) (== netstandard1.0)) (&& (== net45) (>= netcoreapp1.1)) (&& (== net461) (== netstandard1.0)) (&& (== net461) (< net45)) (&& (== net461) (>= netcoreapp1.1)) (&& (== net471) (== netstandard1.0)) (&& (== net471) (< net45)) (&& (== net471) (>= netcoreapp1.1)) (&& (== net472) (== netstandard1.0)) (&& (== net472) (< net45)) (&& (== net472) (>= netcoreapp1.1)) (== netcoreapp2.0) (== netcoreapp2.2) (&& (== netstandard1.0) (>= netcoreapp1.1)) (&& (== netstandard1.0) (>= netstandard1.1)) (&& (== netstandard1.0) (>= netstandard1.2)) (&& (== netstandard1.0) (>= netstandard1.3)) (&& (== netstandard1.0) (>= netstandard1.5)) (== netstandard1.1) (== netstandard2.0)
      System.Reflection.Primitives (>= 4.3) - restriction: || (&& (== net20) (== net45)) (&& (== net20) (== net461)) (&& (== net20) (== net471)) (&& (== net20) (== net472)) (&& (== net20) (>= netcoreapp1.1)) (&& (== net20) (>= netstandard1.1)) (&& (== net20) (>= netstandard1.2)) (&& (== net20) (>= netstandard1.3)) (&& (== net20) (>= netstandard1.5)) (&& (== net40) (== net45)) (&& (== net40) (== net461)) (&& (== net40) (== net471)) (&& (== net40) (== net472)) (&& (== net40) (>= netcoreapp1.1)) (&& (== net40) (>= netstandard1.1)) (&& (== net40) (>= netstandard1.2)) (&& (== net40) (>= netstandard1.3)) (&& (== net40) (>= netstandard1.5)) (&& (== net45) (== netstandard1.0)) (&& (== net45) (>= netcoreapp1.1)) (&& (== net461) (== netstandard1.0)) (&& (== net461) (< net45)) (&& (== net461) (>= netcoreapp1.1)) (&& (== net471) (== netstandard1.0)) (&& (== net471) (< net45)) (&& (== net471) (>= netcoreapp1.1)) (&& (== net472) (== netstandard1.0)) (&& (== net472) (< net45)) (&& (== net472) (>= netcoreapp1.1)) (== netcoreapp2.0) (== netcoreapp2.2) (&& (== netstandard1.0) (>= netcoreapp1.1)) (&& (== netstandard1.0) (>= netstandard1.1)) (&& (== netstandard1.0) (>= netstandard1.2)) (&& (== netstandard1.0) (>= netstandard1.3)) (&& (== netstandard1.0) (>= netstandard1.5)) (== netstandard1.1) (== netstandard2.0)
      System.Runtime (>= 4.3) - restriction: || (&& (== net20) (== net45)) (&& (== net20) (== net461)) (&& (== net20) (>= net462)) (&& (== net20) (>= netcoreapp1.1)) (&& (== net20) (>= netstandard1.1)) (&& (== net20) (>= netstandard1.2)) (&& (== net20) (>= netstandard1.3)) (&& (== net20) (>= netstandard1.5)) (&& (== net40) (== net45)) (&& (== net40) (== net461)) (&& (== net40) (>= net462)) (&& (== net40) (>= netcoreapp1.1)) (&& (== net40) (>= netstandard1.1)) (&& (== net40) (>= netstandard1.2)) (&& (== net40) (>= netstandard1.3)) (&& (== net40) (>= netstandard1.5)) (&& (== net45) (== netstandard1.0)) (&& (== net45) (>= net462)) (&& (== net45) (>= netcoreapp1.1)) (&& (== net461) (== netstandard1.0)) (&& (== net461) (< net45)) (&& (== net461) (>= net462)) (&& (== net461) (>= netcoreapp1.1)) (== net471) (== net472) (== netcoreapp2.0) (== netcoreapp2.2) (&& (== netstandard1.0) (>= net462)) (&& (== netstandard1.0) (>= netcoreapp1.1)) (&& (== netstandard1.0) (>= netstandard1.1)) (&& (== netstandard1.0) (>= netstandard1.2)) (&& (== netstandard1.0) (>= netstandard1.3)) (&& (== netstandard1.0) (>= netstandard1.5)) (== netstandard1.1) (== netstandard2.0)
      System.Runtime.Handles (>= 4.3) - restriction: || (&& (== net20) (== net461)) (&& (== net20) (== net471)) (&& (== net20) (== net472)) (&& (== net20) (>= netcoreapp1.1)) (&& (== net20) (>= netstandard1.3)) (&& (== net20) (>= netstandard1.5)) (&& (== net40) (== net461)) (&& (== net40) (== net471)) (&& (== net40) (== net472)) (&& (== net40) (>= netcoreapp1.1)) (&& (== net40) (>= netstandard1.3)) (&& (== net40) (>= netstandard1.5)) (&& (== net45) (>= netcoreapp1.1)) (&& (== net461) (== netstandard1.0)) (&& (== net461) (== netstandard1.1)) (&& (== net461) (< net45)) (&& (== net461) (>= netcoreapp1.1)) (&& (== net471) (== netstandard1.0)) (&& (== net471) (== netstandard1.1)) (&& (== net471) (< net45)) (&& (== net471) (>= netcoreapp1.1)) (&& (== net472) (== netstandard1.0)) (&& (== net472) (== netstandard1.1)) (&& (== net472) (< net45)) (&& (== net472) (>= netcoreapp1.1)) (== netcoreapp2.0) (== netcoreapp2.2) (&& (== netstandard1.0) (>= netcoreapp1.1)) (&& (== netstandard1.0) (>= netstandard1.3)) (&& (== netstandard1.0) (>= netstandard1.5)) (&& (== netstandard1.1) (>= netcoreapp1.1)) (&& (== netstandard1.1) (>= netstandard1.3)) (&& (== netstandard1.1) (>= netstandard1.5)) (== netstandard2.0)
    System.Security.AccessControl (4.6) - restriction: || (&& (== net20) (>= netcoreapp2.0)) (&& (== net20) (>= netstandard2.0)) (&& (== net20) (>= xamarinios)) (&& (== net20) (>= xamarinmac)) (&& (== net40) (>= netcoreapp2.0)) (&& (== net40) (>= netstandard2.0)) (&& (== net40) (>= xamarinios)) (&& (== net40) (>= xamarinmac)) (&& (== net45) (>= netcoreapp2.0)) (&& (== net45) (>= netstandard2.0)) (&& (== net45) (>= xamarinios)) (&& (== net45) (>= xamarinmac)) (&& (== net461) (>= netcoreapp2.0)) (&& (== net461) (>= netstandard2.0)) (&& (== net461) (>= xamarinios)) (&& (== net461) (>= xamarinmac)) (== net471) (== net472) (== netcoreapp2.0) (== netcoreapp2.2) (&& (== netstandard1.0) (>= netcoreapp2.0)) (&& (== netstandard1.0) (>= netstandard2.0)) (&& (== netstandard1.0) (>= xamarinios)) (&& (== netstandard1.0) (>= xamarinmac)) (&& (== netstandard1.1) (>= netcoreapp2.0)) (&& (== netstandard1.1) (>= netstandard2.0)) (&& (== netstandard1.1) (>= xamarinios)) (&& (== netstandard1.1) (>= xamarinmac)) (== netstandard2.0)
      Microsoft.NETCore.Platforms (>= 3.0) - restriction: || (&& (== net20) (>= netcoreapp2.0)) (&& (== net40) (>= netcoreapp2.0)) (&& (== net45) (>= netcoreapp2.0)) (&& (== net461) (>= netcoreapp2.0)) (&& (== net471) (>= netcoreapp2.0)) (&& (== net472) (>= netcoreapp2.0)) (== netcoreapp2.0) (== netcoreapp2.2) (&& (== netstandard1.0) (>= netcoreapp2.0)) (&& (== netstandard1.1) (>= netcoreapp2.0)) (&& (== netstandard2.0) (>= netcoreapp2.0))
      System.Security.Principal.Windows (>= 4.6) - restriction: || (&& (== net20) (>= net46)) (&& (== net20) (>= net461)) (&& (== net20) (>= netcoreapp2.0)) (&& (== net20) (>= netstandard1.3)) (&& (== net20) (>= netstandard2.0)) (&& (== net40) (>= net46)) (&& (== net40) (>= net461)) (&& (== net40) (>= netcoreapp2.0)) (&& (== net40) (>= netstandard1.3)) (&& (== net40) (>= netstandard2.0)) (&& (== net45) (>= net46)) (&& (== net45) (>= net461)) (&& (== net45) (>= netcoreapp2.0)) (&& (== net45) (>= netstandard1.3)) (&& (== net45) (>= netstandard2.0)) (== net461) (== net471) (== net472) (== netcoreapp2.0) (== netcoreapp2.2) (&& (== netstandard1.0) (>= net46)) (&& (== netstandard1.0) (>= net461)) (&& (== netstandard1.0) (>= netcoreapp2.0)) (&& (== netstandard1.0) (>= netstandard1.3)) (&& (== netstandard1.0) (>= netstandard2.0)) (&& (== netstandard1.1) (>= net46)) (&& (== netstandard1.1) (>= net461)) (&& (== netstandard1.1) (>= netcoreapp2.0)) (&& (== netstandard1.1) (>= netstandard1.3)) (&& (== netstandard1.1) (>= netstandard2.0)) (== netstandard2.0)
    System.Security.Principal.Windows (4.6) - restriction: || (&& (== net20) (>= netcoreapp2.0)) (&& (== net20) (>= netstandard2.0)) (&& (== net20) (>= xamarinios)) (&& (== net20) (>= xamarinmac)) (&& (== net40) (>= netcoreapp2.0)) (&& (== net40) (>= netstandard2.0)) (&& (== net40) (>= xamarinios)) (&& (== net40) (>= xamarinmac)) (&& (== net45) (>= netcoreapp2.0)) (&& (== net45) (>= netstandard2.0)) (&& (== net45) (>= xamarinios)) (&& (== net45) (>= xamarinmac)) (&& (== net461) (>= netcoreapp2.0)) (&& (== net461) (>= netstandard2.0)) (&& (== net461) (>= xamarinios)) (&& (== net461) (>= xamarinmac)) (== net471) (== net472) (== netcoreapp2.0) (== netcoreapp2.2) (&& (== netstandard1.0) (>= netcoreapp2.0)) (&& (== netstandard1.0) (>= netstandard2.0)) (&& (== netstandard1.0) (>= xamarinios)) (&& (== netstandard1.0) (>= xamarinmac)) (&& (== netstandard1.1) (>= netcoreapp2.0)) (&& (== netstandard1.1) (>= netstandard2.0)) (&& (== netstandard1.1) (>= xamarinios)) (&& (== netstandard1.1) (>= xamarinmac)) (== netstandard2.0)
      Microsoft.NETCore.Platforms (>= 3.0) - restriction: || (&& (== net20) (>= netcoreapp2.0)) (&& (== net20) (>= netcoreapp2.1)) (&& (== net40) (>= netcoreapp2.0)) (&& (== net40) (>= netcoreapp2.1)) (&& (== net45) (>= netcoreapp2.0)) (&& (== net45) (>= netcoreapp2.1)) (&& (== net461) (>= netcoreapp2.0)) (&& (== net461) (>= netcoreapp2.1)) (&& (== net471) (>= netcoreapp2.0)) (&& (== net471) (>= netcoreapp2.1)) (&& (== net472) (>= netcoreapp2.0)) (&& (== net472) (>= netcoreapp2.1)) (== netcoreapp2.0) (== netcoreapp2.2) (&& (== netstandard1.0) (>= netcoreapp2.0)) (&& (== netstandard1.0) (>= netcoreapp2.1)) (&& (== netstandard1.1) (>= netcoreapp2.0)) (&& (== netstandard1.1) (>= netcoreapp2.1)) (&& (== netstandard2.0) (>= netcoreapp2.0)) (&& (== netstandard2.0) (>= netcoreapp2.1))
    System.Text.Encoding (4.3) - restriction: || (&& (== net20) (== net45) (>= netstandard1.3)) (&& (== net20) (== net45) (>= netstandard1.5)) (&& (== net20) (== net461)) (&& (== net20) (== net471)) (&& (== net20) (== net472)) (&& (== net20) (>= net45) (>= netstandard1.3)) (&& (== net20) (>= net45) (>= netstandard1.5)) (&& (== net20) (>= netstandard2.0)) (&& (== net40) (< net35) (>= net45) (>= netstandard1.3)) (&& (== net40) (< net35) (>= net45) (>= netstandard1.5)) (&& (== net40) (< net35) (>= netstandard2.0)) (&& (== net45) (== netstandard1.0) (>= netstandard1.3)) (&& (== net45) (== netstandard1.0) (>= netstandard1.5)) (&& (== net45) (== netstandard1.1) (>= netstandard1.3)) (&& (== net45) (== netstandard1.1) (>= netstandard1.5)) (&& (== net45) (< net35) (>= netstandard1.3)) (&& (== net45) (< net35) (>= netstandard1.5)) (&& (== net461) (== netstandard1.0)) (&& (== net461) (== netstandard1.1)) (&& (== net461) (< net35)) (&& (== net471) (== netstandard1.0)) (&& (== net471) (== netstandard1.1)) (&& (== net471) (< net35)) (&& (== net472) (== netstandard1.0)) (&& (== net472) (== netstandard1.1)) (&& (== net472) (< net35)) (== netcoreapp2.0) (== netcoreapp2.2) (&& (== netstandard1.0) (>= net45) (>= netstandard1.3)) (&& (== netstandard1.0) (>= net45) (>= netstandard1.5)) (&& (== netstandard1.0) (>= netstandard2.0)) (&& (== netstandard1.1) (>= net45) (>= netstandard1.3)) (&& (== netstandard1.1) (>= net45) (>= netstandard1.5)) (&& (== netstandard1.1) (>= netstandard2.0)) (== netstandard2.0)
      Microsoft.NETCore.Platforms (>= 1.1) - restriction: || (&& (== net20) (== net45)) (&& (== net20) (== net461)) (&& (== net20) (== net471)) (&& (== net20) (== net472)) (&& (== net20) (>= netstandard1.0)) (&& (== net20) (>= netstandard1.3)) (&& (== net40) (== net45)) (&& (== net40) (== net461)) (&& (== net40) (== net471)) (&& (== net40) (== net472)) (&& (== net40) (>= netstandard1.0)) (&& (== net40) (>= netstandard1.3)) (&& (== net461) (< net45)) (&& (== net471) (< net45)) (&& (== net472) (< net45)) (== netcoreapp2.0) (== netcoreapp2.2) (== netstandard1.0) (== netstandard1.1) (== netstandard2.0)
      Microsoft.NETCore.Targets (>= 1.1) - restriction: || (&& (== net20) (== net45)) (&& (== net20) (== net461)) (&& (== net20) (== net471)) (&& (== net20) (== net472)) (&& (== net20) (>= netstandard1.0)) (&& (== net20) (>= netstandard1.3)) (&& (== net40) (== net45)) (&& (== net40) (== net461)) (&& (== net40) (== net471)) (&& (== net40) (== net472)) (&& (== net40) (>= netstandard1.0)) (&& (== net40) (>= netstandard1.3)) (&& (== net461) (< net45)) (&& (== net471) (< net45)) (&& (== net472) (< net45)) (== netcoreapp2.0) (== netcoreapp2.2) (== netstandard1.0) (== netstandard1.1) (== netstandard2.0)
      System.Runtime (>= 4.3) - restriction: || (&& (== net20) (== net45)) (&& (== net20) (== net461)) (&& (== net20) (== net471)) (&& (== net20) (== net472)) (&& (== net20) (>= netstandard1.0)) (&& (== net20) (>= netstandard1.3)) (&& (== net40) (== net45)) (&& (== net40) (== net461)) (&& (== net40) (== net471)) (&& (== net40) (== net472)) (&& (== net40) (>= netstandard1.0)) (&& (== net40) (>= netstandard1.3)) (&& (== net461) (< net45)) (&& (== net471) (< net45)) (&& (== net472) (< net45)) (== netcoreapp2.0) (== netcoreapp2.2) (== netstandard1.0) (== netstandard1.1) (== netstandard2.0)
    System.Text.Encoding.CodePages (4.6) - restriction: || (&& (== net20) (== net471)) (&& (== net20) (== net472)) (&& (== net20) (>= netcoreapp2.0)) (&& (== net20) (>= netcoreapp2.1)) (&& (== net20) (>= netstandard2.0)) (&& (== net40) (== net471)) (&& (== net40) (== net472)) (&& (== net40) (>= netcoreapp2.0)) (&& (== net40) (>= netcoreapp2.1)) (&& (== net40) (>= netstandard2.0)) (&& (== net45) (== net471)) (&& (== net45) (== net472)) (&& (== net45) (>= netcoreapp2.0)) (&& (== net45) (>= netcoreapp2.1)) (&& (== net45) (>= netstandard2.0)) (&& (== net461) (< net451) (>= netstandard2.0)) (&& (== net461) (>= netcoreapp2.0)) (&& (== net461) (>= netcoreapp2.1)) (&& (== net461) (>= netstandard2.0) (>= uap10.1)) (&& (== net471) (== netstandard1.0)) (&& (== net471) (== netstandard1.1)) (&& (== net471) (< net451)) (&& (== net471) (>= netcoreapp2.0)) (&& (== net471) (>= netcoreapp2.1)) (&& (== net471) (>= uap10.1)) (&& (== net472) (== netstandard1.0)) (&& (== net472) (== netstandard1.1)) (&& (== net472) (< net451)) (&& (== net472) (>= netcoreapp2.0)) (&& (== net472) (>= netcoreapp2.1)) (&& (== net472) (>= uap10.1)) (== netcoreapp2.0) (== netcoreapp2.2) (&& (== netstandard1.0) (>= netcoreapp2.0)) (&& (== netstandard1.0) (>= netcoreapp2.1)) (&& (== netstandard1.0) (>= netstandard2.0)) (&& (== netstandard1.1) (>= netcoreapp2.0)) (&& (== netstandard1.1) (>= netcoreapp2.1)) (&& (== netstandard1.1) (>= netstandard2.0)) (== netstandard2.0)
      Microsoft.NETCore.Platforms (>= 3.0) - restriction: || (&& (== net20) (>= netcoreapp2.0)) (&& (== net40) (>= netcoreapp2.0)) (&& (== net45) (>= netcoreapp2.0)) (&& (== net461) (>= netcoreapp2.0)) (&& (== net471) (>= netcoreapp2.0)) (&& (== net472) (>= netcoreapp2.0)) (== netcoreapp2.0) (== netcoreapp2.2) (&& (== netstandard1.0) (>= netcoreapp2.0)) (&& (== netstandard1.1) (>= netcoreapp2.0)) (&& (== netstandard2.0) (>= netcoreapp2.0))
      System.Runtime.CompilerServices.Unsafe (>= 4.6) - restriction: || (&& (== net20) (>= net461)) (&& (== net20) (>= netcoreapp2.0)) (&& (== net20) (>= netstandard2.0)) (&& (== net40) (>= net461)) (&& (== net40) (>= netcoreapp2.0)) (&& (== net40) (>= netstandard2.0)) (&& (== net45) (>= net461)) (&& (== net45) (>= netcoreapp2.0)) (&& (== net45) (>= netstandard2.0)) (== net461) (== net471) (== net472) (== netcoreapp2.0) (== netcoreapp2.2) (&& (== netstandard1.0) (>= net461)) (&& (== netstandard1.0) (>= netcoreapp2.0)) (&& (== netstandard1.0) (>= netstandard2.0)) (&& (== netstandard1.1) (>= net461)) (&& (== netstandard1.1) (>= netcoreapp2.0)) (&& (== netstandard1.1) (>= netstandard2.0)) (== netstandard2.0)
    System.Text.Encoding.Extensions (4.3) - restriction: || (&& (== net20) (== net45) (>= netstandard1.3)) (&& (== net20) (== net45) (>= netstandard1.5)) (&& (== net20) (== net461)) (&& (== net20) (== net471)) (&& (== net20) (== net472)) (&& (== net20) (>= net45) (>= netstandard1.3)) (&& (== net20) (>= net45) (>= netstandard1.5)) (&& (== net20) (>= netstandard2.0)) (&& (== net40) (< net35) (>= net45) (>= netstandard1.3)) (&& (== net40) (< net35) (>= net45) (>= netstandard1.5)) (&& (== net40) (< net35) (>= netstandard2.0)) (&& (== net45) (== netstandard1.0) (>= netstandard1.3)) (&& (== net45) (== netstandard1.0) (>= netstandard1.5)) (&& (== net45) (== netstandard1.1) (>= netstandard1.3)) (&& (== net45) (== netstandard1.1) (>= netstandard1.5)) (&& (== net45) (< net35) (>= netstandard1.3)) (&& (== net45) (< net35) (>= netstandard1.5)) (&& (== net461) (== netstandard1.0)) (&& (== net461) (== netstandard1.1)) (&& (== net461) (< net35)) (&& (== net471) (== netstandard1.0)) (&& (== net471) (== netstandard1.1)) (&& (== net471) (< net35)) (&& (== net472) (== netstandard1.0)) (&& (== net472) (== netstandard1.1)) (&& (== net472) (< net35)) (== netcoreapp2.0) (== netcoreapp2.2) (&& (== netstandard1.0) (>= net45) (>= netstandard1.3)) (&& (== netstandard1.0) (>= net45) (>= netstandard1.5)) (&& (== netstandard1.0) (>= netstandard2.0)) (&& (== netstandard1.1) (>= net45) (>= netstandard1.3)) (&& (== netstandard1.1) (>= net45) (>= netstandard1.5)) (&& (== netstandard1.1) (>= netstandard2.0)) (== netstandard2.0)
      Microsoft.NETCore.Platforms (>= 1.1) - restriction: || (&& (== net20) (== net45)) (&& (== net20) (== net461)) (&& (== net20) (== net471)) (&& (== net20) (== net472)) (&& (== net20) (>= netstandard1.0)) (&& (== net20) (>= netstandard1.3)) (&& (== net40) (== net45)) (&& (== net40) (== net461)) (&& (== net40) (== net471)) (&& (== net40) (== net472)) (&& (== net40) (>= netstandard1.0)) (&& (== net40) (>= netstandard1.3)) (&& (== net461) (< net45)) (&& (== net471) (< net45)) (&& (== net472) (< net45)) (== netcoreapp2.0) (== netcoreapp2.2) (== netstandard1.0) (== netstandard1.1) (== netstandard2.0)
      Microsoft.NETCore.Targets (>= 1.1) - restriction: || (&& (== net20) (== net45)) (&& (== net20) (== net461)) (&& (== net20) (== net471)) (&& (== net20) (== net472)) (&& (== net20) (>= netstandard1.0)) (&& (== net20) (>= netstandard1.3)) (&& (== net40) (== net45)) (&& (== net40) (== net461)) (&& (== net40) (== net471)) (&& (== net40) (== net472)) (&& (== net40) (>= netstandard1.0)) (&& (== net40) (>= netstandard1.3)) (&& (== net461) (< net45)) (&& (== net471) (< net45)) (&& (== net472) (< net45)) (== netcoreapp2.0) (== netcoreapp2.2) (== netstandard1.0) (== netstandard1.1) (== netstandard2.0)
      System.Runtime (>= 4.3) - restriction: || (&& (== net20) (== net45)) (&& (== net20) (== net461)) (&& (== net20) (== net471)) (&& (== net20) (== net472)) (&& (== net20) (>= netstandard1.0)) (&& (== net20) (>= netstandard1.3)) (&& (== net40) (== net45)) (&& (== net40) (== net461)) (&& (== net40) (== net471)) (&& (== net40) (== net472)) (&& (== net40) (>= netstandard1.0)) (&& (== net40) (>= netstandard1.3)) (&& (== net461) (< net45)) (&& (== net471) (< net45)) (&& (== net472) (< net45)) (== netcoreapp2.0) (== netcoreapp2.2) (== netstandard1.0) (== netstandard1.1) (== netstandard2.0)
      System.Text.Encoding (>= 4.3) - restriction: || (&& (== net20) (== net45)) (&& (== net20) (== net461)) (&& (== net20) (== net471)) (&& (== net20) (== net472)) (&& (== net20) (>= netstandard1.0)) (&& (== net20) (>= netstandard1.3)) (&& (== net40) (== net45)) (&& (== net40) (== net461)) (&& (== net40) (== net471)) (&& (== net40) (== net472)) (&& (== net40) (>= netstandard1.0)) (&& (== net40) (>= netstandard1.3)) (&& (== net461) (< net45)) (&& (== net471) (< net45)) (&& (== net472) (< net45)) (== netcoreapp2.0) (== netcoreapp2.2) (== netstandard1.0) (== netstandard1.1) (== netstandard2.0)
    System.Text.RegularExpressions (4.3.1) - restriction: || (&& (== net20) (== net45) (>= netstandard1.3)) (&& (== net20) (== net45) (>= netstandard1.5)) (&& (== net20) (== net461)) (&& (== net20) (== net471)) (&& (== net20) (== net472)) (&& (== net20) (>= net45) (>= netstandard1.3)) (&& (== net20) (>= net45) (>= netstandard1.5)) (&& (== net20) (>= netstandard2.0)) (&& (== net40) (< net35) (>= net45) (>= netstandard1.3)) (&& (== net40) (< net35) (>= net45) (>= netstandard1.5)) (&& (== net40) (< net35) (>= netstandard2.0)) (&& (== net45) (== netstandard1.0) (>= netstandard1.3)) (&& (== net45) (== netstandard1.0) (>= netstandard1.5)) (&& (== net45) (== netstandard1.1) (>= netstandard1.3)) (&& (== net45) (== netstandard1.1) (>= netstandard1.5)) (&& (== net45) (< net35) (>= netstandard1.3)) (&& (== net45) (< net35) (>= netstandard1.5)) (&& (== net461) (== netstandard1.0)) (&& (== net461) (== netstandard1.1)) (&& (== net461) (< net35)) (&& (== net471) (== netstandard1.0)) (&& (== net471) (== netstandard1.1)) (&& (== net471) (< net35)) (&& (== net472) (== netstandard1.0)) (&& (== net472) (== netstandard1.1)) (&& (== net472) (< net35)) (== netcoreapp2.0) (== netcoreapp2.2) (&& (== netstandard1.0) (>= net45) (>= netstandard1.3)) (&& (== netstandard1.0) (>= net45) (>= netstandard1.5)) (&& (== netstandard1.0) (>= netstandard2.0)) (&& (== netstandard1.1) (>= net45) (>= netstandard1.3)) (&& (== netstandard1.1) (>= net45) (>= netstandard1.5)) (&& (== netstandard1.1) (>= netstandard2.0)) (== netstandard2.0)
      System.Collections (>= 4.3) - restriction: || (&& (== net20) (== net471)) (&& (== net20) (== net472)) (&& (== net20) (== netcoreapp2.0)) (&& (== net20) (== netcoreapp2.2)) (&& (== net20) (>= netstandard1.6)) (&& (== net40) (== net471)) (&& (== net40) (== net472)) (&& (== net40) (== netcoreapp2.0)) (&& (== net40) (== netcoreapp2.2)) (&& (== net40) (>= netstandard1.6)) (&& (== net45) (== netcoreapp2.0)) (&& (== net45) (== netcoreapp2.2)) (&& (== net461) (== netcoreapp2.0)) (&& (== net461) (== netcoreapp2.2)) (&& (== net461) (< net45) (>= netstandard1.6)) (&& (== net471) (== netcoreapp2.0)) (&& (== net471) (== netcoreapp2.2)) (&& (== net471) (== netstandard1.0)) (&& (== net471) (== netstandard1.1)) (&& (== net471) (< net45)) (&& (== net472) (== netcoreapp2.0)) (&& (== net472) (== netcoreapp2.2)) (&& (== net472) (== netstandard1.0)) (&& (== net472) (== netstandard1.1)) (&& (== net472) (< net45)) (&& (== netcoreapp2.0) (== netstandard1.0)) (&& (== netcoreapp2.0) (== netstandard1.1)) (&& (== netcoreapp2.0) (< netcoreapp1.1)) (&& (== netcoreapp2.2) (== netstandard1.0)) (&& (== netcoreapp2.2) (== netstandard1.1)) (&& (== netcoreapp2.2) (< netcoreapp1.1)) (&& (== netstandard1.0) (>= netstandard1.6)) (&& (== netstandard1.1) (>= netstandard1.6)) (== netstandard2.0)
      System.Globalization (>= 4.3) - restriction: || (&& (== net20) (== net471)) (&& (== net20) (== net472)) (&& (== net20) (== netcoreapp2.0)) (&& (== net20) (== netcoreapp2.2)) (&& (== net20) (>= netstandard1.6)) (&& (== net40) (== net471)) (&& (== net40) (== net472)) (&& (== net40) (== netcoreapp2.0)) (&& (== net40) (== netcoreapp2.2)) (&& (== net40) (>= netstandard1.6)) (&& (== net45) (== netcoreapp2.0)) (&& (== net45) (== netcoreapp2.2)) (&& (== net461) (== netcoreapp2.0)) (&& (== net461) (== netcoreapp2.2)) (&& (== net461) (< net45) (>= netstandard1.6)) (&& (== net471) (== netcoreapp2.0)) (&& (== net471) (== netcoreapp2.2)) (&& (== net471) (== netstandard1.0)) (&& (== net471) (== netstandard1.1)) (&& (== net471) (< net45)) (&& (== net472) (== netcoreapp2.0)) (&& (== net472) (== netcoreapp2.2)) (&& (== net472) (== netstandard1.0)) (&& (== net472) (== netstandard1.1)) (&& (== net472) (< net45)) (&& (== netcoreapp2.0) (== netstandard1.0)) (&& (== netcoreapp2.0) (== netstandard1.1)) (&& (== netcoreapp2.0) (< netcoreapp1.1)) (&& (== netcoreapp2.2) (== netstandard1.0)) (&& (== netcoreapp2.2) (== netstandard1.1)) (&& (== netcoreapp2.2) (< netcoreapp1.1)) (&& (== netstandard1.0) (>= netstandard1.6)) (&& (== netstandard1.1) (>= netstandard1.6)) (== netstandard2.0)
      System.Resources.ResourceManager (>= 4.3) - restriction: || (&& (== net20) (== net471)) (&& (== net20) (== net472)) (&& (== net20) (== netcoreapp2.0)) (&& (== net20) (== netcoreapp2.2)) (&& (== net20) (>= netstandard1.6)) (&& (== net40) (== net471)) (&& (== net40) (== net472)) (&& (== net40) (== netcoreapp2.0)) (&& (== net40) (== netcoreapp2.2)) (&& (== net40) (>= netstandard1.6)) (&& (== net45) (== netcoreapp2.0)) (&& (== net45) (== netcoreapp2.2)) (&& (== net461) (== netcoreapp2.0)) (&& (== net461) (== netcoreapp2.2)) (&& (== net461) (< net45) (>= netstandard1.6)) (&& (== net471) (== netcoreapp2.0)) (&& (== net471) (== netcoreapp2.2)) (&& (== net471) (== netstandard1.0)) (&& (== net471) (== netstandard1.1)) (&& (== net471) (< net45)) (&& (== net472) (== netcoreapp2.0)) (&& (== net472) (== netcoreapp2.2)) (&& (== net472) (== netstandard1.0)) (&& (== net472) (== netstandard1.1)) (&& (== net472) (< net45)) (&& (== netcoreapp2.0) (== netstandard1.0)) (&& (== netcoreapp2.0) (== netstandard1.1)) (&& (== netcoreapp2.0) (< netcoreapp1.1)) (&& (== netcoreapp2.2) (== netstandard1.0)) (&& (== netcoreapp2.2) (== netstandard1.1)) (&& (== netcoreapp2.2) (< netcoreapp1.1)) (&& (== netstandard1.0) (>= netstandard1.6)) (&& (== netstandard1.1) (>= netstandard1.6)) (== netstandard2.0)
      System.Runtime (>= 4.3.1) - restriction: || (&& (== net20) (== net45)) (&& (== net20) (== net461)) (&& (== net20) (== net471)) (&& (== net20) (== net472)) (&& (== net20) (>= netcoreapp1.1)) (&& (== net20) (>= netstandard1.0)) (&& (== net20) (>= netstandard1.3)) (&& (== net20) (>= netstandard1.6)) (&& (== net40) (== net45)) (&& (== net40) (== net461)) (&& (== net40) (== net471)) (&& (== net40) (== net472)) (&& (== net40) (>= netcoreapp1.1)) (&& (== net40) (>= netstandard1.0)) (&& (== net40) (>= netstandard1.3)) (&& (== net40) (>= netstandard1.6)) (&& (== net45) (>= netcoreapp1.1)) (&& (== net461) (< net45)) (&& (== net461) (>= netcoreapp1.1)) (&& (== net471) (< net45)) (&& (== net471) (>= netcoreapp1.1)) (&& (== net472) (< net45)) (&& (== net472) (>= netcoreapp1.1)) (== netcoreapp2.0) (== netcoreapp2.2) (== netstandard1.0) (== netstandard1.1) (== netstandard2.0)
      System.Runtime.Extensions (>= 4.3.1) - restriction: || (&& (== net20) (== net471)) (&& (== net20) (== net472)) (&& (== net20) (== netcoreapp2.0)) (&& (== net20) (== netcoreapp2.2)) (&& (== net20) (>= netstandard1.6)) (&& (== net40) (== net471)) (&& (== net40) (== net472)) (&& (== net40) (== netcoreapp2.0)) (&& (== net40) (== netcoreapp2.2)) (&& (== net40) (>= netstandard1.6)) (&& (== net45) (== netcoreapp2.0)) (&& (== net45) (== netcoreapp2.2)) (&& (== net461) (== netcoreapp2.0)) (&& (== net461) (== netcoreapp2.2)) (&& (== net461) (< net45) (>= netstandard1.6)) (&& (== net471) (== netcoreapp2.0)) (&& (== net471) (== netcoreapp2.2)) (&& (== net471) (== netstandard1.0)) (&& (== net471) (== netstandard1.1)) (&& (== net471) (< net45)) (&& (== net472) (== netcoreapp2.0)) (&& (== net472) (== netcoreapp2.2)) (&& (== net472) (== netstandard1.0)) (&& (== net472) (== netstandard1.1)) (&& (== net472) (< net45)) (&& (== netcoreapp2.0) (== netstandard1.0)) (&& (== netcoreapp2.0) (== netstandard1.1)) (&& (== netcoreapp2.0) (< netcoreapp1.1)) (&& (== netcoreapp2.2) (== netstandard1.0)) (&& (== netcoreapp2.2) (== netstandard1.1)) (&& (== netcoreapp2.2) (< netcoreapp1.1)) (&& (== netstandard1.0) (>= netstandard1.6)) (&& (== netstandard1.1) (>= netstandard1.6)) (== netstandard2.0)
      System.Threading (>= 4.3) - restriction: || (&& (== net20) (== net471)) (&& (== net20) (== net472)) (&& (== net20) (== netcoreapp2.0)) (&& (== net20) (== netcoreapp2.2)) (&& (== net20) (>= netstandard1.6)) (&& (== net40) (== net471)) (&& (== net40) (== net472)) (&& (== net40) (== netcoreapp2.0)) (&& (== net40) (== netcoreapp2.2)) (&& (== net40) (>= netstandard1.6)) (&& (== net45) (== netcoreapp2.0)) (&& (== net45) (== netcoreapp2.2)) (&& (== net461) (== netcoreapp2.0)) (&& (== net461) (== netcoreapp2.2)) (&& (== net461) (< net45) (>= netstandard1.6)) (&& (== net471) (== netcoreapp2.0)) (&& (== net471) (== netcoreapp2.2)) (&& (== net471) (== netstandard1.0)) (&& (== net471) (== netstandard1.1)) (&& (== net471) (< net45)) (&& (== net472) (== netcoreapp2.0)) (&& (== net472) (== netcoreapp2.2)) (&& (== net472) (== netstandard1.0)) (&& (== net472) (== netstandard1.1)) (&& (== net472) (< net45)) (&& (== netcoreapp2.0) (== netstandard1.0)) (&& (== netcoreapp2.0) (== netstandard1.1)) (&& (== netcoreapp2.0) (< netcoreapp1.1)) (&& (== netcoreapp2.2) (== netstandard1.0)) (&& (== netcoreapp2.2) (== netstandard1.1)) (&& (== netcoreapp2.2) (< netcoreapp1.1)) (&& (== netstandard1.0) (>= netstandard1.6)) (&& (== netstandard1.1) (>= netstandard1.6)) (== netstandard2.0)
    System.Threading (4.3) - restriction: || (&& (== net20) (== net45) (>= netstandard1.3)) (&& (== net20) (== net45) (>= netstandard1.5)) (&& (== net20) (== net45) (>= netstandard1.6)) (&& (== net20) (== net461)) (&& (== net20) (== net471)) (&& (== net20) (== net472)) (&& (== net20) (>= net45) (>= netstandard1.3)) (&& (== net20) (>= net45) (>= netstandard1.5)) (&& (== net20) (>= net45) (>= netstandard1.6)) (&& (== net20) (>= netstandard2.0)) (&& (== net40) (< net35) (>= net45) (>= netstandard1.3)) (&& (== net40) (< net35) (>= net45) (>= netstandard1.5)) (&& (== net40) (< net35) (>= net45) (>= netstandard1.6)) (&& (== net40) (< net35) (>= netstandard2.0)) (&& (== net45) (== netstandard1.0) (>= netstandard1.3)) (&& (== net45) (== netstandard1.0) (>= netstandard1.5)) (&& (== net45) (== netstandard1.0) (>= netstandard1.6)) (&& (== net45) (== netstandard1.1) (>= netstandard1.3)) (&& (== net45) (== netstandard1.1) (>= netstandard1.5)) (&& (== net45) (== netstandard1.1) (>= netstandard1.6)) (&& (== net45) (< net35) (>= netstandard1.3)) (&& (== net45) (< net35) (>= netstandard1.5)) (&& (== net45) (< net35) (>= netstandard1.6)) (&& (== net461) (== netstandard1.0)) (&& (== net461) (== netstandard1.1)) (&& (== net461) (< net35)) (&& (== net471) (== netstandard1.0)) (&& (== net471) (== netstandard1.1)) (&& (== net471) (< net35)) (&& (== net472) (== netstandard1.0)) (&& (== net472) (== netstandard1.1)) (&& (== net472) (< net35)) (== netcoreapp2.0) (== netcoreapp2.2) (&& (== netstandard1.0) (>= net45) (>= netstandard1.3)) (&& (== netstandard1.0) (>= net45) (>= netstandard1.5)) (&& (== netstandard1.0) (>= net45) (>= netstandard1.6)) (&& (== netstandard1.0) (>= netstandard2.0)) (&& (== netstandard1.1) (>= net45) (>= netstandard1.3)) (&& (== netstandard1.1) (>= net45) (>= netstandard1.5)) (&& (== netstandard1.1) (>= net45) (>= netstandard1.6)) (&& (== netstandard1.1) (>= netstandard2.0)) (== netstandard2.0)
      System.Runtime (>= 4.3) - restriction: || (&& (== net20) (== net45)) (&& (== net20) (== net461)) (&& (== net20) (== net471)) (&& (== net20) (== net472)) (&& (== net20) (>= netstandard1.0)) (&& (== net20) (>= netstandard1.3)) (&& (== net40) (== net45)) (&& (== net40) (== net461)) (&& (== net40) (== net471)) (&& (== net40) (== net472)) (&& (== net40) (>= netstandard1.0)) (&& (== net40) (>= netstandard1.3)) (&& (== net461) (< net45)) (&& (== net471) (< net45)) (&& (== net472) (< net45)) (== netcoreapp2.0) (== netcoreapp2.2) (== netstandard1.0) (== netstandard1.1) (== netstandard2.0)
      System.Threading.Tasks (>= 4.3) - restriction: || (&& (== net20) (== net45)) (&& (== net20) (== net461)) (&& (== net20) (== net471)) (&& (== net20) (== net472)) (&& (== net20) (>= netstandard1.0)) (&& (== net20) (>= netstandard1.3)) (&& (== net40) (== net45)) (&& (== net40) (== net461)) (&& (== net40) (== net471)) (&& (== net40) (== net472)) (&& (== net40) (>= netstandard1.0)) (&& (== net40) (>= netstandard1.3)) (&& (== net461) (< net45)) (&& (== net471) (< net45)) (&& (== net472) (< net45)) (== netcoreapp2.0) (== netcoreapp2.2) (== netstandard1.0) (== netstandard1.1) (== netstandard2.0)
    System.Threading.Tasks (4.3) - restriction: || (&& (== net20) (== net45) (>= netstandard1.3)) (&& (== net20) (== net45) (>= netstandard1.5)) (&& (== net20) (== net461)) (&& (== net20) (== net471)) (&& (== net20) (== net472)) (&& (== net20) (>= net45) (>= netstandard1.3)) (&& (== net20) (>= net45) (>= netstandard1.5)) (&& (== net20) (>= netstandard2.0)) (&& (== net40) (< net35) (>= net45) (>= netstandard1.3)) (&& (== net40) (< net35) (>= net45) (>= netstandard1.5)) (&& (== net40) (< net35) (>= netstandard2.0)) (&& (== net45) (== netstandard1.0) (>= netstandard1.3)) (&& (== net45) (== netstandard1.0) (>= netstandard1.5)) (&& (== net45) (== netstandard1.1) (>= netstandard1.3)) (&& (== net45) (== netstandard1.1) (>= netstandard1.5)) (&& (== net45) (< net35) (>= netstandard1.3)) (&& (== net45) (< net35) (>= netstandard1.5)) (&& (== net461) (== netstandard1.0)) (&& (== net461) (== netstandard1.1)) (&& (== net461) (< net35)) (&& (== net471) (== netstandard1.0)) (&& (== net471) (== netstandard1.1)) (&& (== net471) (< net35)) (&& (== net472) (== netstandard1.0)) (&& (== net472) (== netstandard1.1)) (&& (== net472) (< net35)) (== netcoreapp2.0) (== netcoreapp2.2) (&& (== netstandard1.0) (>= net45) (>= netstandard1.3)) (&& (== netstandard1.0) (>= net45) (>= netstandard1.5)) (&& (== netstandard1.0) (>= netstandard2.0)) (&& (== netstandard1.1) (>= net45) (>= netstandard1.3)) (&& (== netstandard1.1) (>= net45) (>= netstandard1.5)) (&& (== netstandard1.1) (>= netstandard2.0)) (== netstandard2.0)
      Microsoft.NETCore.Platforms (>= 1.1) - restriction: || (&& (== net20) (== net45)) (&& (== net20) (== net461)) (&& (== net20) (== net471)) (&& (== net20) (== net472)) (&& (== net20) (>= netstandard1.0)) (&& (== net20) (>= netstandard1.3)) (&& (== net40) (== net45)) (&& (== net40) (== net461)) (&& (== net40) (== net471)) (&& (== net40) (== net472)) (&& (== net40) (>= netstandard1.0)) (&& (== net40) (>= netstandard1.3)) (&& (== net461) (< net45)) (&& (== net471) (< net45)) (&& (== net472) (< net45)) (== netcoreapp2.0) (== netcoreapp2.2) (== netstandard1.0) (== netstandard1.1) (== netstandard2.0)
      Microsoft.NETCore.Targets (>= 1.1) - restriction: || (&& (== net20) (== net45)) (&& (== net20) (== net461)) (&& (== net20) (== net471)) (&& (== net20) (== net472)) (&& (== net20) (>= netstandard1.0)) (&& (== net20) (>= netstandard1.3)) (&& (== net40) (== net45)) (&& (== net40) (== net461)) (&& (== net40) (== net471)) (&& (== net40) (== net472)) (&& (== net40) (>= netstandard1.0)) (&& (== net40) (>= netstandard1.3)) (&& (== net461) (< net45)) (&& (== net471) (< net45)) (&& (== net472) (< net45)) (== netcoreapp2.0) (== netcoreapp2.2) (== netstandard1.0) (== netstandard1.1) (== netstandard2.0)
      System.Runtime (>= 4.3) - restriction: || (&& (== net20) (== net45)) (&& (== net20) (== net461)) (&& (== net20) (== net471)) (&& (== net20) (== net472)) (&& (== net20) (>= netstandard1.0)) (&& (== net20) (>= netstandard1.3)) (&& (== net40) (== net45)) (&& (== net40) (== net461)) (&& (== net40) (== net471)) (&& (== net40) (== net472)) (&& (== net40) (>= netstandard1.0)) (&& (== net40) (>= netstandard1.3)) (&& (== net461) (< net45)) (&& (== net471) (< net45)) (&& (== net472) (< net45)) (== netcoreapp2.0) (== netcoreapp2.2) (== netstandard1.0) (== netstandard1.1) (== netstandard2.0)
    System.Threading.Tasks.Extensions (4.5.3) - restriction: || (&& (== net20) (>= net45)) (&& (== net20) (>= netstandard2.0)) (&& (== net40) (>= net45)) (&& (== net40) (>= netstandard2.0)) (== net45) (== net461) (== net471) (== net472) (== netcoreapp2.0) (== netcoreapp2.2) (&& (== netstandard1.0) (>= net45)) (&& (== netstandard1.0) (>= netstandard2.0)) (&& (== netstandard1.1) (>= net45)) (&& (== netstandard1.1) (>= netstandard2.0)) (== netstandard2.0)
      System.Runtime.CompilerServices.Unsafe (>= 4.5.2) - restriction: || (&& (== net20) (== netcoreapp2.2)) (&& (== net20) (>= net45)) (&& (== net20) (>= netstandard1.0)) (&& (== net20) (>= netstandard2.0)) (&& (== net20) (>= portable-net45+win8+wp8+wpa81)) (&& (== net20) (>= win8)) (&& (== net20) (>= wp8)) (&& (== net20) (>= wpa81)) (&& (== net40) (== netcoreapp2.2)) (&& (== net40) (>= net45)) (&& (== net40) (>= netstandard1.0)) (&& (== net40) (>= netstandard2.0)) (&& (== net40) (>= portable-net45+win8+wp8+wpa81)) (&& (== net40) (>= win8)) (&& (== net40) (>= wp8)) (&& (== net40) (>= wpa81)) (== net45) (== net461) (== net471) (== net472) (== netcoreapp2.0) (&& (== netcoreapp2.2) (>= net45)) (&& (== netcoreapp2.2) (< netcoreapp2.1)) (&& (== netcoreapp2.2) (< netstandard1.0)) (&& (== netcoreapp2.2) (< netstandard2.0)) (&& (== netcoreapp2.2) (>= wp8)) (== netstandard1.0) (== netstandard1.1) (== netstandard2.0)
    System.Xml.ReaderWriter (4.3.1) - restriction: || (&& (== net20) (== net45) (>= netstandard1.3)) (&& (== net20) (== net45) (>= netstandard1.5)) (&& (== net20) (== net461)) (&& (== net20) (== net471)) (&& (== net20) (== net472)) (&& (== net20) (>= net45) (>= netstandard1.3)) (&& (== net20) (>= net45) (>= netstandard1.5)) (&& (== net20) (>= netstandard2.0)) (&& (== net40) (< net35) (>= net45) (>= netstandard1.3)) (&& (== net40) (< net35) (>= net45) (>= netstandard1.5)) (&& (== net40) (< net35) (>= netstandard2.0)) (&& (== net45) (== netstandard1.0) (>= netstandard1.3)) (&& (== net45) (== netstandard1.0) (>= netstandard1.5)) (&& (== net45) (== netstandard1.1) (>= netstandard1.3)) (&& (== net45) (== netstandard1.1) (>= netstandard1.5)) (&& (== net45) (< net35) (>= netstandard1.3)) (&& (== net45) (< net35) (>= netstandard1.5)) (&& (== net461) (== netstandard1.0)) (&& (== net461) (== netstandard1.1)) (&& (== net461) (< net35)) (&& (== net471) (== netstandard1.0)) (&& (== net471) (== netstandard1.1)) (&& (== net471) (< net35)) (&& (== net472) (== netstandard1.0)) (&& (== net472) (== netstandard1.1)) (&& (== net472) (< net35)) (== netcoreapp2.0) (== netcoreapp2.2) (&& (== netstandard1.0) (>= net45) (>= netstandard1.3)) (&& (== netstandard1.0) (>= net45) (>= netstandard1.5)) (&& (== netstandard1.0) (>= netstandard2.0)) (&& (== netstandard1.1) (>= net45) (>= netstandard1.3)) (&& (== netstandard1.1) (>= net45) (>= netstandard1.5)) (&& (== netstandard1.1) (>= netstandard2.0)) (== netstandard2.0)
      System.Collections (>= 4.3) - restriction: || (&& (== net20) (== net461)) (&& (== net20) (== net471)) (&& (== net20) (== net472)) (&& (== net20) (>= netstandard1.3)) (&& (== net40) (== net461)) (&& (== net40) (== net471)) (&& (== net40) (== net472)) (&& (== net40) (>= netstandard1.3)) (&& (== net461) (== netstandard1.0)) (&& (== net461) (== netstandard1.1)) (&& (== net461) (< net45)) (&& (== net471) (== netstandard1.0)) (&& (== net471) (== netstandard1.1)) (&& (== net471) (< net45)) (&& (== net472) (== netstandard1.0)) (&& (== net472) (== netstandard1.1)) (&& (== net472) (< net45)) (== netcoreapp2.0) (== netcoreapp2.2) (&& (== netstandard1.0) (>= netstandard1.3)) (&& (== netstandard1.1) (>= netstandard1.3)) (== netstandard2.0)
      System.Diagnostics.Debug (>= 4.3) - restriction: || (&& (== net20) (== net461)) (&& (== net20) (== net471)) (&& (== net20) (== net472)) (&& (== net20) (>= netstandard1.3)) (&& (== net40) (== net461)) (&& (== net40) (== net471)) (&& (== net40) (== net472)) (&& (== net40) (>= netstandard1.3)) (&& (== net461) (== netstandard1.0)) (&& (== net461) (== netstandard1.1)) (&& (== net461) (< net45)) (&& (== net471) (== netstandard1.0)) (&& (== net471) (== netstandard1.1)) (&& (== net471) (< net45)) (&& (== net472) (== netstandard1.0)) (&& (== net472) (== netstandard1.1)) (&& (== net472) (< net45)) (== netcoreapp2.0) (== netcoreapp2.2) (&& (== netstandard1.0) (>= netstandard1.3)) (&& (== netstandard1.1) (>= netstandard1.3)) (== netstandard2.0)
      System.Globalization (>= 4.3) - restriction: || (&& (== net20) (== net461)) (&& (== net20) (== net471)) (&& (== net20) (== net472)) (&& (== net20) (>= netstandard1.3)) (&& (== net40) (== net461)) (&& (== net40) (== net471)) (&& (== net40) (== net472)) (&& (== net40) (>= netstandard1.3)) (&& (== net461) (== netstandard1.0)) (&& (== net461) (== netstandard1.1)) (&& (== net461) (< net45)) (&& (== net471) (== netstandard1.0)) (&& (== net471) (== netstandard1.1)) (&& (== net471) (< net45)) (&& (== net472) (== netstandard1.0)) (&& (== net472) (== netstandard1.1)) (&& (== net472) (< net45)) (== netcoreapp2.0) (== netcoreapp2.2) (&& (== netstandard1.0) (>= netstandard1.3)) (&& (== netstandard1.1) (>= netstandard1.3)) (== netstandard2.0)
      System.IO (>= 4.3) - restriction: || (&& (== net20) (== net45)) (&& (== net20) (== net461)) (&& (== net20) (== net471)) (&& (== net20) (== net472)) (&& (== net20) (>= netstandard1.0)) (&& (== net20) (>= netstandard1.3)) (&& (== net40) (== net45)) (&& (== net40) (== net461)) (&& (== net40) (== net471)) (&& (== net40) (== net472)) (&& (== net40) (>= netstandard1.0)) (&& (== net40) (>= netstandard1.3)) (&& (== net461) (< net45)) (&& (== net471) (< net45)) (&& (== net472) (< net45)) (== netcoreapp2.0) (== netcoreapp2.2) (== netstandard1.0) (== netstandard1.1) (== netstandard2.0)
      System.IO.FileSystem (>= 4.3) - restriction: || (&& (== net20) (== net461)) (&& (== net20) (== net471)) (&& (== net20) (== net472)) (&& (== net20) (>= netstandard1.3)) (&& (== net40) (== net461)) (&& (== net40) (== net471)) (&& (== net40) (== net472)) (&& (== net40) (>= netstandard1.3)) (&& (== net461) (== netstandard1.0)) (&& (== net461) (== netstandard1.1)) (&& (== net461) (< net45)) (&& (== net471) (== netstandard1.0)) (&& (== net471) (== netstandard1.1)) (&& (== net471) (< net45)) (&& (== net472) (== netstandard1.0)) (&& (== net472) (== netstandard1.1)) (&& (== net472) (< net45)) (== netcoreapp2.0) (== netcoreapp2.2) (&& (== netstandard1.0) (>= netstandard1.3)) (&& (== netstandard1.1) (>= netstandard1.3)) (== netstandard2.0)
      System.IO.FileSystem.Primitives (>= 4.3) - restriction: || (&& (== net20) (== net461)) (&& (== net20) (== net471)) (&& (== net20) (== net472)) (&& (== net20) (>= netstandard1.3)) (&& (== net40) (== net461)) (&& (== net40) (== net471)) (&& (== net40) (== net472)) (&& (== net40) (>= netstandard1.3)) (&& (== net461) (== netstandard1.0)) (&& (== net461) (== netstandard1.1)) (&& (== net461) (< net45)) (&& (== net471) (== netstandard1.0)) (&& (== net471) (== netstandard1.1)) (&& (== net471) (< net45)) (&& (== net472) (== netstandard1.0)) (&& (== net472) (== netstandard1.1)) (&& (== net472) (< net45)) (== netcoreapp2.0) (== netcoreapp2.2) (&& (== netstandard1.0) (>= netstandard1.3)) (&& (== netstandard1.1) (>= netstandard1.3)) (== netstandard2.0)
      System.Resources.ResourceManager (>= 4.3) - restriction: || (&& (== net20) (== net461)) (&& (== net20) (== net471)) (&& (== net20) (== net472)) (&& (== net20) (>= netstandard1.3)) (&& (== net40) (== net461)) (&& (== net40) (== net471)) (&& (== net40) (== net472)) (&& (== net40) (>= netstandard1.3)) (&& (== net461) (== netstandard1.0)) (&& (== net461) (== netstandard1.1)) (&& (== net461) (< net45)) (&& (== net471) (== netstandard1.0)) (&& (== net471) (== netstandard1.1)) (&& (== net471) (< net45)) (&& (== net472) (== netstandard1.0)) (&& (== net472) (== netstandard1.1)) (&& (== net472) (< net45)) (== netcoreapp2.0) (== netcoreapp2.2) (&& (== netstandard1.0) (>= netstandard1.3)) (&& (== netstandard1.1) (>= netstandard1.3)) (== netstandard2.0)
      System.Runtime (>= 4.3) - restriction: || (&& (== net20) (== net45)) (&& (== net20) (== net461)) (&& (== net20) (== net471)) (&& (== net20) (== net472)) (&& (== net20) (>= netstandard1.0)) (&& (== net20) (>= netstandard1.3)) (&& (== net40) (== net45)) (&& (== net40) (== net461)) (&& (== net40) (== net471)) (&& (== net40) (== net472)) (&& (== net40) (>= netstandard1.0)) (&& (== net40) (>= netstandard1.3)) (&& (== net461) (< net45)) (&& (== net471) (< net45)) (&& (== net472) (< net45)) (== netcoreapp2.0) (== netcoreapp2.2) (== netstandard1.0) (== netstandard1.1) (== netstandard2.0)
      System.Runtime.Extensions (>= 4.3) - restriction: || (&& (== net20) (== net461)) (&& (== net20) (== net471)) (&& (== net20) (== net472)) (&& (== net20) (>= netstandard1.3)) (&& (== net40) (== net461)) (&& (== net40) (== net471)) (&& (== net40) (== net472)) (&& (== net40) (>= netstandard1.3)) (&& (== net461) (== netstandard1.0)) (&& (== net461) (== netstandard1.1)) (&& (== net461) (< net45)) (&& (== net471) (== netstandard1.0)) (&& (== net471) (== netstandard1.1)) (&& (== net471) (< net45)) (&& (== net472) (== netstandard1.0)) (&& (== net472) (== netstandard1.1)) (&& (== net472) (< net45)) (== netcoreapp2.0) (== netcoreapp2.2) (&& (== netstandard1.0) (>= netstandard1.3)) (&& (== netstandard1.1) (>= netstandard1.3)) (== netstandard2.0)
      System.Runtime.InteropServices (>= 4.3) - restriction: || (&& (== net20) (== net461)) (&& (== net20) (== net471)) (&& (== net20) (== net472)) (&& (== net20) (>= netstandard1.3)) (&& (== net40) (== net461)) (&& (== net40) (== net471)) (&& (== net40) (== net472)) (&& (== net40) (>= netstandard1.3)) (&& (== net461) (== netstandard1.0)) (&& (== net461) (== netstandard1.1)) (&& (== net461) (< net45)) (&& (== net471) (== netstandard1.0)) (&& (== net471) (== netstandard1.1)) (&& (== net471) (< net45)) (&& (== net472) (== netstandard1.0)) (&& (== net472) (== netstandard1.1)) (&& (== net472) (< net45)) (== netcoreapp2.0) (== netcoreapp2.2) (&& (== netstandard1.0) (>= netstandard1.3)) (&& (== netstandard1.1) (>= netstandard1.3)) (== netstandard2.0)
      System.Text.Encoding (>= 4.3) - restriction: || (&& (== net20) (== net45)) (&& (== net20) (== net461)) (&& (== net20) (== net471)) (&& (== net20) (== net472)) (&& (== net20) (>= netstandard1.0)) (&& (== net20) (>= netstandard1.3)) (&& (== net40) (== net45)) (&& (== net40) (== net461)) (&& (== net40) (== net471)) (&& (== net40) (== net472)) (&& (== net40) (>= netstandard1.0)) (&& (== net40) (>= netstandard1.3)) (&& (== net461) (< net45)) (&& (== net471) (< net45)) (&& (== net472) (< net45)) (== netcoreapp2.0) (== netcoreapp2.2) (== netstandard1.0) (== netstandard1.1) (== netstandard2.0)
      System.Text.Encoding.Extensions (>= 4.3) - restriction: || (&& (== net20) (== net461)) (&& (== net20) (== net471)) (&& (== net20) (== net472)) (&& (== net20) (>= netstandard1.3)) (&& (== net40) (== net461)) (&& (== net40) (== net471)) (&& (== net40) (== net472)) (&& (== net40) (>= netstandard1.3)) (&& (== net461) (== netstandard1.0)) (&& (== net461) (== netstandard1.1)) (&& (== net461) (< net45)) (&& (== net471) (== netstandard1.0)) (&& (== net471) (== netstandard1.1)) (&& (== net471) (< net45)) (&& (== net472) (== netstandard1.0)) (&& (== net472) (== netstandard1.1)) (&& (== net472) (< net45)) (== netcoreapp2.0) (== netcoreapp2.2) (&& (== netstandard1.0) (>= netstandard1.3)) (&& (== netstandard1.1) (>= netstandard1.3)) (== netstandard2.0)
      System.Text.RegularExpressions (>= 4.3) - restriction: || (&& (== net20) (== net461)) (&& (== net20) (== net471)) (&& (== net20) (== net472)) (&& (== net20) (>= netstandard1.3)) (&& (== net40) (== net461)) (&& (== net40) (== net471)) (&& (== net40) (== net472)) (&& (== net40) (>= netstandard1.3)) (&& (== net461) (== netstandard1.0)) (&& (== net461) (== netstandard1.1)) (&& (== net461) (< net45)) (&& (== net471) (== netstandard1.0)) (&& (== net471) (== netstandard1.1)) (&& (== net471) (< net45)) (&& (== net472) (== netstandard1.0)) (&& (== net472) (== netstandard1.1)) (&& (== net472) (< net45)) (== netcoreapp2.0) (== netcoreapp2.2) (&& (== netstandard1.0) (>= netstandard1.3)) (&& (== netstandard1.1) (>= netstandard1.3)) (== netstandard2.0)
      System.Threading.Tasks (>= 4.3) - restriction: || (&& (== net20) (== net45)) (&& (== net20) (== net461)) (&& (== net20) (== net471)) (&& (== net20) (== net472)) (&& (== net20) (>= netstandard1.0)) (&& (== net20) (>= netstandard1.3)) (&& (== net40) (== net45)) (&& (== net40) (== net461)) (&& (== net40) (== net471)) (&& (== net40) (== net472)) (&& (== net40) (>= netstandard1.0)) (&& (== net40) (>= netstandard1.3)) (&& (== net461) (< net45)) (&& (== net471) (< net45)) (&& (== net472) (< net45)) (== netcoreapp2.0) (== netcoreapp2.2) (== netstandard1.0) (== netstandard1.1) (== netstandard2.0)
      System.Threading.Tasks.Extensions (>= 4.3) - restriction: || (&& (== net20) (== net461)) (&& (== net20) (== net471)) (&& (== net20) (== net472)) (&& (== net20) (>= netstandard1.3)) (&& (== net40) (== net461)) (&& (== net40) (== net471)) (&& (== net40) (== net472)) (&& (== net40) (>= netstandard1.3)) (&& (== net461) (== netstandard1.0)) (&& (== net461) (== netstandard1.1)) (&& (== net461) (< net45)) (&& (== net471) (== netstandard1.0)) (&& (== net471) (== netstandard1.1)) (&& (== net471) (< net45)) (&& (== net472) (== netstandard1.0)) (&& (== net472) (== netstandard1.1)) (&& (== net472) (< net45)) (== netcoreapp2.0) (== netcoreapp2.2) (&& (== netstandard1.0) (>= netstandard1.3)) (&& (== netstandard1.1) (>= netstandard1.3)) (== netstandard2.0)
    System.Xml.XmlDocument (4.3) - restriction: || (&& (== net20) (== net45) (>= netstandard1.3)) (&& (== net20) (== net45) (>= netstandard1.5)) (&& (== net20) (== net461)) (&& (== net20) (== net471)) (&& (== net20) (== net472)) (&& (== net20) (>= net45) (>= netstandard1.3)) (&& (== net20) (>= net45) (>= netstandard1.5)) (&& (== net20) (>= netstandard2.0)) (&& (== net40) (< net35) (>= net45) (>= netstandard1.3)) (&& (== net40) (< net35) (>= net45) (>= netstandard1.5)) (&& (== net40) (< net35) (>= netstandard2.0)) (&& (== net45) (== netstandard1.0) (>= netstandard1.3)) (&& (== net45) (== netstandard1.0) (>= netstandard1.5)) (&& (== net45) (== netstandard1.1) (>= netstandard1.3)) (&& (== net45) (== netstandard1.1) (>= netstandard1.5)) (&& (== net45) (< net35) (>= netstandard1.3)) (&& (== net45) (< net35) (>= netstandard1.5)) (&& (== net461) (== netstandard1.0)) (&& (== net461) (== netstandard1.1)) (&& (== net461) (< net35)) (&& (== net471) (== netstandard1.0)) (&& (== net471) (== netstandard1.1)) (&& (== net471) (< net35)) (&& (== net472) (== netstandard1.0)) (&& (== net472) (== netstandard1.1)) (&& (== net472) (< net35)) (== netcoreapp2.0) (== netcoreapp2.2) (&& (== netstandard1.0) (>= net45) (>= netstandard1.3)) (&& (== netstandard1.0) (>= net45) (>= netstandard1.5)) (&& (== netstandard1.0) (>= netstandard2.0)) (&& (== netstandard1.1) (>= net45) (>= netstandard1.3)) (&& (== netstandard1.1) (>= net45) (>= netstandard1.5)) (&& (== netstandard1.1) (>= netstandard2.0)) (== netstandard2.0)
      System.Collections (>= 4.3) - restriction: || (&& (== net20) (== net461)) (&& (== net20) (== net471)) (&& (== net20) (== net472)) (&& (== net20) (>= netstandard1.3)) (&& (== net40) (== net461)) (&& (== net40) (== net471)) (&& (== net40) (== net472)) (&& (== net40) (>= netstandard1.3)) (&& (== net45) (== net461)) (&& (== net45) (== net471)) (&& (== net45) (== net472)) (&& (== net45) (>= netstandard1.3)) (&& (== net461) (== netstandard1.0)) (&& (== net461) (== netstandard1.1)) (&& (== net461) (< net46)) (&& (== net471) (== netstandard1.0)) (&& (== net471) (== netstandard1.1)) (&& (== net471) (< net46)) (&& (== net472) (== netstandard1.0)) (&& (== net472) (== netstandard1.1)) (&& (== net472) (< net46)) (== netcoreapp2.0) (== netcoreapp2.2) (&& (== netstandard1.0) (>= netstandard1.3)) (&& (== netstandard1.1) (>= netstandard1.3)) (== netstandard2.0)
      System.Diagnostics.Debug (>= 4.3) - restriction: || (&& (== net20) (== net461)) (&& (== net20) (== net471)) (&& (== net20) (== net472)) (&& (== net20) (>= netstandard1.3)) (&& (== net40) (== net461)) (&& (== net40) (== net471)) (&& (== net40) (== net472)) (&& (== net40) (>= netstandard1.3)) (&& (== net45) (== net461)) (&& (== net45) (== net471)) (&& (== net45) (== net472)) (&& (== net45) (>= netstandard1.3)) (&& (== net461) (== netstandard1.0)) (&& (== net461) (== netstandard1.1)) (&& (== net461) (< net46)) (&& (== net471) (== netstandard1.0)) (&& (== net471) (== netstandard1.1)) (&& (== net471) (< net46)) (&& (== net472) (== netstandard1.0)) (&& (== net472) (== netstandard1.1)) (&& (== net472) (< net46)) (== netcoreapp2.0) (== netcoreapp2.2) (&& (== netstandard1.0) (>= netstandard1.3)) (&& (== netstandard1.1) (>= netstandard1.3)) (== netstandard2.0)
      System.Globalization (>= 4.3) - restriction: || (&& (== net20) (== net461)) (&& (== net20) (== net471)) (&& (== net20) (== net472)) (&& (== net20) (>= netstandard1.3)) (&& (== net40) (== net461)) (&& (== net40) (== net471)) (&& (== net40) (== net472)) (&& (== net40) (>= netstandard1.3)) (&& (== net45) (== net461)) (&& (== net45) (== net471)) (&& (== net45) (== net472)) (&& (== net45) (>= netstandard1.3)) (&& (== net461) (== netstandard1.0)) (&& (== net461) (== netstandard1.1)) (&& (== net461) (< net46)) (&& (== net471) (== netstandard1.0)) (&& (== net471) (== netstandard1.1)) (&& (== net471) (< net46)) (&& (== net472) (== netstandard1.0)) (&& (== net472) (== netstandard1.1)) (&& (== net472) (< net46)) (== netcoreapp2.0) (== netcoreapp2.2) (&& (== netstandard1.0) (>= netstandard1.3)) (&& (== netstandard1.1) (>= netstandard1.3)) (== netstandard2.0)
      System.IO (>= 4.3) - restriction: || (&& (== net20) (== net461)) (&& (== net20) (== net471)) (&& (== net20) (== net472)) (&& (== net20) (>= netstandard1.3)) (&& (== net40) (== net461)) (&& (== net40) (== net471)) (&& (== net40) (== net472)) (&& (== net40) (>= netstandard1.3)) (&& (== net45) (== net461)) (&& (== net45) (== net471)) (&& (== net45) (== net472)) (&& (== net45) (>= netstandard1.3)) (&& (== net461) (== netstandard1.0)) (&& (== net461) (== netstandard1.1)) (&& (== net461) (< net46)) (&& (== net471) (== netstandard1.0)) (&& (== net471) (== netstandard1.1)) (&& (== net471) (< net46)) (&& (== net472) (== netstandard1.0)) (&& (== net472) (== netstandard1.1)) (&& (== net472) (< net46)) (== netcoreapp2.0) (== netcoreapp2.2) (&& (== netstandard1.0) (>= netstandard1.3)) (&& (== netstandard1.1) (>= netstandard1.3)) (== netstandard2.0)
      System.Resources.ResourceManager (>= 4.3) - restriction: || (&& (== net20) (== net461)) (&& (== net20) (== net471)) (&& (== net20) (== net472)) (&& (== net20) (>= netstandard1.3)) (&& (== net40) (== net461)) (&& (== net40) (== net471)) (&& (== net40) (== net472)) (&& (== net40) (>= netstandard1.3)) (&& (== net45) (== net461)) (&& (== net45) (== net471)) (&& (== net45) (== net472)) (&& (== net45) (>= netstandard1.3)) (&& (== net461) (== netstandard1.0)) (&& (== net461) (== netstandard1.1)) (&& (== net461) (< net46)) (&& (== net471) (== netstandard1.0)) (&& (== net471) (== netstandard1.1)) (&& (== net471) (< net46)) (&& (== net472) (== netstandard1.0)) (&& (== net472) (== netstandard1.1)) (&& (== net472) (< net46)) (== netcoreapp2.0) (== netcoreapp2.2) (&& (== netstandard1.0) (>= netstandard1.3)) (&& (== netstandard1.1) (>= netstandard1.3)) (== netstandard2.0)
      System.Runtime (>= 4.3) - restriction: || (&& (== net20) (== net461)) (&& (== net20) (== net471)) (&& (== net20) (== net472)) (&& (== net20) (>= netstandard1.3)) (&& (== net40) (== net461)) (&& (== net40) (== net471)) (&& (== net40) (== net472)) (&& (== net40) (>= netstandard1.3)) (&& (== net45) (== net461)) (&& (== net45) (== net471)) (&& (== net45) (== net472)) (&& (== net45) (>= netstandard1.3)) (&& (== net461) (== netstandard1.0)) (&& (== net461) (== netstandard1.1)) (&& (== net461) (< net46)) (&& (== net471) (== netstandard1.0)) (&& (== net471) (== netstandard1.1)) (&& (== net471) (< net46)) (&& (== net472) (== netstandard1.0)) (&& (== net472) (== netstandard1.1)) (&& (== net472) (< net46)) (== netcoreapp2.0) (== netcoreapp2.2) (&& (== netstandard1.0) (>= netstandard1.3)) (&& (== netstandard1.1) (>= netstandard1.3)) (== netstandard2.0)
      System.Runtime.Extensions (>= 4.3) - restriction: || (&& (== net20) (== net461)) (&& (== net20) (== net471)) (&& (== net20) (== net472)) (&& (== net20) (>= netstandard1.3)) (&& (== net40) (== net461)) (&& (== net40) (== net471)) (&& (== net40) (== net472)) (&& (== net40) (>= netstandard1.3)) (&& (== net45) (== net461)) (&& (== net45) (== net471)) (&& (== net45) (== net472)) (&& (== net45) (>= netstandard1.3)) (&& (== net461) (== netstandard1.0)) (&& (== net461) (== netstandard1.1)) (&& (== net461) (< net46)) (&& (== net471) (== netstandard1.0)) (&& (== net471) (== netstandard1.1)) (&& (== net471) (< net46)) (&& (== net472) (== netstandard1.0)) (&& (== net472) (== netstandard1.1)) (&& (== net472) (< net46)) (== netcoreapp2.0) (== netcoreapp2.2) (&& (== netstandard1.0) (>= netstandard1.3)) (&& (== netstandard1.1) (>= netstandard1.3)) (== netstandard2.0)
      System.Text.Encoding (>= 4.3) - restriction: || (&& (== net20) (== net461)) (&& (== net20) (== net471)) (&& (== net20) (== net472)) (&& (== net20) (>= netstandard1.3)) (&& (== net40) (== net461)) (&& (== net40) (== net471)) (&& (== net40) (== net472)) (&& (== net40) (>= netstandard1.3)) (&& (== net45) (== net461)) (&& (== net45) (== net471)) (&& (== net45) (== net472)) (&& (== net45) (>= netstandard1.3)) (&& (== net461) (== netstandard1.0)) (&& (== net461) (== netstandard1.1)) (&& (== net461) (< net46)) (&& (== net471) (== netstandard1.0)) (&& (== net471) (== netstandard1.1)) (&& (== net471) (< net46)) (&& (== net472) (== netstandard1.0)) (&& (== net472) (== netstandard1.1)) (&& (== net472) (< net46)) (== netcoreapp2.0) (== netcoreapp2.2) (&& (== netstandard1.0) (>= netstandard1.3)) (&& (== netstandard1.1) (>= netstandard1.3)) (== netstandard2.0)
      System.Threading (>= 4.3) - restriction: || (&& (== net20) (== net461)) (&& (== net20) (== net471)) (&& (== net20) (== net472)) (&& (== net20) (>= netstandard1.3)) (&& (== net40) (== net461)) (&& (== net40) (== net471)) (&& (== net40) (== net472)) (&& (== net40) (>= netstandard1.3)) (&& (== net45) (== net461)) (&& (== net45) (== net471)) (&& (== net45) (== net472)) (&& (== net45) (>= netstandard1.3)) (&& (== net461) (== netstandard1.0)) (&& (== net461) (== netstandard1.1)) (&& (== net461) (< net46)) (&& (== net471) (== netstandard1.0)) (&& (== net471) (== netstandard1.1)) (&& (== net471) (< net46)) (&& (== net472) (== netstandard1.0)) (&& (== net472) (== netstandard1.1)) (&& (== net472) (< net46)) (== netcoreapp2.0) (== netcoreapp2.2) (&& (== netstandard1.0) (>= netstandard1.3)) (&& (== netstandard1.1) (>= netstandard1.3)) (== netstandard2.0)
      System.Xml.ReaderWriter (>= 4.3) - restriction: || (&& (== net20) (== net461)) (&& (== net20) (== net471)) (&& (== net20) (== net472)) (&& (== net20) (>= netstandard1.3)) (&& (== net40) (== net461)) (&& (== net40) (== net471)) (&& (== net40) (== net472)) (&& (== net40) (>= netstandard1.3)) (&& (== net45) (== net461)) (&& (== net45) (== net471)) (&& (== net45) (== net472)) (&& (== net45) (>= netstandard1.3)) (&& (== net461) (== netstandard1.0)) (&& (== net461) (== netstandard1.1)) (&& (== net461) (< net46)) (&& (== net471) (== netstandard1.0)) (&& (== net471) (== netstandard1.1)) (&& (== net471) (< net46)) (&& (== net472) (== netstandard1.0)) (&& (== net472) (== netstandard1.1)) (&& (== net472) (< net46)) (== netcoreapp2.0) (== netcoreapp2.2) (&& (== netstandard1.0) (>= netstandard1.3)) (&& (== netstandard1.1) (>= netstandard1.3)) (== netstandard2.0)
    TextCopy (1.7.1) - restriction: || (&& (== net20) (>= netstandard2.0)) (&& (== net40) (>= netstandard2.0)) (&& (== net45) (>= netstandard2.0)) (&& (== net461) (>= netstandard2.0)) (== net471) (== net472) (== netcoreapp2.0) (== netcoreapp2.2) (&& (== netstandard1.0) (>= netstandard2.0)) (&& (== netstandard1.1) (>= netstandard2.0)) (== netstandard2.0)
    xunit (2.4.1)
      xunit.analyzers (>= 0.10)
      xunit.assert (2.4.1)
      xunit.core (2.4.1)
    xunit.abstractions (2.0.3) - restriction: || (&& (== net20) (>= netstandard1.1)) (&& (== net40) (>= netstandard1.1)) (== net45) (== net461) (== net471) (== net472) (== netcoreapp2.0) (== netcoreapp2.2) (&& (== netstandard1.0) (>= netstandard1.1)) (== netstandard1.1) (== netstandard2.0)
      NETStandard.Library (>= 1.6) - restriction: || (&& (== net20) (== net45)) (&& (== net20) (== net461)) (&& (== net20) (== net471)) (&& (== net20) (== net472)) (&& (== net20) (== netcoreapp2.0)) (&& (== net20) (== netcoreapp2.2)) (&& (== net20) (== netstandard2.0)) (&& (== net20) (>= netstandard1.0)) (&& (== net40) (== net471) (< net35)) (&& (== net40) (== net472) (< net35)) (&& (== net40) (== netcoreapp2.0)) (&& (== net40) (== netcoreapp2.2)) (&& (== net40) (== netstandard2.0)) (&& (== net40) (< net35) (>= netstandard1.0)) (&& (== net45) (== netcoreapp2.0)) (&& (== net45) (== netcoreapp2.2)) (&& (== net45) (== netstandard2.0)) (&& (== net45) (< net35)) (&& (== net461) (== netcoreapp2.0)) (&& (== net461) (== netcoreapp2.2)) (&& (== net461) (== netstandard2.0)) (&& (== net461) (< net35)) (&& (== net471) (< net35) (< netstandard2.0)) (&& (== net472) (< net35) (< netstandard2.0)) (&& (== netcoreapp2.0) (< netstandard2.0)) (&& (== netcoreapp2.2) (< netstandard2.0)) (== netstandard1.0) (== netstandard1.1)
    xunit.analyzers (0.10)
    xunit.assert (2.4.1)
      NETStandard.Library (>= 1.6.1) - restriction: || (&& (== net20) (== net461)) (&& (== net20) (== net471)) (&& (== net20) (== net472)) (&& (== net20) (>= netstandard1.1)) (&& (== net40) (== net461)) (&& (== net40) (== net471)) (&& (== net40) (== net472)) (&& (== net40) (>= netstandard1.1)) (== net45) (&& (== net461) (== netstandard1.0)) (&& (== net461) (< net452)) (&& (== net471) (== netstandard1.0)) (&& (== net471) (< net452)) (&& (== net472) (== netstandard1.0)) (&& (== net472) (< net452)) (== netcoreapp2.0) (== netcoreapp2.2) (&& (== netstandard1.0) (>= netstandard1.1)) (== netstandard1.1) (== netstandard2.0)
    xunit.core (2.4.1)
      xunit.extensibility.core (2.4.1)
      xunit.extensibility.execution (2.4.1)
    xunit.extensibility.core (2.4.1)
      NETStandard.Library (>= 1.6.1) - restriction: || (&& (== net20) (== net461)) (&& (== net20) (== net471)) (&& (== net20) (== net472)) (&& (== net20) (>= netstandard1.1)) (&& (== net40) (== net461)) (&& (== net40) (== net471)) (&& (== net40) (== net472)) (&& (== net40) (>= netstandard1.1)) (== net45) (&& (== net461) (== netstandard1.0)) (&& (== net461) (< net452)) (&& (== net471) (== netstandard1.0)) (&& (== net471) (< net452)) (&& (== net472) (== netstandard1.0)) (&& (== net472) (< net452)) (== netcoreapp2.0) (== netcoreapp2.2) (&& (== netstandard1.0) (>= netstandard1.1)) (== netstandard1.1) (== netstandard2.0)
      xunit.abstractions (>= 2.0.3) - restriction: || (&& (== net20) (>= netstandard1.1)) (&& (== net40) (>= netstandard1.1)) (== net45) (== net461) (== net471) (== net472) (== netcoreapp2.0) (== netcoreapp2.2) (&& (== netstandard1.0) (>= netstandard1.1)) (== netstandard1.1) (== netstandard2.0)
    xunit.extensibility.execution (2.4.1)
      NETStandard.Library (>= 1.6.1) - restriction: || (&& (== net20) (== net461)) (&& (== net20) (== net471)) (&& (== net20) (== net472)) (&& (== net20) (>= netstandard1.1)) (&& (== net40) (== net461)) (&& (== net40) (== net471)) (&& (== net40) (== net472)) (&& (== net40) (>= netstandard1.1)) (== net45) (&& (== net461) (== netstandard1.0)) (&& (== net461) (< net452)) (&& (== net471) (== netstandard1.0)) (&& (== net471) (< net452)) (&& (== net472) (== netstandard1.0)) (&& (== net472) (< net452)) (== netcoreapp2.0) (== netcoreapp2.2) (&& (== netstandard1.0) (>= netstandard1.1)) (== netstandard1.1) (== netstandard2.0)
      xunit.extensibility.core (2.4.1) - restriction: || (&& (== net20) (>= netstandard1.1)) (&& (== net40) (>= netstandard1.1)) (== net45) (== net461) (== net471) (== net472) (== netcoreapp2.0) (== netcoreapp2.2) (&& (== netstandard1.0) (>= netstandard1.1)) (== netstandard1.1) (== netstandard2.0)
    xunit.runner.visualstudio (2.4.1)
      Microsoft.NET.Test.Sdk (>= 15.0) - restriction: || (&& (== net20) (>= netcoreapp1.0)) (&& (== net40) (>= netcoreapp1.0)) (&& (== net45) (>= netcoreapp1.0)) (&& (== net461) (>= netcoreapp1.0)) (&& (== net471) (>= netcoreapp1.0)) (&& (== net472) (>= netcoreapp1.0)) (== netcoreapp2.0) (== netcoreapp2.2) (&& (== netstandard1.0) (>= netcoreapp1.0)) (&& (== netstandard1.1) (>= netcoreapp1.0)) (&& (== netstandard2.0) (>= netcoreapp1.0))

GROUP TestTarget
STORAGE: NONE
RESTRICTION: >= net20
NUGET
  remote: https://api.nuget.org/v3/index.json
    System.Text.RegularExpressions (4.3.1) - restriction: >= net45
